{
  "bids_meta": {
    "AcquisitionMatrixPE": 256,
    "AcquisitionNumber": 1,
    "AcquisitionTime": "15:45:15.927500",
    "BaseResolution": 256,
    "ConversionSoftware": "dcm2niix",
    "ConversionSoftwareVersion": "v1.0.20180404 Clang8.0.0",
    "DeviceSerialNumber": "35002",
    "DwellTime": 1.03e-05,
    "EchoTime": 0.00492,
    "FlipAngle": 25,
    "ImageOrientationPatientDICOM": [
      -0.0593063,
      0.99824,
      0,
      0,
      0,
      -1
    ],
    "ImageType": [
      "ORIGINAL",
      "PRIMARY",
      "M",
      "ND",
      "NORM"
    ],
    "InPlanePhaseEncodingDirectionDICOM": "ROW",
    "InstitutionAddress": "University_Pkwy_1700_North_685_Provo_UT_US_84601",
    "InstitutionName": "Brigham_Young_University",
    "InstitutionalDepartmentName": "MRI",
    "MRAcquisitionType": "3D",
    "MagneticFieldStrength": 3,
    "Manufacturer": "Siemens",
    "ManufacturersModelName": "TrioTim",
    "Modality": "MR",
    "ParallelReductionFactorInPlane": 2,
    "PartialFourier": 1,
    "PatientPosition": "HFS",
    "PercentPhaseFOV": 100,
    "PhaseEncodingSteps": 255,
    "PhaseResolution": 1,
    "PixelBandwidth": 190,
    "ProcedureStepDescription": "Research_KIRWAN",
    "ProtocolName": "t1_fl3d_sag_no3Daccel_iso_1.0_1avg",
    "PulseSequenceDetails": "%SiemensSeq%_gre",
    "ReceiveCoilName": "32Ch_Head",
    "ReconMatrixPE": 256,
    "RepetitionTime": 0.02,
    "SAR": 0.1738,
    "ScanningSequence": "GR",
    "SequenceName": "_fl3d1_ns",
    "SequenceVariant": "SP",
    "SeriesDescription": "t1_fl3d_sag_no3Daccel_iso_1.0_1avg",
    "SeriesNumber": 5,
    "ShimSetting": [
      -2830,
      -22913,
      1923,
      -81,
      -87,
      -38,
      -253,
      388
    ],
    "SliceThickness": 1,
    "SoftwareVersions": "syngo_MR_B17",
    "StationName": "MININT-E41B04",
    "TxRefAmp": 409.738,
    "dataset": "ds003606",
    "modality": "T1w",
    "subject_id": "203"
  },
  "cjv": 0.5158116320029101,
  "cnr": 2.429127414030143,
  "efc": 0.6214695564267902,
  "fber": 1060.1358198697712,
  "fwhm_avg": 3.255673696918835,
  "fwhm_x": 3.374941090756504,
  "fwhm_y": 3.33045,
  "fwhm_z": 3.06163,
  "icvs_csf": 0.1710513341331433,
  "icvs_gm": 0.428174914635667,
  "icvs_wm": 0.40077375123118975,
  "inu_med": 0.9401001632213593,
  "inu_range": 0.34474386274814606,
  "provenance": {
    "md5sum": "6fa9acc19628220e10ebf9abee834ea4",
    "settings": {
      "testing": false
    },
    "software": "mriqc",
    "version": "22.0.1",
    "warnings": {
      "large_rot_frame": true,
      "small_air_mask": false
    },
    "webapi_port": null,
    "webapi_url": "https://mriqc.nimh.nih.gov/api/v1"
  },
  "qi_1": 0.0,
  "qi_2": 0.004267752581999116,
  "rpve_csf": 33.047922605849436,
  "rpve_gm": 12.739292422456339,
  "rpve_wm": 14.743813539542758,
  "size_x": 192,
  "size_y": 256,
  "size_z": 256,
  "snr_csf": 2.064935016036915,
  "snr_gm": 13.25407670112029,
  "snr_total": 9.589923354348459,
  "snr_wm": 13.450758345888174,
  "snrd_csf": 18.099659226773326,
  "snrd_gm": 32.546771450120104,
  "snrd_total": 31.380107372853434,
  "snrd_wm": 43.49389144166688,
  "spacing_x": 1.0000056028366089,
  "spacing_y": 1.0,
  "spacing_z": 1.0,
  "summary_bg_k": 8.103674152059835,
  "summary_bg_mad": 15.062722387762342,
  "summary_bg_mean": 28.30801174444367,
  "summary_bg_median": 10.15965186059475,
  "summary_bg_n": 3354478.0,
  "summary_bg_p05": 0.0,
  "summary_bg_p95": 123.52846547961235,
  "summary_bg_stdv": 44.96000089169667,
  "summary_csf_k": 10.302372141839612,
  "summary_csf_mad": 140.34631812089674,
  "summary_csf_mean": 436.8881391910775,
  "summary_csf_median": 416.1425654962659,
  "summary_csf_n": 38866.0,
  "summary_csf_p05": 197.15570440981537,
  "summary_csf_p95": 685.0407321518287,
  "summary_csf_stdv": 201.52557280234862,
  "summary_gm_k": 0.00279786948765981,
  "summary_gm_mad": 55.82770916734138,
  "summary_gm_mean": 748.4443052204924,
  "summary_gm_median": 748.3067388273776,
  "summary_gm_n": 22465.0,
  "summary_gm_p05": 655.1282174773514,
  "summary_gm_p95": 842.283518537879,
  "summary_gm_stdv": 56.45735275037654,
  "summary_wm_k": 0.1334675141856465,
  "summary_wm_mad": 73.9986123652769,
  "summary_wm_mean": 1007.3333359390499,
  "summary_wm_median": 1000.0000188499689,
  "summary_wm_n": 117081.0,
  "summary_wm_p05": 899.2904539778829,
  "summary_wm_p95": 1141.4288233220577,
  "summary_wm_stdv": 74.34493450688767,
  "tpm_overlap_csf": 0.14108280999113518,
  "tpm_overlap_gm": 0.40477614823759944,
  "tpm_overlap_wm": 0.4114863302721767,
  "wm2max": 0.5252131034062759
}