{
  "bids_meta": {
    "AcquisitionMatrixPE": 256,
    "AcquisitionNumber": 1,
    "AcquisitionTime": "13:50:6.997500",
    "BaseResolution": 256,
    "ConversionSoftware": "dcm2niix",
    "ConversionSoftwareVersion": "v1.0.20180404 Clang8.0.0",
    "DeviceSerialNumber": "35002",
    "DwellTime": 1.03e-05,
    "EchoTime": 0.00492,
    "FlipAngle": 25,
    "ImageOrientationPatientDICOM": [
      0,
      1,
      1e-16,
      -0.00698133,
      0,
      -0.999976
    ],
    "ImageType": [
      "ORIGINAL",
      "PRIMARY",
      "M",
      "ND",
      "NORM"
    ],
    "InPlanePhaseEncodingDirectionDICOM": "ROW",
    "InstitutionAddress": "University_Pkwy_1700_North_685_Provo_UT_US_84601",
    "InstitutionName": "Brigham_Young_University",
    "InstitutionalDepartmentName": "MRI",
    "MRAcquisitionType": "3D",
    "MagneticFieldStrength": 3,
    "Manufacturer": "Siemens",
    "ManufacturersModelName": "TrioTim",
    "Modality": "MR",
    "ParallelReductionFactorInPlane": 2,
    "PartialFourier": 1,
    "PatientPosition": "HFS",
    "PercentPhaseFOV": 100,
    "PhaseEncodingSteps": 255,
    "PhaseResolution": 1,
    "PixelBandwidth": 190,
    "ProcedureStepDescription": "Research_KIRWAN",
    "ProtocolName": "t1_fl3d_sag_no3Daccel_iso_1.0_1avg",
    "PulseSequenceDetails": "%SiemensSeq%_gre",
    "ReceiveCoilName": "32Ch_Head",
    "ReconMatrixPE": 256,
    "RepetitionTime": 0.02,
    "SAR": 0.163312,
    "ScanningSequence": "GR",
    "SequenceName": "_fl3d1_ns",
    "SequenceVariant": "SP",
    "SeriesDescription": "t1_fl3d_sag_no3Daccel_iso_1.0_1avg",
    "SeriesNumber": 5,
    "ShimSetting": [
      -2824,
      -22910,
      1912,
      -115,
      -88,
      -35,
      -292,
      395
    ],
    "SliceThickness": 1,
    "SoftwareVersions": "syngo_MR_B17",
    "StationName": "MININT-E41B04",
    "TxRefAmp": 391.214,
    "dataset": "ds003606",
    "modality": "T1w",
    "subject_id": "101"
  },
  "cjv": 0.44855732411312227,
  "cnr": 3.0989101706022644,
  "efc": 0.5215726455526644,
  "fber": 10691.730909773923,
  "fwhm_avg": 3.167478505303613,
  "fwhm_x": 3.134605515910841,
  "fwhm_y": 3.27201,
  "fwhm_z": 3.09582,
  "icvs_csf": 0.17230940652206037,
  "icvs_gm": 0.42825745839313784,
  "icvs_wm": 0.39943313508480177,
  "inu_med": 0.4175294041633606,
  "inu_range": 0.1195494681596756,
  "provenance": {
    "md5sum": "72ff452016da28ad29bf3134adbd3e0a",
    "settings": {
      "testing": false
    },
    "software": "mriqc",
    "version": "22.0.1",
    "warnings": {
      "large_rot_frame": true,
      "small_air_mask": false
    },
    "webapi_port": null,
    "webapi_url": "https://mriqc.nimh.nih.gov/api/v1"
  },
  "qi_1": 0.0,
  "qi_2": 0.031751305731261434,
  "rpve_csf": 34.28225852821107,
  "rpve_gm": 14.234323882224645,
  "rpve_wm": 17.082687787485668,
  "size_x": 192,
  "size_y": 256,
  "size_z": 256,
  "snr_csf": 2.36549975729503,
  "snr_gm": 15.341974755743626,
  "snr_total": 13.312747889925582,
  "snr_wm": 22.230769156738088,
  "snrd_csf": 50.47236177080673,
  "snrd_gm": 110.6024117565342,
  "snrd_total": 100.51133850073272,
  "snrd_wm": 140.4592419748572,
  "spacing_x": 1.0000014305114746,
  "spacing_y": 1.0,
  "spacing_z": 1.0,
  "summary_bg_k": 12.987517989205724,
  "summary_bg_mad": 4.664527908356452,
  "summary_bg_mean": 4.775724753181659,
  "summary_bg_median": 3.146176263689995,
  "summary_bg_n": 3403906.0,
  "summary_bg_p05": 0.0,
  "summary_bg_p95": 17.99975843168795,
  "summary_bg_stdv": 6.8912377028571825,
  "summary_csf_k": 1.0210014934984608,
  "summary_csf_mad": 113.38390915697222,
  "summary_csf_mean": 337.35613505839746,
  "summary_csf_median": 359.3598830420524,
  "summary_csf_n": 25641.0,
  "summary_csf_p05": 64.40585832111537,
  "summary_csf_p95": 560.9874291718006,
  "summary_csf_stdv": 151.91414598153415,
  "summary_gm_k": 0.035948255700510856,
  "summary_gm_mad": 52.386236509234,
  "summary_gm_mean": 786.9666444147745,
  "summary_gm_median": 787.4818684626371,
  "summary_gm_n": 21827.0,
  "summary_gm_p05": 702.2719195978716,
  "summary_gm_p95": 869.0132112344728,
  "summary_gm_stdv": 51.327410038434365,
  "summary_wm_k": 0.48960576579420945,
  "summary_wm_mad": 42.96747823274501,
  "summary_wm_mean": 1002.7724122461403,
  "summary_wm_median": 1000.0605281256139,
  "summary_wm_n": 174685.0,
  "summary_wm_p05": 934.0513299778104,
  "summary_wm_p95": 1081.038264881819,
  "summary_wm_stdv": 44.985293068466106,
  "tpm_overlap_csf": 0.15774923968455815,
  "tpm_overlap_gm": 0.45789255775056575,
  "tpm_overlap_wm": 0.4859490707590786,
  "wm2max": 0.6633551150447354
}