{
  "aor": 0.0019479185520361992,
  "aqi": 0.10585099819004526,
  "bids_meta": {
    "AcquisitionMatrixPE": 100,
    "AcquisitionNumber": 1,
    "AcquisitionTime": "15:28:35.335000",
    "BandwidthPerPixelPhaseEncode": 13.889,
    "BaseResolution": 100,
    "ConversionSoftware": "dcm2niix",
    "ConversionSoftwareVersion": "v1.0.20180404 Clang8.0.0",
    "DerivedVendorReportedEchoSpacing": 0.000719994,
    "DeviceSerialNumber": "35002",
    "DwellTime": 2.8e-06,
    "EchoTime": 0.0436,
    "EffectiveEchoSpacing": 0.000719994,
    "FlipAngle": 55,
    "ImageComments": "Unaliased_MB8_PE3_(remote)",
    "ImageOrientationPatientDICOM": [
      1,
      2e-16,
      0,
      -2e-16,
      0.990024,
      -0.140901
    ],
    "ImageType": [
      "ORIGINAL",
      "PRIMARY",
      "M",
      "MB",
      "ND",
      "MOSAIC"
    ],
    "InPlanePhaseEncodingDirectionDICOM": "COL",
    "InstitutionAddress": "University_Pkwy_1700_North_685_Provo_UT_US_84601",
    "InstitutionName": "Brigham_Young_University",
    "InstitutionalDepartmentName": "MRI",
    "MRAcquisitionType": "2D",
    "MagneticFieldStrength": 3,
    "Manufacturer": "Siemens",
    "ManufacturersModelName": "TrioTim",
    "Modality": "MR",
    "MultibandAccelerationFactor": 8,
    "PartialFourier": 1,
    "PatientPosition": "HFS",
    "PercentPhaseFOV": 100,
    "PhaseEncodingDirection": "j-",
    "PhaseEncodingSteps": 100,
    "PhaseResolution": 1,
    "PixelBandwidth": 1786,
    "ProcedureStepDescription": "Research_KIRWAN",
    "ProtocolName": "P1",
    "PulseSequenceDetails": "%CustomerSeq%_cmrr_mbep2d_bold",
    "ReceiveCoilName": "32Ch_Head",
    "ReconMatrixPE": 100,
    "RepetitionTime": 0.875,
    "SAR": 0.136108,
    "ScanOptions": "FS",
    "ScanningSequence": "EP",
    "SequenceName": "epfid2d1_100",
    "SequenceVariant": "SK_SS",
    "SeriesDescription": "P1",
    "SeriesNumber": 2,
    "ShimSetting": [
      -6933,
      -22835,
      2474,
      2605,
      1047,
      840,
      -3869,
      519
    ],
    "SliceThickness": 1.8,
    "SliceTiming": [
      0,
      0.49,
      0.1,
      0.5875,
      0.1975,
      0.685,
      0.295,
      0.7825,
      0.3925,
      0,
      0.49,
      0.1,
      0.5875,
      0.1975,
      0.685,
      0.295,
      0.7825,
      0.3925,
      0,
      0.49,
      0.1,
      0.5875,
      0.1975,
      0.685,
      0.295,
      0.7825,
      0.3925,
      0,
      0.49,
      0.1,
      0.5875,
      0.1975,
      0.685,
      0.295,
      0.7825,
      0.3925,
      0,
      0.49,
      0.1,
      0.5875,
      0.1975,
      0.685,
      0.295,
      0.7825,
      0.3925,
      0,
      0.49,
      0.1,
      0.5875,
      0.1975,
      0.685,
      0.295,
      0.7825,
      0.3925,
      0,
      0.49,
      0.1,
      0.5875,
      0.1975,
      0.685,
      0.295,
      0.7825,
      0.3925,
      0,
      0.49,
      0.1,
      0.5875,
      0.1975,
      0.685,
      0.295,
      0.7825,
      0.3925
    ],
    "SoftwareVersions": "syngo_MR_B17",
    "SpacingBetweenSlices": 1.8,
    "StationName": "MININT-E41B04",
    "TaskName": "PheromoneOlfaction",
    "TotalReadoutTime": 0.0712794,
    "TxRefAmp": 380.81,
    "dataset": "ds003606",
    "modality": "bold",
    "run_id": 1,
    "subject_id": "110",
    "task_id": "PheromoneOlfaction"
  },
  "dummy_trs": 4,
  "dvars_nstd": 404.8409338017915,
  "dvars_std": 1.215081205306122,
  "dvars_vstd": 1.0286975887074832,
  "efc": 0.6319554800058715,
  "fber": 2.0873405933380127,
  "fd_mean": 0.20318247548535293,
  "fd_num": 178,
  "fd_perc": 40.27149321266968,
  "fwhm_avg": 3.0029369722020767,
  "fwhm_x": 2.468361176500352,
  "fwhm_y": 3.7604942950158264,
  "fwhm_z": 2.7799554450900508,
  "gcor": 6.27357e-05,
  "gsr_x": 0.3884846270084381,
  "gsr_y": 0.21818871796131134,
  "provenance": {
    "md5sum": "baabf8c03cb6e9c7b73f826f3634437e",
    "settings": {
      "fd_thres": 0.2,
      "testing": false
    },
    "software": "mriqc",
    "version": "22.0.1",
    "webapi_port": null,
    "webapi_url": "https://mriqc.nimh.nih.gov/api/v1"
  },
  "size_t": 442,
  "size_x": 100,
  "size_y": 100,
  "size_z": 72,
  "snr": 0.4975852152609934,
  "spacing_tr": 0.875,
  "spacing_x": 1.7999999523162842,
  "spacing_y": 1.8000000715255737,
  "spacing_z": 1.8000000715255737,
  "summary_bg_k": 20.273806568521866,
  "summary_bg_mad": 3.5287277720811288,
  "summary_bg_mean": 15.808050155639648,
  "summary_bg_median": 14.730770111083984,
  "summary_bg_n": 58912.0,
  "summary_bg_p05": 10.674208641052246,
  "summary_bg_p95": 24.792874717712397,
  "summary_bg_stdv": 5.117175579071045,
  "summary_fg_k": 49.83786807020834,
  "summary_fg_mad": 10.586183316243387,
  "summary_fg_mean": 35.68257141113281,
  "summary_fg_median": 21.834842681884766,
  "summary_fg_n": 575383.0,
  "summary_fg_p05": 12.674208641052246,
  "summary_fg_p95": 103.85950698852544,
  "summary_fg_stdv": 43.88157653808594,
  "tsnr": 5.243126081186347
}