{
  "bids_meta": {
    "AcquisitionMatrixPE": 256,
    "AcquisitionNumber": 1,
    "AcquisitionTime": "18:36:17.007500",
    "BaseResolution": 256,
    "ConversionSoftware": "dcm2niix",
    "ConversionSoftwareVersion": "v1.0.20180404 Clang8.0.0",
    "DeviceSerialNumber": "35002",
    "DwellTime": 1.03e-05,
    "EchoTime": 0.00492,
    "FlipAngle": 25,
    "ImageOrientationPatientDICOM": [
      -0.0819384,
      0.996637,
      0,
      0,
      0,
      -1
    ],
    "ImageType": [
      "ORIGINAL",
      "PRIMARY",
      "M",
      "ND",
      "NORM"
    ],
    "InPlanePhaseEncodingDirectionDICOM": "ROW",
    "InstitutionAddress": "University_Pkwy_1700_North_685_Provo_UT_US_84601",
    "InstitutionName": "Brigham_Young_University",
    "InstitutionalDepartmentName": "MRI",
    "MRAcquisitionType": "3D",
    "MagneticFieldStrength": 3,
    "Manufacturer": "Siemens",
    "ManufacturersModelName": "TrioTim",
    "Modality": "MR",
    "ParallelReductionFactorInPlane": 2,
    "PartialFourier": 1,
    "PatientPosition": "HFS",
    "PercentPhaseFOV": 100,
    "PhaseEncodingSteps": 255,
    "PhaseResolution": 1,
    "PixelBandwidth": 190,
    "ProcedureStepDescription": "Research_KIRWAN",
    "ProtocolName": "t1_fl3d_sag_no3Daccel_iso_1.0_1avg",
    "PulseSequenceDetails": "%SiemensSeq%_gre",
    "ReceiveCoilName": "32Ch_Head",
    "ReconMatrixPE": 256,
    "RepetitionTime": 0.02,
    "SAR": 0.177438,
    "ScanningSequence": "GR",
    "SequenceName": "_fl3d1_ns",
    "SequenceVariant": "SP",
    "SeriesDescription": "t1_fl3d_sag_no3Daccel_iso_1.0_1avg",
    "SeriesNumber": 5,
    "ShimSetting": [
      -2830,
      -22913,
      1923,
      -81,
      -87,
      -38,
      -253,
      388
    ],
    "SliceThickness": 1,
    "SoftwareVersions": "syngo_MR_B17",
    "StationName": "MININT-E41B04",
    "TxRefAmp": 400.204,
    "dataset": "ds003606",
    "modality": "T1w",
    "subject_id": "206"
  },
  "cjv": 0.4920561847017145,
  "cnr": 2.737011937485459,
  "efc": 0.5577334941232046,
  "fber": 7272.20556808156,
  "fwhm_avg": 3.3298853090803573,
  "fwhm_x": 3.2078259272410716,
  "fwhm_y": 3.58951,
  "fwhm_z": 3.19232,
  "icvs_csf": 0.18368582515326895,
  "icvs_gm": 0.40371172962856927,
  "icvs_wm": 0.41260244521816175,
  "inu_med": 0.42530080676078796,
  "inu_range": 0.1752788662910461,
  "provenance": {
    "md5sum": "b4082714afc0e56fcabdf60e1be8385f",
    "settings": {
      "testing": false
    },
    "software": "mriqc",
    "version": "22.0.1",
    "warnings": {
      "large_rot_frame": true,
      "small_air_mask": false
    },
    "webapi_port": null,
    "webapi_url": "https://mriqc.nimh.nih.gov/api/v1"
  },
  "qi_1": 0.0,
  "qi_2": 0.0056814078750778325,
  "rpve_csf": 26.689619349113435,
  "rpve_gm": 12.024874883612663,
  "rpve_wm": 13.417184642722988,
  "size_x": 192,
  "size_y": 256,
  "size_z": 256,
  "snr_csf": 3.9495707706043603,
  "snr_gm": 15.379819572480363,
  "snr_total": 13.457780956542956,
  "snr_wm": 21.043952526544146,
  "snrd_csf": 61.57360457042583,
  "snrd_gm": 118.30030732335456,
  "snrd_total": 108.9379157784457,
  "snrd_wm": 146.93983544155668,
  "spacing_x": 0.999998152256012,
  "spacing_y": 1.0,
  "spacing_z": 1.0,
  "summary_bg_k": 11.399032645199572,
  "summary_bg_mad": 4.458674572222191,
  "summary_bg_mean": 5.857571727431398,
  "summary_bg_median": 3.007330298423767,
  "summary_bg_n": 3780891.0,
  "summary_bg_p05": 0.0,
  "summary_bg_p95": 21.333249304443598,
  "summary_bg_stdv": 8.534807305467607,
  "summary_csf_k": 3.458682215349307,
  "summary_csf_mad": 82.48547958611053,
  "summary_csf_mean": 422.78663202617776,
  "summary_csf_median": 419.0526812709868,
  "summary_csf_n": 41649.0,
  "summary_csf_p05": 273.4289768412709,
  "summary_csf_p95": 596.9112073369324,
  "summary_csf_stdv": 106.09954215643718,
  "summary_gm_k": 0.4233455514828872,
  "summary_gm_mad": 50.578089678645476,
  "summary_gm_mean": 806.0521604932671,
  "summary_gm_median": 805.1187083311379,
  "summary_gm_n": 22057.0,
  "summary_gm_p05": 722.0098824799061,
  "summary_gm_p95": 892.6194894723594,
  "summary_gm_stdv": 52.347848000683946,
  "summary_wm_k": 0.5835994999904424,
  "summary_wm_mad": 45.32985815092561,
  "summary_wm_mean": 1004.4001963655355,
  "summary_wm_median": 1000.0313032977283,
  "summary_wm_n": 230505.0,
  "summary_wm_p05": 934.6845220215619,
  "summary_wm_p95": 1089.060810673982,
  "summary_wm_stdv": 47.5209746275433,
  "tpm_overlap_csf": 0.1476492695495339,
  "tpm_overlap_gm": 0.42329689278904253,
  "tpm_overlap_wm": 0.4547585869581046,
  "wm2max": 0.6871959357644121
}