{
  "aor": 0.00048737668161434974,
  "aqi": 0.021348633632286996,
  "bids_meta": {
    "AcquisitionMatrixPE": 100,
    "AcquisitionNumber": 1,
    "AcquisitionTime": "17:16:17.607500",
    "BandwidthPerPixelPhaseEncode": 13.889,
    "BaseResolution": 100,
    "ConversionSoftware": "dcm2niix",
    "ConversionSoftwareVersion": "v1.0.20180404 Clang8.0.0",
    "DerivedVendorReportedEchoSpacing": 0.000719994,
    "DeviceSerialNumber": "35002",
    "DwellTime": 2.8e-06,
    "EchoTime": 0.0436,
    "EffectiveEchoSpacing": 0.000719994,
    "FlipAngle": 55,
    "ImageComments": "Unaliased_MB8_PE3_(remote)",
    "ImageOrientationPatientDICOM": [
      1,
      0,
      0,
      0,
      0.955278,
      -0.295708
    ],
    "ImageType": [
      "ORIGINAL",
      "PRIMARY",
      "M",
      "MB",
      "ND",
      "MOSAIC"
    ],
    "InPlanePhaseEncodingDirectionDICOM": "COL",
    "InstitutionAddress": "University_Pkwy_1700_North_685_Provo_UT_US_84601",
    "InstitutionName": "Brigham_Young_University",
    "InstitutionalDepartmentName": "MRI",
    "MRAcquisitionType": "2D",
    "MagneticFieldStrength": 3,
    "Manufacturer": "Siemens",
    "ManufacturersModelName": "TrioTim",
    "Modality": "MR",
    "MultibandAccelerationFactor": 8,
    "PartialFourier": 1,
    "PatientPosition": "HFS",
    "PercentPhaseFOV": 100,
    "PhaseEncodingDirection": "j-",
    "PhaseEncodingSteps": 100,
    "PhaseResolution": 1,
    "PixelBandwidth": 1786,
    "ProcedureStepDescription": "Research_KIRWAN",
    "ProtocolName": "P1",
    "PulseSequenceDetails": "%CustomerSeq%_cmrr_mbep2d_bold",
    "ReceiveCoilName": "32Ch_Head",
    "ReconMatrixPE": 100,
    "RepetitionTime": 0.875,
    "SAR": 0.117973,
    "ScanOptions": "FS",
    "ScanningSequence": "EP",
    "SequenceName": "epfid2d1_100",
    "SequenceVariant": "SK_SS",
    "SeriesDescription": "P1",
    "SeriesNumber": 3,
    "ShimSetting": [
      -2818,
      -22817,
      2434,
      926,
      -47,
      315,
      -363,
      506
    ],
    "SliceThickness": 1.8,
    "SliceTiming": [
      0,
      0.4875,
      0.0975,
      0.585,
      0.195,
      0.6825,
      0.2925,
      0.78,
      0.39,
      0,
      0.4875,
      0.0975,
      0.585,
      0.195,
      0.6825,
      0.2925,
      0.78,
      0.39,
      0,
      0.4875,
      0.0975,
      0.585,
      0.195,
      0.6825,
      0.2925,
      0.78,
      0.39,
      0,
      0.4875,
      0.0975,
      0.585,
      0.195,
      0.6825,
      0.2925,
      0.78,
      0.39,
      0,
      0.4875,
      0.0975,
      0.585,
      0.195,
      0.6825,
      0.2925,
      0.78,
      0.39,
      0,
      0.4875,
      0.0975,
      0.585,
      0.195,
      0.6825,
      0.2925,
      0.78,
      0.39,
      0,
      0.4875,
      0.0975,
      0.585,
      0.195,
      0.6825,
      0.2925,
      0.78,
      0.39,
      0,
      0.4875,
      0.0975,
      0.585,
      0.195,
      0.6825,
      0.2925,
      0.78,
      0.39
    ],
    "SoftwareVersions": "syngo_MR_B17",
    "SpacingBetweenSlices": 1.8,
    "StationName": "MININT-E41B04",
    "TaskName": "PheromoneOlfaction",
    "TotalReadoutTime": 0.0712794,
    "TxRefAmp": 383.118,
    "dataset": "ds003606",
    "modality": "bold",
    "run_id": 1,
    "subject_id": "209",
    "task_id": "PheromoneOlfaction"
  },
  "dummy_trs": 0,
  "dvars_nstd": 73.15739696359547,
  "dvars_std": 1.0461405189662927,
  "dvars_vstd": 1.0056935580898891,
  "efc": 0.608529116670496,
  "fber": 260.6072692871094,
  "fd_mean": 0.14137571771716034,
  "fd_num": 118,
  "fd_perc": 26.457399103139014,
  "fwhm_avg": 2.5760574756496255,
  "fwhm_x": 2.501300066261823,
  "fwhm_y": 2.7045500716461097,
  "fwhm_z": 2.522322289040944,
  "gcor": 0.011145,
  "gsr_x": -0.017807498574256897,
  "gsr_y": 0.09649436920881271,
  "provenance": {
    "md5sum": "989052a8524bd6f26e79859d7ec8074a",
    "settings": {
      "fd_thres": 0.2,
      "testing": false
    },
    "software": "mriqc",
    "version": "22.0.1",
    "webapi_port": null,
    "webapi_url": "https://mriqc.nimh.nih.gov/api/v1"
  },
  "size_t": 446,
  "size_x": 100,
  "size_y": 100,
  "size_z": 72,
  "snr": 2.4629378768132204,
  "spacing_tr": 0.875,
  "spacing_x": 1.7999999523162842,
  "spacing_y": 1.7999999523162842,
  "spacing_z": 1.7999999523162842,
  "summary_bg_k": 54.216444683926014,
  "summary_bg_mad": 11.794332417922277,
  "summary_bg_mean": 38.667640686035156,
  "summary_bg_median": 20.282512664794922,
  "summary_bg_n": 415712.0,
  "summary_bg_p05": 11.040359497070312,
  "summary_bg_p95": 128.72075119018544,
  "summary_bg_stdv": 55.8067626953125,
  "summary_fg_k": 6.298212266737153,
  "summary_fg_mad": 108.50256566082399,
  "summary_fg_mean": 368.3329162597656,
  "summary_fg_median": 340.6166076660156,
  "summary_fg_n": 197951.0,
  "summary_fg_p05": 205.69171142578125,
  "summary_fg_p95": 618.8419494628906,
  "summary_fg_stdv": 138.29652404785156,
  "tsnr": 18.402563095558435
}