{
  "aor": 0.0003636995515695068,
  "aqi": 0.020727552242152465,
  "bids_meta": {
    "AcquisitionMatrixPE": 100,
    "AcquisitionNumber": 1,
    "AcquisitionTime": "17:09:13.865000",
    "BandwidthPerPixelPhaseEncode": 13.889,
    "BaseResolution": 100,
    "ConversionSoftware": "dcm2niix",
    "ConversionSoftwareVersion": "v1.0.20180404 Clang8.0.0",
    "DerivedVendorReportedEchoSpacing": 0.000719994,
    "DeviceSerialNumber": "35002",
    "DwellTime": 2.8e-06,
    "EchoTime": 0.0436,
    "EffectiveEchoSpacing": 0.000719994,
    "FlipAngle": 55,
    "ImageComments": "Unaliased_MB8_PE3_(remote)",
    "ImageOrientationPatientDICOM": [
      1,
      0,
      0,
      0,
      0.955278,
      -0.295708
    ],
    "ImageType": [
      "ORIGINAL",
      "PRIMARY",
      "M",
      "MB",
      "ND",
      "MOSAIC"
    ],
    "InPlanePhaseEncodingDirectionDICOM": "COL",
    "InstitutionAddress": "University_Pkwy_1700_North_685_Provo_UT_US_84601",
    "InstitutionName": "Brigham_Young_University",
    "InstitutionalDepartmentName": "MRI",
    "MRAcquisitionType": "2D",
    "MagneticFieldStrength": 3,
    "Manufacturer": "Siemens",
    "ManufacturersModelName": "TrioTim",
    "Modality": "MR",
    "MultibandAccelerationFactor": 8,
    "PartialFourier": 1,
    "PatientPosition": "HFS",
    "PercentPhaseFOV": 100,
    "PhaseEncodingDirection": "j-",
    "PhaseEncodingSteps": 100,
    "PhaseResolution": 1,
    "PixelBandwidth": 1786,
    "ProcedureStepDescription": "Research_KIRWAN",
    "ProtocolName": "P2",
    "PulseSequenceDetails": "%CustomerSeq%_cmrr_mbep2d_bold",
    "ReceiveCoilName": "32Ch_Head",
    "ReconMatrixPE": 100,
    "RepetitionTime": 0.875,
    "SAR": 0.119784,
    "ScanOptions": "FS",
    "ScanningSequence": "EP",
    "SequenceName": "epfid2d1_100",
    "SequenceVariant": "SK_SS",
    "SeriesDescription": "P2",
    "SeriesNumber": 2,
    "ShimSetting": [
      -2818,
      -22817,
      2434,
      926,
      -47,
      315,
      -363,
      506
    ],
    "SliceThickness": 1.8,
    "SliceTiming": [
      0,
      0.4875,
      0.0975,
      0.585,
      0.195,
      0.6825,
      0.2925,
      0.78,
      0.39,
      0,
      0.4875,
      0.0975,
      0.585,
      0.195,
      0.6825,
      0.2925,
      0.78,
      0.39,
      0,
      0.4875,
      0.0975,
      0.585,
      0.195,
      0.6825,
      0.2925,
      0.78,
      0.39,
      0,
      0.4875,
      0.0975,
      0.585,
      0.195,
      0.6825,
      0.2925,
      0.78,
      0.39,
      0,
      0.4875,
      0.0975,
      0.585,
      0.195,
      0.6825,
      0.2925,
      0.78,
      0.39,
      0,
      0.4875,
      0.0975,
      0.585,
      0.195,
      0.6825,
      0.2925,
      0.78,
      0.39,
      0,
      0.4875,
      0.0975,
      0.585,
      0.195,
      0.6825,
      0.2925,
      0.78,
      0.39,
      0,
      0.4875,
      0.0975,
      0.585,
      0.195,
      0.6825,
      0.2925,
      0.78,
      0.39
    ],
    "SoftwareVersions": "syngo_MR_B17",
    "SpacingBetweenSlices": 1.8,
    "StationName": "MININT-E41B04",
    "TaskName": "PheromoneOlfaction",
    "TotalReadoutTime": 0.0712794,
    "TxRefAmp": 383.118,
    "dataset": "ds003606",
    "modality": "bold",
    "run_id": 2,
    "subject_id": "209",
    "task_id": "PheromoneOlfaction"
  },
  "dummy_trs": 0,
  "dvars_nstd": 72.44641768222479,
  "dvars_std": 1.0425938741797756,
  "dvars_vstd": 1.0037031439550559,
  "efc": 0.6095189395720169,
  "fber": 265.1306457519531,
  "fd_mean": 0.15166917090318652,
  "fd_num": 132,
  "fd_perc": 29.59641255605381,
  "fwhm_avg": 2.579535253519533,
  "fwhm_x": 2.5056167330428423,
  "fwhm_y": 2.7175389608790863,
  "fwhm_z": 2.51545006663667,
  "gcor": 0.0113798,
  "gsr_x": -0.017330452799797058,
  "gsr_y": 0.09453418850898743,
  "provenance": {
    "md5sum": "b2f7461ab53b9b1fea48b46e4ea20f52",
    "settings": {
      "fd_thres": 0.2,
      "testing": false
    },
    "software": "mriqc",
    "version": "22.0.1",
    "webapi_port": null,
    "webapi_url": "https://mriqc.nimh.nih.gov/api/v1"
  },
  "size_t": 446,
  "size_x": 100,
  "size_y": 100,
  "size_z": 72,
  "snr": 2.478628785821106,
  "spacing_tr": 0.875,
  "spacing_x": 1.7999999523162842,
  "spacing_y": 1.7999999523162842,
  "spacing_z": 1.7999999523162842,
  "summary_bg_k": 53.142819454793546,
  "summary_bg_mad": 11.58158416885699,
  "summary_bg_mean": 38.72893524169922,
  "summary_bg_median": 20.13677215576172,
  "summary_bg_n": 414929.0,
  "summary_bg_p05": 11.067265510559082,
  "summary_bg_p95": 129.78341369628885,
  "summary_bg_stdv": 56.04206466674805,
  "summary_fg_k": 6.371744377634734,
  "summary_fg_mad": 107.72968324210717,
  "summary_fg_mean": 368.67132568359375,
  "summary_fg_median": 341.0033874511719,
  "summary_fg_n": 198640.0,
  "summary_fg_p05": 208.19955444335938,
  "summary_fg_p95": 618.6799438476561,
  "summary_fg_stdv": 137.57708740234375,
  "tsnr": 18.82760690059513
}