{
  "bids_meta": {
    "AcquisitionMatrixPE": 256,
    "AcquisitionNumber": 1,
    "AcquisitionTime": "13:08:16.820000",
    "BaseResolution": 256,
    "ConversionSoftware": "dcm2niix",
    "ConversionSoftwareVersion": "v1.0.20180404 Clang8.0.0",
    "DeviceSerialNumber": "35002",
    "DwellTime": 1.03e-05,
    "EchoTime": 0.00492,
    "FlipAngle": 25,
    "ImageOrientationPatientDICOM": [
      0,
      1,
      0,
      -0.0226873,
      0,
      -0.999743
    ],
    "ImageType": [
      "ORIGINAL",
      "PRIMARY",
      "M",
      "ND",
      "NORM"
    ],
    "InPlanePhaseEncodingDirectionDICOM": "ROW",
    "InstitutionAddress": "University_Pkwy_1700_North_685_Provo_UT_US_84601",
    "InstitutionName": "Brigham_Young_University",
    "InstitutionalDepartmentName": "MRI",
    "MRAcquisitionType": "3D",
    "MagneticFieldStrength": 3,
    "Manufacturer": "Siemens",
    "ManufacturersModelName": "TrioTim",
    "Modality": "MR",
    "ParallelReductionFactorInPlane": 2,
    "PartialFourier": 1,
    "PatientPosition": "HFS",
    "PercentPhaseFOV": 100,
    "PhaseEncodingSteps": 255,
    "PhaseResolution": 1,
    "PixelBandwidth": 190,
    "ProcedureStepDescription": "Research_KIRWAN",
    "ProtocolName": "t1_fl3d_sag_no3Daccel_iso_1.0_1avg",
    "PulseSequenceDetails": "%SiemensSeq%_gre",
    "ReceiveCoilName": "32Ch_Head",
    "ReconMatrixPE": 256,
    "RepetitionTime": 0.02,
    "SAR": 0.145361,
    "ScanningSequence": "GR",
    "SequenceName": "_fl3d1_ns",
    "SequenceVariant": "SP",
    "SeriesDescription": "t1_fl3d_sag_no3Daccel_iso_1.0_1avg",
    "SeriesNumber": 5,
    "ShimSetting": [
      -2830,
      -22913,
      1923,
      -81,
      -87,
      -38,
      -253,
      388
    ],
    "SliceThickness": 1,
    "SoftwareVersions": "syngo_MR_B17",
    "StationName": "MININT-E41B04",
    "TxRefAmp": 384.875,
    "dataset": "ds003606",
    "modality": "T1w",
    "subject_id": "111"
  },
  "cjv": 0.38917018567871475,
  "cnr": 3.427957139049199,
  "efc": 0.5235415620157126,
  "fber": 25662.15532871972,
  "fwhm_avg": 3.0666723736585726,
  "fwhm_x": 3.0633371209757163,
  "fwhm_y": 3.22294,
  "fwhm_z": 2.91374,
  "icvs_csf": 0.17125779822114556,
  "icvs_gm": 0.4497513096198897,
  "icvs_wm": 0.37899089215896475,
  "inu_med": 0.251142680644989,
  "inu_range": 0.04876637756824495,
  "provenance": {
    "md5sum": "5b4f390bcc9120fba6b0db46f976216f",
    "settings": {
      "testing": false
    },
    "software": "mriqc",
    "version": "22.0.1",
    "warnings": {
      "large_rot_frame": true,
      "small_air_mask": false
    },
    "webapi_port": null,
    "webapi_url": "https://mriqc.nimh.nih.gov/api/v1"
  },
  "qi_1": 0.0,
  "qi_2": 0.043648015548631104,
  "rpve_csf": 36.1458421104269,
  "rpve_gm": 14.850575219972134,
  "rpve_wm": 19.412191271057374,
  "size_x": 192,
  "size_y": 256,
  "size_z": 256,
  "snr_csf": 2.826082907834614,
  "snr_gm": 18.03406000522537,
  "snr_total": 15.804566490484888,
  "snr_wm": 26.553556558394682,
  "snrd_csf": 60.82967023066726,
  "snrd_gm": 123.16517403570256,
  "snrd_total": 112.6615200910367,
  "snrd_wm": 153.9897160067403,
  "spacing_x": 0.9999976754188538,
  "spacing_y": 1.0,
  "spacing_z": 1.0,
  "summary_bg_k": 12.653109948989275,
  "summary_bg_mad": 4.254416488179644,
  "summary_bg_mean": 4.041508039036768,
  "summary_bg_median": 2.8695603143423796,
  "summary_bg_n": 3492174.0,
  "summary_bg_p05": 0.0,
  "summary_bg_p95": 12.7597924657166,
  "summary_bg_stdv": 4.969660133838141,
  "summary_csf_k": 2.1112840958696006,
  "summary_csf_mad": 83.8491793301425,
  "summary_csf_mean": 382.0166502964142,
  "summary_csf_median": 395.0242300685495,
  "summary_csf_n": 25953.0,
  "summary_csf_p05": 82.39817073494196,
  "summary_csf_p95": 587.2847711294886,
  "summary_csf_stdv": 139.77531180105305,
  "summary_gm_k": 0.30708352150174445,
  "summary_gm_mad": 42.83329998293487,
  "summary_gm_mean": 799.7376003255973,
  "summary_gm_median": 799.8272530529648,
  "summary_gm_n": 27941.0,
  "summary_gm_p05": 727.0852920748293,
  "summary_gm_p95": 871.6498403381556,
  "summary_gm_stdv": 44.35013191175725,
  "summary_wm_k": 0.8370186800014578,
  "summary_wm_mad": 35.067957266645806,
  "summary_wm_mean": 1001.8257674013323,
  "summary_wm_median": 999.9999798350036,
  "summary_wm_n": 177641.0,
  "summary_wm_p05": 943.8067453298718,
  "summary_wm_p95": 1066.7242220956832,
  "summary_wm_stdv": 37.65963188269879,
  "tpm_overlap_csf": 0.15245119131488355,
  "tpm_overlap_gm": 0.47333420430619205,
  "tpm_overlap_wm": 0.5092362076020807,
  "wm2max": 0.6895856855890119
}