{
  "bids_meta": {
    "AcquisitionMatrixPE": 256,
    "AcquisitionNumber": 1,
    "AcquisitionTime": "19:32:12.370000",
    "BaseResolution": 256,
    "ConversionSoftware": "dcm2niix",
    "ConversionSoftwareVersion": "v1.0.20180404 Clang8.0.0",
    "DeviceSerialNumber": "35002",
    "DwellTime": 1.03e-05,
    "EchoTime": 0.00492,
    "FlipAngle": 25,
    "ImageOrientationPatientDICOM": [
      0,
      1,
      0,
      0,
      0,
      -1
    ],
    "ImageType": [
      "ORIGINAL",
      "PRIMARY",
      "M",
      "ND",
      "NORM"
    ],
    "InPlanePhaseEncodingDirectionDICOM": "ROW",
    "InstitutionAddress": "University_Pkwy_1700_North_685_Provo_UT_US_84601",
    "InstitutionName": "Brigham_Young_University",
    "InstitutionalDepartmentName": "MRI",
    "MRAcquisitionType": "3D",
    "MagneticFieldStrength": 3,
    "Manufacturer": "Siemens",
    "ManufacturersModelName": "TrioTim",
    "Modality": "MR",
    "ParallelReductionFactorInPlane": 2,
    "PartialFourier": 1,
    "PatientPosition": "HFS",
    "PercentPhaseFOV": 100,
    "PhaseEncodingSteps": 255,
    "PhaseResolution": 1,
    "PixelBandwidth": 190,
    "ProcedureStepDescription": "Research_KIRWAN",
    "ProtocolName": "t1_fl3d_sag_no3Daccel_iso_1.0_1avg",
    "PulseSequenceDetails": "%SiemensSeq%_gre",
    "ReceiveCoilName": "32Ch_Head",
    "ReconMatrixPE": 256,
    "RepetitionTime": 0.02,
    "SAR": 0.212744,
    "ScanningSequence": "GR",
    "SequenceName": "_fl3d1_ns",
    "SequenceVariant": "SP",
    "SeriesDescription": "t1_fl3d_sag_no3Daccel_iso_1.0_1avg",
    "SeriesNumber": 5,
    "ShimSetting": [
      -2830,
      -22913,
      1923,
      -81,
      -87,
      -38,
      -253,
      388
    ],
    "SliceThickness": 1,
    "SoftwareVersions": "syngo_MR_B17",
    "StationName": "MININT-E41B04",
    "TxRefAmp": 385.553,
    "dataset": "ds003606",
    "modality": "T1w",
    "subject_id": "115"
  },
  "cjv": 0.3895931804423967,
  "cnr": 3.479652355865922,
  "efc": 0.5085458970611737,
  "fber": 41181.322830578516,
  "fwhm_avg": 3.25402,
  "fwhm_x": 3.21706,
  "fwhm_y": 3.42579,
  "fwhm_z": 3.11921,
  "icvs_csf": 0.1469567573360884,
  "icvs_gm": 0.4388677467069898,
  "icvs_wm": 0.41417549595692177,
  "inu_med": 0.24270731210708618,
  "inu_range": 0.06346297264099118,
  "provenance": {
    "md5sum": "80caa1acaca79e0975a645fcb718461f",
    "settings": {
      "testing": false
    },
    "software": "mriqc",
    "version": "22.0.1",
    "warnings": {
      "large_rot_frame": true,
      "small_air_mask": false
    },
    "webapi_port": null,
    "webapi_url": "https://mriqc.nimh.nih.gov/api/v1"
  },
  "qi_1": 0.0,
  "qi_2": 0.019439698753766006,
  "rpve_csf": 38.12019135669094,
  "rpve_gm": 13.997311068833262,
  "rpve_wm": 16.659548996473827,
  "size_x": 192,
  "size_y": 256,
  "size_z": 256,
  "snr_csf": 2.2578425741495036,
  "snr_gm": 16.283009746041046,
  "snr_total": 15.275586113823506,
  "snr_wm": 27.285906021279967,
  "snrd_csf": 65.06857132565739,
  "snrd_gm": 150.39454028624573,
  "snrd_total": 135.42553905535283,
  "snrd_wm": 190.81350555415534,
  "spacing_x": 1.0,
  "spacing_y": 1.0,
  "spacing_z": 1.0,
  "summary_bg_k": 7.362698955474613,
  "summary_bg_mad": 3.433385857851855,
  "summary_bg_mean": 3.258271902117587,
  "summary_bg_median": 2.3157835695892572,
  "summary_bg_n": 4042824.0,
  "summary_bg_p05": 0.0,
  "summary_bg_p95": 12.248542012646794,
  "summary_bg_stdv": 4.4368993341589205,
  "summary_csf_k": 0.34756992828129674,
  "summary_csf_mad": 110.73703543939055,
  "summary_csf_mean": 337.25396888344545,
  "summary_csf_median": 341.00610587373376,
  "summary_csf_n": 20604.0,
  "summary_csf_p05": 65.24510949766264,
  "summary_csf_p95": 589.6040770187974,
  "summary_csf_stdv": 151.02816929625172,
  "summary_gm_k": 0.18850761776069858,
  "summary_gm_mad": 47.571008873851,
  "summary_gm_mean": 788.2062199306287,
  "summary_gm_median": 788.1755428593606,
  "summary_gm_n": 37569.0,
  "summary_gm_p05": 709.0482873972505,
  "summary_gm_p95": 867.8942996669559,
  "summary_gm_stdv": 48.40413814006392,
  "summary_wm_k": 0.5455856904322798,
  "summary_wm_mad": 34.95434999861226,
  "summary_wm_mean": 1001.3952547034439,
  "summary_wm_median": 999.9999869596213,
  "summary_wm_n": 230497.0,
  "summary_wm_p05": 943.4725470561534,
  "summary_wm_p95": 1063.1678664963692,
  "summary_wm_stdv": 36.64887715114829,
  "tpm_overlap_csf": 0.14172922158064388,
  "tpm_overlap_gm": 0.4524921942699306,
  "tpm_overlap_wm": 0.5065274468092401,
  "wm2max": 0.7030053197913544
}