{
  "bids_meta": {
    "AcquisitionMatrixPE": 256,
    "AcquisitionNumber": 1,
    "AcquisitionTime": "08:50:18.137500",
    "BaseResolution": 256,
    "ConversionSoftware": "dcm2niix",
    "ConversionSoftwareVersion": "v1.0.20180404 Clang8.0.0",
    "DeviceSerialNumber": "35002",
    "DwellTime": 1.03e-05,
    "EchoTime": 0.00492,
    "FlipAngle": 25,
    "ImageOrientationPatientDICOM": [
      1e-16,
      1,
      -1e-16,
      0.057564,
      -1e-16,
      -0.998342
    ],
    "ImageType": [
      "ORIGINAL",
      "PRIMARY",
      "M",
      "ND",
      "NORM"
    ],
    "InPlanePhaseEncodingDirectionDICOM": "ROW",
    "InstitutionAddress": "University_Pkwy_1700_North_685_Provo_UT_US_84601",
    "InstitutionName": "Brigham_Young_University",
    "InstitutionalDepartmentName": "MRI",
    "MRAcquisitionType": "3D",
    "MagneticFieldStrength": 3,
    "Manufacturer": "Siemens",
    "ManufacturersModelName": "TrioTim",
    "Modality": "MR",
    "ParallelReductionFactorInPlane": 2,
    "PartialFourier": 1,
    "PatientPosition": "HFS",
    "PercentPhaseFOV": 100,
    "PhaseEncodingSteps": 255,
    "PhaseResolution": 1,
    "PixelBandwidth": 190,
    "ProcedureStepDescription": "Research_KIRWAN",
    "ProtocolName": "t1_fl3d_sag_no3Daccel_iso_1.0_1avg",
    "PulseSequenceDetails": "%SiemensSeq%_gre",
    "ReceiveCoilName": "32Ch_Head",
    "ReconMatrixPE": 256,
    "RepetitionTime": 0.02,
    "SAR": 0.163244,
    "ScanningSequence": "GR",
    "SequenceName": "_fl3d1_ns",
    "SequenceVariant": "SP",
    "SeriesDescription": "t1_fl3d_sag_no3Daccel_iso_1.0_1avg",
    "SeriesNumber": 5,
    "ShimSetting": [
      -2830,
      -22913,
      1923,
      -81,
      -87,
      -38,
      -253,
      388
    ],
    "SliceThickness": 1,
    "SoftwareVersions": "syngo_MR_B17",
    "StationName": "MININT-E41B04",
    "TxRefAmp": 393.567,
    "dataset": "ds003606",
    "modality": "T1w",
    "subject_id": "105"
  },
  "cjv": 0.39306299805018313,
  "cnr": 3.4341638761921605,
  "efc": 0.5499285222071745,
  "fber": 10775.666364008617,
  "fwhm_avg": 3.385635550550727,
  "fwhm_x": 3.2866866516521807,
  "fwhm_y": 3.67204,
  "fwhm_z": 3.19818,
  "icvs_csf": 0.1589636005091043,
  "icvs_gm": 0.45708010649085024,
  "icvs_wm": 0.38395629300004547,
  "inu_med": 0.35425662994384766,
  "inu_range": 0.11564018428325645,
  "provenance": {
    "md5sum": "dcda584da9c4ea898fc396f957ca8e96",
    "settings": {
      "testing": false
    },
    "software": "mriqc",
    "version": "22.0.1",
    "warnings": {
      "large_rot_frame": true,
      "small_air_mask": false
    },
    "webapi_port": null,
    "webapi_url": "https://mriqc.nimh.nih.gov/api/v1"
  },
  "qi_1": 0.0,
  "qi_2": 0.023965102642226985,
  "rpve_csf": 31.79720045219556,
  "rpve_gm": 12.067350877158887,
  "rpve_wm": 15.627562626683744,
  "size_x": 192,
  "size_y": 256,
  "size_z": 256,
  "snr_csf": 2.329077676853468,
  "snr_gm": 16.989667083347772,
  "snr_total": 14.840981392070509,
  "snr_wm": 25.20419941601028,
  "snrd_csf": 46.83115858373189,
  "snrd_gm": 107.28493222277831,
  "snrd_total": 96.66852292006796,
  "snrd_wm": 135.88947795369364,
  "spacing_x": 0.9999949336051941,
  "spacing_y": 1.0,
  "spacing_z": 1.0,
  "summary_bg_k": 7.612833185595274,
  "summary_bg_mad": 4.820948003597822,
  "summary_bg_mean": 4.136153107344043,
  "summary_bg_median": 3.251680014654994,
  "summary_bg_n": 2805696.0,
  "summary_bg_p05": 0.0,
  "summary_bg_p95": 12.604131104424596,
  "summary_bg_stdv": 4.857255974850267,
  "summary_csf_k": 0.14407347872591458,
  "summary_csf_mad": 111.66233852142766,
  "summary_csf_mean": 324.08255966697817,
  "summary_csf_median": 344.61614479124546,
  "summary_csf_n": 37539.0,
  "summary_csf_p05": 59.270384571887554,
  "summary_csf_p95": 546.6290883302688,
  "summary_csf_stdv": 147.9605244931207,
  "summary_gm_k": 0.2761330781342344,
  "summary_gm_mad": 45.40873881484044,
  "summary_gm_mean": 789.4395245393284,
  "summary_gm_median": 789.4769391771406,
  "summary_gm_n": 43722.0,
  "summary_gm_p05": 712.551480544731,
  "summary_gm_p95": 864.2655795142055,
  "summary_gm_stdv": 46.46753269977584,
  "summary_wm_k": 0.6416638233121361,
  "summary_wm_mad": 37.32791168500028,
  "summary_wm_mean": 1002.2161946802712,
  "summary_wm_median": 999.9690254591405,
  "summary_wm_n": 215024.0,
  "summary_wm_p05": 941.191038146615,
  "summary_wm_p95": 1070.7317762542516,
  "summary_wm_stdv": 39.67460674713742,
  "tpm_overlap_csf": 0.14601200943692746,
  "tpm_overlap_gm": 0.45479495291037375,
  "tpm_overlap_wm": 0.4908916195912871,
  "wm2max": 0.6557410340766012
}