{
  "aor": 0.00022406320541760725,
  "aqi": 0.013117697516930022,
  "bids_meta": {
    "AcquisitionMatrixPE": 100,
    "AcquisitionNumber": 1,
    "AcquisitionTime": "15:39:28.135000",
    "BandwidthPerPixelPhaseEncode": 13.889,
    "BaseResolution": 100,
    "ConversionSoftware": "dcm2niix",
    "ConversionSoftwareVersion": "v1.0.20180404 Clang8.0.0",
    "DerivedVendorReportedEchoSpacing": 0.000719994,
    "DeviceSerialNumber": "35002",
    "DwellTime": 2.8e-06,
    "EchoTime": 0.0436,
    "EffectiveEchoSpacing": 0.000719994,
    "FlipAngle": 55,
    "ImageComments": "Unaliased_MB8_PE3_(remote)",
    "ImageOrientationPatientDICOM": [
      1,
      0,
      0,
      0,
      0.999945,
      -0.0104718
    ],
    "ImageType": [
      "ORIGINAL",
      "PRIMARY",
      "M",
      "MB",
      "ND",
      "MOSAIC"
    ],
    "InPlanePhaseEncodingDirectionDICOM": "COL",
    "InstitutionAddress": "University_Pkwy_1700_North_685_Provo_UT_US_84601",
    "InstitutionName": "Brigham_Young_University",
    "InstitutionalDepartmentName": "MRI",
    "MRAcquisitionType": "2D",
    "MagneticFieldStrength": 3,
    "Manufacturer": "Siemens",
    "ManufacturersModelName": "TrioTim",
    "Modality": "MR",
    "MultibandAccelerationFactor": 8,
    "PartialFourier": 1,
    "PatientPosition": "HFS",
    "PercentPhaseFOV": 100,
    "PhaseEncodingDirection": "j-",
    "PhaseEncodingSteps": 100,
    "PhaseResolution": 1,
    "PixelBandwidth": 1786,
    "ProcedureStepDescription": "Research_KIRWAN",
    "ProtocolName": "P1",
    "PulseSequenceDetails": "%CustomerSeq%_cmrr_mbep2d_bold",
    "ReceiveCoilName": "32Ch_Head",
    "ReconMatrixPE": 100,
    "RepetitionTime": 0.875,
    "SAR": 0.136471,
    "ScanOptions": "FS",
    "ScanningSequence": "EP",
    "SequenceName": "epfid2d1_100",
    "SequenceVariant": "SK_SS",
    "SeriesDescription": "P1",
    "SeriesNumber": 4,
    "ShimSetting": [
      -2897,
      -22779,
      2222,
      821,
      -306,
      667,
      -170,
      499
    ],
    "SliceThickness": 1.8,
    "SliceTiming": [
      0,
      0.4875,
      0.0975,
      0.585,
      0.195,
      0.6825,
      0.2925,
      0.78,
      0.39,
      0,
      0.4875,
      0.0975,
      0.585,
      0.195,
      0.6825,
      0.2925,
      0.78,
      0.39,
      0,
      0.4875,
      0.0975,
      0.585,
      0.195,
      0.6825,
      0.2925,
      0.78,
      0.39,
      0,
      0.4875,
      0.0975,
      0.585,
      0.195,
      0.6825,
      0.2925,
      0.78,
      0.39,
      0,
      0.4875,
      0.0975,
      0.585,
      0.195,
      0.6825,
      0.2925,
      0.78,
      0.39,
      0,
      0.4875,
      0.0975,
      0.585,
      0.195,
      0.6825,
      0.2925,
      0.78,
      0.39,
      0,
      0.4875,
      0.0975,
      0.585,
      0.195,
      0.6825,
      0.2925,
      0.78,
      0.39,
      0,
      0.4875,
      0.0975,
      0.585,
      0.195,
      0.6825,
      0.2925,
      0.78,
      0.39
    ],
    "SoftwareVersions": "syngo_MR_B17",
    "SpacingBetweenSlices": 1.8,
    "StationName": "MININT-E41B04",
    "TaskName": "PheromoneOlfaction",
    "TotalReadoutTime": 0.0712794,
    "TxRefAmp": 409.055,
    "dataset": "ds003606",
    "modality": "bold",
    "run_id": 1,
    "subject_id": "104",
    "task_id": "PheromoneOlfaction"
  },
  "dummy_trs": 3,
  "dvars_nstd": 64.43889543717195,
  "dvars_std": 1.0523472590497729,
  "dvars_vstd": 1.0039348074660637,
  "efc": 0.5915888474703583,
  "fber": 433.46014404296875,
  "fd_mean": 0.103097784026639,
  "fd_num": 2,
  "fd_perc": 0.45146726862302483,
  "fwhm_avg": 3.0549945253741613,
  "fwhm_x": 2.951427855963915,
  "fwhm_y": 3.261377864174786,
  "fwhm_z": 2.9521778559837837,
  "gcor": 0.00170174,
  "gsr_x": -0.0375930555164814,
  "gsr_y": 0.10804922878742218,
  "provenance": {
    "md5sum": "0ba004333a71c1541fbc4347f2456953",
    "settings": {
      "fd_thres": 0.2,
      "testing": false
    },
    "software": "mriqc",
    "version": "22.0.1",
    "webapi_port": null,
    "webapi_url": "https://mriqc.nimh.nih.gov/api/v1"
  },
  "size_t": 443,
  "size_x": 100,
  "size_y": 100,
  "size_z": 72,
  "snr": 2.4714224925623367,
  "spacing_tr": 0.875,
  "spacing_x": 1.7999999523162842,
  "spacing_y": 1.7999999523162842,
  "spacing_z": 1.7999999523162842,
  "summary_bg_k": 87.78117989115891,
  "summary_bg_mad": 8.483966155945662,
  "summary_bg_mean": 32.86219024658203,
  "summary_bg_median": 16.787811279296875,
  "summary_bg_n": 412443.0,
  "summary_bg_p05": 10.410835266113281,
  "summary_bg_p95": 101.4943618774414,
  "summary_bg_stdv": 53.967041015625,
  "summary_fg_k": 3.6762227418662787,
  "summary_fg_mad": 109.0733367480569,
  "summary_fg_mean": 392.6098327636719,
  "summary_fg_median": 360.60272216796875,
  "summary_fg_n": 202832.0,
  "summary_fg_p05": 223.52043762207032,
  "summary_fg_p95": 679.3332031249997,
  "summary_fg_stdv": 145.9086151123047,
  "tsnr": 23.87473061075434
}