{
  "bids_meta": {
    "AcquisitionMatrixPE": 256,
    "AcquisitionNumber": 1,
    "AcquisitionTime": "15:43:0.160000",
    "BaseResolution": 256,
    "ConversionSoftware": "dcm2niix",
    "ConversionSoftwareVersion": "v1.0.20180404 Clang8.0.0",
    "DeviceSerialNumber": "35002",
    "DwellTime": 1.03e-05,
    "EchoTime": 0.00492,
    "FlipAngle": 25,
    "ImageOrientationPatientDICOM": [
      0,
      1,
      0,
      0.0226873,
      0,
      -0.999743
    ],
    "ImageType": [
      "ORIGINAL",
      "PRIMARY",
      "M",
      "ND",
      "NORM"
    ],
    "InPlanePhaseEncodingDirectionDICOM": "ROW",
    "InstitutionAddress": "University_Pkwy_1700_North_685_Provo_UT_US_84601",
    "InstitutionName": "Brigham_Young_University",
    "InstitutionalDepartmentName": "MRI",
    "MRAcquisitionType": "3D",
    "MagneticFieldStrength": 3,
    "Manufacturer": "Siemens",
    "ManufacturersModelName": "TrioTim",
    "Modality": "MR",
    "ParallelReductionFactorInPlane": 2,
    "PartialFourier": 1,
    "PatientPosition": "HFS",
    "PercentPhaseFOV": 100,
    "PhaseEncodingSteps": 255,
    "PhaseResolution": 1,
    "PixelBandwidth": 190,
    "ProcedureStepDescription": "Research_KIRWAN",
    "ProtocolName": "t1_fl3d_sag_no3Daccel_iso_1.0_1avg",
    "PulseSequenceDetails": "%SiemensSeq%_gre",
    "ReceiveCoilName": "32Ch_Head",
    "ReconMatrixPE": 256,
    "RepetitionTime": 0.02,
    "SAR": 0.20682,
    "ScanningSequence": "GR",
    "SequenceName": "_fl3d1_ns",
    "SequenceVariant": "SP",
    "SeriesDescription": "t1_fl3d_sag_no3Daccel_iso_1.0_1avg",
    "SeriesNumber": 5,
    "ShimSetting": [
      -2830,
      -22913,
      1923,
      -81,
      -87,
      -38,
      -253,
      388
    ],
    "SliceThickness": 1,
    "SoftwareVersions": "syngo_MR_B17",
    "StationName": "MININT-E41B04",
    "TxRefAmp": 395.957,
    "dataset": "ds003606",
    "modality": "T1w",
    "subject_id": "113"
  },
  "cjv": 0.4592287818058121,
  "cnr": 2.940681926775899,
  "efc": 0.5138737965764454,
  "fber": 19294.466402363574,
  "fwhm_avg": 3.1832387519100593,
  "fwhm_x": 3.1804162557301785,
  "fwhm_y": 3.3497,
  "fwhm_z": 3.0196,
  "icvs_csf": 0.1791066697607329,
  "icvs_gm": 0.42918020162511006,
  "icvs_wm": 0.391713128614157,
  "inu_med": 0.3361494690179825,
  "inu_range": 0.07872700095176693,
  "provenance": {
    "md5sum": "a6c87bb0a46e359122b1f3f6d8b6f62d",
    "settings": {
      "testing": false
    },
    "software": "mriqc",
    "version": "22.0.1",
    "warnings": {
      "large_rot_frame": true,
      "small_air_mask": false
    },
    "webapi_port": null,
    "webapi_url": "https://mriqc.nimh.nih.gov/api/v1"
  },
  "qi_1": 0.0,
  "qi_2": 0.025208136670030835,
  "rpve_csf": 32.78188211145845,
  "rpve_gm": 14.056400150680949,
  "rpve_wm": 17.128044765390502,
  "size_x": 192,
  "size_y": 256,
  "size_z": 256,
  "snr_csf": 2.7439173827764862,
  "snr_gm": 16.29377742076896,
  "snr_total": 13.68759727044808,
  "snr_wm": 22.02509700779879,
  "snrd_csf": 60.585133154487835,
  "snrd_gm": 123.59847657419593,
  "snrd_total": 112.74875261528784,
  "snrd_wm": 154.06264811717978,
  "spacing_x": 0.9999980330467224,
  "spacing_y": 1.0,
  "spacing_z": 1.0,
  "summary_bg_k": 10.61137055961723,
  "summary_bg_mad": 4.252402646830342,
  "summary_bg_mean": 4.109775903420182,
  "summary_bg_median": 2.8682019989937544,
  "summary_bg_n": 3794434.0,
  "summary_bg_p05": 0.0,
  "summary_bg_p95": 15.733341062441468,
  "summary_bg_stdv": 5.996178838601874,
  "summary_csf_k": 1.5149670641092001,
  "summary_csf_mad": 101.52095251025061,
  "summary_csf_mean": 374.0969936319504,
  "summary_csf_median": 393.24998669698834,
  "summary_csf_n": 28327.0,
  "summary_csf_p05": 93.91551516316832,
  "summary_csf_p95": 578.5135585349053,
  "summary_csf_stdv": 143.3144626900515,
  "summary_gm_k": 0.2709175825798473,
  "summary_gm_mad": 47.540210173059606,
  "summary_gm_mean": 800.5193338750543,
  "summary_gm_median": 802.2611610777676,
  "summary_gm_n": 23032.0,
  "summary_gm_p05": 717.4835147104226,
  "summary_gm_p95": 879.0064495168626,
  "summary_gm_stdv": 49.236203732437524,
  "summary_wm_k": 0.5318726613192117,
  "summary_wm_mad": 43.26716479493397,
  "summary_wm_mean": 1003.433670411241,
  "summary_wm_median": 1000.0000192802399,
  "summary_wm_n": 178441.0,
  "summary_wm_p05": 934.5047658663243,
  "summary_wm_p95": 1082.6766380667686,
  "summary_wm_stdv": 45.402624872687724,
  "tpm_overlap_csf": 0.13907876395955532,
  "tpm_overlap_gm": 0.4549398195156092,
  "tpm_overlap_wm": 0.4823559918454645,
  "wm2max": 0.6628391953053444
}