{
  "aor": 0.0005055730337078652,
  "aqi": 0.021244006966292132,
  "bids_meta": {
    "AcquisitionMatrixPE": 100,
    "AcquisitionNumber": 1,
    "AcquisitionTime": "13:28:17.322500",
    "BandwidthPerPixelPhaseEncode": 13.889,
    "BaseResolution": 100,
    "ConversionSoftware": "dcm2niix",
    "ConversionSoftwareVersion": "v1.0.20180404 Clang8.0.0",
    "DerivedVendorReportedEchoSpacing": 0.000719994,
    "DeviceSerialNumber": "35002",
    "DwellTime": 2.8e-06,
    "EchoTime": 0.0436,
    "EffectiveEchoSpacing": 0.000719994,
    "FlipAngle": 55,
    "ImageComments": "Unaliased_MB8_PE3_(remote)",
    "ImageOrientationPatientDICOM": [
      0.999705,
      0.00266558,
      -0.0241379,
      6.30709e-08,
      0.993957,
      0.109767
    ],
    "ImageType": [
      "ORIGINAL",
      "PRIMARY",
      "M",
      "MB",
      "ND",
      "MOSAIC"
    ],
    "InPlanePhaseEncodingDirectionDICOM": "COL",
    "InstitutionAddress": "University_Pkwy_1700_North_685_Provo_UT_US_84601",
    "InstitutionName": "Brigham_Young_University",
    "InstitutionalDepartmentName": "MRI",
    "MRAcquisitionType": "2D",
    "MagneticFieldStrength": 3,
    "Manufacturer": "Siemens",
    "ManufacturersModelName": "TrioTim",
    "Modality": "MR",
    "MultibandAccelerationFactor": 8,
    "PartialFourier": 1,
    "PatientPosition": "HFS",
    "PercentPhaseFOV": 100,
    "PhaseEncodingDirection": "j-",
    "PhaseEncodingSteps": 100,
    "PhaseResolution": 1,
    "PixelBandwidth": 1786,
    "ProcedureStepDescription": "Research_KIRWAN",
    "ProtocolName": "run1_L",
    "PulseSequenceDetails": "%CustomerSeq%_cmrr_mbep2d_bold",
    "ReceiveCoilName": "32Ch_Head",
    "ReconMatrixPE": 100,
    "RepetitionTime": 0.875,
    "SAR": 0.104002,
    "ScanOptions": "FS",
    "ScanningSequence": "EP",
    "SequenceName": "epfid2d1_100",
    "SequenceVariant": "SK_SS",
    "SeriesDescription": "run1_L",
    "SeriesNumber": 2,
    "ShimSetting": [
      -2835,
      -22979,
      2488,
      1007,
      62,
      58,
      -163,
      502
    ],
    "SliceThickness": 1.8,
    "SliceTiming": [
      0,
      0.4875,
      0.0975,
      0.585,
      0.195,
      0.6825,
      0.2925,
      0.78,
      0.39,
      0,
      0.4875,
      0.0975,
      0.585,
      0.195,
      0.6825,
      0.2925,
      0.78,
      0.39,
      0,
      0.4875,
      0.0975,
      0.585,
      0.195,
      0.6825,
      0.2925,
      0.78,
      0.39,
      0,
      0.4875,
      0.0975,
      0.585,
      0.195,
      0.6825,
      0.2925,
      0.78,
      0.39,
      0,
      0.4875,
      0.0975,
      0.585,
      0.195,
      0.6825,
      0.2925,
      0.78,
      0.39,
      0,
      0.4875,
      0.0975,
      0.585,
      0.195,
      0.6825,
      0.2925,
      0.78,
      0.39,
      0,
      0.4875,
      0.0975,
      0.585,
      0.195,
      0.6825,
      0.2925,
      0.78,
      0.39,
      0,
      0.4875,
      0.0975,
      0.585,
      0.195,
      0.6825,
      0.2925,
      0.78,
      0.39
    ],
    "SoftwareVersions": "syngo_MR_B17",
    "SpacingBetweenSlices": 1.8,
    "StationName": "MININT-E41B04",
    "TaskName": "PheromoneOlfaction",
    "TotalReadoutTime": 0.0712794,
    "TxRefAmp": 391.214,
    "dataset": "ds003606",
    "modality": "bold",
    "run_id": 3,
    "subject_id": "101",
    "task_id": "PheromoneOlfaction"
  },
  "dummy_trs": 1,
  "dvars_nstd": 79.55049959801802,
  "dvars_std": 1.0554359801576592,
  "dvars_vstd": 1.0086100006531542,
  "efc": 0.5854712649261562,
  "fber": 370.2495422363281,
  "fd_mean": 0.1547802679883317,
  "fd_num": 116,
  "fd_perc": 26.06741573033708,
  "fwhm_avg": 2.995490820094148,
  "fwhm_x": 2.877400076225071,
  "fwhm_y": 3.247233419355642,
  "fwhm_z": 2.861838964701731,
  "gcor": 0.00302855,
  "gsr_x": -0.018204880878329277,
  "gsr_y": 0.10025439411401749,
  "provenance": {
    "md5sum": "b7d9f32c54f3ed1fbd723830e30366db",
    "settings": {
      "fd_thres": 0.2,
      "testing": false
    },
    "software": "mriqc",
    "version": "22.0.1",
    "webapi_port": null,
    "webapi_url": "https://mriqc.nimh.nih.gov/api/v1"
  },
  "size_t": 445,
  "size_x": 100,
  "size_y": 100,
  "size_z": 72,
  "snr": 2.496998953100076,
  "spacing_tr": 0.875,
  "spacing_x": 1.7999999523162842,
  "spacing_y": 1.7999999523162842,
  "spacing_z": 1.7999999523162842,
  "summary_bg_k": 62.49106595476057,
  "summary_bg_mad": 8.45249937397388,
  "summary_bg_mean": 31.1354923248291,
  "summary_bg_median": 16.406742095947266,
  "summary_bg_n": 427204.0,
  "summary_bg_p05": 9.87865161895752,
  "summary_bg_p95": 98.8943862915039,
  "summary_bg_stdv": 46.129859924316406,
  "summary_fg_k": 1.7011539341288868,
  "summary_fg_mad": 102.5427925033601,
  "summary_fg_mean": 355.3697509765625,
  "summary_fg_median": 324.1168518066406,
  "summary_fg_n": 189453.0,
  "summary_fg_p05": 201.25079040527345,
  "summary_fg_p95": 614.4791259765625,
  "summary_fg_stdv": 129.80221557617188,
  "tsnr": 18.896202710457146
}