{
  "aor": 0.0003561573033707865,
  "aqi": 0.022500627191011233,
  "bids_meta": {
    "AcquisitionMatrixPE": 100,
    "AcquisitionNumber": 1,
    "AcquisitionTime": "13:42:48.010000",
    "BandwidthPerPixelPhaseEncode": 13.889,
    "BaseResolution": 100,
    "ConversionSoftware": "dcm2niix",
    "ConversionSoftwareVersion": "v1.0.20180404 Clang8.0.0",
    "DerivedVendorReportedEchoSpacing": 0.000719994,
    "DeviceSerialNumber": "35002",
    "DwellTime": 2.8e-06,
    "EchoTime": 0.0436,
    "EffectiveEchoSpacing": 0.000719994,
    "FlipAngle": 55,
    "ImageComments": "Unaliased_MB8_PE3_(remote)",
    "ImageOrientationPatientDICOM": [
      0.999705,
      0.00266558,
      -0.0241379,
      6.30709e-08,
      0.993957,
      0.109767
    ],
    "ImageType": [
      "ORIGINAL",
      "PRIMARY",
      "M",
      "MB",
      "ND",
      "MOSAIC"
    ],
    "InPlanePhaseEncodingDirectionDICOM": "COL",
    "InstitutionAddress": "University_Pkwy_1700_North_685_Provo_UT_US_84601",
    "InstitutionName": "Brigham_Young_University",
    "InstitutionalDepartmentName": "MRI",
    "MRAcquisitionType": "2D",
    "MagneticFieldStrength": 3,
    "Manufacturer": "Siemens",
    "ManufacturersModelName": "TrioTim",
    "Modality": "MR",
    "MultibandAccelerationFactor": 8,
    "PartialFourier": 1,
    "PatientPosition": "HFS",
    "PercentPhaseFOV": 100,
    "PhaseEncodingDirection": "j-",
    "PhaseEncodingSteps": 100,
    "PhaseResolution": 1,
    "PixelBandwidth": 1786,
    "ProcedureStepDescription": "Research_KIRWAN",
    "ProtocolName": "run3_P1",
    "PulseSequenceDetails": "%CustomerSeq%_cmrr_mbep2d_bold",
    "ReceiveCoilName": "32Ch_Head",
    "ReconMatrixPE": 100,
    "RepetitionTime": 0.875,
    "SAR": 0.108558,
    "ScanOptions": "FS",
    "ScanningSequence": "EP",
    "SequenceName": "epfid2d1_100",
    "SequenceVariant": "SK_SS",
    "SeriesDescription": "run3_P1",
    "SeriesNumber": 4,
    "ShimSetting": [
      -2835,
      -22979,
      2488,
      1007,
      62,
      58,
      -163,
      502
    ],
    "SliceThickness": 1.8,
    "SliceTiming": [
      0,
      0.4875,
      0.0975,
      0.585,
      0.195,
      0.6825,
      0.2925,
      0.78,
      0.39,
      0,
      0.4875,
      0.0975,
      0.585,
      0.195,
      0.6825,
      0.2925,
      0.78,
      0.39,
      0,
      0.4875,
      0.0975,
      0.585,
      0.195,
      0.6825,
      0.2925,
      0.78,
      0.39,
      0,
      0.4875,
      0.0975,
      0.585,
      0.195,
      0.6825,
      0.2925,
      0.78,
      0.39,
      0,
      0.4875,
      0.0975,
      0.585,
      0.195,
      0.6825,
      0.2925,
      0.78,
      0.39,
      0,
      0.4875,
      0.0975,
      0.585,
      0.195,
      0.6825,
      0.2925,
      0.78,
      0.39,
      0,
      0.4875,
      0.0975,
      0.585,
      0.195,
      0.6825,
      0.2925,
      0.78,
      0.39,
      0,
      0.4875,
      0.0975,
      0.585,
      0.195,
      0.6825,
      0.2925,
      0.78,
      0.39
    ],
    "SoftwareVersions": "syngo_MR_B17",
    "SpacingBetweenSlices": 1.8,
    "StationName": "MININT-E41B04",
    "TaskName": "PheromoneOlfaction",
    "TotalReadoutTime": 0.0712794,
    "TxRefAmp": 391.214,
    "dataset": "ds003606",
    "modality": "bold",
    "run_id": 1,
    "subject_id": "101",
    "task_id": "PheromoneOlfaction"
  },
  "dummy_trs": 1,
  "dvars_nstd": 80.29509793513512,
  "dvars_std": 1.0552676984909906,
  "dvars_vstd": 1.003035111441441,
  "efc": 0.5851960225649462,
  "fber": 361.1322021484375,
  "fd_mean": 0.14052728547501378,
  "fd_num": 79,
  "fd_perc": 17.752808988764045,
  "fwhm_avg": 3.010474153824404,
  "fwhm_x": 2.8878056320562795,
  "fwhm_y": 3.2522167528209884,
  "fwhm_z": 2.891400076595944,
  "gcor": 0.00460541,
  "gsr_x": -0.01778353564441204,
  "gsr_y": 0.09882588684558868,
  "provenance": {
    "md5sum": "4de350656f4cd5153e6bfacc38272a44",
    "settings": {
      "fd_thres": 0.2,
      "testing": false
    },
    "software": "mriqc",
    "version": "22.0.1",
    "webapi_port": null,
    "webapi_url": "https://mriqc.nimh.nih.gov/api/v1"
  },
  "size_t": 445,
  "size_x": 100,
  "size_y": 100,
  "size_z": 72,
  "snr": 2.4734288828937396,
  "spacing_tr": 0.875,
  "spacing_x": 1.7999999523162842,
  "spacing_y": 1.7999999523162842,
  "spacing_z": 1.7999999523162842,
  "summary_bg_k": 40.895086876513226,
  "summary_bg_mad": 8.689049546549073,
  "summary_bg_mean": 31.2921142578125,
  "summary_bg_median": 16.608989715576172,
  "summary_bg_n": 428675.0,
  "summary_bg_p05": 9.916853904724121,
  "summary_bg_p95": 100.29505538940427,
  "summary_bg_stdv": 44.033329010009766,
  "summary_fg_k": 1.748228421071313,
  "summary_fg_mad": 102.34287557518424,
  "summary_fg_mean": 356.4012145996094,
  "summary_fg_median": 324.1146240234375,
  "summary_fg_n": 188419.0,
  "summary_fg_p05": 201.6514633178711,
  "summary_fg_p95": 619.450360107422,
  "summary_fg_stdv": 131.03823852539062,
  "tsnr": 19.16159623337444
}