{
  "bids_meta": {
    "AcquisitionMatrixPE": 256,
    "AcquisitionNumber": 1,
    "AcquisitionTime": "10:41:24.655000",
    "BaseResolution": 256,
    "ConversionSoftware": "dcm2niix",
    "ConversionSoftwareVersion": "v1.0.20180404 Clang8.0.0",
    "DeviceSerialNumber": "35002",
    "DwellTime": 1.03e-05,
    "EchoTime": 0.00492,
    "FlipAngle": 25,
    "ImageOrientationPatientDICOM": [
      0.045363,
      0.998971,
      -2.48874e-08,
      0.0139479,
      -0.000633394,
      -0.999903
    ],
    "ImageType": [
      "ORIGINAL",
      "PRIMARY",
      "M",
      "ND",
      "NORM"
    ],
    "InPlanePhaseEncodingDirectionDICOM": "ROW",
    "InstitutionAddress": "University_Pkwy_1700_North_685_Provo_UT_US_84601",
    "InstitutionName": "Brigham_Young_University",
    "InstitutionalDepartmentName": "MRI",
    "MRAcquisitionType": "3D",
    "MagneticFieldStrength": 3,
    "Manufacturer": "Siemens",
    "ManufacturersModelName": "TrioTim",
    "Modality": "MR",
    "ParallelReductionFactorInPlane": 2,
    "PartialFourier": 1,
    "PatientPosition": "HFS",
    "PercentPhaseFOV": 100,
    "PhaseEncodingSteps": 255,
    "PhaseResolution": 1,
    "PixelBandwidth": 190,
    "ProcedureStepDescription": "Research_KIRWAN",
    "ProtocolName": "t1_fl3d_sag_no3Daccel_iso_1.0_1avg",
    "PulseSequenceDetails": "%SiemensSeq%_gre",
    "ReceiveCoilName": "32Ch_Head",
    "ReconMatrixPE": 256,
    "RepetitionTime": 0.02,
    "SAR": 0.190407,
    "ScanningSequence": "GR",
    "SequenceName": "_fl3d1_ns",
    "SequenceVariant": "SP",
    "SeriesDescription": "t1_fl3d_sag_no3Daccel_iso_1.0_1avg",
    "SeriesNumber": 5,
    "ShimSetting": [
      -2830,
      -22913,
      1923,
      -81,
      -87,
      -38,
      -253,
      388
    ],
    "SliceThickness": 1,
    "SoftwareVersions": "syngo_MR_B17",
    "StationName": "MININT-E41B04",
    "TxRefAmp": 387.291,
    "dataset": "ds003606",
    "modality": "T1w",
    "subject_id": "109"
  },
  "cjv": 0.37305453817645384,
  "cnr": 3.5416370676829696,
  "efc": 0.5153517516698073,
  "fber": 16546.711260495267,
  "fwhm_avg": 3.2693655485783535,
  "fwhm_x": 3.1856266457350615,
  "fwhm_y": 3.4457,
  "fwhm_z": 3.17677,
  "icvs_csf": 0.1915208143543713,
  "icvs_gm": 0.43261825180976443,
  "icvs_wm": 0.37586093383586433,
  "inu_med": 0.2833464443683624,
  "inu_range": 0.07666995972394941,
  "provenance": {
    "md5sum": "299e65cfc095c8113c4eae101c20f454",
    "settings": {
      "testing": false
    },
    "software": "mriqc",
    "version": "22.0.1",
    "warnings": {
      "large_rot_frame": true,
      "small_air_mask": false
    },
    "webapi_port": null,
    "webapi_url": "https://mriqc.nimh.nih.gov/api/v1"
  },
  "qi_1": 0.0,
  "qi_2": 0.03555296668025527,
  "rpve_csf": 30.724447956106406,
  "rpve_gm": 14.041451303579269,
  "rpve_wm": 18.138873490426672,
  "size_x": 192,
  "size_y": 256,
  "size_z": 256,
  "snr_csf": 3.3999991036992268,
  "snr_gm": 17.065395659540442,
  "snr_total": 16.473712899963235,
  "snr_wm": 28.955743936650034,
  "snrd_csf": 57.24366944184628,
  "snrd_gm": 118.94033110888779,
  "snrd_total": 108.64998104835162,
  "snrd_wm": 149.76594259432082,
  "spacing_x": 0.9999979138374329,
  "spacing_y": 1.0,
  "spacing_z": 1.0,
  "summary_bg_k": 20.863627112371837,
  "summary_bg_mad": 0.0,
  "summary_bg_mean": 3.073127667762229,
  "summary_bg_median": 0.0,
  "summary_bg_n": 3407876.0,
  "summary_bg_p05": 0.0,
  "summary_bg_p95": 10.042475590482354,
  "summary_bg_stdv": 4.374401680850059,
  "summary_csf_k": 4.255733148543773,
  "summary_csf_mad": 73.95018245778985,
  "summary_csf_mean": 381.33795810649434,
  "summary_csf_median": 382.2208685465157,
  "summary_csf_n": 42004.0,
  "summary_csf_p05": 157.38167259972542,
  "summary_csf_p95": 558.2175287551246,
  "summary_csf_stdv": 112.41659395982249,
  "summary_gm_k": 0.35106000586442665,
  "summary_gm_mad": 44.75695349483023,
  "summary_gm_mean": 793.715136076014,
  "summary_gm_median": 794.1747463941574,
  "summary_gm_n": 26614.0,
  "summary_gm_p05": 716.6565435733646,
  "summary_gm_p95": 869.3173424514009,
  "summary_gm_stdv": 46.536268004196394,
  "summary_wm_k": 0.7770134395038517,
  "summary_wm_mad": 32.027086319918716,
  "summary_wm_mean": 1001.5665535401095,
  "summary_wm_median": 999.9999862909317,
  "summary_wm_n": 198460.0,
  "summary_wm_p05": 948.1189190410078,
  "summary_wm_p95": 1060.7706165257841,
  "summary_wm_stdv": 34.53537471101527,
  "tpm_overlap_csf": 0.14941428779092197,
  "tpm_overlap_gm": 0.4609964873092092,
  "tpm_overlap_wm": 0.5081274878391234,
  "wm2max": 0.6318038600186988
}