{
  "bids_meta": {
    "AcquisitionMatrixPE": 256,
    "AcquisitionNumber": 1,
    "AcquisitionTime": "08:52:44.397500",
    "BaseResolution": 256,
    "ConversionSoftware": "dcm2niix",
    "ConversionSoftwareVersion": "v1.0.20180404 Clang8.0.0",
    "DeviceSerialNumber": "35002",
    "DwellTime": 1.03e-05,
    "EchoTime": 0.00492,
    "FlipAngle": 25,
    "ImageOrientationPatientDICOM": [
      0,
      1,
      0,
      0,
      0,
      -1
    ],
    "ImageType": [
      "ORIGINAL",
      "PRIMARY",
      "M",
      "ND",
      "NORM"
    ],
    "InPlanePhaseEncodingDirectionDICOM": "ROW",
    "InstitutionAddress": "University_Pkwy_1700_North_685_Provo_UT_US_84601",
    "InstitutionName": "Brigham_Young_University",
    "InstitutionalDepartmentName": "MRI",
    "MRAcquisitionType": "3D",
    "MagneticFieldStrength": 3,
    "Manufacturer": "Siemens",
    "ManufacturersModelName": "TrioTim",
    "Modality": "MR",
    "ParallelReductionFactorInPlane": 2,
    "PartialFourier": 1,
    "PatientPosition": "HFS",
    "PercentPhaseFOV": 100,
    "PhaseEncodingSteps": 255,
    "PhaseResolution": 1,
    "PixelBandwidth": 190,
    "ProcedureStepDescription": "Research_KIRWAN",
    "ProtocolName": "t1_fl3d_sag_no3Daccel_iso_1.0_1avg",
    "PulseSequenceDetails": "%SiemensSeq%_gre",
    "ReceiveCoilName": "32Ch_Head",
    "ReconMatrixPE": 256,
    "RepetitionTime": 0.02,
    "SAR": 0.17751,
    "ScanningSequence": "GR",
    "SequenceName": "_fl3d1_ns",
    "SequenceVariant": "SP",
    "SeriesDescription": "t1_fl3d_sag_no3Daccel_iso_1.0_1avg",
    "SeriesNumber": 5,
    "ShimSetting": [
      -2830,
      -22913,
      1923,
      -81,
      -87,
      -38,
      -253,
      388
    ],
    "SliceThickness": 1,
    "SoftwareVersions": "syngo_MR_B17",
    "StationName": "MININT-E41B04",
    "TxRefAmp": 389.436,
    "dataset": "ds003606",
    "modality": "T1w",
    "subject_id": "201"
  },
  "cjv": 0.4913891293128937,
  "cnr": 2.800742536765933,
  "efc": 0.554074629797417,
  "fber": 11335.453146220008,
  "fwhm_avg": 3.2260333333333335,
  "fwhm_x": 3.34746,
  "fwhm_y": 3.30514,
  "fwhm_z": 3.0255,
  "icvs_csf": 0.1774117208066093,
  "icvs_gm": 0.40234794900160314,
  "icvs_wm": 0.4202403301917876,
  "inu_med": 0.3497294485569,
  "inu_range": 0.09457424879074094,
  "provenance": {
    "md5sum": "f012033b0f9640b09174075fc9bcc870",
    "settings": {
      "testing": false
    },
    "software": "mriqc",
    "version": "22.0.1",
    "warnings": {
      "large_rot_frame": true,
      "small_air_mask": false
    },
    "webapi_port": null,
    "webapi_url": "https://mriqc.nimh.nih.gov/api/v1"
  },
  "qi_1": 0.0,
  "qi_2": 0.014116318323813899,
  "rpve_csf": 29.420326931397078,
  "rpve_gm": 12.868821148718013,
  "rpve_wm": 14.238856518863647,
  "size_x": 192,
  "size_y": 256,
  "size_z": 256,
  "snr_csf": 2.9941527006254316,
  "snr_gm": 16.724468056193324,
  "snr_total": 13.293329206799752,
  "snr_wm": 20.1613668635805,
  "snrd_csf": 50.0141543669034,
  "snrd_gm": 98.84995463572584,
  "snrd_total": 90.52007648843642,
  "snrd_wm": 122.69612046268001,
  "spacing_x": 1.0,
  "spacing_y": 1.0,
  "spacing_z": 1.0,
  "summary_bg_k": 6.876335204845155,
  "summary_bg_mad": 5.339672368575786,
  "summary_bg_mean": 4.806269205445869,
  "summary_bg_median": 3.6015542820096016,
  "summary_bg_n": 3225623.0,
  "summary_bg_p05": 0.0,
  "summary_bg_p95": 16.049031361937523,
  "summary_bg_stdv": 5.900563212349471,
  "summary_csf_k": 1.9351738968195447,
  "summary_csf_mad": 97.28508341694655,
  "summary_csf_mean": 397.3208203936014,
  "summary_csf_median": 407.63907807692885,
  "summary_csf_n": 35577.0,
  "summary_csf_p05": 113.27835994362832,
  "summary_csf_p95": 598.8500178702174,
  "summary_csf_stdv": 136.14313958746047,
  "summary_gm_k": 0.32115202942932486,
  "summary_gm_mad": 46.55819591547659,
  "summary_gm_mean": 805.7573936548018,
  "summary_gm_median": 805.6740114018321,
  "summary_gm_n": 21497.0,
  "summary_gm_p05": 726.69255784899,
  "summary_gm_p95": 885.3631387785077,
  "summary_gm_stdv": 48.17225093541084,
  "summary_wm_k": 0.1493449267535767,
  "summary_wm_mad": 48.9469967119447,
  "summary_wm_mean": 1004.3372856532286,
  "summary_wm_median": 1000.031572304666,
  "summary_wm_n": 215150.0,
  "summary_wm_p05": 930.4963005967438,
  "summary_wm_p95": 1093.1033171713352,
  "summary_wm_stdv": 49.60126240622198,
  "tpm_overlap_csf": 0.14217833078503925,
  "tpm_overlap_gm": 0.438260018996109,
  "tpm_overlap_wm": 0.46625544024313753,
  "wm2max": 0.6197431278878534
}