{
  "bids_meta": {
    "AcquisitionMatrixPE": 256,
    "AcquisitionNumber": 1,
    "AcquisitionTime": "12:45:49.082500",
    "BaseResolution": 256,
    "ConversionSoftware": "dcm2niix",
    "ConversionSoftwareVersion": "v1.0.20180404 Clang8.0.0",
    "DeviceSerialNumber": "35002",
    "DwellTime": 1.03e-05,
    "EchoTime": 0.00492,
    "FlipAngle": 25,
    "ImageOrientationPatientDICOM": [
      0,
      1,
      0,
      0,
      0,
      -1
    ],
    "ImageType": [
      "ORIGINAL",
      "PRIMARY",
      "M",
      "ND",
      "NORM"
    ],
    "InPlanePhaseEncodingDirectionDICOM": "ROW",
    "InstitutionAddress": "University_Pkwy_1700_North_685_Provo_UT_US_84601",
    "InstitutionName": "Brigham_Young_University",
    "InstitutionalDepartmentName": "MRI",
    "MRAcquisitionType": "3D",
    "MagneticFieldStrength": 3,
    "Manufacturer": "Siemens",
    "ManufacturersModelName": "TrioTim",
    "Modality": "MR",
    "ParallelReductionFactorInPlane": 2,
    "PartialFourier": 1,
    "PatientPosition": "HFS",
    "PercentPhaseFOV": 100,
    "PhaseEncodingSteps": 255,
    "PhaseResolution": 1,
    "PixelBandwidth": 190,
    "ProcedureStepDescription": "Research_KIRWAN",
    "ProtocolName": "t1_fl3d_sag_no3Daccel_iso_1.0_1avg",
    "PulseSequenceDetails": "%SiemensSeq%_gre",
    "ReceiveCoilName": "32Ch_Head",
    "ReconMatrixPE": 256,
    "RepetitionTime": 0.02,
    "SAR": 0.176124,
    "ScanningSequence": "GR",
    "SequenceName": "_fl3d1_ns",
    "SequenceVariant": "SP",
    "SeriesDescription": "t1_fl3d_sag_no3Daccel_iso_1.0_1avg",
    "SeriesNumber": 5,
    "ShimSetting": [
      -2830,
      -22913,
      1923,
      -81,
      -87,
      -38,
      -253,
      388
    ],
    "SliceThickness": 1,
    "SoftwareVersions": "syngo_MR_B17",
    "StationName": "MININT-E41B04",
    "TxRefAmp": 389.943,
    "dataset": "ds003606",
    "modality": "T1w",
    "subject_id": "106"
  },
  "cjv": 0.380641135613635,
  "cnr": 3.5658073212921417,
  "efc": 0.5154222625573182,
  "fber": 34987.56984055129,
  "fwhm_avg": 3.1746766666666666,
  "fwhm_x": 3.25593,
  "fwhm_y": 3.26559,
  "fwhm_z": 3.00251,
  "icvs_csf": 0.13246656671704674,
  "icvs_gm": 0.46927805934255606,
  "icvs_wm": 0.39825537394039723,
  "inu_med": 0.2625507712364197,
  "inu_range": 0.0723861649632454,
  "provenance": {
    "md5sum": "f4c8c91e85a7c7eb06a1d04881ee667f",
    "settings": {
      "testing": false
    },
    "software": "mriqc",
    "version": "22.0.1",
    "warnings": {
      "large_rot_frame": true,
      "small_air_mask": false
    },
    "webapi_port": null,
    "webapi_url": "https://mriqc.nimh.nih.gov/api/v1"
  },
  "qi_1": 0.0,
  "qi_2": 0.02416858343935083,
  "rpve_csf": 48.406293071829815,
  "rpve_gm": 15.40611257586925,
  "rpve_wm": 19.58490397554858,
  "size_x": 192,
  "size_y": 256,
  "size_z": 256,
  "snr_csf": 2.2707509150019725,
  "snr_gm": 17.483838959173212,
  "snr_total": 15.119592264666265,
  "snr_wm": 25.604186919823608,
  "snrd_csf": 52.79992725150239,
  "snrd_gm": 112.29745036753569,
  "snrd_total": 102.60287846692796,
  "snrd_wm": 142.71125778174581,
  "spacing_x": 1.0,
  "spacing_y": 1.0,
  "spacing_z": 1.0,
  "summary_bg_k": 11.21058915777068,
  "summary_bg_mad": 0.0,
  "summary_bg_mean": 3.0953962207959624,
  "summary_bg_median": 0.0,
  "summary_bg_n": 3598835.0,
  "summary_bg_p05": 0.0,
  "summary_bg_p95": 11.546083509922028,
  "summary_bg_stdv": 4.59064262467655,
  "summary_csf_k": 3.859017366359814,
  "summary_csf_mad": 115.84625989446839,
  "summary_csf_mean": 362.2867297246878,
  "summary_csf_median": 369.9773003309965,
  "summary_csf_n": 13012.0,
  "summary_csf_p05": 80.78093824833631,
  "summary_csf_p95": 616.6312273517243,
  "summary_csf_stdv": 162.92543618088814,
  "summary_gm_k": 0.2344961342024705,
  "summary_gm_mad": 43.98793841977057,
  "summary_gm_mean": 787.7546805738848,
  "summary_gm_median": 786.8856963217258,
  "summary_gm_n": 46217.0,
  "summary_gm_p05": 714.9093647897243,
  "summary_gm_p95": 861.9697050571441,
  "summary_gm_stdv": 45.005972954030916,
  "summary_wm_k": 0.5437439077589827,
  "summary_wm_mad": 37.132122267221625,
  "summary_wm_mean": 1001.4481083507884,
  "summary_wm_median": 999.9999740421772,
  "summary_wm_n": 174961.0,
  "summary_wm_p05": 940.3452092409134,
  "summary_wm_p95": 1068.0127246677876,
  "summary_wm_stdv": 39.05599968434082,
  "tpm_overlap_csf": 0.14001374125737265,
  "tpm_overlap_gm": 0.46439884579044083,
  "tpm_overlap_wm": 0.5020687757469521,
  "wm2max": 0.6824648815640477
}