{
  "bids_meta": {
    "AcquisitionMatrixPE": 256,
    "AcquisitionNumber": 1,
    "AcquisitionTime": "17:44:32.690000",
    "BaseResolution": 256,
    "ConversionSoftware": "dcm2niix",
    "ConversionSoftwareVersion": "v1.0.20180404 Clang8.0.0",
    "DeviceSerialNumber": "35002",
    "DwellTime": 1.03e-05,
    "EchoTime": 0.00492,
    "FlipAngle": 25,
    "ImageOrientationPatientDICOM": [
      0,
      1,
      0,
      0,
      0,
      -1
    ],
    "ImageType": [
      "ORIGINAL",
      "PRIMARY",
      "M",
      "ND",
      "NORM"
    ],
    "InPlanePhaseEncodingDirectionDICOM": "ROW",
    "InstitutionAddress": "University_Pkwy_1700_North_685_Provo_UT_US_84601",
    "InstitutionName": "Brigham_Young_University",
    "InstitutionalDepartmentName": "MRI",
    "MRAcquisitionType": "3D",
    "MagneticFieldStrength": 3,
    "Manufacturer": "Siemens",
    "ManufacturersModelName": "TrioTim",
    "Modality": "MR",
    "ParallelReductionFactorInPlane": 2,
    "PartialFourier": 1,
    "PatientPosition": "HFS",
    "PercentPhaseFOV": 100,
    "PhaseEncodingSteps": 255,
    "PhaseResolution": 1,
    "PixelBandwidth": 190,
    "ProcedureStepDescription": "Research_KIRWAN",
    "ProtocolName": "t1_fl3d_sag_no3Daccel_iso_1.0_1avg",
    "PulseSequenceDetails": "%SiemensSeq%_gre",
    "ReceiveCoilName": "32Ch_Head",
    "ReconMatrixPE": 256,
    "RepetitionTime": 0.02,
    "SAR": 0.179151,
    "ScanningSequence": "GR",
    "SequenceName": "_fl3d1_ns",
    "SequenceVariant": "SP",
    "SeriesDescription": "t1_fl3d_sag_no3Daccel_iso_1.0_1avg",
    "SeriesNumber": 6,
    "ShimSetting": [
      -2830,
      -22913,
      1923,
      -81,
      -87,
      -38,
      -253,
      388
    ],
    "SliceThickness": 1,
    "SoftwareVersions": "syngo_MR_B17",
    "StationName": "MININT-E41B04",
    "TxRefAmp": 396.433,
    "dataset": "ds003606",
    "modality": "T1w",
    "subject_id": "112"
  },
  "cjv": 0.40651103040086356,
  "cnr": 3.375095713480012,
  "efc": 0.5246450049355486,
  "fber": 53563.0732999082,
  "fwhm_avg": 3.131486666666666,
  "fwhm_x": 3.07453,
  "fwhm_y": 3.28973,
  "fwhm_z": 3.0302,
  "icvs_csf": 0.15386366532072582,
  "icvs_gm": 0.45123854260041635,
  "icvs_wm": 0.39489779207885783,
  "inu_med": 0.3035147488117218,
  "inu_range": 0.06321567595005034,
  "provenance": {
    "md5sum": "04076b1623c69332dadeb8b772d7899d",
    "settings": {
      "testing": false
    },
    "software": "mriqc",
    "version": "22.0.1",
    "warnings": {
      "large_rot_frame": true,
      "small_air_mask": false
    },
    "webapi_port": null,
    "webapi_url": "https://mriqc.nimh.nih.gov/api/v1"
  },
  "qi_1": 0.0,
  "qi_2": 0.02131397120807604,
  "rpve_csf": 39.29861675393656,
  "rpve_gm": 14.702932623053298,
  "rpve_wm": 18.52512655553991,
  "size_x": 192,
  "size_y": 256,
  "size_z": 256,
  "snr_csf": 2.386865124721744,
  "snr_gm": 15.782929399712486,
  "snr_total": 14.451804524951664,
  "snr_wm": 25.18561905042076,
  "snrd_csf": 51.51738148701025,
  "snrd_gm": 110.03935220992037,
  "snrd_total": 100.5971308280507,
  "snrd_wm": 140.23465878722143,
  "spacing_x": 1.0,
  "spacing_y": 1.0,
  "spacing_z": 1.0,
  "summary_bg_k": 14.791279679983848,
  "summary_bg_mad": 0.0,
  "summary_bg_mean": 2.772998829248779,
  "summary_bg_median": 0.0,
  "summary_bg_n": 3559507.0,
  "summary_bg_p05": 0.0,
  "summary_bg_p95": 12.279478929936886,
  "summary_bg_stdv": 4.671715344852117,
  "summary_csf_k": 0.40598348979320953,
  "summary_csf_mad": 109.19374604112775,
  "summary_csf_mean": 339.6444409222309,
  "summary_csf_median": 367.36554650217295,
  "summary_csf_n": 18483.0,
  "summary_csf_p05": 51.71859138831496,
  "summary_csf_p95": 554.5283991530537,
  "summary_csf_stdv": 153.90714985618152,
  "summary_gm_k": 0.12592104953962746,
  "summary_gm_mad": 49.64797553890374,
  "summary_gm_mean": 784.2894917992563,
  "summary_gm_median": 784.6801524944603,
  "summary_gm_n": 28767.0,
  "summary_gm_p05": 701.860697440803,
  "summary_gm_p95": 864.2286546453834,
  "summary_gm_stdv": 49.71615179647262,
  "summary_wm_k": 0.5110801607316158,
  "summary_wm_mad": 37.881922088531034,
  "summary_wm_mean": 1002.1933825565332,
  "summary_wm_median": 1000.0000111982226,
  "summary_wm_n": 180942.0,
  "summary_wm_p05": 941.0424256809056,
  "summary_wm_p95": 1070.4314024100076,
  "summary_wm_stdv": 39.70508907785793,
  "tpm_overlap_csf": 0.14573468924159436,
  "tpm_overlap_gm": 0.47642981793004235,
  "tpm_overlap_wm": 0.5014377198274816,
  "wm2max": 0.6812850078601668
}