{
  "aor": 0.0005535585585585586,
  "aqi": 0.015134383783783782,
  "bids_meta": {
    "AcquisitionMatrixPE": 100,
    "AcquisitionNumber": 1,
    "AcquisitionTime": "10:34:1.500000",
    "BandwidthPerPixelPhaseEncode": 13.889,
    "BaseResolution": 100,
    "ConversionSoftware": "dcm2niix",
    "ConversionSoftwareVersion": "v1.0.20180404 Clang8.0.0",
    "DerivedVendorReportedEchoSpacing": 0.000719994,
    "DeviceSerialNumber": "35002",
    "DwellTime": 2.8e-06,
    "EchoTime": 0.0436,
    "EffectiveEchoSpacing": 0.000719994,
    "FlipAngle": 55,
    "ImageComments": "Unaliased_MB8_PE3_(remote)",
    "ImageOrientationPatientDICOM": [
      1,
      0,
      0,
      0,
      0.995227,
      0.0975829
    ],
    "ImageType": [
      "ORIGINAL",
      "PRIMARY",
      "M",
      "MB",
      "ND",
      "MOSAIC"
    ],
    "InPlanePhaseEncodingDirectionDICOM": "COL",
    "InstitutionAddress": "University_Pkwy_1700_North_685_Provo_UT_US_84601",
    "InstitutionName": "Brigham_Young_University",
    "InstitutionalDepartmentName": "MRI",
    "MRAcquisitionType": "2D",
    "MagneticFieldStrength": 3,
    "Manufacturer": "Siemens",
    "ManufacturersModelName": "TrioTim",
    "Modality": "MR",
    "MultibandAccelerationFactor": 8,
    "PartialFourier": 1,
    "PatientPosition": "HFS",
    "PercentPhaseFOV": 100,
    "PhaseEncodingDirection": "j-",
    "PhaseEncodingSteps": 100,
    "PhaseResolution": 1,
    "PixelBandwidth": 1786,
    "ProcedureStepDescription": "Research_KIRWAN",
    "ProtocolName": "P2",
    "PulseSequenceDetails": "%CustomerSeq%_cmrr_mbep2d_bold",
    "ReceiveCoilName": "32Ch_Head",
    "ReconMatrixPE": 100,
    "RepetitionTime": 0.875,
    "SAR": 0.126284,
    "ScanOptions": "FS",
    "ScanningSequence": "EP",
    "SequenceName": "epfid2d1_100",
    "SequenceVariant": "SK_SS",
    "SeriesDescription": "P2",
    "SeriesNumber": 4,
    "ShimSetting": [
      -2837,
      -22926,
      2428,
      953,
      -191,
      341,
      151,
      461
    ],
    "SliceThickness": 1.8,
    "SliceTiming": [
      0,
      0.4875,
      0.0975,
      0.585,
      0.195,
      0.6825,
      0.2925,
      0.78,
      0.39,
      0,
      0.4875,
      0.0975,
      0.585,
      0.195,
      0.6825,
      0.2925,
      0.78,
      0.39,
      0,
      0.4875,
      0.0975,
      0.585,
      0.195,
      0.6825,
      0.2925,
      0.78,
      0.39,
      0,
      0.4875,
      0.0975,
      0.585,
      0.195,
      0.6825,
      0.2925,
      0.78,
      0.39,
      0,
      0.4875,
      0.0975,
      0.585,
      0.195,
      0.6825,
      0.2925,
      0.78,
      0.39,
      0,
      0.4875,
      0.0975,
      0.585,
      0.195,
      0.6825,
      0.2925,
      0.78,
      0.39,
      0,
      0.4875,
      0.0975,
      0.585,
      0.195,
      0.6825,
      0.2925,
      0.78,
      0.39,
      0,
      0.4875,
      0.0975,
      0.585,
      0.195,
      0.6825,
      0.2925,
      0.78,
      0.39
    ],
    "SoftwareVersions": "syngo_MR_B17",
    "SpacingBetweenSlices": 1.8,
    "StationName": "MININT-E41B04",
    "TaskName": "PheromoneOlfaction",
    "TotalReadoutTime": 0.0712794,
    "TxRefAmp": 387.291,
    "dataset": "ds003606",
    "modality": "bold",
    "run_id": 2,
    "subject_id": "109",
    "task_id": "PheromoneOlfaction"
  },
  "dummy_trs": 2,
  "dvars_nstd": 64.70553047232501,
  "dvars_std": 1.0397543399097076,
  "dvars_vstd": 1.0048953602031596,
  "efc": 0.5904480700696962,
  "fber": 416.60968017578125,
  "fd_mean": 0.09582280582592895,
  "fd_num": 6,
  "fd_perc": 1.3513513513513513,
  "fwhm_avg": 2.848096311184435,
  "fwhm_x": 2.7361111835933043,
  "fwhm_y": 3.0648723034136114,
  "fwhm_z": 2.743305446546391,
  "gcor": 0.00325084,
  "gsr_x": -0.030359428375959396,
  "gsr_y": 0.1058824211359024,
  "provenance": {
    "md5sum": "f90f09821290642cc92c37da5538a915",
    "settings": {
      "fd_thres": 0.2,
      "testing": false
    },
    "software": "mriqc",
    "version": "22.0.1",
    "webapi_port": null,
    "webapi_url": "https://mriqc.nimh.nih.gov/api/v1"
  },
  "size_t": 444,
  "size_x": 100,
  "size_y": 100,
  "size_z": 72,
  "snr": 2.5020110779941684,
  "spacing_tr": 0.875,
  "spacing_x": 1.7999999523162842,
  "spacing_y": 1.7999999523162842,
  "spacing_z": 1.8000000715255737,
  "summary_bg_k": 74.55678760433445,
  "summary_bg_mad": 8.748687263771618,
  "summary_bg_mean": 32.95722579956055,
  "summary_bg_median": 17.26801872253418,
  "summary_bg_n": 415108.0,
  "summary_bg_p05": 10.626126289367676,
  "summary_bg_p95": 101.67331123352027,
  "summary_bg_stdv": 51.25741958618164,
  "summary_fg_k": 3.3344143928636676,
  "summary_fg_mad": 109.62239002935468,
  "summary_fg_mean": 391.5724182128906,
  "summary_fg_median": 361.6058654785156,
  "summary_fg_n": 201525.0,
  "summary_fg_p05": 220.86577758789065,
  "summary_fg_p95": 680.1360473632811,
  "summary_fg_stdv": 144.52572631835938,
  "tsnr": 21.53959436516743
}