{
  "aor": 0.0015065842696629216,
  "aqi": 0.030542197752808992,
  "bids_meta": {
    "AcquisitionMatrixPE": 100,
    "AcquisitionNumber": 1,
    "AcquisitionTime": "15:30:57.040000",
    "BandwidthPerPixelPhaseEncode": 13.889,
    "BaseResolution": 100,
    "ConversionSoftware": "dcm2niix",
    "ConversionSoftwareVersion": "v1.0.20180404 Clang8.0.0",
    "DerivedVendorReportedEchoSpacing": 0.000719994,
    "DeviceSerialNumber": "35002",
    "DwellTime": 2.8e-06,
    "EchoTime": 0.0436,
    "EffectiveEchoSpacing": 0.000719994,
    "FlipAngle": 55,
    "ImageComments": "Unaliased_MB8_PE3_(remote)",
    "ImageOrientationPatientDICOM": [
      0.999986,
      0.000255488,
      0.00522347,
      -1.38229e-08,
      0.998806,
      -0.0488504
    ],
    "ImageType": [
      "ORIGINAL",
      "PRIMARY",
      "M",
      "MB",
      "ND",
      "MOSAIC"
    ],
    "InPlanePhaseEncodingDirectionDICOM": "COL",
    "InstitutionAddress": "University_Pkwy_1700_North_685_Provo_UT_US_84601",
    "InstitutionName": "Brigham_Young_University",
    "InstitutionalDepartmentName": "MRI",
    "MRAcquisitionType": "2D",
    "MagneticFieldStrength": 3,
    "Manufacturer": "Siemens",
    "ManufacturersModelName": "TrioTim",
    "Modality": "MR",
    "MultibandAccelerationFactor": 8,
    "PartialFourier": 1,
    "PatientPosition": "HFS",
    "PercentPhaseFOV": 100,
    "PhaseEncodingDirection": "j-",
    "PhaseEncodingSteps": 100,
    "PhaseResolution": 1,
    "PixelBandwidth": 1786,
    "ProcedureStepDescription": "Research_KIRWAN",
    "ProtocolName": "P1",
    "PulseSequenceDetails": "%CustomerSeq%_cmrr_mbep2d_bold",
    "ReceiveCoilName": "32Ch_Head",
    "ReconMatrixPE": 100,
    "RepetitionTime": 0.875,
    "SAR": 0.115746,
    "ScanOptions": "FS",
    "ScanningSequence": "EP",
    "SequenceName": "epfid2d1_100",
    "SequenceVariant": "SK_SS",
    "SeriesDescription": "P1",
    "SeriesNumber": 3,
    "ShimSetting": [
      -2817,
      -22877,
      2473,
      1033,
      175,
      160,
      -19,
      449
    ],
    "SliceThickness": 1.8,
    "SliceTiming": [
      0,
      0.4875,
      0.0975,
      0.585,
      0.195,
      0.6825,
      0.2925,
      0.78,
      0.39,
      0,
      0.4875,
      0.0975,
      0.585,
      0.195,
      0.6825,
      0.2925,
      0.78,
      0.39,
      0,
      0.4875,
      0.0975,
      0.585,
      0.195,
      0.6825,
      0.2925,
      0.78,
      0.39,
      0,
      0.4875,
      0.0975,
      0.585,
      0.195,
      0.6825,
      0.2925,
      0.78,
      0.39,
      0,
      0.4875,
      0.0975,
      0.585,
      0.195,
      0.6825,
      0.2925,
      0.78,
      0.39,
      0,
      0.4875,
      0.0975,
      0.585,
      0.195,
      0.6825,
      0.2925,
      0.78,
      0.39,
      0,
      0.4875,
      0.0975,
      0.585,
      0.195,
      0.6825,
      0.2925,
      0.78,
      0.39,
      0,
      0.4875,
      0.0975,
      0.585,
      0.195,
      0.6825,
      0.2925,
      0.78,
      0.39
    ],
    "SoftwareVersions": "syngo_MR_B17",
    "SpacingBetweenSlices": 1.8,
    "StationName": "MININT-E41B04",
    "TaskName": "PheromoneOlfaction",
    "TotalReadoutTime": 0.0712794,
    "TxRefAmp": 409.738,
    "dataset": "ds003606",
    "modality": "bold",
    "run_id": 1,
    "subject_id": "203",
    "task_id": "PheromoneOlfaction"
  },
  "dummy_trs": 1,
  "dvars_nstd": 73.32534987632889,
  "dvars_std": 1.0044802606981982,
  "dvars_vstd": 0.9797823282207203,
  "efc": 0.6192561447659243,
  "fber": 189.54644775390625,
  "fd_mean": 0.1556879064464537,
  "fd_num": 71,
  "fd_perc": 15.955056179775282,
  "fwhm_avg": 3.179687052058073,
  "fwhm_x": 3.0045556351490985,
  "fwhm_y": 3.399311201162105,
  "fwhm_z": 3.135194319863015,
  "gcor": 0.0185944,
  "gsr_x": -0.019359098747372627,
  "gsr_y": 0.1126466616988182,
  "provenance": {
    "md5sum": "3f694773741a811666cc4673c67589a8",
    "settings": {
      "fd_thres": 0.2,
      "testing": false
    },
    "software": "mriqc",
    "version": "22.0.1",
    "webapi_port": null,
    "webapi_url": "https://mriqc.nimh.nih.gov/api/v1"
  },
  "size_t": 445,
  "size_x": 100,
  "size_y": 100,
  "size_z": 72,
  "snr": 1.94959481669332,
  "spacing_tr": 0.875,
  "spacing_x": 1.7999999523162842,
  "spacing_y": 1.7999999523162842,
  "spacing_z": 1.8000000715255737,
  "summary_bg_k": 39.09210306735606,
  "summary_bg_mad": 16.495199585851818,
  "summary_bg_mean": 48.452354431152344,
  "summary_bg_median": 25.224720001220703,
  "summary_bg_n": 392088.0,
  "summary_bg_p05": 12.222472190856934,
  "summary_bg_p95": 162.36550216674797,
  "summary_bg_stdv": 65.99105834960938,
  "summary_fg_k": 3.7863414281032135,
  "summary_fg_mad": 131.48851048086073,
  "summary_fg_mean": 408.1363525390625,
  "summary_fg_median": 359.98876953125,
  "summary_fg_n": 217245.0,
  "summary_fg_p05": 207.1811279296875,
  "summary_fg_p95": 787.6979858398433,
  "summary_fg_stdv": 184.64756774902344,
  "tsnr": 14.298223040765151
}