{
  "aor": 0.000590695067264574,
  "aqi": 0.028502832735426007,
  "bids_meta": {
    "AcquisitionMatrixPE": 100,
    "AcquisitionNumber": 1,
    "AcquisitionTime": "15:23:6.212500",
    "BandwidthPerPixelPhaseEncode": 13.889,
    "BaseResolution": 100,
    "ConversionSoftware": "dcm2niix",
    "ConversionSoftwareVersion": "v1.0.20180404 Clang8.0.0",
    "DerivedVendorReportedEchoSpacing": 0.000719994,
    "DeviceSerialNumber": "35002",
    "DwellTime": 2.8e-06,
    "EchoTime": 0.0436,
    "EffectiveEchoSpacing": 0.000719994,
    "FlipAngle": 55,
    "ImageComments": "Unaliased_MB8_PE3_(remote)",
    "ImageOrientationPatientDICOM": [
      0.999986,
      0.000255488,
      0.00522347,
      -1.38229e-08,
      0.998806,
      -0.0488504
    ],
    "ImageType": [
      "ORIGINAL",
      "PRIMARY",
      "M",
      "MB",
      "ND",
      "MOSAIC"
    ],
    "InPlanePhaseEncodingDirectionDICOM": "COL",
    "InstitutionAddress": "University_Pkwy_1700_North_685_Provo_UT_US_84601",
    "InstitutionName": "Brigham_Young_University",
    "InstitutionalDepartmentName": "MRI",
    "MRAcquisitionType": "2D",
    "MagneticFieldStrength": 3,
    "Manufacturer": "Siemens",
    "ManufacturersModelName": "TrioTim",
    "Modality": "MR",
    "MultibandAccelerationFactor": 8,
    "PartialFourier": 1,
    "PatientPosition": "HFS",
    "PercentPhaseFOV": 100,
    "PhaseEncodingDirection": "j-",
    "PhaseEncodingSteps": 100,
    "PhaseResolution": 1,
    "PixelBandwidth": 1786,
    "ProcedureStepDescription": "Research_KIRWAN",
    "ProtocolName": "L",
    "PulseSequenceDetails": "%CustomerSeq%_cmrr_mbep2d_bold",
    "ReceiveCoilName": "32Ch_Head",
    "ReconMatrixPE": 100,
    "RepetitionTime": 0.875,
    "SAR": 0.118328,
    "ScanOptions": "FS",
    "ScanningSequence": "EP",
    "SequenceName": "epfid2d1_100",
    "SequenceVariant": "SK_SS",
    "SeriesDescription": "L",
    "SeriesNumber": 2,
    "ShimSetting": [
      -2817,
      -22877,
      2473,
      1033,
      175,
      160,
      -19,
      449
    ],
    "SliceThickness": 1.8,
    "SliceTiming": [
      0,
      0.4875,
      0.0975,
      0.585,
      0.195,
      0.6825,
      0.2925,
      0.78,
      0.39,
      0,
      0.4875,
      0.0975,
      0.585,
      0.195,
      0.6825,
      0.2925,
      0.78,
      0.39,
      0,
      0.4875,
      0.0975,
      0.585,
      0.195,
      0.6825,
      0.2925,
      0.78,
      0.39,
      0,
      0.4875,
      0.0975,
      0.585,
      0.195,
      0.6825,
      0.2925,
      0.78,
      0.39,
      0,
      0.4875,
      0.0975,
      0.585,
      0.195,
      0.6825,
      0.2925,
      0.78,
      0.39,
      0,
      0.4875,
      0.0975,
      0.585,
      0.195,
      0.6825,
      0.2925,
      0.78,
      0.39,
      0,
      0.4875,
      0.0975,
      0.585,
      0.195,
      0.6825,
      0.2925,
      0.78,
      0.39,
      0,
      0.4875,
      0.0975,
      0.585,
      0.195,
      0.6825,
      0.2925,
      0.78,
      0.39
    ],
    "SoftwareVersions": "syngo_MR_B17",
    "SpacingBetweenSlices": 1.8,
    "StationName": "MININT-E41B04",
    "TaskName": "PheromoneOlfaction",
    "TotalReadoutTime": 0.0712794,
    "TxRefAmp": 409.738,
    "dataset": "ds003606",
    "modality": "bold",
    "run_id": 3,
    "subject_id": "203",
    "task_id": "PheromoneOlfaction"
  },
  "dummy_trs": 0,
  "dvars_nstd": 73.84159148159547,
  "dvars_std": 1.0097088390112359,
  "dvars_vstd": 0.9774633902471916,
  "efc": 0.6151452159947909,
  "fber": 196.32606506347656,
  "fd_mean": 0.15213249038342008,
  "fd_num": 72,
  "fd_perc": 16.143497757847534,
  "fwhm_avg": 3.2376148300372805,
  "fwhm_x": 3.047627858512345,
  "fwhm_y": 3.46963342524723,
  "fwhm_z": 3.195583206352265,
  "gcor": 0.0183929,
  "gsr_x": -0.01933479867875576,
  "gsr_y": 0.10623610019683838,
  "provenance": {
    "md5sum": "bb38e5b6f2229439e65b6e539a07169b",
    "settings": {
      "fd_thres": 0.2,
      "testing": false
    },
    "software": "mriqc",
    "version": "22.0.1",
    "webapi_port": null,
    "webapi_url": "https://mriqc.nimh.nih.gov/api/v1"
  },
  "size_t": 446,
  "size_x": 100,
  "size_y": 100,
  "size_z": 72,
  "snr": 1.8902023376678778,
  "spacing_tr": 0.875,
  "spacing_x": 1.7999999523162842,
  "spacing_y": 1.7999999523162842,
  "spacing_z": 1.8000000715255737,
  "summary_bg_k": 32.76542092628565,
  "summary_bg_mad": 16.837175849829478,
  "summary_bg_mean": 48.311161041259766,
  "summary_bg_median": 25.531391143798828,
  "summary_bg_n": 389896.0,
  "summary_bg_p05": 12.098655700683594,
  "summary_bg_p95": 163.58127975463867,
  "summary_bg_stdv": 64.34829711914062,
  "summary_fg_k": 3.757605167925374,
  "summary_fg_mad": 137.06093752038558,
  "summary_fg_mean": 419.5985412597656,
  "summary_fg_median": 367.8946228027344,
  "summary_fg_n": 218779.0,
  "summary_fg_p05": 210.1116729736328,
  "summary_fg_p95": 822.7475830078117,
  "summary_fg_stdv": 194.6319580078125,
  "tsnr": 14.653276264667511
}