{
  "aor": 0.0005424774774774775,
  "aqi": 0.03377529234234234,
  "bids_meta": {
    "AcquisitionMatrixPE": 100,
    "AcquisitionNumber": 1,
    "AcquisitionTime": "15:38:8.965000",
    "BandwidthPerPixelPhaseEncode": 13.889,
    "BaseResolution": 100,
    "ConversionSoftware": "dcm2niix",
    "ConversionSoftwareVersion": "v1.0.20180404 Clang8.0.0",
    "DerivedVendorReportedEchoSpacing": 0.000719994,
    "DeviceSerialNumber": "35002",
    "DwellTime": 2.8e-06,
    "EchoTime": 0.0436,
    "EffectiveEchoSpacing": 0.000719994,
    "FlipAngle": 55,
    "ImageComments": "Unaliased_MB8_PE3_(remote)",
    "ImageOrientationPatientDICOM": [
      0.999986,
      0.000255488,
      0.00522347,
      -1.38229e-08,
      0.998806,
      -0.0488504
    ],
    "ImageType": [
      "ORIGINAL",
      "PRIMARY",
      "M",
      "MB",
      "ND",
      "MOSAIC"
    ],
    "InPlanePhaseEncodingDirectionDICOM": "COL",
    "InstitutionAddress": "University_Pkwy_1700_North_685_Provo_UT_US_84601",
    "InstitutionName": "Brigham_Young_University",
    "InstitutionalDepartmentName": "MRI",
    "MRAcquisitionType": "2D",
    "MagneticFieldStrength": 3,
    "Manufacturer": "Siemens",
    "ManufacturersModelName": "TrioTim",
    "Modality": "MR",
    "MultibandAccelerationFactor": 8,
    "PartialFourier": 1,
    "PatientPosition": "HFS",
    "PercentPhaseFOV": 100,
    "PhaseEncodingDirection": "j-",
    "PhaseEncodingSteps": 100,
    "PhaseResolution": 1,
    "PixelBandwidth": 1786,
    "ProcedureStepDescription": "Research_KIRWAN",
    "ProtocolName": "P2",
    "PulseSequenceDetails": "%CustomerSeq%_cmrr_mbep2d_bold",
    "ReceiveCoilName": "32Ch_Head",
    "ReconMatrixPE": 100,
    "RepetitionTime": 0.875,
    "SAR": 0.117471,
    "ScanOptions": "FS",
    "ScanningSequence": "EP",
    "SequenceName": "epfid2d1_100",
    "SequenceVariant": "SK_SS",
    "SeriesDescription": "P2",
    "SeriesNumber": 4,
    "ShimSetting": [
      -2817,
      -22877,
      2473,
      1033,
      175,
      160,
      -19,
      449
    ],
    "SliceThickness": 1.8,
    "SliceTiming": [
      0,
      0.4875,
      0.0975,
      0.585,
      0.195,
      0.6825,
      0.2925,
      0.78,
      0.39,
      0,
      0.4875,
      0.0975,
      0.585,
      0.195,
      0.6825,
      0.2925,
      0.78,
      0.39,
      0,
      0.4875,
      0.0975,
      0.585,
      0.195,
      0.6825,
      0.2925,
      0.78,
      0.39,
      0,
      0.4875,
      0.0975,
      0.585,
      0.195,
      0.6825,
      0.2925,
      0.78,
      0.39,
      0,
      0.4875,
      0.0975,
      0.585,
      0.195,
      0.6825,
      0.2925,
      0.78,
      0.39,
      0,
      0.4875,
      0.0975,
      0.585,
      0.195,
      0.6825,
      0.2925,
      0.78,
      0.39,
      0,
      0.4875,
      0.0975,
      0.585,
      0.195,
      0.6825,
      0.2925,
      0.78,
      0.39,
      0,
      0.4875,
      0.0975,
      0.585,
      0.195,
      0.6825,
      0.2925,
      0.78,
      0.39
    ],
    "SoftwareVersions": "syngo_MR_B17",
    "SpacingBetweenSlices": 1.8,
    "StationName": "MININT-E41B04",
    "TaskName": "PheromoneOlfaction",
    "TotalReadoutTime": 0.0712794,
    "TxRefAmp": 409.738,
    "dataset": "ds003606",
    "modality": "bold",
    "run_id": 2,
    "subject_id": "203",
    "task_id": "PheromoneOlfaction"
  },
  "dummy_trs": 2,
  "dvars_nstd": 75.15033138112862,
  "dvars_std": 0.9840010353498876,
  "dvars_vstd": 0.9563953263205414,
  "efc": 0.622473549195334,
  "fber": 191.1273651123047,
  "fd_mean": 0.1940167696878831,
  "fd_num": 183,
  "fd_perc": 41.21621621621622,
  "fwhm_avg": 3.120875940707783,
  "fwhm_x": 2.9414945223674382,
  "fwhm_y": 3.3456778664079736,
  "fwhm_z": 3.0754554333479365,
  "gcor": 0.0405176,
  "gsr_x": -0.015461310744285583,
  "gsr_y": 0.11924565583467484,
  "provenance": {
    "md5sum": "5d7831a035ea5d7891d962535d6160a4",
    "settings": {
      "fd_thres": 0.2,
      "testing": false
    },
    "software": "mriqc",
    "version": "22.0.1",
    "webapi_port": null,
    "webapi_url": "https://mriqc.nimh.nih.gov/api/v1"
  },
  "size_t": 444,
  "size_x": 100,
  "size_y": 100,
  "size_z": 72,
  "snr": 2.034482467463635,
  "spacing_tr": 0.875,
  "spacing_x": 1.7999999523162842,
  "spacing_y": 1.7999999523162842,
  "spacing_z": 1.8000000715255737,
  "summary_bg_k": 38.86194991316596,
  "summary_bg_mad": 15.961347354788984,
  "summary_bg_mean": 47.020729064941406,
  "summary_bg_median": 24.445945739746094,
  "summary_bg_n": 391941.0,
  "summary_bg_p05": 11.743243217468262,
  "summary_bg_p95": 157.49099731445312,
  "summary_bg_stdv": 64.68257904052734,
  "summary_fg_k": 4.0344444435576765,
  "summary_fg_mad": 123.63367777383971,
  "summary_fg_mean": 392.0914611816406,
  "summary_fg_median": 349.2928161621094,
  "summary_fg_n": 216943.0,
  "summary_fg_p05": 202.27523040771484,
  "summary_fg_p95": 741.7750122070312,
  "summary_fg_stdv": 171.68592834472656,
  "tsnr": 13.386215473234188
}