{
  "aor": 0.0002623820224719101,
  "aqi": 0.015352453258426966,
  "bids_meta": {
    "AcquisitionMatrixPE": 100,
    "AcquisitionNumber": 1,
    "AcquisitionTime": "16:33:45.372500",
    "BandwidthPerPixelPhaseEncode": 13.889,
    "BaseResolution": 100,
    "ConversionSoftware": "dcm2niix",
    "ConversionSoftwareVersion": "v1.0.20180404 Clang8.0.0",
    "DerivedVendorReportedEchoSpacing": 0.000719994,
    "DeviceSerialNumber": "35002",
    "DwellTime": 2.8e-06,
    "EchoTime": 0.0436,
    "EffectiveEchoSpacing": 0.000719994,
    "FlipAngle": 55,
    "ImageComments": "Unaliased_MB8_PE3_(remote)",
    "ImageOrientationPatientDICOM": [
      1,
      -1e-16,
      0,
      1e-16,
      0.999848,
      -0.0174524
    ],
    "ImageType": [
      "ORIGINAL",
      "PRIMARY",
      "M",
      "MB",
      "ND",
      "MOSAIC"
    ],
    "InPlanePhaseEncodingDirectionDICOM": "COL",
    "InstitutionAddress": "University_Pkwy_1700_North_685_Provo_UT_US_84601",
    "InstitutionName": "Brigham_Young_University",
    "InstitutionalDepartmentName": "MRI",
    "MRAcquisitionType": "2D",
    "MagneticFieldStrength": 3,
    "Manufacturer": "Siemens",
    "ManufacturersModelName": "TrioTim",
    "Modality": "MR",
    "MultibandAccelerationFactor": 8,
    "PartialFourier": 1,
    "PatientPosition": "HFS",
    "PercentPhaseFOV": 100,
    "PhaseEncodingDirection": "j-",
    "PhaseEncodingSteps": 100,
    "PhaseResolution": 1,
    "PixelBandwidth": 1786,
    "ProcedureStepDescription": "Research_KIRWAN",
    "ProtocolName": "P2",
    "PulseSequenceDetails": "%CustomerSeq%_cmrr_mbep2d_bold",
    "ReceiveCoilName": "32Ch_Head",
    "ReconMatrixPE": 100,
    "RepetitionTime": 0.875,
    "SAR": 0.115906,
    "ScanOptions": "FS",
    "ScanningSequence": "EP",
    "SequenceName": "epfid2d1_100",
    "SequenceVariant": "SK_SS",
    "SeriesDescription": "P2",
    "SeriesNumber": 4,
    "ShimSetting": [
      -2830,
      -22848,
      2399,
      861,
      -121,
      532,
      216,
      401
    ],
    "SliceThickness": 1.8,
    "SliceTiming": [
      0,
      0.49,
      0.0975,
      0.5875,
      0.195,
      0.685,
      0.295,
      0.7825,
      0.3925,
      0,
      0.49,
      0.0975,
      0.5875,
      0.195,
      0.685,
      0.295,
      0.7825,
      0.3925,
      0,
      0.49,
      0.0975,
      0.5875,
      0.195,
      0.685,
      0.295,
      0.7825,
      0.3925,
      0,
      0.49,
      0.0975,
      0.5875,
      0.195,
      0.685,
      0.295,
      0.7825,
      0.3925,
      0,
      0.49,
      0.0975,
      0.5875,
      0.195,
      0.685,
      0.295,
      0.7825,
      0.3925,
      0,
      0.49,
      0.0975,
      0.5875,
      0.195,
      0.685,
      0.295,
      0.7825,
      0.3925,
      0,
      0.49,
      0.0975,
      0.5875,
      0.195,
      0.685,
      0.295,
      0.7825,
      0.3925,
      0,
      0.49,
      0.0975,
      0.5875,
      0.195,
      0.685,
      0.295,
      0.7825,
      0.3925
    ],
    "SoftwareVersions": "syngo_MR_B17",
    "SpacingBetweenSlices": 1.8,
    "StationName": "MININT-E41B04",
    "TaskName": "PheromoneOlfaction",
    "TotalReadoutTime": 0.0712794,
    "TxRefAmp": 392.892,
    "dataset": "ds003606",
    "modality": "bold",
    "run_id": 2,
    "subject_id": "205",
    "task_id": "PheromoneOlfaction"
  },
  "dummy_trs": 1,
  "dvars_nstd": 73.42937945457207,
  "dvars_std": 1.0458076783558563,
  "dvars_vstd": 1.0011051765540533,
  "efc": 0.6265726593129168,
  "fber": 212.6227264404297,
  "fd_mean": 0.11578225320462246,
  "fd_num": 33,
  "fd_perc": 7.415730337078652,
  "fwhm_avg": 3.237742678363482,
  "fwhm_x": 3.1239723049792265,
  "fwhm_y": 3.459200091637508,
  "fwhm_z": 3.130055638473713,
  "gcor": 0.00534954,
  "gsr_x": -0.03229035437107086,
  "gsr_y": 0.12988820672035217,
  "provenance": {
    "md5sum": "0ba8222647cfb3a5a63a1b36de926977",
    "settings": {
      "fd_thres": 0.2,
      "testing": false
    },
    "software": "mriqc",
    "version": "22.0.1",
    "webapi_port": null,
    "webapi_url": "https://mriqc.nimh.nih.gov/api/v1"
  },
  "size_t": 445,
  "size_x": 100,
  "size_y": 100,
  "size_z": 72,
  "snr": 2.0304529520507626,
  "spacing_tr": 0.875,
  "spacing_x": 1.7999999523162842,
  "spacing_y": 1.7999999523162842,
  "spacing_z": 1.7999999523162842,
  "summary_bg_k": 40.47567749359234,
  "summary_bg_mad": 13.81985150641325,
  "summary_bg_mean": 45.983192443847656,
  "summary_bg_median": 23.280899047851562,
  "summary_bg_n": 381641.0,
  "summary_bg_p05": 12.298876762390137,
  "summary_bg_p95": 158.8876495361328,
  "summary_bg_stdv": 67.04805755615234,
  "summary_fg_k": 3.4166690559105284,
  "summary_fg_mad": 125.75799591229968,
  "summary_fg_mean": 400.5080871582031,
  "summary_fg_median": 355.9932556152344,
  "summary_fg_n": 227358.0,
  "summary_fg_p05": 205.80224609375,
  "summary_fg_p95": 758.2059783935546,
  "summary_fg_stdv": 175.32662963867188,
  "tsnr": 20.161567702889442
}