{
  "aor": 0.00024051801801801802,
  "aqi": 0.01936725855855856,
  "bids_meta": {
    "AcquisitionMatrixPE": 100,
    "AcquisitionNumber": 1,
    "AcquisitionTime": "10:40:3.912500",
    "BandwidthPerPixelPhaseEncode": 13.889,
    "BaseResolution": 100,
    "ConversionSoftware": "dcm2niix",
    "ConversionSoftwareVersion": "v1.0.20180404 Clang8.0.0",
    "DerivedVendorReportedEchoSpacing": 0.000719994,
    "DeviceSerialNumber": "35002",
    "DwellTime": 2.8e-06,
    "EchoTime": 0.0436,
    "EffectiveEchoSpacing": 0.000719994,
    "FlipAngle": 55,
    "ImageComments": "Unaliased_MB8_PE3_(remote)",
    "ImageOrientationPatientDICOM": [
      1,
      0,
      0,
      0,
      0.997185,
      -0.0749787
    ],
    "ImageType": [
      "ORIGINAL",
      "PRIMARY",
      "M",
      "MB",
      "ND",
      "MOSAIC"
    ],
    "InPlanePhaseEncodingDirectionDICOM": "COL",
    "InstitutionAddress": "University_Pkwy_1700_North_685_Provo_UT_US_84601",
    "InstitutionName": "Brigham_Young_University",
    "InstitutionalDepartmentName": "MRI",
    "MRAcquisitionType": "2D",
    "MagneticFieldStrength": 3,
    "Manufacturer": "Siemens",
    "ManufacturersModelName": "TrioTim",
    "Modality": "MR",
    "MultibandAccelerationFactor": 8,
    "PartialFourier": 1,
    "PatientPosition": "HFS",
    "PercentPhaseFOV": 100,
    "PhaseEncodingDirection": "j-",
    "PhaseEncodingSteps": 100,
    "PhaseResolution": 1,
    "PixelBandwidth": 1786,
    "ProcedureStepDescription": "Research_KIRWAN",
    "ProtocolName": "P1",
    "PulseSequenceDetails": "%CustomerSeq%_cmrr_mbep2d_bold",
    "ReceiveCoilName": "32Ch_Head",
    "ReconMatrixPE": 100,
    "RepetitionTime": 0.875,
    "SAR": 0.0972976,
    "ScanOptions": "FS",
    "ScanningSequence": "EP",
    "SequenceName": "epfid2d1_100",
    "SequenceVariant": "SK_SS",
    "SeriesDescription": "P1",
    "SeriesNumber": 3,
    "ShimSetting": [
      -2817,
      -22884,
      2480,
      1215,
      -61,
      817,
      121,
      393
    ],
    "SliceThickness": 1.8,
    "SliceTiming": [
      0,
      0.4875,
      0.0975,
      0.585,
      0.195,
      0.6825,
      0.2925,
      0.78,
      0.39,
      0,
      0.4875,
      0.0975,
      0.585,
      0.195,
      0.6825,
      0.2925,
      0.78,
      0.39,
      0,
      0.4875,
      0.0975,
      0.585,
      0.195,
      0.6825,
      0.2925,
      0.78,
      0.39,
      0,
      0.4875,
      0.0975,
      0.585,
      0.195,
      0.6825,
      0.2925,
      0.78,
      0.39,
      0,
      0.4875,
      0.0975,
      0.585,
      0.195,
      0.6825,
      0.2925,
      0.78,
      0.39,
      0,
      0.4875,
      0.0975,
      0.585,
      0.195,
      0.6825,
      0.2925,
      0.78,
      0.39,
      0,
      0.4875,
      0.0975,
      0.585,
      0.195,
      0.6825,
      0.2925,
      0.78,
      0.39,
      0,
      0.4875,
      0.0975,
      0.585,
      0.195,
      0.6825,
      0.2925,
      0.78,
      0.39
    ],
    "SoftwareVersions": "syngo_MR_B17",
    "SpacingBetweenSlices": 1.8,
    "StationName": "MININT-E41B04",
    "TaskName": "PheromoneOlfaction",
    "TotalReadoutTime": 0.0712794,
    "TxRefAmp": 387.075,
    "dataset": "ds003606",
    "modality": "bold",
    "run_id": 1,
    "subject_id": "211",
    "task_id": "PheromoneOlfaction"
  },
  "dummy_trs": 2,
  "dvars_nstd": 71.1556931745824,
  "dvars_std": 1.0320778425056438,
  "dvars_vstd": 0.9973946520767497,
  "efc": 0.6256538763325579,
  "fber": 259.2019958496094,
  "fd_mean": 0.10932684726523188,
  "fd_num": 37,
  "fd_perc": 8.333333333333334,
  "fwhm_avg": 2.595716679911876,
  "fwhm_x": 2.530438955922629,
  "fwhm_y": 2.741838961522817,
  "fwhm_z": 2.5148721222901824,
  "gcor": 0.00407495,
  "gsr_x": -0.016490435227751732,
  "gsr_y": 0.091403067111969,
  "provenance": {
    "md5sum": "f9f2c80faa1571305993b4a7fc5e5863",
    "settings": {
      "fd_thres": 0.2,
      "testing": false
    },
    "software": "mriqc",
    "version": "22.0.1",
    "webapi_port": null,
    "webapi_url": "https://mriqc.nimh.nih.gov/api/v1"
  },
  "size_t": 444,
  "size_x": 100,
  "size_y": 100,
  "size_z": 72,
  "snr": 2.7689442568050437,
  "spacing_tr": 0.875,
  "spacing_x": 1.7999999523162842,
  "spacing_y": 1.7999999523162842,
  "spacing_z": 1.8000000715255737,
  "summary_bg_k": 30.259186562524192,
  "summary_bg_mad": 11.019341844996521,
  "summary_bg_mean": 35.53950119018555,
  "summary_bg_median": 19.337839126586914,
  "summary_bg_n": 401081.0,
  "summary_bg_p05": 10.720721244812012,
  "summary_bg_p95": 119.88964080810547,
  "summary_bg_stdv": 45.2803840637207,
  "summary_fg_k": 3.5008873993803595,
  "summary_fg_mad": 92.66598681834846,
  "summary_fg_mean": 346.113525390625,
  "summary_fg_median": 324.8896484375,
  "summary_fg_n": 210029.0,
  "summary_fg_p05": 196.58153076171877,
  "summary_fg_p95": 563.8599243164061,
  "summary_fg_stdv": 117.33312225341797,
  "tsnr": 19.66098080878146
}