{
  "aor": 0.0002537443946188341,
  "aqi": 0.017244558520179372,
  "bids_meta": {
    "AcquisitionMatrixPE": 100,
    "AcquisitionNumber": 1,
    "AcquisitionTime": "08:43:23.510000",
    "BandwidthPerPixelPhaseEncode": 13.889,
    "BaseResolution": 100,
    "ConversionSoftware": "dcm2niix",
    "ConversionSoftwareVersion": "v1.0.20180404 Clang8.0.0",
    "DerivedVendorReportedEchoSpacing": 0.000719994,
    "DeviceSerialNumber": "35002",
    "DwellTime": 2.8e-06,
    "EchoTime": 0.0436,
    "EffectiveEchoSpacing": 0.000719994,
    "FlipAngle": 55,
    "ImageComments": "Unaliased_MB8_PE3_(remote)",
    "ImageOrientationPatientDICOM": [
      0.99933,
      -0.00204367,
      0.0365294,
      -1.48626e-08,
      0.998439,
      0.0558589
    ],
    "ImageType": [
      "ORIGINAL",
      "PRIMARY",
      "M",
      "MB",
      "ND",
      "MOSAIC"
    ],
    "InPlanePhaseEncodingDirectionDICOM": "COL",
    "InstitutionAddress": "University_Pkwy_1700_North_685_Provo_UT_US_84601",
    "InstitutionName": "Brigham_Young_University",
    "InstitutionalDepartmentName": "MRI",
    "MRAcquisitionType": "2D",
    "MagneticFieldStrength": 3,
    "Manufacturer": "Siemens",
    "ManufacturersModelName": "TrioTim",
    "Modality": "MR",
    "MultibandAccelerationFactor": 8,
    "PartialFourier": 1,
    "PatientPosition": "HFS",
    "PercentPhaseFOV": 100,
    "PhaseEncodingDirection": "j-",
    "PhaseEncodingSteps": 100,
    "PhaseResolution": 1,
    "PixelBandwidth": 1786,
    "ProcedureStepDescription": "Research_KIRWAN",
    "ProtocolName": "P2",
    "PulseSequenceDetails": "%CustomerSeq%_cmrr_mbep2d_bold",
    "ReceiveCoilName": "32Ch_Head",
    "ReconMatrixPE": 100,
    "RepetitionTime": 0.875,
    "SAR": 0.109955,
    "ScanOptions": "FS",
    "ScanningSequence": "EP",
    "SequenceName": "epfid2d1_100",
    "SequenceVariant": "SK_SS",
    "SeriesDescription": "P2",
    "SeriesNumber": 4,
    "ShimSetting": [
      -2738,
      -22925,
      2533,
      1156,
      106,
      385,
      -59,
      398
    ],
    "SliceThickness": 1.8,
    "SliceTiming": [
      0,
      0.4875,
      0.0975,
      0.585,
      0.195,
      0.6825,
      0.2925,
      0.7825,
      0.39,
      0,
      0.4875,
      0.0975,
      0.585,
      0.195,
      0.6825,
      0.2925,
      0.7825,
      0.39,
      0,
      0.4875,
      0.0975,
      0.585,
      0.195,
      0.6825,
      0.2925,
      0.7825,
      0.39,
      0,
      0.4875,
      0.0975,
      0.585,
      0.195,
      0.6825,
      0.2925,
      0.7825,
      0.39,
      0,
      0.4875,
      0.0975,
      0.585,
      0.195,
      0.6825,
      0.2925,
      0.7825,
      0.39,
      0,
      0.4875,
      0.0975,
      0.585,
      0.195,
      0.6825,
      0.2925,
      0.7825,
      0.39,
      0,
      0.4875,
      0.0975,
      0.585,
      0.195,
      0.6825,
      0.2925,
      0.7825,
      0.39,
      0,
      0.4875,
      0.0975,
      0.585,
      0.195,
      0.6825,
      0.2925,
      0.7825,
      0.39
    ],
    "SoftwareVersions": "syngo_MR_B17",
    "SpacingBetweenSlices": 1.8,
    "StationName": "MININT-E41B04",
    "TaskName": "PheromoneOlfaction",
    "TotalReadoutTime": 0.0712794,
    "TxRefAmp": 393.567,
    "dataset": "ds003606",
    "modality": "bold",
    "run_id": 2,
    "subject_id": "105",
    "task_id": "PheromoneOlfaction"
  },
  "dummy_trs": 0,
  "dvars_nstd": 71.80222229698875,
  "dvars_std": 1.0501225033707866,
  "dvars_vstd": 1.0065257774382035,
  "efc": 0.6239306569116078,
  "fber": 270.4306335449219,
  "fd_mean": 0.10492783700563726,
  "fd_num": 23,
  "fd_perc": 5.15695067264574,
  "fwhm_avg": 2.8710129778726876,
  "fwhm_x": 2.7562334063485836,
  "fwhm_y": 3.086977859554764,
  "fwhm_z": 2.769827667714715,
  "gcor": 0.00471261,
  "gsr_x": -0.037277016788721085,
  "gsr_y": 0.11360051482915878,
  "provenance": {
    "md5sum": "1616c9b9aceb3e5c5bde49d6be4b0de4",
    "settings": {
      "fd_thres": 0.2,
      "testing": false
    },
    "software": "mriqc",
    "version": "22.0.1",
    "webapi_port": null,
    "webapi_url": "https://mriqc.nimh.nih.gov/api/v1"
  },
  "size_t": 446,
  "size_x": 100,
  "size_y": 100,
  "size_z": 72,
  "snr": 2.4694365890202543,
  "spacing_tr": 0.875,
  "spacing_x": 1.7999999523162842,
  "spacing_y": 1.7999999523162842,
  "spacing_z": 1.8000000715255737,
  "summary_bg_k": 99.4868973037107,
  "summary_bg_mad": 12.08686673932572,
  "summary_bg_mean": 37.34455490112305,
  "summary_bg_median": 20.479822158813477,
  "summary_bg_n": 388567.0,
  "summary_bg_p05": 11.051569938659668,
  "summary_bg_p95": 116.38744735717783,
  "summary_bg_stdv": 55.148860931396484,
  "summary_fg_k": 4.657771650508342,
  "summary_fg_mad": 104.6780374129312,
  "summary_fg_mean": 381.97833251953125,
  "summary_fg_median": 351.45404052734375,
  "summary_fg_n": 221698.0,
  "summary_fg_p05": 215.27993698120116,
  "summary_fg_p95": 661.2646026611326,
  "summary_fg_stdv": 142.32122802734375,
  "tsnr": 20.346049621817656
}