{
  "aor": 0.0008323024830699773,
  "aqi": 0.02270534492099323,
  "bids_meta": {
    "AcquisitionMatrixPE": 100,
    "AcquisitionNumber": 1,
    "AcquisitionTime": "17:35:42.512500",
    "BandwidthPerPixelPhaseEncode": 13.889,
    "BaseResolution": 100,
    "ConversionSoftware": "dcm2niix",
    "ConversionSoftwareVersion": "v1.0.20180404 Clang8.0.0",
    "DerivedVendorReportedEchoSpacing": 0.000719994,
    "DeviceSerialNumber": "35002",
    "DwellTime": 2.8e-06,
    "EchoTime": 0.0436,
    "EffectiveEchoSpacing": 0.000719994,
    "FlipAngle": 55,
    "ImageComments": "Unaliased_MB8_PE3_(remote)",
    "ImageOrientationPatientDICOM": [
      1,
      0,
      0,
      0,
      0.958323,
      -0.285688
    ],
    "ImageType": [
      "ORIGINAL",
      "PRIMARY",
      "M",
      "MB",
      "ND",
      "MOSAIC"
    ],
    "InPlanePhaseEncodingDirectionDICOM": "COL",
    "InstitutionAddress": "University_Pkwy_1700_North_685_Provo_UT_US_84601",
    "InstitutionName": "Brigham_Young_University",
    "InstitutionalDepartmentName": "MRI",
    "MRAcquisitionType": "2D",
    "MagneticFieldStrength": 3,
    "Manufacturer": "Siemens",
    "ManufacturersModelName": "TrioTim",
    "Modality": "MR",
    "MultibandAccelerationFactor": 8,
    "PartialFourier": 1,
    "PatientPosition": "HFS",
    "PercentPhaseFOV": 100,
    "PhaseEncodingDirection": "j-",
    "PhaseEncodingSteps": 100,
    "PhaseResolution": 1,
    "PixelBandwidth": 1786,
    "ProcedureStepDescription": "Research_KIRWAN",
    "ProtocolName": "L",
    "PulseSequenceDetails": "%CustomerSeq%_cmrr_mbep2d_bold",
    "ReceiveCoilName": "32Ch_Head",
    "ReconMatrixPE": 100,
    "RepetitionTime": 0.875,
    "SAR": 0.116631,
    "ScanOptions": "FS",
    "ScanningSequence": "EP",
    "SequenceName": "epfid2d1_100",
    "SequenceVariant": "SK_SS",
    "SeriesDescription": "L",
    "SeriesNumber": 2,
    "ShimSetting": [
      -2838,
      -22853,
      2452,
      978,
      -106,
      342,
      -164,
      291
    ],
    "SliceThickness": 1.8,
    "SliceTiming": [
      0,
      0.4875,
      0.0975,
      0.585,
      0.195,
      0.6825,
      0.2925,
      0.78,
      0.39,
      0,
      0.4875,
      0.0975,
      0.585,
      0.195,
      0.6825,
      0.2925,
      0.78,
      0.39,
      0,
      0.4875,
      0.0975,
      0.585,
      0.195,
      0.6825,
      0.2925,
      0.78,
      0.39,
      0,
      0.4875,
      0.0975,
      0.585,
      0.195,
      0.6825,
      0.2925,
      0.78,
      0.39,
      0,
      0.4875,
      0.0975,
      0.585,
      0.195,
      0.6825,
      0.2925,
      0.78,
      0.39,
      0,
      0.4875,
      0.0975,
      0.585,
      0.195,
      0.6825,
      0.2925,
      0.78,
      0.39,
      0,
      0.4875,
      0.0975,
      0.585,
      0.195,
      0.6825,
      0.2925,
      0.78,
      0.39,
      0,
      0.4875,
      0.0975,
      0.585,
      0.195,
      0.6825,
      0.2925,
      0.78,
      0.39
    ],
    "SoftwareVersions": "syngo_MR_B17",
    "SpacingBetweenSlices": 1.8,
    "StationName": "MININT-E41B04",
    "TaskName": "PheromoneOlfaction",
    "TotalReadoutTime": 0.0712794,
    "TxRefAmp": 370.38,
    "dataset": "ds003606",
    "modality": "bold",
    "run_id": 3,
    "subject_id": "114",
    "task_id": "PheromoneOlfaction"
  },
  "dummy_trs": 3,
  "dvars_nstd": 64.35033617837105,
  "dvars_std": 1.0279679959049768,
  "dvars_vstd": 0.9984740547285071,
  "efc": 0.6099811470590711,
  "fber": 388.26568603515625,
  "fd_mean": 0.1676366669426238,
  "fd_num": 143,
  "fd_perc": 32.27990970654628,
  "fwhm_avg": 2.727988961155917,
  "fwhm_x": 2.6207722916489784,
  "fwhm_y": 2.831277852781027,
  "fwhm_z": 2.7319167390377452,
  "gcor": 0.00355228,
  "gsr_x": -0.02927185781300068,
  "gsr_y": 0.09282083809375763,
  "provenance": {
    "md5sum": "bdc3780184d9409b96832618ba8512f2",
    "settings": {
      "fd_thres": 0.2,
      "testing": false
    },
    "software": "mriqc",
    "version": "22.0.1",
    "webapi_port": null,
    "webapi_url": "https://mriqc.nimh.nih.gov/api/v1"
  },
  "size_t": 443,
  "size_x": 100,
  "size_y": 100,
  "size_z": 72,
  "snr": 3.0407376973681615,
  "spacing_tr": 0.875,
  "spacing_x": 1.7999999523162842,
  "spacing_y": 1.7999999523162842,
  "spacing_z": 1.7999999523162842,
  "summary_bg_k": 69.04395509989905,
  "summary_bg_mad": 9.330689114841958,
  "summary_bg_mean": 33.73650360107422,
  "summary_bg_median": 17.395034790039062,
  "summary_bg_n": 410757.0,
  "summary_bg_p05": 10.248307228088379,
  "summary_bg_p95": 111.45914611816386,
  "summary_bg_stdv": 50.737693786621094,
  "summary_fg_k": 2.424417384237749,
  "summary_fg_mad": 100.89561003675226,
  "summary_fg_mean": 372.6861572265625,
  "summary_fg_median": 353.4164733886719,
  "summary_fg_n": 203158.0,
  "summary_fg_p05": 220.40790710449218,
  "summary_fg_p95": 584.7139953613281,
  "summary_fg_stdv": 116.2269287109375,
  "tsnr": 18.64615318819415
}