{
  "bids_meta": {
    "AcquisitionMatrixPE": 256,
    "AcquisitionNumber": 1,
    "AcquisitionTime": "10:53:52.040000",
    "BaseResolution": 256,
    "ConversionSoftware": "dcm2niix",
    "ConversionSoftwareVersion": "v1.0.20180404 Clang8.0.0",
    "DeviceSerialNumber": "35002",
    "DwellTime": 1.03e-05,
    "EchoTime": 0.00492,
    "FlipAngle": 25,
    "ImageOrientationPatientDICOM": [
      0,
      1,
      0,
      0,
      0,
      -1
    ],
    "ImageType": [
      "ORIGINAL",
      "PRIMARY",
      "M",
      "ND",
      "NORM"
    ],
    "InPlanePhaseEncodingDirectionDICOM": "ROW",
    "InstitutionAddress": "University_Pkwy_1700_North_685_Provo_UT_US_84601",
    "InstitutionName": "Brigham_Young_University",
    "InstitutionalDepartmentName": "MRI",
    "MRAcquisitionType": "3D",
    "MagneticFieldStrength": 3,
    "Manufacturer": "Siemens",
    "ManufacturersModelName": "TrioTim",
    "Modality": "MR",
    "ParallelReductionFactorInPlane": 2,
    "PartialFourier": 1,
    "PatientPosition": "HFS",
    "PercentPhaseFOV": 100,
    "PhaseEncodingSteps": 255,
    "PhaseResolution": 1,
    "PixelBandwidth": 190,
    "ProcedureStepDescription": "Research_KIRWAN",
    "ProtocolName": "t1_fl3d_sag_no3Daccel_iso_1.0_1avg",
    "PulseSequenceDetails": "%SiemensSeq%_gre",
    "ReceiveCoilName": "32Ch_Head",
    "ReconMatrixPE": 256,
    "RepetitionTime": 0.02,
    "SAR": 0.150532,
    "ScanningSequence": "GR",
    "SequenceName": "_fl3d1_ns",
    "SequenceVariant": "SP",
    "SeriesDescription": "t1_fl3d_sag_no3Daccel_iso_1.0_1avg",
    "SeriesNumber": 5,
    "ShimSetting": [
      -2830,
      -22913,
      1923,
      -81,
      -87,
      -38,
      -253,
      388
    ],
    "SliceThickness": 1,
    "SoftwareVersions": "syngo_MR_B17",
    "StationName": "MININT-E41B04",
    "TxRefAmp": 387.075,
    "dataset": "ds003606",
    "modality": "T1w",
    "subject_id": "211"
  },
  "cjv": 0.4307635181791607,
  "cnr": 3.1585079965611476,
  "efc": 0.5144915370415816,
  "fber": 51862.209348989294,
  "fwhm_avg": 3.2649666666666666,
  "fwhm_x": 3.19488,
  "fwhm_y": 3.47747,
  "fwhm_z": 3.12255,
  "icvs_csf": 0.16823382272629595,
  "icvs_gm": 0.41631080189569325,
  "icvs_wm": 0.4154553753780108,
  "inu_med": 0.26970598101615906,
  "inu_range": 0.056398162245750394,
  "provenance": {
    "md5sum": "c78f1634a7739ff0effab5b49fafd7ac",
    "settings": {
      "testing": false
    },
    "software": "mriqc",
    "version": "22.0.1",
    "warnings": {
      "large_rot_frame": true,
      "small_air_mask": false
    },
    "webapi_port": null,
    "webapi_url": "https://mriqc.nimh.nih.gov/api/v1"
  },
  "qi_1": 0.0,
  "qi_2": 0.019571891999328017,
  "rpve_csf": 32.30096992184375,
  "rpve_gm": 13.580365927785236,
  "rpve_wm": 15.514849947122034,
  "size_x": 192,
  "size_y": 256,
  "size_z": 256,
  "snr_csf": 2.4498549598866504,
  "snr_gm": 15.432677892841173,
  "snr_total": 14.22264368917712,
  "snr_wm": 24.78539821480354,
  "snrd_csf": 53.74289141766987,
  "snrd_gm": 117.60206735459248,
  "snrd_total": 106.53865860153256,
  "snrd_wm": 148.27101703233532,
  "spacing_x": 1.0,
  "spacing_y": 1.0,
  "spacing_z": 1.0,
  "summary_bg_k": 24.0967761135139,
  "summary_bg_mad": 0.0,
  "summary_bg_mean": 2.482718109109772,
  "summary_bg_median": 0.0,
  "summary_bg_n": 3801304.0,
  "summary_bg_p05": 0.0,
  "summary_bg_p95": 10.458432709798217,
  "summary_bg_stdv": 4.4187539548099934,
  "summary_csf_k": 1.513451601069728,
  "summary_csf_mad": 109.53755426723099,
  "summary_csf_mean": 348.28784243443164,
  "summary_csf_median": 362.48423075675964,
  "summary_csf_n": 30657.0,
  "summary_csf_p05": 70.84817096814514,
  "summary_csf_p95": 565.7984057307239,
  "summary_csf_stdv": 147.95909337946927,
  "summary_gm_k": 0.21386562664055253,
  "summary_gm_mad": 50.48704351330248,
  "summary_gm_mean": 794.2100628813944,
  "summary_gm_median": 793.2006223695353,
  "summary_gm_n": 29488.0,
  "summary_gm_p05": 711.1453855726868,
  "summary_gm_p95": 879.4700748132541,
  "summary_gm_stdv": 51.39660000770823,
  "summary_wm_k": 0.4591991745517192,
  "summary_wm_mad": 38.61874304146398,
  "summary_wm_mean": 1001.9780049288254,
  "summary_wm_median": 1000.0560843441635,
  "summary_wm_n": 224716.0,
  "summary_wm_p05": 939.5205448791385,
  "summary_wm_p95": 1071.470636922866,
  "summary_wm_stdv": 40.34850884860476,
  "tpm_overlap_csf": 0.14545458759221744,
  "tpm_overlap_gm": 0.45416799940985253,
  "tpm_overlap_wm": 0.49970231399127224,
  "wm2max": 0.6726069246435845
}