{
  "bids_meta": {
    "AcquisitionMatrixPE": 256,
    "AcquisitionNumber": 1,
    "AcquisitionTime": "15:46:27.372500",
    "BaseResolution": 256,
    "ConversionSoftware": "dcm2niix",
    "ConversionSoftwareVersion": "v1.0.20180404 Clang8.0.0",
    "DeviceSerialNumber": "35002",
    "DwellTime": 1.03e-05,
    "EchoTime": 0.00492,
    "FlipAngle": 25,
    "ImageOrientationPatientDICOM": [
      0,
      1,
      0,
      0,
      0,
      -1
    ],
    "ImageType": [
      "ORIGINAL",
      "PRIMARY",
      "M",
      "ND",
      "NORM"
    ],
    "InPlanePhaseEncodingDirectionDICOM": "ROW",
    "InstitutionAddress": "University_Pkwy_1700_North_685_Provo_UT_US_84601",
    "InstitutionName": "Brigham_Young_University",
    "InstitutionalDepartmentName": "MRI",
    "MRAcquisitionType": "3D",
    "MagneticFieldStrength": 3,
    "Manufacturer": "Siemens",
    "ManufacturersModelName": "TrioTim",
    "Modality": "MR",
    "ParallelReductionFactorInPlane": 2,
    "PartialFourier": 1,
    "PatientPosition": "HFS",
    "PercentPhaseFOV": 100,
    "PhaseEncodingSteps": 255,
    "PhaseResolution": 1,
    "PixelBandwidth": 190,
    "ProcedureStepDescription": "Research_KIRWAN",
    "ProtocolName": "t1_fl3d_sag_no3Daccel_iso_1.0_1avg",
    "PulseSequenceDetails": "%SiemensSeq%_gre",
    "ReceiveCoilName": "32Ch_Head",
    "ReconMatrixPE": 256,
    "RepetitionTime": 0.02,
    "SAR": 0.203385,
    "ScanningSequence": "GR",
    "SequenceName": "_fl3d1_ns",
    "SequenceVariant": "SP",
    "SeriesDescription": "t1_fl3d_sag_no3Daccel_iso_1.0_1avg",
    "SeriesNumber": 5,
    "ShimSetting": [
      -2830,
      -22913,
      1923,
      -81,
      -87,
      -38,
      -253,
      388
    ],
    "SliceThickness": 1,
    "SoftwareVersions": "syngo_MR_B17",
    "StationName": "MININT-E41B04",
    "TxRefAmp": 409.055,
    "dataset": "ds003606",
    "modality": "T1w",
    "subject_id": "104"
  },
  "cjv": 0.43889765931781594,
  "cnr": 3.1510040141732745,
  "efc": 0.5065380878255542,
  "fber": 19672.324661810617,
  "fwhm_avg": 3.351593333333333,
  "fwhm_x": 3.2491,
  "fwhm_y": 3.68165,
  "fwhm_z": 3.12403,
  "icvs_csf": 0.14232343163285832,
  "icvs_gm": 0.41295243104989915,
  "icvs_wm": 0.44472413731724253,
  "inu_med": 0.34845399856567383,
  "inu_range": 0.11397474110126493,
  "provenance": {
    "md5sum": "b8e1a4d2f5b597ab27247f520d2ce985",
    "settings": {
      "testing": false
    },
    "software": "mriqc",
    "version": "22.0.1",
    "warnings": {
      "large_rot_frame": true,
      "small_air_mask": false
    },
    "webapi_port": null,
    "webapi_url": "https://mriqc.nimh.nih.gov/api/v1"
  },
  "qi_1": 0.0,
  "qi_2": 0.019894587701906923,
  "rpve_csf": 38.563943875336,
  "rpve_gm": 14.07333430000725,
  "rpve_wm": 15.097679421119555,
  "size_x": 192,
  "size_y": 256,
  "size_z": 256,
  "snr_csf": 2.343320328829166,
  "snr_gm": 15.748725115472466,
  "snr_total": 13.936830037626974,
  "snr_wm": 23.718444668579288,
  "snrd_csf": 53.88594284812973,
  "snrd_gm": 127.26224259274375,
  "snrd_total": 113.8996437681348,
  "snrd_wm": 160.55074586353086,
  "spacing_x": 1.0,
  "spacing_y": 1.0,
  "spacing_z": 1.0,
  "summary_bg_k": 10.503469502265528,
  "summary_bg_mad": 4.080556688128531,
  "summary_bg_mean": 3.4081122566820787,
  "summary_bg_median": 2.752293661236763,
  "summary_bg_n": 3222766.0,
  "summary_bg_p05": 0.0,
  "summary_bg_p95": 9.97336520254612,
  "summary_bg_stdv": 4.360535373623696,
  "summary_csf_k": 0.8046398455307893,
  "summary_csf_mad": 101.04862422322587,
  "summary_csf_mean": 320.99114330754963,
  "summary_csf_median": 335.63185389339924,
  "summary_csf_n": 22114.0,
  "summary_csf_p05": 66.43977709114552,
  "summary_csf_p95": 549.6300846934319,
  "summary_csf_stdv": 143.22594354897606,
  "summary_gm_k": 0.28315552201560745,
  "summary_gm_mad": 49.537080654807646,
  "summary_gm_mean": 792.3405855124618,
  "summary_gm_median": 792.6605744361877,
  "summary_gm_n": 31001.0,
  "summary_gm_p05": 709.7070353776217,
  "summary_gm_p95": 873.6904673874378,
  "summary_gm_stdv": 50.33091784164625,
  "summary_wm_k": 0.2000450732073804,
  "summary_wm_mad": 41.463721185822166,
  "summary_wm_mean": 1002.2535086895348,
  "summary_wm_median": 1000.0000302493572,
  "summary_wm_n": 234131.0,
  "summary_wm_p05": 937.111599817872,
  "summary_wm_p95": 1075.1702012121677,
  "summary_wm_stdv": 42.16119179244316,
  "tpm_overlap_csf": 0.14933478922426152,
  "tpm_overlap_gm": 0.4446812146350425,
  "tpm_overlap_wm": 0.48742067898229,
  "wm2max": 0.6767067870947069
}