{
  "bids_meta": {
    "AcquisitionMatrixPE": 256,
    "AcquisitionNumber": 1,
    "AcquisitionTime": "12:09:28.620000",
    "BaseResolution": 256,
    "ConversionSoftware": "dcm2niix",
    "ConversionSoftwareVersion": "v1.0.20180404 Clang8.0.0",
    "DeviceSerialNumber": "35002",
    "DwellTime": 1.03e-05,
    "EchoTime": 0.00492,
    "FlipAngle": 25,
    "ImageOrientationPatientDICOM": [
      0,
      1,
      0,
      0,
      0,
      -1
    ],
    "ImageType": [
      "ORIGINAL",
      "PRIMARY",
      "M",
      "ND",
      "NORM"
    ],
    "InPlanePhaseEncodingDirectionDICOM": "ROW",
    "InstitutionAddress": "University_Pkwy_1700_North_685_Provo_UT_US_84601",
    "InstitutionName": "Brigham_Young_University",
    "InstitutionalDepartmentName": "MRI",
    "MRAcquisitionType": "3D",
    "MagneticFieldStrength": 3,
    "Manufacturer": "Siemens",
    "ManufacturersModelName": "TrioTim",
    "Modality": "MR",
    "ParallelReductionFactorInPlane": 2,
    "PartialFourier": 1,
    "PatientPosition": "HFS",
    "PercentPhaseFOV": 100,
    "PhaseEncodingSteps": 255,
    "PhaseResolution": 1,
    "PixelBandwidth": 190,
    "ProcedureStepDescription": "Research_KIRWAN",
    "ProtocolName": "t1_fl3d_sag_no3Daccel_iso_1.0_1avg",
    "PulseSequenceDetails": "%SiemensSeq%_gre",
    "ReceiveCoilName": "32Ch_Head",
    "ReconMatrixPE": 256,
    "RepetitionTime": 0.02,
    "SAR": 0.170956,
    "ScanningSequence": "GR",
    "SequenceName": "_fl3d1_ns",
    "SequenceVariant": "SP",
    "SeriesDescription": "t1_fl3d_sag_no3Daccel_iso_1.0_1avg",
    "SeriesNumber": 8,
    "ShimSetting": [
      -2830,
      -22913,
      1923,
      -81,
      -87,
      -38,
      -253,
      388
    ],
    "SliceThickness": 1,
    "SoftwareVersions": "syngo_MR_B17",
    "StationName": "MININT-E41B04",
    "TxRefAmp": 400.11,
    "dataset": "ds003606",
    "modality": "T1w",
    "subject_id": "102"
  },
  "cjv": 0.4598187634767049,
  "cnr": 3.0209842011559482,
  "efc": 0.5434040489516603,
  "fber": 8892.643333994314,
  "fwhm_avg": 3.3860533333333334,
  "fwhm_x": 3.35582,
  "fwhm_y": 3.62804,
  "fwhm_z": 3.1743,
  "icvs_csf": 0.14033209012698136,
  "icvs_gm": 0.42295153837032684,
  "icvs_wm": 0.43671637150269177,
  "inu_med": 0.45098677277565,
  "inu_range": 0.18897069096565244,
  "provenance": {
    "md5sum": "3a137840f1f6dba13ca5191cd926b329",
    "settings": {
      "testing": false
    },
    "software": "mriqc",
    "version": "22.0.1",
    "warnings": {
      "large_rot_frame": true,
      "small_air_mask": false
    },
    "webapi_port": null,
    "webapi_url": "https://mriqc.nimh.nih.gov/api/v1"
  },
  "qi_1": 6.426183976745928e-05,
  "qi_2": 0.014374892920232701,
  "rpve_csf": 38.88187901133415,
  "rpve_gm": 13.355061512198638,
  "rpve_wm": 14.474495707681125,
  "size_x": 192,
  "size_y": 256,
  "size_z": 256,
  "snr_csf": 2.3830209873149117,
  "snr_gm": 16.084273316551105,
  "snr_total": 13.213155698066863,
  "snr_wm": 21.172172790334574,
  "snrd_csf": 45.667358561564726,
  "snrd_gm": 95.88447322405317,
  "snrd_total": 87.53575260900386,
  "snrd_wm": 121.05542604139369,
  "spacing_x": 1.0,
  "spacing_y": 1.0,
  "spacing_z": 1.0,
  "summary_bg_k": 13.431884383958415,
  "summary_bg_mad": 5.411871381171955,
  "summary_bg_mean": 5.988243265104843,
  "summary_bg_median": 3.6502517759799957,
  "summary_bg_n": 3431525.0,
  "summary_bg_p05": 0.0,
  "summary_bg_p95": 24.301213212311268,
  "summary_bg_stdv": 9.027277848730447,
  "summary_csf_k": 0.6300215752367375,
  "summary_csf_mad": 140.5332711897847,
  "summary_csf_mean": 366.6794210216118,
  "summary_csf_median": 377.24338145926595,
  "summary_csf_n": 22290.0,
  "summary_csf_p05": 91.96268571540713,
  "summary_csf_p95": 611.5709562320262,
  "summary_csf_stdv": 158.30113171723735,
  "summary_gm_k": 0.06930218641169228,
  "summary_gm_mad": 49.40838131329211,
  "summary_gm_mean": 792.5255001287269,
  "summary_gm_median": 792.0708367601037,
  "summary_gm_n": 36397.0,
  "summary_gm_p05": 711.4543503150344,
  "summary_gm_p95": 872.9239135980605,
  "summary_gm_stdv": 49.24437306593262,
  "summary_wm_k": 0.2905984434571889,
  "summary_wm_mad": 46.201346420745764,
  "summary_wm_mean": 1003.8140252588717,
  "summary_wm_median": 999.999993480742,
  "summary_wm_n": 201224.0,
  "summary_wm_p05": 933.1801068037748,
  "summary_wm_p95": 1087.6060361042619,
  "summary_wm_stdv": 47.2316903223612,
  "tpm_overlap_csf": 0.13010268620498716,
  "tpm_overlap_gm": 0.44087928004030885,
  "tpm_overlap_wm": 0.4589756001181945,
  "wm2max": 0.6159851765489673
}