{
  "aor": 0.0015569683257918552,
  "aqi": 0.1312590542986425,
  "bids_meta": {
    "AcquisitionMatrixPE": 100,
    "AcquisitionNumber": 1,
    "AcquisitionTime": "18:29:25.862500",
    "BandwidthPerPixelPhaseEncode": 13.889,
    "BaseResolution": 100,
    "ConversionSoftware": "dcm2niix",
    "ConversionSoftwareVersion": "v1.0.20180404 Clang8.0.0",
    "DerivedVendorReportedEchoSpacing": 0.000719994,
    "DeviceSerialNumber": "35002",
    "DwellTime": 2.8e-06,
    "EchoTime": 0.0436,
    "EffectiveEchoSpacing": 0.000719994,
    "FlipAngle": 55,
    "ImageComments": "Unaliased_MB8_PE3_(remote)",
    "ImageOrientationPatientDICOM": [
      1,
      0,
      0,
      0,
      0.992966,
      -0.118404
    ],
    "ImageType": [
      "ORIGINAL",
      "PRIMARY",
      "M",
      "MB",
      "ND",
      "MOSAIC"
    ],
    "InPlanePhaseEncodingDirectionDICOM": "COL",
    "InstitutionAddress": "University_Pkwy_1700_North_685_Provo_UT_US_84601",
    "InstitutionName": "Brigham_Young_University",
    "InstitutionalDepartmentName": "MRI",
    "MRAcquisitionType": "2D",
    "MagneticFieldStrength": 3,
    "Manufacturer": "Siemens",
    "ManufacturersModelName": "TrioTim",
    "Modality": "MR",
    "MultibandAccelerationFactor": 8,
    "PartialFourier": 1,
    "PatientPosition": "HFS",
    "PercentPhaseFOV": 100,
    "PhaseEncodingDirection": "j-",
    "PhaseEncodingSteps": 100,
    "PhaseResolution": 1,
    "PixelBandwidth": 1786,
    "ProcedureStepDescription": "Research_KIRWAN",
    "ProtocolName": "P2",
    "PulseSequenceDetails": "%CustomerSeq%_cmrr_mbep2d_bold",
    "ReceiveCoilName": "32Ch_Head",
    "ReconMatrixPE": 100,
    "RepetitionTime": 0.875,
    "SAR": 0.118956,
    "ScanOptions": "FS",
    "ScanningSequence": "EP",
    "SequenceName": "epfid2d1_100",
    "SequenceVariant": "SK_SS",
    "SeriesDescription": "P2",
    "SeriesNumber": 4,
    "ShimSetting": [
      -8484,
      -23251,
      2206,
      1302,
      88,
      691,
      -4214,
      -259
    ],
    "SliceThickness": 1.8,
    "SliceTiming": [
      0,
      0.4875,
      0.0975,
      0.585,
      0.195,
      0.6825,
      0.2925,
      0.78,
      0.39,
      0,
      0.4875,
      0.0975,
      0.585,
      0.195,
      0.6825,
      0.2925,
      0.78,
      0.39,
      0,
      0.4875,
      0.0975,
      0.585,
      0.195,
      0.6825,
      0.2925,
      0.78,
      0.39,
      0,
      0.4875,
      0.0975,
      0.585,
      0.195,
      0.6825,
      0.2925,
      0.78,
      0.39,
      0,
      0.4875,
      0.0975,
      0.585,
      0.195,
      0.6825,
      0.2925,
      0.78,
      0.39,
      0,
      0.4875,
      0.0975,
      0.585,
      0.195,
      0.6825,
      0.2925,
      0.78,
      0.39,
      0,
      0.4875,
      0.0975,
      0.585,
      0.195,
      0.6825,
      0.2925,
      0.78,
      0.39,
      0,
      0.4875,
      0.0975,
      0.585,
      0.195,
      0.6825,
      0.2925,
      0.78,
      0.39
    ],
    "SoftwareVersions": "syngo_MR_B17",
    "SpacingBetweenSlices": 1.8,
    "StationName": "MININT-E41B04",
    "TaskName": "PheromoneOlfaction",
    "TotalReadoutTime": 0.0712794,
    "TxRefAmp": 400.204,
    "dataset": "ds003606",
    "modality": "bold",
    "run_id": 2,
    "subject_id": "206",
    "task_id": "PheromoneOlfaction"
  },
  "dummy_trs": 4,
  "dvars_nstd": 319.97362243231294,
  "dvars_std": 1.1158814417233558,
  "dvars_vstd": 1.024279664421768,
  "efc": 0.847137619869096,
  "fber": 12.956135749816895,
  "fd_mean": 0.3103934865605994,
  "fd_num": 317,
  "fd_perc": 71.71945701357465,
  "fwhm_avg": 2.8353500751111262,
  "fwhm_x": 2.305594505521841,
  "fwhm_y": 3.9803167721090524,
  "fwhm_z": 2.2201389477024858,
  "gcor": 0.000175896,
  "gsr_x": 0.04675153270363808,
  "gsr_y": 0.1931753158569336,
  "provenance": {
    "md5sum": "0c3814b7c1d32b9cdfe1f2dc04c18750",
    "settings": {
      "fd_thres": 0.2,
      "testing": false
    },
    "software": "mriqc",
    "version": "22.0.1",
    "webapi_port": null,
    "webapi_url": "https://mriqc.nimh.nih.gov/api/v1"
  },
  "size_t": 442,
  "size_x": 100,
  "size_y": 100,
  "size_z": 72,
  "snr": 1.3558682114260798,
  "spacing_tr": 0.875,
  "spacing_x": 1.7999999523162842,
  "spacing_y": 1.7999999523162842,
  "spacing_z": 1.7999999523162842,
  "summary_bg_k": 14.300464211342081,
  "summary_bg_mad": 1.2813448944946697,
  "summary_bg_mean": 12.736767768859863,
  "summary_bg_median": 12.2647066116333,
  "summary_bg_n": 3099.0,
  "summary_bg_p05": 10.203167533874511,
  "summary_bg_p95": 16.912671279907222,
  "summary_bg_stdv": 2.302530527114868,
  "summary_fg_k": 52.49322359669266,
  "summary_fg_mad": 8.865424712431972,
  "summary_fg_mean": 25.892868041992188,
  "summary_fg_median": 21.54751205444336,
  "summary_fg_n": 646263.0,
  "summary_fg_p05": 13.30543041229248,
  "summary_fg_p95": 52.395931243896484,
  "summary_fg_stdv": 15.892027854919434,
  "tsnr": 5.187353215587791
}