{
  "aor": 0.0005414573991031391,
  "aqi": 0.015458536995515694,
  "bids_meta": {
    "AcquisitionMatrixPE": 100,
    "AcquisitionNumber": 1,
    "AcquisitionTime": "11:46:50.150000",
    "BandwidthPerPixelPhaseEncode": 13.889,
    "BaseResolution": 100,
    "ConversionSoftware": "dcm2niix",
    "ConversionSoftwareVersion": "v1.0.20180404 Clang8.0.0",
    "DerivedVendorReportedEchoSpacing": 0.000719994,
    "DeviceSerialNumber": "35002",
    "DwellTime": 2.8e-06,
    "EchoTime": 0.0436,
    "EffectiveEchoSpacing": 0.000719994,
    "FlipAngle": 55,
    "ImageComments": "Unaliased_MB8_PE3_(remote)",
    "ImageOrientationPatientDICOM": [
      1,
      0,
      0,
      0,
      0.999945,
      0.0104718
    ],
    "ImageType": [
      "ORIGINAL",
      "PRIMARY",
      "M",
      "MB",
      "ND",
      "MOSAIC"
    ],
    "InPlanePhaseEncodingDirectionDICOM": "COL",
    "InstitutionAddress": "University_Pkwy_1700_North_685_Provo_UT_US_84601",
    "InstitutionName": "Brigham_Young_University",
    "InstitutionalDepartmentName": "MRI",
    "MRAcquisitionType": "2D",
    "MagneticFieldStrength": 3,
    "Manufacturer": "Siemens",
    "ManufacturersModelName": "TrioTim",
    "Modality": "MR",
    "MultibandAccelerationFactor": 8,
    "PartialFourier": 1,
    "PatientPosition": "HFS",
    "PercentPhaseFOV": 100,
    "PhaseEncodingDirection": "j-",
    "PhaseEncodingSteps": 100,
    "PhaseResolution": 1,
    "PixelBandwidth": 1786,
    "ProcedureStepDescription": "Research_KIRWAN",
    "ProtocolName": "P1",
    "PulseSequenceDetails": "%CustomerSeq%_cmrr_mbep2d_bold",
    "ReceiveCoilName": "32Ch_Head",
    "ReconMatrixPE": 100,
    "RepetitionTime": 0.875,
    "SAR": 0.111445,
    "ScanOptions": "FS",
    "ScanningSequence": "EP",
    "SequenceName": "epfid2d1_100",
    "SequenceVariant": "SK_SS",
    "SeriesDescription": "P1",
    "SeriesNumber": 4,
    "ShimSetting": [
      -2784,
      -22914,
      2479,
      1049,
      45,
      228,
      -104,
      507
    ],
    "SliceThickness": 1.8,
    "SliceTiming": [
      0,
      0.4875,
      0.0975,
      0.585,
      0.195,
      0.6825,
      0.2925,
      0.78,
      0.39,
      0,
      0.4875,
      0.0975,
      0.585,
      0.195,
      0.6825,
      0.2925,
      0.78,
      0.39,
      0,
      0.4875,
      0.0975,
      0.585,
      0.195,
      0.6825,
      0.2925,
      0.78,
      0.39,
      0,
      0.4875,
      0.0975,
      0.585,
      0.195,
      0.6825,
      0.2925,
      0.78,
      0.39,
      0,
      0.4875,
      0.0975,
      0.585,
      0.195,
      0.6825,
      0.2925,
      0.78,
      0.39,
      0,
      0.4875,
      0.0975,
      0.585,
      0.195,
      0.6825,
      0.2925,
      0.78,
      0.39,
      0,
      0.4875,
      0.0975,
      0.585,
      0.195,
      0.6825,
      0.2925,
      0.78,
      0.39,
      0,
      0.4875,
      0.0975,
      0.585,
      0.195,
      0.6825,
      0.2925,
      0.78,
      0.39
    ],
    "SoftwareVersions": "syngo_MR_B17",
    "SpacingBetweenSlices": 1.8,
    "StationName": "MININT-E41B04",
    "TaskName": "PheromoneOlfaction",
    "TotalReadoutTime": 0.0712794,
    "TxRefAmp": 400.11,
    "dataset": "ds003606",
    "modality": "bold",
    "run_id": 1,
    "subject_id": "102",
    "task_id": "PheromoneOlfaction"
  },
  "dummy_trs": 0,
  "dvars_nstd": 67.08109889514603,
  "dvars_std": 1.0589378695505614,
  "dvars_vstd": 1.0018601451460671,
  "efc": 0.5855632968240216,
  "fber": 320.9685363769531,
  "fd_mean": 0.13523471358452327,
  "fd_num": 61,
  "fd_perc": 13.67713004484305,
  "fwhm_avg": 3.71972224219665,
  "fwhm_x": 3.6518612078523955,
  "fwhm_y": 3.948450104598207,
  "fwhm_z": 3.558855414139347,
  "gcor": 0.00467014,
  "gsr_x": -0.04264132305979729,
  "gsr_y": 0.10537634789943695,
  "provenance": {
    "md5sum": "577da35dcd8c0780bc9a8399d783caed",
    "settings": {
      "fd_thres": 0.2,
      "testing": false
    },
    "software": "mriqc",
    "version": "22.0.1",
    "webapi_port": null,
    "webapi_url": "https://mriqc.nimh.nih.gov/api/v1"
  },
  "size_t": 446,
  "size_x": 100,
  "size_y": 100,
  "size_z": 72,
  "snr": 1.9045974324781934,
  "spacing_tr": 0.875,
  "spacing_x": 1.7999999523162842,
  "spacing_y": 1.7999999523162842,
  "spacing_z": 1.8000000715255737,
  "summary_bg_k": 79.47600339650928,
  "summary_bg_mad": 13.52625250350791,
  "summary_bg_mean": 43.22584915161133,
  "summary_bg_median": 22.280269622802734,
  "summary_bg_n": 408176.0,
  "summary_bg_p05": 12.029149055480957,
  "summary_bg_p95": 138.67938232421875,
  "summary_bg_stdv": 66.42958068847656,
  "summary_fg_k": 2.508444731923933,
  "summary_fg_mad": 156.25165050782746,
  "summary_fg_mean": 480.360107421875,
  "summary_fg_median": 418.8901672363281,
  "summary_fg_n": 204465.0,
  "summary_fg_p05": 246.72467651367188,
  "summary_fg_p95": 944.0377319335935,
  "summary_fg_stdv": 219.935791015625,
  "tsnr": 20.708027728716843
}