{
  "bids_meta": {
    "AcquisitionMatrixPE": 256,
    "AcquisitionNumber": 1,
    "AcquisitionTime": "17:30:23.195000",
    "BaseResolution": 256,
    "ConversionSoftware": "dcm2niix",
    "ConversionSoftwareVersion": "v1.0.20180404 Clang8.0.0",
    "DeviceSerialNumber": "35002",
    "DwellTime": 1.03e-05,
    "EchoTime": 0.00492,
    "FlipAngle": 25,
    "ImageOrientationPatientDICOM": [
      0,
      1,
      0,
      0,
      0,
      -1
    ],
    "ImageType": [
      "ORIGINAL",
      "PRIMARY",
      "M",
      "ND",
      "NORM"
    ],
    "InPlanePhaseEncodingDirectionDICOM": "ROW",
    "InstitutionAddress": "University_Pkwy_1700_North_685_Provo_UT_US_84601",
    "InstitutionName": "Brigham_Young_University",
    "InstitutionalDepartmentName": "MRI",
    "MRAcquisitionType": "3D",
    "MagneticFieldStrength": 3,
    "Manufacturer": "Siemens",
    "ManufacturersModelName": "TrioTim",
    "Modality": "MR",
    "ParallelReductionFactorInPlane": 2,
    "PartialFourier": 1,
    "PatientPosition": "HFS",
    "PercentPhaseFOV": 100,
    "PhaseEncodingSteps": 255,
    "PhaseResolution": 1,
    "PixelBandwidth": 190,
    "ProcedureStepDescription": "Research_KIRWAN",
    "ProtocolName": "t1_fl3d_sag_no3Daccel_iso_1.0_1avg",
    "PulseSequenceDetails": "%SiemensSeq%_gre",
    "ReceiveCoilName": "32Ch_Head",
    "ReconMatrixPE": 256,
    "RepetitionTime": 0.02,
    "SAR": 0.17782,
    "ScanningSequence": "GR",
    "SequenceName": "_fl3d1_ns",
    "SequenceVariant": "SP",
    "SeriesDescription": "t1_fl3d_sag_no3Daccel_iso_1.0_1avg",
    "SeriesNumber": 5,
    "ShimSetting": [
      -2830,
      -22913,
      1923,
      -81,
      -87,
      -38,
      -253,
      388
    ],
    "SliceThickness": 1,
    "SoftwareVersions": "syngo_MR_B17",
    "StationName": "MININT-E41B04",
    "TxRefAmp": 383.118,
    "dataset": "ds003606",
    "modality": "T1w",
    "subject_id": "209"
  },
  "cjv": 0.5041119913198012,
  "cnr": 2.6808523830149578,
  "efc": 0.5631678205232226,
  "fber": 16843.217175789065,
  "fwhm_avg": 3.0813399999999995,
  "fwhm_x": 3.07835,
  "fwhm_y": 3.27591,
  "fwhm_z": 2.88976,
  "icvs_csf": 0.19360032839938837,
  "icvs_gm": 0.40418299212941927,
  "icvs_wm": 0.4022166794711924,
  "inu_med": 0.39065131545066833,
  "inu_range": 0.07610287964344026,
  "provenance": {
    "md5sum": "932d2bf3f10fba85e47844977017191f",
    "settings": {
      "testing": false
    },
    "software": "mriqc",
    "version": "22.0.1",
    "warnings": {
      "large_rot_frame": true,
      "small_air_mask": false
    },
    "webapi_port": null,
    "webapi_url": "https://mriqc.nimh.nih.gov/api/v1"
  },
  "qi_1": 2.263332197331349e-05,
  "qi_2": 0.01496752424648905,
  "rpve_csf": 30.431261074476385,
  "rpve_gm": 14.102027999268616,
  "rpve_wm": 16.074670071164658,
  "size_x": 192,
  "size_y": 256,
  "size_z": 256,
  "snr_csf": 2.7233017675238824,
  "snr_gm": 14.727579376227794,
  "snr_total": 12.013101829780277,
  "snr_wm": 18.588424345589154,
  "snrd_csf": 28.32362656136628,
  "snrd_gm": 55.05746128490105,
  "snrd_total": 50.90100002390384,
  "snrd_wm": 69.3219122254442,
  "spacing_x": 1.0,
  "spacing_y": 1.0,
  "spacing_z": 1.0,
  "summary_bg_k": 12.654556575160646,
  "summary_bg_mad": 0.0,
  "summary_bg_mean": 5.998526616386746,
  "summary_bg_median": 0.0,
  "summary_bg_n": 3596349.0,
  "summary_bg_p05": 0.0,
  "summary_bg_p95": 24.477066345512867,
  "summary_bg_stdv": 9.450639400585404,
  "summary_csf_k": 0.4661913136564282,
  "summary_csf_mad": 114.80078834688298,
  "summary_csf_mean": 387.15860960520666,
  "summary_csf_median": 408.5811460763216,
  "summary_csf_n": 30403.0,
  "summary_csf_p05": 100.74659701362253,
  "summary_csf_p95": 605.5317494124174,
  "summary_csf_stdv": 150.02906819651457,
  "summary_gm_k": 0.2604568751835967,
  "summary_gm_mad": 52.122733846672666,
  "summary_gm_mean": 794.0428365506997,
  "summary_gm_median": 794.2288245856762,
  "summary_gm_n": 17032.0,
  "summary_gm_p05": 704.1220334384591,
  "summary_gm_p95": 881.8327805705368,
  "summary_gm_stdv": 53.926411677848556,
  "summary_wm_k": 0.5893529584054615,
  "summary_wm_mad": 51.608979301588974,
  "summary_wm_mean": 1005.7625445736348,
  "summary_wm_median": 999.9999923706055,
  "summary_wm_n": 170720.0,
  "summary_wm_p05": 928.5849223509431,
  "summary_wm_p95": 1102.8225722312927,
  "summary_wm_stdv": 53.79676324375333,
  "tpm_overlap_csf": 0.15396294245234585,
  "tpm_overlap_gm": 0.447253242406548,
  "tpm_overlap_wm": 0.4838620954166745,
  "wm2max": 0.5468903283408414
}