{
  "bids_meta": {
    "AcquisitionMatrixPE": 256,
    "AcquisitionNumber": 1,
    "AcquisitionTime": "15:44:29.382500",
    "BaseResolution": 256,
    "ConversionSoftware": "dcm2niix",
    "ConversionSoftwareVersion": "v1.0.20180404 Clang8.0.0",
    "DeviceSerialNumber": "35002",
    "DwellTime": 1.03e-05,
    "EchoTime": 0.00492,
    "FlipAngle": 25,
    "ImageOrientationPatientDICOM": [
      0,
      1,
      0,
      0,
      0,
      -1
    ],
    "ImageType": [
      "ORIGINAL",
      "PRIMARY",
      "M",
      "ND",
      "NORM"
    ],
    "InPlanePhaseEncodingDirectionDICOM": "ROW",
    "InstitutionAddress": "University_Pkwy_1700_North_685_Provo_UT_US_84601",
    "InstitutionName": "Brigham_Young_University",
    "InstitutionalDepartmentName": "MRI",
    "MRAcquisitionType": "3D",
    "MagneticFieldStrength": 3,
    "Manufacturer": "Siemens",
    "ManufacturersModelName": "TrioTim",
    "Modality": "MR",
    "ParallelReductionFactorInPlane": 2,
    "PartialFourier": 1,
    "PatientPosition": "HFS",
    "PercentPhaseFOV": 100,
    "PhaseEncodingSteps": 255,
    "PhaseResolution": 1,
    "PixelBandwidth": 190,
    "ProcedureStepDescription": "Research_KIRWAN",
    "ProtocolName": "t1_fl3d_sag_no3Daccel_iso_1.0_1avg",
    "PulseSequenceDetails": "%SiemensSeq%_gre",
    "ReceiveCoilName": "32Ch_Head",
    "ReconMatrixPE": 256,
    "RepetitionTime": 0.02,
    "SAR": 0.176548,
    "ScanningSequence": "GR",
    "SequenceName": "_fl3d1_ns",
    "SequenceVariant": "SP",
    "SeriesDescription": "t1_fl3d_sag_no3Daccel_iso_1.0_1avg",
    "SeriesNumber": 5,
    "ShimSetting": [
      -2830,
      -22913,
      1923,
      -81,
      -87,
      -38,
      -253,
      388
    ],
    "SliceThickness": 1,
    "SoftwareVersions": "syngo_MR_B17",
    "StationName": "MININT-E41B04",
    "TxRefAmp": 387.85,
    "dataset": "ds003606",
    "modality": "T1w",
    "subject_id": "108"
  },
  "cjv": 0.49283474967781504,
  "cnr": 2.757103780676556,
  "efc": 0.5628210970043354,
  "fber": 7955.43055443838,
  "fwhm_avg": 3.264283333333333,
  "fwhm_x": 3.224,
  "fwhm_y": 3.44522,
  "fwhm_z": 3.12363,
  "icvs_csf": 0.16768136392423102,
  "icvs_gm": 0.3869065646491608,
  "icvs_wm": 0.4454120714266082,
  "inu_med": 0.4425085484981537,
  "inu_range": 0.09566790759563443,
  "provenance": {
    "md5sum": "7a7361e750e29562842077bd05a1f173",
    "settings": {
      "testing": false
    },
    "software": "mriqc",
    "version": "22.0.1",
    "warnings": {
      "large_rot_frame": true,
      "small_air_mask": false
    },
    "webapi_port": null,
    "webapi_url": "https://mriqc.nimh.nih.gov/api/v1"
  },
  "qi_1": 1.3645909006101458e-05,
  "qi_2": 0.010570596231686208,
  "rpve_csf": 33.43230685423142,
  "rpve_gm": 14.332352435255531,
  "rpve_wm": 14.77035961922531,
  "size_x": 192,
  "size_y": 256,
  "size_z": 256,
  "snr_csf": 2.9179408596414227,
  "snr_gm": 14.907341170308223,
  "snr_total": 12.537370136958545,
  "snr_wm": 19.78682838092599,
  "snrd_csf": 41.45663963248471,
  "snrd_gm": 82.48066674644318,
  "snrd_total": 75.88641592833626,
  "snrd_wm": 103.72194140608092,
  "spacing_x": 1.0,
  "spacing_y": 1.0,
  "spacing_z": 1.0,
  "summary_bg_k": 11.412885271384848,
  "summary_bg_mad": 6.316652314130323,
  "summary_bg_mean": 7.929926327927605,
  "summary_bg_median": 4.260517241433263,
  "summary_bg_n": 3753515.0,
  "summary_bg_p05": 0.0,
  "summary_bg_p95": 29.615063901990652,
  "summary_bg_stdv": 10.846597400142217,
  "summary_csf_k": 0.390971975008636,
  "summary_csf_mad": 118.16115342866163,
  "summary_csf_mean": 387.00532163879876,
  "summary_csf_median": 399.7139811962843,
  "summary_csf_n": 27195.0,
  "summary_csf_p05": 122.04743236228823,
  "summary_csf_p95": 591.0499373115599,
  "summary_csf_stdv": 136.98243087196767,
  "summary_gm_k": 0.16521549222964316,
  "summary_gm_mad": 52.830182990908156,
  "summary_gm_mean": 795.8633917876411,
  "summary_gm_median": 795.2568266317248,
  "summary_gm_n": 16549.0,
  "summary_gm_p05": 708.7891823094338,
  "summary_gm_p95": 884.048389449343,
  "summary_gm_stdv": 53.34504589690659,
  "summary_wm_k": 0.45039729801250905,
  "summary_wm_mad": 48.10373685376169,
  "summary_wm_mean": 1006.1675351363494,
  "summary_wm_median": 1000.0595924891531,
  "summary_wm_n": 228170.0,
  "summary_wm_p05": 934.2748227752745,
  "summary_wm_p95": 1099.3326235972345,
  "summary_wm_stdv": 50.541571481543684,
  "tpm_overlap_csf": 0.1420324233257166,
  "tpm_overlap_gm": 0.4361927368724325,
  "tpm_overlap_wm": 0.4891129761234536,
  "wm2max": 0.585130305935675
}