{
  "bids_meta": {
    "AcquisitionMatrixPE": 256,
    "AcquisitionNumber": 1,
    "AcquisitionTime": "11:19:35.125000",
    "BaseResolution": 256,
    "ConversionSoftware": "dcm2niix",
    "ConversionSoftwareVersion": "v1.0.20180404 Clang8.0.0",
    "DeviceSerialNumber": "35002",
    "DwellTime": 1.03e-05,
    "EchoTime": 0.00492,
    "FlipAngle": 25,
    "ImageOrientationPatientDICOM": [
      0,
      1,
      0,
      0,
      0,
      -1
    ],
    "ImageType": [
      "ORIGINAL",
      "PRIMARY",
      "M",
      "ND",
      "NORM"
    ],
    "InPlanePhaseEncodingDirectionDICOM": "ROW",
    "InstitutionAddress": "University_Pkwy_1700_North_685_Provo_UT_US_84601",
    "InstitutionName": "Brigham_Young_University",
    "InstitutionalDepartmentName": "MRI",
    "MRAcquisitionType": "3D",
    "MagneticFieldStrength": 3,
    "Manufacturer": "Siemens",
    "ManufacturersModelName": "TrioTim",
    "Modality": "MR",
    "ParallelReductionFactorInPlane": 2,
    "PartialFourier": 1,
    "PatientPosition": "HFS",
    "PercentPhaseFOV": 100,
    "PhaseEncodingSteps": 255,
    "PhaseResolution": 1,
    "PixelBandwidth": 190,
    "ProcedureStepDescription": "Research_KIRWAN",
    "ProtocolName": "t1_fl3d_sag_no3Daccel_iso_1.0_1avg",
    "PulseSequenceDetails": "%SiemensSeq%_gre",
    "ReceiveCoilName": "32Ch_Head",
    "ReconMatrixPE": 256,
    "RepetitionTime": 0.02,
    "SAR": 0.210353,
    "ScanningSequence": "GR",
    "SequenceName": "_fl3d1_ns",
    "SequenceVariant": "SP",
    "SeriesDescription": "t1_fl3d_sag_no3Daccel_iso_1.0_1avg",
    "SeriesNumber": 5,
    "ShimSetting": [
      -2830,
      -22913,
      1923,
      -81,
      -87,
      -38,
      -253,
      388
    ],
    "SliceThickness": 1,
    "SoftwareVersions": "syngo_MR_B17",
    "StationName": "MININT-E41B04",
    "TxRefAmp": 385.009,
    "dataset": "ds003606",
    "modality": "T1w",
    "subject_id": "116"
  },
  "cjv": 0.406621643969833,
  "cnr": 3.3947993420525706,
  "efc": 0.5019596146536562,
  "fber": 45154.72123596087,
  "fwhm_avg": 2.929486666666667,
  "fwhm_x": 2.9734,
  "fwhm_y": 3.06611,
  "fwhm_z": 2.74895,
  "icvs_csf": 0.11993566082630089,
  "icvs_gm": 0.4609919531920489,
  "icvs_wm": 0.4190723859816502,
  "inu_med": 0.30094699561595917,
  "inu_range": 0.06559792160987854,
  "provenance": {
    "md5sum": "d9f059210076edf15bf411f7cb03eb86",
    "settings": {
      "testing": false
    },
    "software": "mriqc",
    "version": "22.0.1",
    "warnings": {
      "large_rot_frame": true,
      "small_air_mask": false
    },
    "webapi_port": null,
    "webapi_url": "https://mriqc.nimh.nih.gov/api/v1"
  },
  "qi_1": 0.0,
  "qi_2": 0.03155146071228999,
  "rpve_csf": 49.08705407839605,
  "rpve_gm": 14.43791540049076,
  "rpve_wm": 17.258415767676155,
  "size_x": 192,
  "size_y": 256,
  "size_z": 256,
  "snr_csf": 2.2681870194306173,
  "snr_gm": 17.250874651324942,
  "snr_total": 14.550772588499875,
  "snr_wm": 24.133256094744066,
  "snrd_csf": 54.445144234067754,
  "snrd_gm": 112.74438021947185,
  "snrd_total": 103.31367664487767,
  "snrd_wm": 142.75150548109343,
  "spacing_x": 1.0,
  "spacing_y": 1.0,
  "spacing_z": 1.0,
  "summary_bg_k": 14.302262513370462,
  "summary_bg_mad": 0.0,
  "summary_bg_mean": 2.9030216980449044,
  "summary_bg_median": 0.0,
  "summary_bg_n": 3518761.0,
  "summary_bg_p05": 0.0,
  "summary_bg_p95": 12.145749136805534,
  "summary_bg_stdv": 4.58946915505364,
  "summary_csf_k": 1.4619367719295093,
  "summary_csf_mad": 127.2984621962803,
  "summary_csf_mean": 370.02379119082616,
  "summary_csf_median": 381.4080702960491,
  "summary_csf_n": 9715.0,
  "summary_csf_p05": 70.35070279240608,
  "summary_csf_p95": 624.9329694390296,
  "summary_csf_stdv": 168.1468224045546,
  "summary_gm_k": 0.19706391534424883,
  "summary_gm_mad": 45.29112463933794,
  "summary_gm_mean": 790.6307050569657,
  "summary_gm_median": 789.8154573962092,
  "summary_gm_n": 39268.0,
  "summary_gm_p05": 716.4769528951496,
  "summary_gm_p95": 866.2035439316184,
  "summary_gm_stdv": 45.783498898713496,
  "summary_wm_k": 0.2956519984928154,
  "summary_wm_mad": 40.18515447776025,
  "summary_wm_mean": 1002.1256226405642,
  "summary_wm_median": 1000.0263017639518,
  "summary_wm_n": 174460.0,
  "summary_wm_p05": 937.6413175612688,
  "summary_wm_p95": 1073.6369025930762,
  "summary_wm_stdv": 41.4375678015444,
  "tpm_overlap_csf": 0.12587545166565864,
  "tpm_overlap_gm": 0.45128037482498445,
  "tpm_overlap_wm": 0.4756031724357218,
  "wm2max": 0.7024934899219581
}