{
  "aor": 0.001088359908883827,
  "aqi": 0.02266944191343964,
  "bids_meta": {
    "AcquisitionMatrixPE": 100,
    "AcquisitionNumber": 1,
    "AcquisitionTime": "12:36:10.862500",
    "BandwidthPerPixelPhaseEncode": 13.889,
    "BaseResolution": 100,
    "ConversionSoftware": "dcm2niix",
    "ConversionSoftwareVersion": "v1.0.20180404 Clang8.0.0",
    "DerivedVendorReportedEchoSpacing": 0.000719994,
    "DeviceSerialNumber": "35002",
    "DwellTime": 2.8e-06,
    "EchoTime": 0.0436,
    "EffectiveEchoSpacing": 0.000719994,
    "FlipAngle": 55,
    "ImageComments": "Unaliased_MB8_PE3_(remote)",
    "ImageOrientationPatientDICOM": [
      0.99966,
      0.0043521,
      0.0257271,
      3.55248e-08,
      0.985991,
      -0.166796
    ],
    "ImageType": [
      "ORIGINAL",
      "PRIMARY",
      "M",
      "MB",
      "ND",
      "MOSAIC"
    ],
    "InPlanePhaseEncodingDirectionDICOM": "COL",
    "InstitutionAddress": "University_Pkwy_1700_North_685_Provo_UT_US_84601",
    "InstitutionName": "Brigham_Young_University",
    "InstitutionalDepartmentName": "MRI",
    "MRAcquisitionType": "2D",
    "MagneticFieldStrength": 3,
    "Manufacturer": "Siemens",
    "ManufacturersModelName": "TrioTim",
    "Modality": "MR",
    "MultibandAccelerationFactor": 8,
    "PartialFourier": 1,
    "PatientPosition": "HFS",
    "PercentPhaseFOV": 100,
    "PhaseEncodingDirection": "j-",
    "PhaseEncodingSteps": 100,
    "PhaseResolution": 1,
    "PixelBandwidth": 1786,
    "ProcedureStepDescription": "Research_KIRWAN",
    "ProtocolName": "P1",
    "PulseSequenceDetails": "%CustomerSeq%_cmrr_mbep2d_bold",
    "ReceiveCoilName": "32Ch_Head",
    "ReconMatrixPE": 100,
    "RepetitionTime": 0.875,
    "SAR": 0.115006,
    "ScanOptions": "FS",
    "ScanningSequence": "EP",
    "SequenceName": "epfid2d1_100",
    "SequenceVariant": "SK_SS",
    "SeriesDescription": "P1",
    "SeriesNumber": 4,
    "ShimSetting": [
      -2787,
      -22942,
      2347,
      834,
      285,
      157,
      -302,
      179
    ],
    "SliceThickness": 1.8,
    "SliceTiming": [
      0,
      0.4875,
      0.0975,
      0.585,
      0.195,
      0.6825,
      0.2925,
      0.78,
      0.39,
      0,
      0.4875,
      0.0975,
      0.585,
      0.195,
      0.6825,
      0.2925,
      0.78,
      0.39,
      0,
      0.4875,
      0.0975,
      0.585,
      0.195,
      0.6825,
      0.2925,
      0.78,
      0.39,
      0,
      0.4875,
      0.0975,
      0.585,
      0.195,
      0.6825,
      0.2925,
      0.78,
      0.39,
      0,
      0.4875,
      0.0975,
      0.585,
      0.195,
      0.6825,
      0.2925,
      0.78,
      0.39,
      0,
      0.4875,
      0.0975,
      0.585,
      0.195,
      0.6825,
      0.2925,
      0.78,
      0.39,
      0,
      0.4875,
      0.0975,
      0.585,
      0.195,
      0.6825,
      0.2925,
      0.78,
      0.39,
      0,
      0.4875,
      0.0975,
      0.585,
      0.195,
      0.6825,
      0.2925,
      0.78,
      0.39
    ],
    "SoftwareVersions": "syngo_MR_B17",
    "SpacingBetweenSlices": 1.8,
    "StationName": "MININT-E41B04",
    "TaskName": "PheromoneOlfaction",
    "TotalReadoutTime": 0.0712794,
    "TxRefAmp": 374.985,
    "dataset": "ds003606",
    "modality": "bold",
    "run_id": 1,
    "subject_id": "103",
    "task_id": "PheromoneOlfaction"
  },
  "dummy_trs": 7,
  "dvars_nstd": 68.14260906942918,
  "dvars_std": 1.0391503947260274,
  "dvars_vstd": 1.005924363447489,
  "efc": 0.6091797399484515,
  "fber": 256.4067687988281,
  "fd_mean": 0.21308750161296217,
  "fd_num": 183,
  "fd_perc": 41.68564920273349,
  "fwhm_avg": 2.4678481599259796,
  "fwhm_x": 2.3794667297010084,
  "fwhm_y": 2.5961778465530037,
  "fwhm_z": 2.4278999035239255,
  "gcor": 0.00898732,
  "gsr_x": -0.003073624102398753,
  "gsr_y": 0.06463563442230225,
  "provenance": {
    "md5sum": "56eb75fb107fdf8526f32832048f8a92",
    "settings": {
      "fd_thres": 0.2,
      "testing": false
    },
    "software": "mriqc",
    "version": "22.0.1",
    "webapi_port": null,
    "webapi_url": "https://mriqc.nimh.nih.gov/api/v1"
  },
  "size_t": 439,
  "size_x": 100,
  "size_y": 100,
  "size_z": 72,
  "snr": 3.156880502624612,
  "spacing_tr": 0.875,
  "spacing_x": 1.7999999523162842,
  "spacing_y": 1.7999999523162842,
  "spacing_z": 1.8000000715255737,
  "summary_bg_k": 54.67058908723443,
  "summary_bg_mad": 13.711538191070709,
  "summary_bg_mean": 37.06064987182617,
  "summary_bg_median": 21.619590759277344,
  "summary_bg_n": 426872.0,
  "summary_bg_p05": 10.403189659118652,
  "summary_bg_p95": 115.77323989868154,
  "summary_bg_stdv": 48.86717987060547,
  "summary_fg_k": 1.1263729979691028,
  "summary_fg_mad": 100.84735578669013,
  "summary_fg_mean": 366.76123046875,
  "summary_fg_median": 351.8041076660156,
  "summary_fg_n": 189693.0,
  "summary_fg_p05": 214.3936279296875,
  "summary_fg_p95": 569.3790771484374,
  "summary_fg_stdv": 111.44013214111328,
  "tsnr": 18.703632081393152
}