{
  "aor": 0.0003286292134831461,
  "aqi": 0.02217204516853933,
  "bids_meta": {
    "AcquisitionMatrixPE": 100,
    "AcquisitionNumber": 1,
    "AcquisitionTime": "12:28:54.930000",
    "BandwidthPerPixelPhaseEncode": 13.889,
    "BaseResolution": 100,
    "ConversionSoftware": "dcm2niix",
    "ConversionSoftwareVersion": "v1.0.20180404 Clang8.0.0",
    "DerivedVendorReportedEchoSpacing": 0.000719994,
    "DeviceSerialNumber": "35002",
    "DwellTime": 2.8e-06,
    "EchoTime": 0.0436,
    "EffectiveEchoSpacing": 0.000719994,
    "FlipAngle": 55,
    "ImageComments": "Unaliased_MB8_PE3_(remote)",
    "ImageOrientationPatientDICOM": [
      0.99966,
      0.0043521,
      0.0257271,
      3.55248e-08,
      0.985991,
      -0.166796
    ],
    "ImageType": [
      "ORIGINAL",
      "PRIMARY",
      "M",
      "MB",
      "ND",
      "MOSAIC"
    ],
    "InPlanePhaseEncodingDirectionDICOM": "COL",
    "InstitutionAddress": "University_Pkwy_1700_North_685_Provo_UT_US_84601",
    "InstitutionName": "Brigham_Young_University",
    "InstitutionalDepartmentName": "MRI",
    "MRAcquisitionType": "2D",
    "MagneticFieldStrength": 3,
    "Manufacturer": "Siemens",
    "ManufacturersModelName": "TrioTim",
    "Modality": "MR",
    "MultibandAccelerationFactor": 8,
    "PartialFourier": 1,
    "PatientPosition": "HFS",
    "PercentPhaseFOV": 100,
    "PhaseEncodingDirection": "j-",
    "PhaseEncodingSteps": 100,
    "PhaseResolution": 1,
    "PixelBandwidth": 1786,
    "ProcedureStepDescription": "Research_KIRWAN",
    "ProtocolName": "P2",
    "PulseSequenceDetails": "%CustomerSeq%_cmrr_mbep2d_bold",
    "ReceiveCoilName": "32Ch_Head",
    "ReconMatrixPE": 100,
    "RepetitionTime": 0.875,
    "SAR": 0.118121,
    "ScanOptions": "FS",
    "ScanningSequence": "EP",
    "SequenceName": "epfid2d1_100",
    "SequenceVariant": "SK_SS",
    "SeriesDescription": "P2",
    "SeriesNumber": 3,
    "ShimSetting": [
      -2787,
      -22942,
      2347,
      834,
      285,
      157,
      -302,
      179
    ],
    "SliceThickness": 1.8,
    "SliceTiming": [
      0,
      0.4875,
      0.0975,
      0.585,
      0.195,
      0.6825,
      0.2925,
      0.78,
      0.39,
      0,
      0.4875,
      0.0975,
      0.585,
      0.195,
      0.6825,
      0.2925,
      0.78,
      0.39,
      0,
      0.4875,
      0.0975,
      0.585,
      0.195,
      0.6825,
      0.2925,
      0.78,
      0.39,
      0,
      0.4875,
      0.0975,
      0.585,
      0.195,
      0.6825,
      0.2925,
      0.78,
      0.39,
      0,
      0.4875,
      0.0975,
      0.585,
      0.195,
      0.6825,
      0.2925,
      0.78,
      0.39,
      0,
      0.4875,
      0.0975,
      0.585,
      0.195,
      0.6825,
      0.2925,
      0.78,
      0.39,
      0,
      0.4875,
      0.0975,
      0.585,
      0.195,
      0.6825,
      0.2925,
      0.78,
      0.39,
      0,
      0.4875,
      0.0975,
      0.585,
      0.195,
      0.6825,
      0.2925,
      0.78,
      0.39
    ],
    "SoftwareVersions": "syngo_MR_B17",
    "SpacingBetweenSlices": 1.8,
    "StationName": "MININT-E41B04",
    "TaskName": "PheromoneOlfaction",
    "TotalReadoutTime": 0.0712794,
    "TxRefAmp": 374.985,
    "dataset": "ds003606",
    "modality": "bold",
    "run_id": 2,
    "subject_id": "103",
    "task_id": "PheromoneOlfaction"
  },
  "dummy_trs": 1,
  "dvars_nstd": 66.38485328583334,
  "dvars_std": 1.0246540909009008,
  "dvars_vstd": 0.9907913566216213,
  "efc": 0.6104351625552168,
  "fber": 265.70574951171875,
  "fd_mean": 0.1941411219278092,
  "fd_num": 192,
  "fd_perc": 43.146067415730336,
  "fwhm_avg": 2.4729926044565436,
  "fwhm_x": 2.370277840568697,
  "fwhm_y": 2.6185278471450766,
  "fwhm_z": 2.4301721256558584,
  "gcor": 0.00534941,
  "gsr_x": -0.004124435130506754,
  "gsr_y": 0.06866258382797241,
  "provenance": {
    "md5sum": "86fc1557b527452315538b413bf0d915",
    "settings": {
      "fd_thres": 0.2,
      "testing": false
    },
    "software": "mriqc",
    "version": "22.0.1",
    "webapi_port": null,
    "webapi_url": "https://mriqc.nimh.nih.gov/api/v1"
  },
  "size_t": 445,
  "size_x": 100,
  "size_y": 100,
  "size_z": 72,
  "snr": 3.216428477976837,
  "spacing_tr": 0.875,
  "spacing_x": 1.7999999523162842,
  "spacing_y": 1.7999999523162842,
  "spacing_z": 1.8000000715255737,
  "summary_bg_k": 44.01997818668193,
  "summary_bg_mad": 12.996923401428575,
  "summary_bg_mean": 36.47200393676758,
  "summary_bg_median": 21.141572952270508,
  "summary_bg_n": 425461.0,
  "summary_bg_p05": 10.67640495300293,
  "summary_bg_p95": 114.39325714111328,
  "summary_bg_stdv": 47.82068634033203,
  "summary_fg_k": 0.9307720982982945,
  "summary_fg_mad": 99.88742876435691,
  "summary_fg_mean": 367.8690490722656,
  "summary_fg_median": 353.3348388671875,
  "summary_fg_n": 191175.0,
  "summary_fg_p05": 216.80831756591797,
  "summary_fg_p95": 567.9334838867186,
  "summary_fg_stdv": 109.85287475585938,
  "tsnr": 19.542409906629473
}