{
  "aor": 0.0005814414414414415,
  "aqi": 0.02409824346846847,
  "bids_meta": {
    "AcquisitionMatrixPE": 100,
    "AcquisitionNumber": 1,
    "AcquisitionTime": "12:43:15.935000",
    "BandwidthPerPixelPhaseEncode": 13.889,
    "BaseResolution": 100,
    "ConversionSoftware": "dcm2niix",
    "ConversionSoftwareVersion": "v1.0.20180404 Clang8.0.0",
    "DerivedVendorReportedEchoSpacing": 0.000719994,
    "DeviceSerialNumber": "35002",
    "DwellTime": 2.8e-06,
    "EchoTime": 0.0436,
    "EffectiveEchoSpacing": 0.000719994,
    "FlipAngle": 55,
    "ImageComments": "Unaliased_MB8_PE3_(remote)",
    "ImageOrientationPatientDICOM": [
      0.99966,
      0.0043521,
      0.0257271,
      3.55248e-08,
      0.985991,
      -0.166796
    ],
    "ImageType": [
      "ORIGINAL",
      "PRIMARY",
      "M",
      "MB",
      "ND",
      "MOSAIC"
    ],
    "InPlanePhaseEncodingDirectionDICOM": "COL",
    "InstitutionAddress": "University_Pkwy_1700_North_685_Provo_UT_US_84601",
    "InstitutionName": "Brigham_Young_University",
    "InstitutionalDepartmentName": "MRI",
    "MRAcquisitionType": "2D",
    "MagneticFieldStrength": 3,
    "Manufacturer": "Siemens",
    "ManufacturersModelName": "TrioTim",
    "Modality": "MR",
    "MultibandAccelerationFactor": 8,
    "PartialFourier": 1,
    "PatientPosition": "HFS",
    "PercentPhaseFOV": 100,
    "PhaseEncodingDirection": "j-",
    "PhaseEncodingSteps": 100,
    "PhaseResolution": 1,
    "PixelBandwidth": 1786,
    "ProcedureStepDescription": "Research_KIRWAN",
    "ProtocolName": "L",
    "PulseSequenceDetails": "%CustomerSeq%_cmrr_mbep2d_bold",
    "ReceiveCoilName": "32Ch_Head",
    "ReconMatrixPE": 100,
    "RepetitionTime": 0.875,
    "SAR": 0.117046,
    "ScanOptions": "FS",
    "ScanningSequence": "EP",
    "SequenceName": "epfid2d1_100",
    "SequenceVariant": "SK_SS",
    "SeriesDescription": "L",
    "SeriesNumber": 5,
    "ShimSetting": [
      -2787,
      -22942,
      2347,
      834,
      285,
      157,
      -302,
      179
    ],
    "SliceThickness": 1.8,
    "SliceTiming": [
      0,
      0.49,
      0.0975,
      0.5875,
      0.195,
      0.685,
      0.2925,
      0.7825,
      0.3925,
      0,
      0.49,
      0.0975,
      0.5875,
      0.195,
      0.685,
      0.2925,
      0.7825,
      0.3925,
      0,
      0.49,
      0.0975,
      0.5875,
      0.195,
      0.685,
      0.2925,
      0.7825,
      0.3925,
      0,
      0.49,
      0.0975,
      0.5875,
      0.195,
      0.685,
      0.2925,
      0.7825,
      0.3925,
      0,
      0.49,
      0.0975,
      0.5875,
      0.195,
      0.685,
      0.2925,
      0.7825,
      0.3925,
      0,
      0.49,
      0.0975,
      0.5875,
      0.195,
      0.685,
      0.2925,
      0.7825,
      0.3925,
      0,
      0.49,
      0.0975,
      0.5875,
      0.195,
      0.685,
      0.2925,
      0.7825,
      0.3925,
      0,
      0.49,
      0.0975,
      0.5875,
      0.195,
      0.685,
      0.2925,
      0.7825,
      0.3925
    ],
    "SoftwareVersions": "syngo_MR_B17",
    "SpacingBetweenSlices": 1.8,
    "StationName": "MININT-E41B04",
    "TaskName": "PheromoneOlfaction",
    "TotalReadoutTime": 0.0712794,
    "TxRefAmp": 374.985,
    "dataset": "ds003606",
    "modality": "bold",
    "run_id": 3,
    "subject_id": "103",
    "task_id": "PheromoneOlfaction"
  },
  "dummy_trs": 2,
  "dvars_nstd": 68.44372703279912,
  "dvars_std": 1.0278172499548532,
  "dvars_vstd": 0.9973600497968397,
  "efc": 0.609836549886208,
  "fber": 252.50694274902344,
  "fd_mean": 0.21495330210877162,
  "fd_num": 200,
  "fd_perc": 45.04504504504504,
  "fwhm_avg": 2.4626907524982133,
  "fwhm_x": 2.37083339613897,
  "fwhm_y": 2.5946056242891316,
  "fwhm_z": 2.4226332370665378,
  "gcor": 0.00542088,
  "gsr_x": -0.001908502192236483,
  "gsr_y": 0.06590335816144943,
  "provenance": {
    "md5sum": "e4691caa35ffdefcc08b183a23fab27a",
    "settings": {
      "fd_thres": 0.2,
      "testing": false
    },
    "software": "mriqc",
    "version": "22.0.1",
    "webapi_port": null,
    "webapi_url": "https://mriqc.nimh.nih.gov/api/v1"
  },
  "size_t": 444,
  "size_x": 100,
  "size_y": 100,
  "size_z": 72,
  "snr": 3.1856771859208552,
  "spacing_tr": 0.875,
  "spacing_x": 1.7999999523162842,
  "spacing_y": 1.7999999523162842,
  "spacing_z": 1.8000000715255737,
  "summary_bg_k": 57.19390680130414,
  "summary_bg_mad": 13.360115529863057,
  "summary_bg_mean": 36.84923553466797,
  "summary_bg_median": 21.488739013671875,
  "summary_bg_n": 427065.0,
  "summary_bg_p05": 10.551801681518555,
  "summary_bg_p95": 114.6689224243164,
  "summary_bg_stdv": 49.44401168823242,
  "summary_fg_k": 1.0130004698676824,
  "summary_fg_mad": 99.60315173375173,
  "summary_fg_mean": 364.58905029296875,
  "summary_fg_median": 349.91217041015625,
  "summary_fg_n": 189312.0,
  "summary_fg_p05": 214.20338058471683,
  "summary_fg_p95": 564.3327819824212,
  "summary_fg_stdv": 109.8388900756836,
  "tsnr": 18.450716631487012
}