{
  "aor": 0.0002748198198198198,
  "aqi": 0.023037671396396394,
  "bids_meta": {
    "AcquisitionMatrixPE": 100,
    "AcquisitionNumber": 1,
    "AcquisitionTime": "08:45:51.927500",
    "BandwidthPerPixelPhaseEncode": 13.889,
    "BaseResolution": 100,
    "ConversionSoftware": "dcm2niix",
    "ConversionSoftwareVersion": "v1.0.20180404 Clang8.0.0",
    "DerivedVendorReportedEchoSpacing": 0.000719994,
    "DeviceSerialNumber": "35002",
    "DwellTime": 2.8e-06,
    "EchoTime": 0.0436,
    "EffectiveEchoSpacing": 0.000719994,
    "FlipAngle": 55,
    "ImageComments": "Unaliased_MB8_PE3_(remote)",
    "ImageOrientationPatientDICOM": [
      0.999999,
      0.000172538,
      -0.00172811,
      -4.99197e-08,
      0.995056,
      0.0993199
    ],
    "ImageType": [
      "ORIGINAL",
      "PRIMARY",
      "M",
      "MB",
      "ND",
      "MOSAIC"
    ],
    "InPlanePhaseEncodingDirectionDICOM": "COL",
    "InstitutionAddress": "University_Pkwy_1700_North_685_Provo_UT_US_84601",
    "InstitutionName": "Brigham_Young_University",
    "InstitutionalDepartmentName": "MRI",
    "MRAcquisitionType": "2D",
    "MagneticFieldStrength": 3,
    "Manufacturer": "Siemens",
    "ManufacturersModelName": "TrioTim",
    "Modality": "MR",
    "MultibandAccelerationFactor": 8,
    "PartialFourier": 1,
    "PatientPosition": "HFS",
    "PercentPhaseFOV": 100,
    "PhaseEncodingDirection": "j-",
    "PhaseEncodingSteps": 100,
    "PhaseResolution": 1,
    "PixelBandwidth": 1786,
    "ProcedureStepDescription": "Research_KIRWAN",
    "ProtocolName": "P2",
    "PulseSequenceDetails": "%CustomerSeq%_cmrr_mbep2d_bold",
    "ReceiveCoilName": "32Ch_Head",
    "ReconMatrixPE": 100,
    "RepetitionTime": 0.875,
    "SAR": 0.118092,
    "ScanOptions": "FS",
    "ScanningSequence": "EP",
    "SequenceName": "epfid2d1_100",
    "SequenceVariant": "SK_SS",
    "SeriesDescription": "P2",
    "SeriesNumber": 4,
    "ShimSetting": [
      -2859,
      -22976,
      2516,
      928,
      -25,
      227,
      -7,
      415
    ],
    "SliceThickness": 1.8,
    "SliceTiming": [
      0,
      0.4875,
      0.0975,
      0.585,
      0.195,
      0.6825,
      0.2925,
      0.78,
      0.39,
      0,
      0.4875,
      0.0975,
      0.585,
      0.195,
      0.6825,
      0.2925,
      0.78,
      0.39,
      0,
      0.4875,
      0.0975,
      0.585,
      0.195,
      0.6825,
      0.2925,
      0.78,
      0.39,
      0,
      0.4875,
      0.0975,
      0.585,
      0.195,
      0.6825,
      0.2925,
      0.78,
      0.39,
      0,
      0.4875,
      0.0975,
      0.585,
      0.195,
      0.6825,
      0.2925,
      0.78,
      0.39,
      0,
      0.4875,
      0.0975,
      0.585,
      0.195,
      0.6825,
      0.2925,
      0.78,
      0.39,
      0,
      0.4875,
      0.0975,
      0.585,
      0.195,
      0.6825,
      0.2925,
      0.78,
      0.39,
      0,
      0.4875,
      0.0975,
      0.585,
      0.195,
      0.6825,
      0.2925,
      0.78,
      0.39
    ],
    "SoftwareVersions": "syngo_MR_B17",
    "SpacingBetweenSlices": 1.8,
    "StationName": "MININT-E41B04",
    "TaskName": "PheromoneOlfaction",
    "TotalReadoutTime": 0.0712794,
    "TxRefAmp": 389.436,
    "dataset": "ds003606",
    "modality": "bold",
    "run_id": 2,
    "subject_id": "201",
    "task_id": "PheromoneOlfaction"
  },
  "dummy_trs": 2,
  "dvars_nstd": 73.96112461832959,
  "dvars_std": 1.047366147674944,
  "dvars_vstd": 0.9877401028216697,
  "efc": 0.6464624292397767,
  "fber": 216.65928649902344,
  "fd_mean": 0.07365285565565291,
  "fd_num": 7,
  "fd_perc": 1.5765765765765767,
  "fwhm_avg": 2.5987240861635668,
  "fwhm_x": 2.457022287311085,
  "fwhm_y": 2.768316740002016,
  "fwhm_z": 2.570833231177599,
  "gcor": 0.00523223,
  "gsr_x": -0.01468825712800026,
  "gsr_y": 0.10411489009857178,
  "provenance": {
    "md5sum": "a3e3b8fe8cff7c9c3d4a4817fdf3fb82",
    "settings": {
      "fd_thres": 0.2,
      "testing": false
    },
    "software": "mriqc",
    "version": "22.0.1",
    "webapi_port": null,
    "webapi_url": "https://mriqc.nimh.nih.gov/api/v1"
  },
  "size_t": 444,
  "size_x": 100,
  "size_y": 100,
  "size_z": 72,
  "snr": 2.83602183060756,
  "spacing_tr": 0.875,
  "spacing_x": 1.7999999523162842,
  "spacing_y": 1.7999999523162842,
  "spacing_z": 1.8000000715255737,
  "summary_bg_k": 54.00975200131823,
  "summary_bg_mad": 14.231645709145553,
  "summary_bg_mean": 40.6845703125,
  "summary_bg_median": 22.35585594177246,
  "summary_bg_n": 380683.0,
  "summary_bg_p05": 10.846847534179688,
  "summary_bg_p95": 130.80811309814436,
  "summary_bg_stdv": 54.64039611816406,
  "summary_fg_k": 1.6168559951690122,
  "summary_fg_mad": 100.03221413725785,
  "summary_fg_mean": 360.8662109375,
  "summary_fg_median": 338.63739013671875,
  "summary_fg_n": 230181.0,
  "summary_fg_p05": 206.15090942382812,
  "summary_fg_p95": 586.2026977539062,
  "summary_fg_stdv": 119.405517578125,
  "tsnr": 18.480082785710692
}