{
  "aor": 0.0005104504504504505,
  "aqi": 0.023223982207207207,
  "bids_meta": {
    "AcquisitionMatrixPE": 100,
    "AcquisitionNumber": 1,
    "AcquisitionTime": "08:31:12.572500",
    "BandwidthPerPixelPhaseEncode": 13.889,
    "BaseResolution": 100,
    "ConversionSoftware": "dcm2niix",
    "ConversionSoftwareVersion": "v1.0.20180404 Clang8.0.0",
    "DerivedVendorReportedEchoSpacing": 0.000719994,
    "DeviceSerialNumber": "35002",
    "DwellTime": 2.8e-06,
    "EchoTime": 0.0436,
    "EffectiveEchoSpacing": 0.000719994,
    "FlipAngle": 55,
    "ImageComments": "Unaliased_MB8_PE3_(remote)",
    "ImageOrientationPatientDICOM": [
      0.999999,
      0.000172538,
      -0.00172811,
      -4.99197e-08,
      0.995056,
      0.0993199
    ],
    "ImageType": [
      "ORIGINAL",
      "PRIMARY",
      "M",
      "MB",
      "ND",
      "MOSAIC"
    ],
    "InPlanePhaseEncodingDirectionDICOM": "COL",
    "InstitutionAddress": "University_Pkwy_1700_North_685_Provo_UT_US_84601",
    "InstitutionName": "Brigham_Young_University",
    "InstitutionalDepartmentName": "MRI",
    "MRAcquisitionType": "2D",
    "MagneticFieldStrength": 3,
    "Manufacturer": "Siemens",
    "ManufacturersModelName": "TrioTim",
    "Modality": "MR",
    "MultibandAccelerationFactor": 8,
    "PartialFourier": 1,
    "PatientPosition": "HFS",
    "PercentPhaseFOV": 100,
    "PhaseEncodingDirection": "j-",
    "PhaseEncodingSteps": 100,
    "PhaseResolution": 1,
    "PixelBandwidth": 1786,
    "ProcedureStepDescription": "Research_KIRWAN",
    "ProtocolName": "P1",
    "PulseSequenceDetails": "%CustomerSeq%_cmrr_mbep2d_bold",
    "ReceiveCoilName": "32Ch_Head",
    "ReconMatrixPE": 100,
    "RepetitionTime": 0.875,
    "SAR": 0.113293,
    "ScanOptions": "FS",
    "ScanningSequence": "EP",
    "SequenceName": "epfid2d1_100",
    "SequenceVariant": "SK_SS",
    "SeriesDescription": "P1",
    "SeriesNumber": 2,
    "ShimSetting": [
      -2859,
      -22976,
      2516,
      928,
      -25,
      227,
      -7,
      415
    ],
    "SliceThickness": 1.8,
    "SliceTiming": [
      0,
      0.4875,
      0.0975,
      0.585,
      0.195,
      0.6825,
      0.2925,
      0.78,
      0.39,
      0,
      0.4875,
      0.0975,
      0.585,
      0.195,
      0.6825,
      0.2925,
      0.78,
      0.39,
      0,
      0.4875,
      0.0975,
      0.585,
      0.195,
      0.6825,
      0.2925,
      0.78,
      0.39,
      0,
      0.4875,
      0.0975,
      0.585,
      0.195,
      0.6825,
      0.2925,
      0.78,
      0.39,
      0,
      0.4875,
      0.0975,
      0.585,
      0.195,
      0.6825,
      0.2925,
      0.78,
      0.39,
      0,
      0.4875,
      0.0975,
      0.585,
      0.195,
      0.6825,
      0.2925,
      0.78,
      0.39,
      0,
      0.4875,
      0.0975,
      0.585,
      0.195,
      0.6825,
      0.2925,
      0.78,
      0.39,
      0,
      0.4875,
      0.0975,
      0.585,
      0.195,
      0.6825,
      0.2925,
      0.78,
      0.39
    ],
    "SoftwareVersions": "syngo_MR_B17",
    "SpacingBetweenSlices": 1.8,
    "StationName": "MININT-E41B04",
    "TaskName": "PheromoneOlfaction",
    "TotalReadoutTime": 0.0712794,
    "TxRefAmp": 389.436,
    "dataset": "ds003606",
    "modality": "bold",
    "run_id": 1,
    "subject_id": "201",
    "task_id": "PheromoneOlfaction"
  },
  "dummy_trs": 2,
  "dvars_nstd": 74.42562785277646,
  "dvars_std": 1.059038828961626,
  "dvars_vstd": 1.005903109841988,
  "efc": 0.6465298424982966,
  "fber": 231.79891967773438,
  "fd_mean": 0.10738923109610922,
  "fd_num": 27,
  "fd_perc": 6.081081081081081,
  "fwhm_avg": 2.552148160578908,
  "fwhm_x": 2.4368278423316703,
  "fwhm_y": 2.72013340539226,
  "fwhm_z": 2.499483234012793,
  "gcor": 0.00431116,
  "gsr_x": -0.01010363083332777,
  "gsr_y": 0.10008931159973145,
  "provenance": {
    "md5sum": "287e840385eada4054640521de14f8ce",
    "settings": {
      "fd_thres": 0.2,
      "testing": false
    },
    "software": "mriqc",
    "version": "22.0.1",
    "webapi_port": null,
    "webapi_url": "https://mriqc.nimh.nih.gov/api/v1"
  },
  "size_t": 444,
  "size_x": 100,
  "size_y": 100,
  "size_z": 72,
  "snr": 2.9400382836497325,
  "spacing_tr": 0.875,
  "spacing_x": 1.7999999523162842,
  "spacing_y": 1.7999999523162842,
  "spacing_z": 1.8000000715255737,
  "summary_bg_k": 48.30263200206001,
  "summary_bg_mad": 13.343419966550417,
  "summary_bg_mean": 40.73869705200195,
  "summary_bg_median": 21.74549674987793,
  "summary_bg_n": 381947.0,
  "summary_bg_p05": 11.015766143798828,
  "summary_bg_p95": 133.74549865722656,
  "summary_bg_stdv": 55.593528747558594,
  "summary_fg_k": 1.546986216429734,
  "summary_fg_mad": 98.61474271384316,
  "summary_fg_mean": 360.6890869140625,
  "summary_fg_median": 339.3389892578125,
  "summary_fg_n": 229140.0,
  "summary_fg_p05": 210.52444229125976,
  "summary_fg_p95": 578.2571136474609,
  "summary_fg_stdv": 115.41967010498047,
  "tsnr": 18.575749254436232
}