{
  "aor": 0.0002880725623582766,
  "aqi": 0.02200353083900227,
  "bids_meta": {
    "AcquisitionMatrixPE": 100,
    "AcquisitionNumber": 1,
    "AcquisitionTime": "08:38:41.707500",
    "BandwidthPerPixelPhaseEncode": 13.889,
    "BaseResolution": 100,
    "ConversionSoftware": "dcm2niix",
    "ConversionSoftwareVersion": "v1.0.20180404 Clang8.0.0",
    "DerivedVendorReportedEchoSpacing": 0.000719994,
    "DeviceSerialNumber": "35002",
    "DwellTime": 2.8e-06,
    "EchoTime": 0.0436,
    "EffectiveEchoSpacing": 0.000719994,
    "FlipAngle": 55,
    "ImageComments": "Unaliased_MB8_PE3_(remote)",
    "ImageOrientationPatientDICOM": [
      0.999999,
      0.000172538,
      -0.00172811,
      -4.99197e-08,
      0.995056,
      0.0993199
    ],
    "ImageType": [
      "ORIGINAL",
      "PRIMARY",
      "M",
      "MB",
      "ND",
      "MOSAIC"
    ],
    "InPlanePhaseEncodingDirectionDICOM": "COL",
    "InstitutionAddress": "University_Pkwy_1700_North_685_Provo_UT_US_84601",
    "InstitutionName": "Brigham_Young_University",
    "InstitutionalDepartmentName": "MRI",
    "MRAcquisitionType": "2D",
    "MagneticFieldStrength": 3,
    "Manufacturer": "Siemens",
    "ManufacturersModelName": "TrioTim",
    "Modality": "MR",
    "MultibandAccelerationFactor": 8,
    "PartialFourier": 1,
    "PatientPosition": "HFS",
    "PercentPhaseFOV": 100,
    "PhaseEncodingDirection": "j-",
    "PhaseEncodingSteps": 100,
    "PhaseResolution": 1,
    "PixelBandwidth": 1786,
    "ProcedureStepDescription": "Research_KIRWAN",
    "ProtocolName": "L",
    "PulseSequenceDetails": "%CustomerSeq%_cmrr_mbep2d_bold",
    "ReceiveCoilName": "32Ch_Head",
    "ReconMatrixPE": 100,
    "RepetitionTime": 0.875,
    "SAR": 0.114929,
    "ScanOptions": "FS",
    "ScanningSequence": "EP",
    "SequenceName": "epfid2d1_100",
    "SequenceVariant": "SK_SS",
    "SeriesDescription": "L",
    "SeriesNumber": 3,
    "ShimSetting": [
      -2859,
      -22976,
      2516,
      928,
      -25,
      227,
      -7,
      415
    ],
    "SliceThickness": 1.8,
    "SliceTiming": [
      0,
      0.4875,
      0.0975,
      0.585,
      0.195,
      0.685,
      0.2925,
      0.7825,
      0.39,
      0,
      0.4875,
      0.0975,
      0.585,
      0.195,
      0.685,
      0.2925,
      0.7825,
      0.39,
      0,
      0.4875,
      0.0975,
      0.585,
      0.195,
      0.685,
      0.2925,
      0.7825,
      0.39,
      0,
      0.4875,
      0.0975,
      0.585,
      0.195,
      0.685,
      0.2925,
      0.7825,
      0.39,
      0,
      0.4875,
      0.0975,
      0.585,
      0.195,
      0.685,
      0.2925,
      0.7825,
      0.39,
      0,
      0.4875,
      0.0975,
      0.585,
      0.195,
      0.685,
      0.2925,
      0.7825,
      0.39,
      0,
      0.4875,
      0.0975,
      0.585,
      0.195,
      0.685,
      0.2925,
      0.7825,
      0.39,
      0,
      0.4875,
      0.0975,
      0.585,
      0.195,
      0.685,
      0.2925,
      0.7825,
      0.39
    ],
    "SoftwareVersions": "syngo_MR_B17",
    "SpacingBetweenSlices": 1.8,
    "StationName": "MININT-E41B04",
    "TaskName": "PheromoneOlfaction",
    "TotalReadoutTime": 0.0712794,
    "TxRefAmp": 389.436,
    "dataset": "ds003606",
    "modality": "bold",
    "run_id": 3,
    "subject_id": "201",
    "task_id": "PheromoneOlfaction"
  },
  "dummy_trs": 5,
  "dvars_nstd": 74.36563533436362,
  "dvars_std": 1.0572789739999995,
  "dvars_vstd": 0.9973041192272734,
  "efc": 0.6461386322657846,
  "fber": 222.03253173828125,
  "fd_mean": 0.08722050881428878,
  "fd_num": 6,
  "fd_perc": 1.3605442176870748,
  "fwhm_avg": 2.5654703828330914,
  "fwhm_x": 2.4478722870686926,
  "fwhm_y": 2.734516739106622,
  "fwhm_z": 2.5140221223239587,
  "gcor": 0.00424798,
  "gsr_x": -0.01098306942731142,
  "gsr_y": 0.10329624265432358,
  "provenance": {
    "md5sum": "37d3f3cc1cff915d4465de83375592a3",
    "settings": {
      "fd_thres": 0.2,
      "testing": false
    },
    "software": "mriqc",
    "version": "22.0.1",
    "webapi_port": null,
    "webapi_url": "https://mriqc.nimh.nih.gov/api/v1"
  },
  "size_t": 441,
  "size_x": 100,
  "size_y": 100,
  "size_z": 72,
  "snr": 2.8993289769017814,
  "spacing_tr": 0.875,
  "spacing_x": 1.7999999523162842,
  "spacing_y": 1.7999999523162842,
  "spacing_z": 1.8000000715255737,
  "summary_bg_k": 50.404388657045054,
  "summary_bg_mad": 14.126745595855578,
  "summary_bg_mean": 41.103824615478516,
  "summary_bg_median": 22.21541976928711,
  "summary_bg_n": 382649.0,
  "summary_bg_p05": 10.702947616577148,
  "summary_bg_p95": 134.25079956054682,
  "summary_bg_stdv": 56.384727478027344,
  "summary_fg_k": 1.5289008603969716,
  "summary_fg_mad": 99.6369500692383,
  "summary_fg_mean": 360.1029968261719,
  "summary_fg_median": 338.45806884765625,
  "summary_fg_n": 228572.0,
  "summary_fg_p05": 208.6258544921875,
  "summary_fg_p95": 580.5872802734375,
  "summary_fg_stdv": 116.73643493652344,
  "tsnr": 18.874323319410905
}