{
  "bids_meta": {
    "AcquisitionMatrixPE": 256,
    "AcquisitionNumber": 1,
    "AcquisitionTime": "11:04:10.742500",
    "BaseResolution": 256,
    "ConversionSoftware": "dcm2niix",
    "ConversionSoftwareVersion": "v1.0.20180404 Clang8.0.0",
    "DeviceSerialNumber": "35002",
    "DwellTime": 1.03e-05,
    "EchoTime": 0.00492,
    "FlipAngle": 25,
    "ImageOrientationPatientDICOM": [
      0,
      1,
      0,
      0,
      0,
      -1
    ],
    "ImageType": [
      "ORIGINAL",
      "PRIMARY",
      "M",
      "ND",
      "NORM"
    ],
    "InPlanePhaseEncodingDirectionDICOM": "ROW",
    "InstitutionAddress": "University_Pkwy_1700_North_685_Provo_UT_US_84601",
    "InstitutionName": "Brigham_Young_University",
    "InstitutionalDepartmentName": "MRI",
    "MRAcquisitionType": "3D",
    "MagneticFieldStrength": 3,
    "Manufacturer": "Siemens",
    "ManufacturersModelName": "TrioTim",
    "Modality": "MR",
    "ParallelReductionFactorInPlane": 2,
    "PartialFourier": 1,
    "PatientPosition": "HFS",
    "PercentPhaseFOV": 100,
    "PhaseEncodingSteps": 255,
    "PhaseResolution": 1,
    "PixelBandwidth": 190,
    "ProcedureStepDescription": "Research_KIRWAN",
    "ProtocolName": "t1_fl3d_sag_no3Daccel_iso_1.0_1avg",
    "PulseSequenceDetails": "%SiemensSeq%_gre",
    "ReceiveCoilName": "32Ch_Head",
    "ReconMatrixPE": 256,
    "RepetitionTime": 0.02,
    "SAR": 0.172201,
    "ScanningSequence": "GR",
    "SequenceName": "_fl3d1_ns",
    "SequenceVariant": "SP",
    "SeriesDescription": "t1_fl3d_sag_no3Daccel_iso_1.0_1avg",
    "SeriesNumber": 5,
    "ShimSetting": [
      -2830,
      -22913,
      1923,
      -81,
      -87,
      -38,
      -253,
      388
    ],
    "SliceThickness": 1,
    "SoftwareVersions": "syngo_MR_B17",
    "StationName": "MININT-E41B04",
    "TxRefAmp": 396.461,
    "dataset": "ds003606",
    "modality": "T1w",
    "subject_id": "210"
  },
  "cjv": 0.46668933007846386,
  "cnr": 2.9330018928632637,
  "efc": 0.5424911731242881,
  "fber": 13856.815538285608,
  "fwhm_avg": 3.0984233333333333,
  "fwhm_x": 3.08618,
  "fwhm_y": 3.27679,
  "fwhm_z": 2.9323,
  "icvs_csf": 0.13503222327027956,
  "icvs_gm": 0.4348111538381738,
  "icvs_wm": 0.43015662289154666,
  "inu_med": 0.343199759721756,
  "inu_range": 0.07565865516662595,
  "provenance": {
    "md5sum": "b2e5b3c67a1d8c3fa66911a4c40ee125",
    "settings": {
      "testing": false
    },
    "software": "mriqc",
    "version": "22.0.1",
    "warnings": {
      "large_rot_frame": true,
      "small_air_mask": false
    },
    "webapi_port": null,
    "webapi_url": "https://mriqc.nimh.nih.gov/api/v1"
  },
  "qi_1": 7.778302979431945e-05,
  "qi_2": 0.011838250490054292,
  "rpve_csf": 39.46468681382726,
  "rpve_gm": 13.088158423273875,
  "rpve_wm": 14.592723774030134,
  "size_x": 192,
  "size_y": 256,
  "size_z": 256,
  "snr_csf": 2.2566754683375927,
  "snr_gm": 15.818859398182184,
  "snr_total": 13.36890470596756,
  "snr_wm": 22.031179251382902,
  "snrd_csf": 41.0950991705735,
  "snrd_gm": 90.74276840786365,
  "snrd_total": 81.78989054774651,
  "snrd_wm": 113.53180406480237,
  "spacing_x": 1.0,
  "spacing_y": 1.0,
  "spacing_z": 1.0,
  "summary_bg_k": 31.37537202934144,
  "summary_bg_mad": 5.77050998135031,
  "summary_bg_mean": 6.572244571853625,
  "summary_bg_median": 3.8921498358249664,
  "summary_bg_n": 4408851.0,
  "summary_bg_p05": 0.0,
  "summary_bg_p95": 21.500989012420177,
  "summary_bg_stdv": 8.40384526307954,
  "summary_csf_k": 0.5078897176579229,
  "summary_csf_mad": 145.19347695010455,
  "summary_csf_mean": 342.674345417238,
  "summary_csf_median": 361.9699347317219,
  "summary_csf_n": 15831.0,
  "summary_csf_p05": 79.52227104082704,
  "summary_csf_p95": 593.1448019966483,
  "summary_csf_stdv": 160.3945748138701,
  "summary_gm_k": 0.11095229651226024,
  "summary_gm_mad": 49.84045314537243,
  "summary_gm_mean": 799.5567088377901,
  "summary_gm_median": 799.2718017697334,
  "summary_gm_n": 31254.0,
  "summary_gm_p05": 716.3329137157649,
  "summary_gm_p95": 881.8230442553759,
  "summary_gm_stdv": 50.525704466857356,
  "summary_wm_k": 0.2871723773371584,
  "summary_wm_mad": 43.837261309935414,
  "summary_wm_mean": 1003.7906684711784,
  "summary_wm_median": 1000.0000130608678,
  "summary_wm_n": 203725.0,
  "summary_wm_p05": 936.0306472107768,
  "summary_wm_p95": 1084.2776123285294,
  "summary_wm_stdv": 45.3901058748902,
  "tpm_overlap_csf": 0.14120307365610077,
  "tpm_overlap_gm": 0.4564111080874594,
  "tpm_overlap_wm": 0.48530287067819955,
  "wm2max": 0.5910152711656506
}