{
  "aor": 0.0004873094170403587,
  "aqi": 0.01746830112107623,
  "bids_meta": {
    "AcquisitionMatrixPE": 100,
    "AcquisitionNumber": 1,
    "AcquisitionTime": "10:23:47.172500",
    "BandwidthPerPixelPhaseEncode": 13.889,
    "BaseResolution": 100,
    "ConversionSoftware": "dcm2niix",
    "ConversionSoftwareVersion": "v1.0.20180404 Clang8.0.0",
    "DerivedVendorReportedEchoSpacing": 0.000719994,
    "DeviceSerialNumber": "35002",
    "DwellTime": 2.8e-06,
    "EchoTime": 0.0436,
    "EffectiveEchoSpacing": 0.000719994,
    "FlipAngle": 55,
    "ImageComments": "Unaliased_MB8_PE3_(remote)",
    "ImageOrientationPatientDICOM": [
      0.999614,
      -0.00290372,
      -0.0276164,
      -2.07789e-08,
      0.994518,
      -0.104569
    ],
    "ImageType": [
      "ORIGINAL",
      "PRIMARY",
      "M",
      "MB",
      "ND",
      "MOSAIC"
    ],
    "InPlanePhaseEncodingDirectionDICOM": "COL",
    "InstitutionAddress": "University_Pkwy_1700_North_685_Provo_UT_US_84601",
    "InstitutionName": "Brigham_Young_University",
    "InstitutionalDepartmentName": "MRI",
    "MRAcquisitionType": "2D",
    "MagneticFieldStrength": 3,
    "Manufacturer": "Siemens",
    "ManufacturersModelName": "TrioTim",
    "Modality": "MR",
    "MultibandAccelerationFactor": 8,
    "PartialFourier": 1,
    "PatientPosition": "HFS",
    "PercentPhaseFOV": 100,
    "PhaseEncodingDirection": "j-",
    "PhaseEncodingSteps": 100,
    "PhaseResolution": 1,
    "PixelBandwidth": 1786,
    "ProcedureStepDescription": "Research_KIRWAN",
    "ProtocolName": "L",
    "PulseSequenceDetails": "%CustomerSeq%_cmrr_mbep2d_bold",
    "ReceiveCoilName": "32Ch_Head",
    "ReconMatrixPE": 100,
    "RepetitionTime": 0.875,
    "SAR": 0.115422,
    "ScanOptions": "FS",
    "ScanningSequence": "EP",
    "SequenceName": "epfid2d1_100",
    "SequenceVariant": "SK_SS",
    "SeriesDescription": "L",
    "SeriesNumber": 2,
    "ShimSetting": [
      -2853,
      -22871,
      2399,
      1074,
      -194,
      400,
      -326,
      486
    ],
    "SliceThickness": 1.8,
    "SliceTiming": [
      0,
      0.4875,
      0.0975,
      0.585,
      0.195,
      0.6825,
      0.2925,
      0.78,
      0.39,
      0,
      0.4875,
      0.0975,
      0.585,
      0.195,
      0.6825,
      0.2925,
      0.78,
      0.39,
      0,
      0.4875,
      0.0975,
      0.585,
      0.195,
      0.6825,
      0.2925,
      0.78,
      0.39,
      0,
      0.4875,
      0.0975,
      0.585,
      0.195,
      0.6825,
      0.2925,
      0.78,
      0.39,
      0,
      0.4875,
      0.0975,
      0.585,
      0.195,
      0.6825,
      0.2925,
      0.78,
      0.39,
      0,
      0.4875,
      0.0975,
      0.585,
      0.195,
      0.6825,
      0.2925,
      0.78,
      0.39,
      0,
      0.4875,
      0.0975,
      0.585,
      0.195,
      0.6825,
      0.2925,
      0.78,
      0.39,
      0,
      0.4875,
      0.0975,
      0.585,
      0.195,
      0.6825,
      0.2925,
      0.78,
      0.39
    ],
    "SoftwareVersions": "syngo_MR_B17",
    "SpacingBetweenSlices": 1.8,
    "StationName": "MININT-E41B04",
    "TaskName": "PheromoneOlfaction",
    "TotalReadoutTime": 0.0712794,
    "TxRefAmp": 402.025,
    "dataset": "ds003606",
    "modality": "bold",
    "run_id": 3,
    "subject_id": "208",
    "task_id": "PheromoneOlfaction"
  },
  "dummy_trs": 0,
  "dvars_nstd": 73.11555769006745,
  "dvars_std": 1.0485040370786516,
  "dvars_vstd": 1.0082725399550558,
  "efc": 0.652793515547038,
  "fber": 204.86907958984375,
  "fd_mean": 0.0694531933132866,
  "fd_num": 11,
  "fd_perc": 2.4663677130044843,
  "fwhm_avg": 2.869212976831225,
  "fwhm_x": 2.6906778490563985,
  "fwhm_y": 3.102116748844696,
  "fwhm_z": 2.81484433259258,
  "gcor": 0.00516868,
  "gsr_x": -0.03441491350531578,
  "gsr_y": 0.10063633322715759,
  "provenance": {
    "md5sum": "5e60ce07efbf4f17f89a9dea4b70b528",
    "settings": {
      "fd_thres": 0.2,
      "testing": false
    },
    "software": "mriqc",
    "version": "22.0.1",
    "webapi_port": null,
    "webapi_url": "https://mriqc.nimh.nih.gov/api/v1"
  },
  "size_t": 446,
  "size_x": 100,
  "size_y": 100,
  "size_z": 72,
  "snr": 2.4771625518430045,
  "spacing_tr": 0.875,
  "spacing_x": 1.7999999523162842,
  "spacing_y": 1.7999999523162842,
  "spacing_z": 1.8000000715255737,
  "summary_bg_k": 30.07423496602435,
  "summary_bg_mad": 13.689138875860781,
  "summary_bg_mean": 43.062747955322266,
  "summary_bg_median": 22.48206329345703,
  "summary_bg_n": 368611.0,
  "summary_bg_p05": 11.549327850341797,
  "summary_bg_p95": 150.33072662353516,
  "summary_bg_stdv": 55.007232666015625,
  "summary_fg_k": 2.7910696639931967,
  "summary_fg_mad": 107.81112501436395,
  "summary_fg_mean": 365.324462890625,
  "summary_fg_median": 338.7444152832031,
  "summary_fg_n": 237153.0,
  "summary_fg_p05": 195.20000915527345,
  "summary_fg_p95": 623.7071899414061,
  "summary_fg_stdv": 136.7466583251953,
  "tsnr": 19.142316087614745
}