{
  "aor": 0.0011156404494382024,
  "aqi": 0.02421787011235955,
  "bids_meta": {
    "AcquisitionMatrixPE": 100,
    "AcquisitionNumber": 1,
    "AcquisitionTime": "12:23:10.917500",
    "BandwidthPerPixelPhaseEncode": 13.889,
    "BaseResolution": 100,
    "ConversionSoftware": "dcm2niix",
    "ConversionSoftwareVersion": "v1.0.20180404 Clang8.0.0",
    "DerivedVendorReportedEchoSpacing": 0.000719994,
    "DeviceSerialNumber": "35002",
    "DwellTime": 2.8e-06,
    "EchoTime": 0.0436,
    "EffectiveEchoSpacing": 0.000719994,
    "FlipAngle": 55,
    "ImageComments": "Unaliased_MB8_PE3_(remote)",
    "ImageOrientationPatientDICOM": [
      1,
      0,
      0,
      0,
      0.999962,
      -0.00872654
    ],
    "ImageType": [
      "ORIGINAL",
      "PRIMARY",
      "M",
      "MB",
      "ND",
      "MOSAIC"
    ],
    "InPlanePhaseEncodingDirectionDICOM": "COL",
    "InstitutionAddress": "University_Pkwy_1700_North_685_Provo_UT_US_84601",
    "InstitutionName": "Brigham_Young_University",
    "InstitutionalDepartmentName": "MRI",
    "MRAcquisitionType": "2D",
    "MagneticFieldStrength": 3,
    "Manufacturer": "Siemens",
    "ManufacturersModelName": "TrioTim",
    "Modality": "MR",
    "MultibandAccelerationFactor": 8,
    "PartialFourier": 1,
    "PatientPosition": "HFS",
    "PercentPhaseFOV": 100,
    "PhaseEncodingDirection": "j-",
    "PhaseEncodingSteps": 100,
    "PhaseResolution": 1,
    "PixelBandwidth": 1786,
    "ProcedureStepDescription": "Research_KIRWAN",
    "ProtocolName": "P2",
    "PulseSequenceDetails": "%CustomerSeq%_cmrr_mbep2d_bold",
    "ReceiveCoilName": "32Ch_Head",
    "ReconMatrixPE": 100,
    "RepetitionTime": 0.875,
    "SAR": 0.141815,
    "ScanOptions": "FS",
    "ScanningSequence": "EP",
    "SequenceName": "epfid2d1_100",
    "SequenceVariant": "SK_SS",
    "SeriesDescription": "P2",
    "SeriesNumber": 3,
    "ShimSetting": [
      -2858,
      -22998,
      2538,
      806,
      9,
      -78,
      208,
      507
    ],
    "SliceThickness": 1.8,
    "SliceTiming": [
      0,
      0.4875,
      0.0975,
      0.585,
      0.195,
      0.6825,
      0.2925,
      0.7825,
      0.39,
      0,
      0.4875,
      0.0975,
      0.585,
      0.195,
      0.6825,
      0.2925,
      0.7825,
      0.39,
      0,
      0.4875,
      0.0975,
      0.585,
      0.195,
      0.6825,
      0.2925,
      0.7825,
      0.39,
      0,
      0.4875,
      0.0975,
      0.585,
      0.195,
      0.6825,
      0.2925,
      0.7825,
      0.39,
      0,
      0.4875,
      0.0975,
      0.585,
      0.195,
      0.6825,
      0.2925,
      0.7825,
      0.39,
      0,
      0.4875,
      0.0975,
      0.585,
      0.195,
      0.6825,
      0.2925,
      0.7825,
      0.39,
      0,
      0.4875,
      0.0975,
      0.585,
      0.195,
      0.6825,
      0.2925,
      0.7825,
      0.39,
      0,
      0.4875,
      0.0975,
      0.585,
      0.195,
      0.6825,
      0.2925,
      0.7825,
      0.39
    ],
    "SoftwareVersions": "syngo_MR_B17",
    "SpacingBetweenSlices": 1.8,
    "StationName": "MININT-E41B04",
    "TaskName": "PheromoneOlfaction",
    "TotalReadoutTime": 0.0712794,
    "TxRefAmp": 375.677,
    "dataset": "ds003606",
    "modality": "bold",
    "run_id": 2,
    "subject_id": "204",
    "task_id": "PheromoneOlfaction"
  },
  "dummy_trs": 1,
  "dvars_nstd": 74.19709128313059,
  "dvars_std": 1.0069628009684675,
  "dvars_vstd": 0.9776847197747743,
  "efc": 0.6469600073542443,
  "fber": 142.12989807128906,
  "fd_mean": 0.14626640671883864,
  "fd_num": 56,
  "fd_perc": 12.584269662921349,
  "fwhm_avg": 3.254766752888541,
  "fwhm_x": 3.1424167499122815,
  "fwhm_y": 3.4525223136828296,
  "fwhm_z": 3.1693611950705107,
  "gcor": 0.00427372,
  "gsr_x": -0.026829950511455536,
  "gsr_y": 0.1184471845626831,
  "provenance": {
    "md5sum": "c64830311c7b0cfaefa8f7dfb7a2b82f",
    "settings": {
      "fd_thres": 0.2,
      "testing": false
    },
    "software": "mriqc",
    "version": "22.0.1",
    "webapi_port": null,
    "webapi_url": "https://mriqc.nimh.nih.gov/api/v1"
  },
  "size_t": 445,
  "size_x": 100,
  "size_y": 100,
  "size_z": 72,
  "snr": 1.9708504036201957,
  "spacing_tr": 0.875,
  "spacing_x": 1.7999999523162842,
  "spacing_y": 1.7999999523162842,
  "spacing_z": 1.7999999523162842,
  "summary_bg_k": 26.59403180789197,
  "summary_bg_mad": 21.742611741607195,
  "summary_bg_mean": 56.04233932495117,
  "summary_bg_median": 31.386516571044922,
  "summary_bg_n": 364953.0,
  "summary_bg_p05": 14.148314476013184,
  "summary_bg_p95": 190.60584411621062,
  "summary_bg_stdv": 68.44815063476562,
  "summary_fg_k": 3.9374477465822624,
  "summary_fg_mad": 143.73076981835598,
  "summary_fg_mean": 435.03436279296875,
  "summary_fg_median": 386.0595703125,
  "summary_fg_n": 246586.0,
  "summary_fg_p05": 221.52191162109375,
  "summary_fg_p95": 832.5730285644531,
  "summary_fg_stdv": 195.88436889648438,
  "tsnr": 16.069791434099898
}