{
  "aor": 0.00028865470852017943,
  "aqi": 0.016667902914798208,
  "bids_meta": {
    "AcquisitionMatrixPE": 100,
    "AcquisitionNumber": 1,
    "AcquisitionTime": "15:23:18.797500",
    "BandwidthPerPixelPhaseEncode": 13.889,
    "BaseResolution": 100,
    "ConversionSoftware": "dcm2niix",
    "ConversionSoftwareVersion": "v1.0.20180404 Clang8.0.0",
    "DerivedVendorReportedEchoSpacing": 0.000719994,
    "DeviceSerialNumber": "35002",
    "DwellTime": 2.8e-06,
    "EchoTime": 0.0436,
    "EffectiveEchoSpacing": 0.000719994,
    "FlipAngle": 55,
    "ImageComments": "Unaliased_MB8_PE3_(remote)",
    "ImageOrientationPatientDICOM": [
      1,
      0,
      0,
      0,
      0.996637,
      -0.0819385
    ],
    "ImageType": [
      "ORIGINAL",
      "PRIMARY",
      "M",
      "MB",
      "ND",
      "MOSAIC"
    ],
    "InPlanePhaseEncodingDirectionDICOM": "COL",
    "InstitutionAddress": "University_Pkwy_1700_North_685_Provo_UT_US_84601",
    "InstitutionName": "Brigham_Young_University",
    "InstitutionalDepartmentName": "MRI",
    "MRAcquisitionType": "2D",
    "MagneticFieldStrength": 3,
    "Manufacturer": "Siemens",
    "ManufacturersModelName": "TrioTim",
    "Modality": "MR",
    "MultibandAccelerationFactor": 8,
    "PartialFourier": 1,
    "PatientPosition": "HFS",
    "PercentPhaseFOV": 100,
    "PhaseEncodingDirection": "j-",
    "PhaseEncodingSteps": 100,
    "PhaseResolution": 1,
    "PixelBandwidth": 1786,
    "ProcedureStepDescription": "Research_KIRWAN",
    "ProtocolName": "P2",
    "PulseSequenceDetails": "%CustomerSeq%_cmrr_mbep2d_bold",
    "ReceiveCoilName": "32Ch_Head",
    "ReconMatrixPE": 100,
    "RepetitionTime": 0.875,
    "SAR": 0.11769,
    "ScanOptions": "FS",
    "ScanningSequence": "EP",
    "SequenceName": "epfid2d1_100",
    "SequenceVariant": "SK_SS",
    "SeriesDescription": "P2",
    "SeriesNumber": 2,
    "ShimSetting": [
      -2838,
      -22932,
      2487,
      736,
      -283,
      115,
      -313,
      418
    ],
    "SliceThickness": 1.8,
    "SliceTiming": [
      0,
      0.49,
      0.0975,
      0.5875,
      0.1975,
      0.685,
      0.295,
      0.7825,
      0.3925,
      0,
      0.49,
      0.0975,
      0.5875,
      0.1975,
      0.685,
      0.295,
      0.7825,
      0.3925,
      0,
      0.49,
      0.0975,
      0.5875,
      0.1975,
      0.685,
      0.295,
      0.7825,
      0.3925,
      0,
      0.49,
      0.0975,
      0.5875,
      0.1975,
      0.685,
      0.295,
      0.7825,
      0.3925,
      0,
      0.49,
      0.0975,
      0.5875,
      0.1975,
      0.685,
      0.295,
      0.7825,
      0.3925,
      0,
      0.49,
      0.0975,
      0.5875,
      0.1975,
      0.685,
      0.295,
      0.7825,
      0.3925,
      0,
      0.49,
      0.0975,
      0.5875,
      0.1975,
      0.685,
      0.295,
      0.7825,
      0.3925,
      0,
      0.49,
      0.0975,
      0.5875,
      0.1975,
      0.685,
      0.295,
      0.7825,
      0.3925
    ],
    "SoftwareVersions": "syngo_MR_B17",
    "SpacingBetweenSlices": 1.8,
    "StationName": "MININT-E41B04",
    "TaskName": "PheromoneOlfaction",
    "TotalReadoutTime": 0.0712794,
    "TxRefAmp": 387.85,
    "dataset": "ds003606",
    "modality": "bold",
    "run_id": 2,
    "subject_id": "108",
    "task_id": "PheromoneOlfaction"
  },
  "dummy_trs": 0,
  "dvars_nstd": 69.1964761885168,
  "dvars_std": 1.043521301258427,
  "dvars_vstd": 0.9976894348314612,
  "efc": 0.5988465674159329,
  "fber": 267.4304504394531,
  "fd_mean": 0.14978509016467198,
  "fd_num": 92,
  "fd_perc": 20.62780269058296,
  "fwhm_avg": 3.3140944613647343,
  "fwhm_x": 3.21922230750249,
  "fwhm_y": 3.5126112041635302,
  "fwhm_z": 3.210449872428184,
  "gcor": 0.00386122,
  "gsr_x": -0.03460300341248512,
  "gsr_y": 0.11963433027267456,
  "provenance": {
    "md5sum": "4e220eb671bd0b1bf6eee722c543ab18",
    "settings": {
      "fd_thres": 0.2,
      "testing": false
    },
    "software": "mriqc",
    "version": "22.0.1",
    "webapi_port": null,
    "webapi_url": "https://mriqc.nimh.nih.gov/api/v1"
  },
  "size_t": 446,
  "size_x": 100,
  "size_y": 100,
  "size_z": 72,
  "snr": 2.078469346054352,
  "spacing_tr": 0.875,
  "spacing_x": 1.7999999523162842,
  "spacing_y": 1.7999999523162842,
  "spacing_z": 1.8000000715255737,
  "summary_bg_k": 56.52733823229926,
  "summary_bg_mad": 13.124022053337152,
  "summary_bg_mean": 40.1199951171875,
  "summary_bg_median": 21.585203170776367,
  "summary_bg_n": 400820.0,
  "summary_bg_p05": 11.37668228149414,
  "summary_bg_p95": 124.67041015625,
  "summary_bg_stdv": 64.08657836914062,
  "summary_fg_k": 5.480856502990212,
  "summary_fg_mad": 124.97077069257986,
  "summary_fg_mean": 410.2298583984375,
  "summary_fg_median": 367.4058532714844,
  "summary_fg_n": 209793.0,
  "summary_fg_p05": 218.89956359863282,
  "summary_fg_p95": 761.5762939453125,
  "summary_fg_stdv": 176.76708984375,
  "tsnr": 19.779570562765002
}