{
  "aor": 0.0004519325842696629,
  "aqi": 0.016134447191011234,
  "bids_meta": {
    "AcquisitionMatrixPE": 100,
    "AcquisitionNumber": 1,
    "AcquisitionTime": "16:26:37.865000",
    "BandwidthPerPixelPhaseEncode": 13.889,
    "BaseResolution": 100,
    "ConversionSoftware": "dcm2niix",
    "ConversionSoftwareVersion": "v1.0.20180404 Clang8.0.0",
    "DerivedVendorReportedEchoSpacing": 0.000719994,
    "DeviceSerialNumber": "35002",
    "DwellTime": 2.8e-06,
    "EchoTime": 0.0436,
    "EffectiveEchoSpacing": 0.000719994,
    "FlipAngle": 55,
    "ImageComments": "Unaliased_MB8_PE3_(remote)",
    "ImageOrientationPatientDICOM": [
      1,
      -1e-16,
      0,
      1e-16,
      0.999848,
      -0.0174524
    ],
    "ImageType": [
      "ORIGINAL",
      "PRIMARY",
      "M",
      "MB",
      "ND",
      "MOSAIC"
    ],
    "InPlanePhaseEncodingDirectionDICOM": "COL",
    "InstitutionAddress": "University_Pkwy_1700_North_685_Provo_UT_US_84601",
    "InstitutionName": "Brigham_Young_University",
    "InstitutionalDepartmentName": "MRI",
    "MRAcquisitionType": "2D",
    "MagneticFieldStrength": 3,
    "Manufacturer": "Siemens",
    "ManufacturersModelName": "TrioTim",
    "Modality": "MR",
    "MultibandAccelerationFactor": 8,
    "PartialFourier": 1,
    "PatientPosition": "HFS",
    "PercentPhaseFOV": 100,
    "PhaseEncodingDirection": "j-",
    "PhaseEncodingSteps": 100,
    "PhaseResolution": 1,
    "PixelBandwidth": 1786,
    "ProcedureStepDescription": "Research_KIRWAN",
    "ProtocolName": "L",
    "PulseSequenceDetails": "%CustomerSeq%_cmrr_mbep2d_bold",
    "ReceiveCoilName": "32Ch_Head",
    "ReconMatrixPE": 100,
    "RepetitionTime": 0.875,
    "SAR": 0.115105,
    "ScanOptions": "FS",
    "ScanningSequence": "EP",
    "SequenceName": "epfid2d1_100",
    "SequenceVariant": "SK_SS",
    "SeriesDescription": "L",
    "SeriesNumber": 3,
    "ShimSetting": [
      -2830,
      -22848,
      2399,
      861,
      -121,
      532,
      216,
      401
    ],
    "SliceThickness": 1.8,
    "SliceTiming": [
      0,
      0.4875,
      0.0975,
      0.585,
      0.195,
      0.685,
      0.2925,
      0.7825,
      0.39,
      0,
      0.4875,
      0.0975,
      0.585,
      0.195,
      0.685,
      0.2925,
      0.7825,
      0.39,
      0,
      0.4875,
      0.0975,
      0.585,
      0.195,
      0.685,
      0.2925,
      0.7825,
      0.39,
      0,
      0.4875,
      0.0975,
      0.585,
      0.195,
      0.685,
      0.2925,
      0.7825,
      0.39,
      0,
      0.4875,
      0.0975,
      0.585,
      0.195,
      0.685,
      0.2925,
      0.7825,
      0.39,
      0,
      0.4875,
      0.0975,
      0.585,
      0.195,
      0.685,
      0.2925,
      0.7825,
      0.39,
      0,
      0.4875,
      0.0975,
      0.585,
      0.195,
      0.685,
      0.2925,
      0.7825,
      0.39,
      0,
      0.4875,
      0.0975,
      0.585,
      0.195,
      0.685,
      0.2925,
      0.7825,
      0.39
    ],
    "SoftwareVersions": "syngo_MR_B17",
    "SpacingBetweenSlices": 1.8,
    "StationName": "MININT-E41B04",
    "TaskName": "PheromoneOlfaction",
    "TotalReadoutTime": 0.0712794,
    "TxRefAmp": 392.892,
    "dataset": "ds003606",
    "modality": "bold",
    "run_id": 3,
    "subject_id": "205",
    "task_id": "PheromoneOlfaction"
  },
  "dummy_trs": 1,
  "dvars_nstd": 72.7562555365765,
  "dvars_std": 1.0418986779279285,
  "dvars_vstd": 1.0014304601576576,
  "efc": 0.6260678705397846,
  "fber": 221.63375854492188,
  "fd_mean": 0.1281079194274244,
  "fd_num": 64,
  "fd_perc": 14.382022471910112,
  "fwhm_avg": 3.2644167531441783,
  "fwhm_x": 3.1340445274682716,
  "fwhm_y": 3.4844723145292154,
  "fwhm_z": 3.174733417435048,
  "gcor": 0.00388839,
  "gsr_x": -0.03155292943120003,
  "gsr_y": 0.12974782288074493,
  "provenance": {
    "md5sum": "00b9bd66b19f78b06a6434c7d2d42c1a",
    "settings": {
      "fd_thres": 0.2,
      "testing": false
    },
    "software": "mriqc",
    "version": "22.0.1",
    "webapi_port": null,
    "webapi_url": "https://mriqc.nimh.nih.gov/api/v1"
  },
  "size_t": 445,
  "size_x": 100,
  "size_y": 100,
  "size_z": 72,
  "snr": 2.041119688213487,
  "spacing_tr": 0.875,
  "spacing_x": 1.7999999523162842,
  "spacing_y": 1.7999999523162842,
  "spacing_z": 1.7999999523162842,
  "summary_bg_k": 42.3671420507973,
  "summary_bg_mad": 13.549985144954613,
  "summary_bg_mean": 45.48416519165039,
  "summary_bg_median": 22.815731048583984,
  "summary_bg_n": 381234.0,
  "summary_bg_p05": 12.139326095581055,
  "summary_bg_p95": 157.24269104003906,
  "summary_bg_stdv": 66.97047424316406,
  "summary_fg_k": 3.3200550354990757,
  "summary_fg_mad": 125.28486446091684,
  "summary_fg_mean": 400.54119873046875,
  "summary_fg_median": 356.2539367675781,
  "summary_fg_n": 227763.0,
  "summary_fg_p05": 206.01168060302734,
  "summary_fg_p95": 757.2786865234375,
  "summary_fg_stdv": 174.53810119628906,
  "tsnr": 19.91526973620057
}