{
  "bids_meta": {
    "AcquisitionMatrixPE": 256,
    "AcquisitionNumber": 1,
    "AcquisitionTime": "14:38:52.082500",
    "BaseResolution": 256,
    "ConversionSoftware": "dcm2niix",
    "ConversionSoftwareVersion": "v1.0.20180404 Clang8.0.0",
    "DeviceSerialNumber": "35002",
    "DwellTime": 1.03e-05,
    "EchoTime": 0.00492,
    "FlipAngle": 25,
    "ImageOrientationPatientDICOM": [
      0,
      1,
      1e-16,
      0.0139622,
      0,
      -0.999903
    ],
    "ImageType": [
      "ORIGINAL",
      "PRIMARY",
      "M",
      "ND",
      "NORM"
    ],
    "InPlanePhaseEncodingDirectionDICOM": "ROW",
    "InstitutionAddress": "University_Pkwy_1700_North_685_Provo_UT_US_84601",
    "InstitutionName": "Brigham_Young_University",
    "InstitutionalDepartmentName": "MRI",
    "MRAcquisitionType": "3D",
    "MagneticFieldStrength": 3,
    "Manufacturer": "Siemens",
    "ManufacturersModelName": "TrioTim",
    "Modality": "MR",
    "ParallelReductionFactorInPlane": 2,
    "PartialFourier": 1,
    "PatientPosition": "HFS",
    "PercentPhaseFOV": 100,
    "PhaseEncodingSteps": 255,
    "PhaseResolution": 1,
    "PixelBandwidth": 190,
    "ProcedureStepDescription": "Research_KIRWAN",
    "ProtocolName": "t1_fl3d_sag_no3Daccel_iso_1.0_1avg",
    "PulseSequenceDetails": "%SiemensSeq%_gre",
    "ReceiveCoilName": "32Ch_Head",
    "ReconMatrixPE": 256,
    "RepetitionTime": 0.02,
    "SAR": 0.187221,
    "ScanningSequence": "GR",
    "SequenceName": "_fl3d1_ns",
    "SequenceVariant": "SP",
    "SeriesDescription": "t1_fl3d_sag_no3Daccel_iso_1.0_1avg",
    "SeriesNumber": 5,
    "ShimSetting": [
      -2830,
      -22913,
      1923,
      -81,
      -87,
      -38,
      -253,
      388
    ],
    "SliceThickness": 1,
    "SoftwareVersions": "syngo_MR_B17",
    "StationName": "MININT-E41B04",
    "TxRefAmp": 385.662,
    "dataset": "ds003606",
    "modality": "T1w",
    "subject_id": "202"
  },
  "cjv": 0.39144992632382203,
  "cnr": 3.44512713903141,
  "efc": 0.54054180360167,
  "fber": 15737.5874084673,
  "fwhm_avg": 3.3030818521050835,
  "fwhm_x": 3.214465556315251,
  "fwhm_y": 3.56411,
  "fwhm_z": 3.13067,
  "icvs_csf": 0.16744369464469855,
  "icvs_gm": 0.45625569651573494,
  "icvs_wm": 0.3763006088395665,
  "inu_med": 0.29591381549835205,
  "inu_range": 0.07734473049640656,
  "provenance": {
    "md5sum": "10ca5af3e921458483ff03adef8c7b26",
    "settings": {
      "testing": false
    },
    "software": "mriqc",
    "version": "22.0.1",
    "warnings": {
      "large_rot_frame": true,
      "small_air_mask": false
    },
    "webapi_port": null,
    "webapi_url": "https://mriqc.nimh.nih.gov/api/v1"
  },
  "qi_1": 0.0,
  "qi_2": 0.012017413951677767,
  "rpve_csf": 31.885948265980616,
  "rpve_gm": 12.65042544529262,
  "rpve_wm": 16.73956866344627,
  "size_x": 192,
  "size_y": 256,
  "size_z": 256,
  "snr_csf": 2.1403687122508215,
  "snr_gm": 16.682603862363997,
  "snr_total": 15.201167397457809,
  "snr_wm": 26.78052961775861,
  "snrd_csf": 61.43551619955696,
  "snrd_gm": 134.8755147733137,
  "snrd_total": 122.26190925205906,
  "snrd_wm": 170.47469678330646,
  "spacing_x": 0.9999982714653015,
  "spacing_y": 1.0,
  "spacing_z": 1.0,
  "summary_bg_k": 11.195137114290953,
  "summary_bg_mad": 3.843012684681763,
  "summary_bg_mean": 3.874117118207931,
  "summary_bg_median": 2.5920726656913757,
  "summary_bg_n": 3415212.0,
  "summary_bg_p05": 0.0,
  "summary_bg_p95": 14.661411015316844,
  "summary_bg_stdv": 5.538536637823816,
  "summary_csf_k": -0.020293556915459643,
  "summary_csf_mad": 161.16634446384145,
  "summary_csf_mean": 321.45943437896955,
  "summary_csf_median": 360.3791028019041,
  "summary_csf_n": 27981.0,
  "summary_csf_p05": 50.03240259923041,
  "summary_csf_p95": 559.9146965462714,
  "summary_csf_stdv": 168.36943138384402,
  "summary_gm_k": 0.33230384451116457,
  "summary_gm_mad": 46.03608945191696,
  "summary_gm_mean": 790.7535049193428,
  "summary_gm_median": 791.1761796884239,
  "summary_gm_n": 46351.0,
  "summary_gm_p05": 712.5769762527198,
  "summary_gm_p95": 867.4938191631809,
  "summary_gm_stdv": 47.42470968869743,
  "summary_wm_k": 0.4864129294452,
  "summary_wm_mad": 35.70799286183472,
  "summary_wm_mean": 1001.0561173878939,
  "summary_wm_median": 1000.0000338181853,
  "summary_wm_n": 205694.0,
  "summary_wm_p05": 941.8944048956037,
  "summary_wm_p95": 1063.9108254816383,
  "summary_wm_stdv": 37.34047150272841,
  "tpm_overlap_csf": 0.13553724243240658,
  "tpm_overlap_gm": 0.47367122010865786,
  "tpm_overlap_wm": 0.5069608610807662,
  "wm2max": 0.705346257431624
}