{
  "aor": 0.0004896153846153846,
  "aqi": 0.01805145067873303,
  "bids_meta": {
    "AcquisitionMatrixPE": 100,
    "AcquisitionNumber": 1,
    "AcquisitionTime": "11:15:44.097500",
    "BandwidthPerPixelPhaseEncode": 13.889,
    "BaseResolution": 100,
    "ConversionSoftware": "dcm2niix",
    "ConversionSoftwareVersion": "v1.0.20180404 Clang8.0.0",
    "DerivedVendorReportedEchoSpacing": 0.000719994,
    "DeviceSerialNumber": "35002",
    "DwellTime": 2.8e-06,
    "EchoTime": 0.0436,
    "EffectiveEchoSpacing": 0.000719994,
    "FlipAngle": 55,
    "ImageComments": "Unaliased_MB8_PE3_(remote)",
    "ImageOrientationPatientDICOM": [
      1,
      0,
      0,
      0,
      0.962692,
      -0.2706
    ],
    "ImageType": [
      "ORIGINAL",
      "PRIMARY",
      "M",
      "MB",
      "ND",
      "MOSAIC"
    ],
    "InPlanePhaseEncodingDirectionDICOM": "COL",
    "InstitutionAddress": "University_Pkwy_1700_North_685_Provo_UT_US_84601",
    "InstitutionName": "Brigham_Young_University",
    "InstitutionalDepartmentName": "MRI",
    "MRAcquisitionType": "2D",
    "MagneticFieldStrength": 3,
    "Manufacturer": "Siemens",
    "ManufacturersModelName": "TrioTim",
    "Modality": "MR",
    "MultibandAccelerationFactor": 8,
    "PartialFourier": 1,
    "PatientPosition": "HFS",
    "PercentPhaseFOV": 100,
    "PhaseEncodingDirection": "j-",
    "PhaseEncodingSteps": 100,
    "PhaseResolution": 1,
    "PixelBandwidth": 1786,
    "ProcedureStepDescription": "Research_KIRWAN",
    "ProtocolName": "P2",
    "PulseSequenceDetails": "%CustomerSeq%_cmrr_mbep2d_bold",
    "ReceiveCoilName": "32Ch_Head",
    "ReconMatrixPE": 100,
    "RepetitionTime": 0.875,
    "SAR": 0.148042,
    "ScanOptions": "FS",
    "ScanningSequence": "EP",
    "SequenceName": "epfid2d1_100",
    "SequenceVariant": "SK_SS",
    "SeriesDescription": "P2",
    "SeriesNumber": 2,
    "ShimSetting": [
      -2816,
      -22831,
      2307,
      357,
      -38,
      399,
      -156,
      317
    ],
    "SliceThickness": 1.8,
    "SliceTiming": [
      0,
      0.4875,
      0.0975,
      0.5875,
      0.195,
      0.685,
      0.2925,
      0.7825,
      0.39,
      0,
      0.4875,
      0.0975,
      0.5875,
      0.195,
      0.685,
      0.2925,
      0.7825,
      0.39,
      0,
      0.4875,
      0.0975,
      0.5875,
      0.195,
      0.685,
      0.2925,
      0.7825,
      0.39,
      0,
      0.4875,
      0.0975,
      0.5875,
      0.195,
      0.685,
      0.2925,
      0.7825,
      0.39,
      0,
      0.4875,
      0.0975,
      0.5875,
      0.195,
      0.685,
      0.2925,
      0.7825,
      0.39,
      0,
      0.4875,
      0.0975,
      0.5875,
      0.195,
      0.685,
      0.2925,
      0.7825,
      0.39,
      0,
      0.4875,
      0.0975,
      0.5875,
      0.195,
      0.685,
      0.2925,
      0.7825,
      0.39,
      0,
      0.4875,
      0.0975,
      0.5875,
      0.195,
      0.685,
      0.2925,
      0.7825,
      0.39
    ],
    "SoftwareVersions": "syngo_MR_B17",
    "SpacingBetweenSlices": 1.8,
    "StationName": "MININT-E41B04",
    "TaskName": "PheromoneOlfaction",
    "TotalReadoutTime": 0.0712794,
    "TxRefAmp": 424.198,
    "dataset": "ds003606",
    "modality": "bold",
    "run_id": 2,
    "subject_id": "213",
    "task_id": "PheromoneOlfaction"
  },
  "dummy_trs": 4,
  "dvars_nstd": 75.56075356079367,
  "dvars_std": 1.0503523196371893,
  "dvars_vstd": 1.0032620550793647,
  "efc": 0.6831673271723193,
  "fber": 112.65383911132812,
  "fd_mean": 0.08287902125994301,
  "fd_num": 12,
  "fd_perc": 2.7149321266968327,
  "fwhm_avg": 3.016463042871944,
  "fwhm_x": 2.8798722985127845,
  "fwhm_y": 3.0795334149131093,
  "fwhm_z": 3.0899834151899395,
  "gcor": 0.0039665,
  "gsr_x": -0.04470251500606537,
  "gsr_y": 0.11184251308441162,
  "provenance": {
    "md5sum": "7d313b3e5a2ddc992206bf510fc61826",
    "settings": {
      "fd_thres": 0.2,
      "testing": false
    },
    "software": "mriqc",
    "version": "22.0.1",
    "webapi_port": null,
    "webapi_url": "https://mriqc.nimh.nih.gov/api/v1"
  },
  "size_t": 442,
  "size_x": 100,
  "size_y": 100,
  "size_z": 72,
  "snr": 1.952266455243661,
  "spacing_tr": 0.875,
  "spacing_x": 1.7999999523162842,
  "spacing_y": 1.7999999523162842,
  "spacing_z": 1.7999999523162842,
  "summary_bg_k": 79.64261832422534,
  "summary_bg_mad": 22.680125309533913,
  "summary_bg_mean": 59.40761184692383,
  "summary_bg_median": 32.494346618652344,
  "summary_bg_n": 309020.0,
  "summary_bg_p05": 13.205883026123047,
  "summary_bg_p95": 177.8576942443847,
  "summary_bg_stdv": 98.54505157470703,
  "summary_fg_k": 9.286112710142493,
  "summary_fg_mad": 136.45976150484347,
  "summary_fg_mean": 403.5989074707031,
  "summary_fg_median": 360.02716064453125,
  "summary_fg_n": 294732.0,
  "summary_fg_p05": 205.55430603027344,
  "summary_fg_p95": 739.4691406250006,
  "summary_fg_stdv": 184.41465759277344,
  "tsnr": 17.534718967974186
}