{
  "aor": 0.0003173242630385487,
  "aqi": 0.01874820566893424,
  "bids_meta": {
    "AcquisitionMatrixPE": 100,
    "AcquisitionNumber": 1,
    "AcquisitionTime": "11:29:58.430000",
    "BandwidthPerPixelPhaseEncode": 13.889,
    "BaseResolution": 100,
    "ConversionSoftware": "dcm2niix",
    "ConversionSoftwareVersion": "v1.0.20180404 Clang8.0.0",
    "DerivedVendorReportedEchoSpacing": 0.000719994,
    "DeviceSerialNumber": "35002",
    "DwellTime": 2.8e-06,
    "EchoTime": 0.0436,
    "EffectiveEchoSpacing": 0.000719994,
    "FlipAngle": 55,
    "ImageComments": "Unaliased_MB8_PE3_(remote)",
    "ImageOrientationPatientDICOM": [
      1,
      0,
      0,
      0,
      0.962692,
      -0.2706
    ],
    "ImageType": [
      "ORIGINAL",
      "PRIMARY",
      "M",
      "MB",
      "ND",
      "MOSAIC"
    ],
    "InPlanePhaseEncodingDirectionDICOM": "COL",
    "InstitutionAddress": "University_Pkwy_1700_North_685_Provo_UT_US_84601",
    "InstitutionName": "Brigham_Young_University",
    "InstitutionalDepartmentName": "MRI",
    "MRAcquisitionType": "2D",
    "MagneticFieldStrength": 3,
    "Manufacturer": "Siemens",
    "ManufacturersModelName": "TrioTim",
    "Modality": "MR",
    "MultibandAccelerationFactor": 8,
    "PartialFourier": 1,
    "PatientPosition": "HFS",
    "PercentPhaseFOV": 100,
    "PhaseEncodingDirection": "j-",
    "PhaseEncodingSteps": 100,
    "PhaseResolution": 1,
    "PixelBandwidth": 1786,
    "ProcedureStepDescription": "Research_KIRWAN",
    "ProtocolName": "P1",
    "PulseSequenceDetails": "%CustomerSeq%_cmrr_mbep2d_bold",
    "ReceiveCoilName": "32Ch_Head",
    "ReconMatrixPE": 100,
    "RepetitionTime": 0.875,
    "SAR": 0.153021,
    "ScanOptions": "FS",
    "ScanningSequence": "EP",
    "SequenceName": "epfid2d1_100",
    "SequenceVariant": "SK_SS",
    "SeriesDescription": "P1",
    "SeriesNumber": 4,
    "ShimSetting": [
      -2816,
      -22831,
      2307,
      357,
      -38,
      399,
      -156,
      317
    ],
    "SliceThickness": 1.8,
    "SliceTiming": [
      0,
      0.4875,
      0.0975,
      0.585,
      0.195,
      0.6825,
      0.2925,
      0.78,
      0.39,
      0,
      0.4875,
      0.0975,
      0.585,
      0.195,
      0.6825,
      0.2925,
      0.78,
      0.39,
      0,
      0.4875,
      0.0975,
      0.585,
      0.195,
      0.6825,
      0.2925,
      0.78,
      0.39,
      0,
      0.4875,
      0.0975,
      0.585,
      0.195,
      0.6825,
      0.2925,
      0.78,
      0.39,
      0,
      0.4875,
      0.0975,
      0.585,
      0.195,
      0.6825,
      0.2925,
      0.78,
      0.39,
      0,
      0.4875,
      0.0975,
      0.585,
      0.195,
      0.6825,
      0.2925,
      0.78,
      0.39,
      0,
      0.4875,
      0.0975,
      0.585,
      0.195,
      0.6825,
      0.2925,
      0.78,
      0.39,
      0,
      0.4875,
      0.0975,
      0.585,
      0.195,
      0.6825,
      0.2925,
      0.78,
      0.39
    ],
    "SoftwareVersions": "syngo_MR_B17",
    "SpacingBetweenSlices": 1.8,
    "StationName": "MININT-E41B04",
    "TaskName": "PheromoneOlfaction",
    "TotalReadoutTime": 0.0712794,
    "TxRefAmp": 424.198,
    "dataset": "ds003606",
    "modality": "bold",
    "run_id": 1,
    "subject_id": "213",
    "task_id": "PheromoneOlfaction"
  },
  "dummy_trs": 5,
  "dvars_nstd": 75.67331440675002,
  "dvars_std": 1.0377516308409094,
  "dvars_vstd": 0.9919640940227268,
  "efc": 0.6825223785547329,
  "fber": 105.57561492919922,
  "fd_mean": 0.08627471077724994,
  "fd_num": 8,
  "fd_perc": 1.8140589569160999,
  "fwhm_avg": 2.9717111898345734,
  "fwhm_x": 2.839805630784714,
  "fwhm_y": 3.0314500803060027,
  "fwhm_z": 3.043877858413004,
  "gcor": 0.00274895,
  "gsr_x": -0.04785718396306038,
  "gsr_y": 0.10171350836753845,
  "provenance": {
    "md5sum": "b4e391fc33c815d5d83538be9296e643",
    "settings": {
      "fd_thres": 0.2,
      "testing": false
    },
    "software": "mriqc",
    "version": "22.0.1",
    "webapi_port": null,
    "webapi_url": "https://mriqc.nimh.nih.gov/api/v1"
  },
  "size_t": 441,
  "size_x": 100,
  "size_y": 100,
  "size_z": 72,
  "snr": 1.928789098164916,
  "spacing_tr": 0.875,
  "spacing_x": 1.7999999523162842,
  "spacing_y": 1.7999999523162842,
  "spacing_z": 1.7999999523162842,
  "summary_bg_k": 73.70724146989852,
  "summary_bg_mad": 24.286439842369013,
  "summary_bg_mean": 60.70900344848633,
  "summary_bg_median": 33.52381134033203,
  "summary_bg_n": 312057.0,
  "summary_bg_p05": 12.884353637695312,
  "summary_bg_p95": 184.45986328125025,
  "summary_bg_stdv": 97.70023345947266,
  "summary_fg_k": 9.42833692504762,
  "summary_fg_mad": 134.6596268653945,
  "summary_fg_mean": 400.2096862792969,
  "summary_fg_median": 356.2981872558594,
  "summary_fg_n": 293000.0,
  "summary_fg_p05": 201.28118896484375,
  "summary_fg_p95": 736.5218872070311,
  "summary_fg_stdv": 184.72604370117188,
  "tsnr": 17.55450830620248
}