{
  "aor": 0.00039354401805869073,
  "aqi": 0.018397285101580133,
  "bids_meta": {
    "AcquisitionMatrixPE": 100,
    "AcquisitionNumber": 1,
    "AcquisitionTime": "14:24:37.125000",
    "BandwidthPerPixelPhaseEncode": 13.889,
    "BaseResolution": 100,
    "ConversionSoftware": "dcm2niix",
    "ConversionSoftwareVersion": "v1.0.20180404 Clang8.0.0",
    "DerivedVendorReportedEchoSpacing": 0.000719994,
    "DeviceSerialNumber": "35002",
    "DwellTime": 2.8e-06,
    "EchoTime": 0.0436,
    "EffectiveEchoSpacing": 0.000719994,
    "FlipAngle": 55,
    "ImageComments": "Unaliased_MB8_PE3_(remote)",
    "ImageOrientationPatientDICOM": [
      1,
      0,
      0,
      0,
      0.99889,
      -0.0471065
    ],
    "ImageType": [
      "ORIGINAL",
      "PRIMARY",
      "M",
      "MB",
      "ND",
      "MOSAIC"
    ],
    "InPlanePhaseEncodingDirectionDICOM": "COL",
    "InstitutionAddress": "University_Pkwy_1700_North_685_Provo_UT_US_84601",
    "InstitutionName": "Brigham_Young_University",
    "InstitutionalDepartmentName": "MRI",
    "MRAcquisitionType": "2D",
    "MagneticFieldStrength": 3,
    "Manufacturer": "Siemens",
    "ManufacturersModelName": "TrioTim",
    "Modality": "MR",
    "MultibandAccelerationFactor": 8,
    "PartialFourier": 1,
    "PatientPosition": "HFS",
    "PercentPhaseFOV": 100,
    "PhaseEncodingDirection": "j-",
    "PhaseEncodingSteps": 100,
    "PhaseResolution": 1,
    "PixelBandwidth": 1786,
    "ProcedureStepDescription": "Research_KIRWAN",
    "ProtocolName": "L",
    "PulseSequenceDetails": "%CustomerSeq%_cmrr_mbep2d_bold",
    "ReceiveCoilName": "32Ch_Head",
    "ReconMatrixPE": 100,
    "RepetitionTime": 0.875,
    "SAR": 0.1207,
    "ScanOptions": "FS",
    "ScanningSequence": "EP",
    "SequenceName": "epfid2d1_100",
    "SequenceVariant": "SK_SS",
    "SeriesDescription": "L",
    "SeriesNumber": 3,
    "ShimSetting": [
      -2839,
      -22857,
      2470,
      802,
      -110,
      302,
      127,
      422
    ],
    "SliceThickness": 1.8,
    "SliceTiming": [
      0,
      0.4875,
      0.0975,
      0.585,
      0.195,
      0.6825,
      0.2925,
      0.78,
      0.39,
      0,
      0.4875,
      0.0975,
      0.585,
      0.195,
      0.6825,
      0.2925,
      0.78,
      0.39,
      0,
      0.4875,
      0.0975,
      0.585,
      0.195,
      0.6825,
      0.2925,
      0.78,
      0.39,
      0,
      0.4875,
      0.0975,
      0.585,
      0.195,
      0.6825,
      0.2925,
      0.78,
      0.39,
      0,
      0.4875,
      0.0975,
      0.585,
      0.195,
      0.6825,
      0.2925,
      0.78,
      0.39,
      0,
      0.4875,
      0.0975,
      0.585,
      0.195,
      0.6825,
      0.2925,
      0.78,
      0.39,
      0,
      0.4875,
      0.0975,
      0.585,
      0.195,
      0.6825,
      0.2925,
      0.78,
      0.39,
      0,
      0.4875,
      0.0975,
      0.585,
      0.195,
      0.6825,
      0.2925,
      0.78,
      0.39
    ],
    "SoftwareVersions": "syngo_MR_B17",
    "SpacingBetweenSlices": 1.8,
    "StationName": "MININT-E41B04",
    "TaskName": "PheromoneOlfaction",
    "TotalReadoutTime": 0.0712794,
    "TxRefAmp": 385.662,
    "dataset": "ds003606",
    "modality": "bold",
    "run_id": 3,
    "subject_id": "202",
    "task_id": "PheromoneOlfaction"
  },
  "dummy_trs": 3,
  "dvars_nstd": 72.4818768220815,
  "dvars_std": 1.0473712790497742,
  "dvars_vstd": 1.0058298270814472,
  "efc": 0.6373663326677171,
  "fber": 206.48318481445312,
  "fd_mean": 0.10223791707200802,
  "fd_num": 38,
  "fd_perc": 8.577878103837472,
  "fwhm_avg": 2.671625996699845,
  "fwhm_x": 2.568011179140175,
  "fwhm_y": 2.8502334088387333,
  "fwhm_z": 2.596633402120627,
  "gcor": 0.00842868,
  "gsr_x": -0.03270560875535011,
  "gsr_y": 0.12368936091661453,
  "provenance": {
    "md5sum": "b0b22e7ecac5033762c9d80fd445da60",
    "settings": {
      "fd_thres": 0.2,
      "testing": false
    },
    "software": "mriqc",
    "version": "22.0.1",
    "webapi_port": null,
    "webapi_url": "https://mriqc.nimh.nih.gov/api/v1"
  },
  "size_t": 443,
  "size_x": 100,
  "size_y": 100,
  "size_z": 72,
  "snr": 2.7463570213111095,
  "spacing_tr": 0.875,
  "spacing_x": 1.7999999523162842,
  "spacing_y": 1.7999999523162842,
  "spacing_z": 1.7999999523162842,
  "summary_bg_k": 22.138268521704088,
  "summary_bg_mad": 14.590077877053952,
  "summary_bg_mean": 43.901710510253906,
  "summary_bg_median": 23.212190628051758,
  "summary_bg_n": 402324.0,
  "summary_bg_p05": 11.726862907409668,
  "summary_bg_p95": 157.5997734069823,
  "summary_bg_stdv": 54.424739837646484,
  "summary_fg_k": 3.11269615518818,
  "summary_fg_mad": 101.55155564413707,
  "summary_fg_mean": 371.0295715332031,
  "summary_fg_median": 347.8939208984375,
  "summary_fg_n": 208560.0,
  "summary_fg_p05": 213.6451484680176,
  "summary_fg_p95": 609.9954833984375,
  "summary_fg_stdv": 126.67438507080078,
  "tsnr": 19.575559632852674
}