{
  "bids_meta": {
    "AcquisitionMatrixPE": 256,
    "AcquisitionNumber": 1,
    "AcquisitionTime": "17:57:24.885000",
    "BaseResolution": 256,
    "ConversionSoftware": "dcm2niix",
    "ConversionSoftwareVersion": "v1.0.20180404 Clang8.0.0",
    "DeviceSerialNumber": "35002",
    "DwellTime": 1.03e-05,
    "EchoTime": 0.00492,
    "FlipAngle": 25,
    "ImageOrientationPatientDICOM": [
      0,
      1,
      0,
      0,
      0,
      -1
    ],
    "ImageType": [
      "ORIGINAL",
      "PRIMARY",
      "M",
      "ND",
      "NORM"
    ],
    "InPlanePhaseEncodingDirectionDICOM": "ROW",
    "InstitutionAddress": "University_Pkwy_1700_North_685_Provo_UT_US_84601",
    "InstitutionName": "Brigham_Young_University",
    "InstitutionalDepartmentName": "MRI",
    "MRAcquisitionType": "3D",
    "MagneticFieldStrength": 3,
    "Manufacturer": "Siemens",
    "ManufacturersModelName": "TrioTim",
    "Modality": "MR",
    "ParallelReductionFactorInPlane": 2,
    "PartialFourier": 1,
    "PatientPosition": "HFS",
    "PercentPhaseFOV": 100,
    "PhaseEncodingSteps": 255,
    "PhaseResolution": 1,
    "PixelBandwidth": 190,
    "ProcedureStepDescription": "Research_KIRWAN",
    "ProtocolName": "t1_fl3d_sag_no3Daccel_iso_1.0_1avg",
    "PulseSequenceDetails": "%SiemensSeq%_gre",
    "ReceiveCoilName": "32Ch_Head",
    "ReconMatrixPE": 256,
    "RepetitionTime": 0.02,
    "SAR": 0.176569,
    "ScanningSequence": "GR",
    "SequenceName": "_fl3d1_ns",
    "SequenceVariant": "SP",
    "SeriesDescription": "t1_fl3d_sag_no3Daccel_iso_1.0_1avg",
    "SeriesNumber": 5,
    "ShimSetting": [
      -2830,
      -22913,
      1923,
      -81,
      -87,
      -38,
      -253,
      388
    ],
    "SliceThickness": 1,
    "SoftwareVersions": "syngo_MR_B17",
    "StationName": "MININT-E41B04",
    "TxRefAmp": 370.38,
    "dataset": "ds003606",
    "modality": "T1w",
    "subject_id": "114"
  },
  "cjv": 0.3980858927669022,
  "cnr": 3.41301902183646,
  "efc": 0.5318086960560724,
  "fber": 48599.16098298677,
  "fwhm_avg": 2.98955,
  "fwhm_x": 2.96502,
  "fwhm_y": 3.18112,
  "fwhm_z": 2.82251,
  "icvs_csf": 0.1513949369945299,
  "icvs_gm": 0.46622919792610606,
  "icvs_wm": 0.382375865079364,
  "inu_med": 0.2891623377799988,
  "inu_range": 0.05940386652946472,
  "provenance": {
    "md5sum": "a590a23c2ced65cab5ffe39062fab0c2",
    "settings": {
      "testing": false
    },
    "software": "mriqc",
    "version": "22.0.1",
    "warnings": {
      "large_rot_frame": true,
      "small_air_mask": false
    },
    "webapi_port": null,
    "webapi_url": "https://mriqc.nimh.nih.gov/api/v1"
  },
  "qi_1": 0.0,
  "qi_2": 0.04666340041987299,
  "rpve_csf": 37.14630378117744,
  "rpve_gm": 13.23090549673158,
  "rpve_wm": 17.29267421430322,
  "size_x": 192,
  "size_y": 256,
  "size_z": 256,
  "snr_csf": 2.8024863566359954,
  "snr_gm": 18.636658603487625,
  "snr_total": 15.741475666514733,
  "snr_wm": 25.78528203942058,
  "snrd_csf": 63.219433648147835,
  "snrd_gm": 132.531356576326,
  "snrd_total": 120.34468212502522,
  "snrd_wm": 165.28325615060183,
  "spacing_x": 1.0,
  "spacing_y": 1.0,
  "spacing_z": 1.0,
  "summary_bg_k": 882.2720631154677,
  "summary_bg_mad": 0.0,
  "summary_bg_mean": 2.2315457300051786,
  "summary_bg_median": 0.0,
  "summary_bg_n": 3503211.0,
  "summary_bg_p05": 0.0,
  "summary_bg_p95": 9.665404465049505,
  "summary_bg_stdv": 3.9637190392149315,
  "summary_csf_k": 3.0980075882541467,
  "summary_csf_mad": 91.18229396518286,
  "summary_csf_mean": 384.3097483459899,
  "summary_csf_median": 382.4914518557489,
  "summary_csf_n": 24113.0,
  "summary_csf_p05": 108.27715524286032,
  "summary_csf_p95": 603.3367094192652,
  "summary_csf_stdv": 136.48006515314256,
  "summary_gm_k": 0.19651463961194615,
  "summary_gm_mad": 42.19120659199778,
  "summary_gm_mean": 801.4215149167982,
  "summary_gm_median": 801.8438013130799,
  "summary_gm_n": 35646.0,
  "summary_gm_p05": 729.584129396826,
  "summary_gm_p95": 870.1326541975141,
  "summary_gm_stdv": 43.02448045949894,
  "summary_wm_k": 0.6015616756899878,
  "summary_wm_mad": 36.691974148151665,
  "summary_wm_mean": 1001.5674695229936,
  "summary_wm_median": 999.9999836180359,
  "summary_wm_n": 180049.0,
  "summary_wm_p05": 940.8070766553283,
  "summary_wm_p95": 1067.3499994445592,
  "summary_wm_stdv": 38.7817052015804,
  "tpm_overlap_csf": 0.14750062111667908,
  "tpm_overlap_gm": 0.4644629878699675,
  "tpm_overlap_wm": 0.4865692658968076,
  "wm2max": 0.6500059239235263
}