{
  "bids_meta": {
    "AcquisitionMatrixPE": 256,
    "AcquisitionNumber": 1,
    "AcquisitionTime": "17:32:10.727500",
    "BaseResolution": 256,
    "ConversionSoftware": "dcm2niix",
    "ConversionSoftwareVersion": "v1.0.20180404 Clang8.0.0",
    "DeviceSerialNumber": "35002",
    "DwellTime": 1.03e-05,
    "EchoTime": 0.00492,
    "FlipAngle": 25,
    "ImageOrientationPatientDICOM": [
      0,
      1,
      0,
      0,
      0,
      -1
    ],
    "ImageType": [
      "ORIGINAL",
      "PRIMARY",
      "M",
      "ND",
      "NORM"
    ],
    "InPlanePhaseEncodingDirectionDICOM": "ROW",
    "InstitutionAddress": "University_Pkwy_1700_North_685_Provo_UT_US_84601",
    "InstitutionName": "Brigham_Young_University",
    "InstitutionalDepartmentName": "MRI",
    "MRAcquisitionType": "3D",
    "MagneticFieldStrength": 3,
    "Manufacturer": "Siemens",
    "ManufacturersModelName": "TrioTim",
    "Modality": "MR",
    "ParallelReductionFactorInPlane": 2,
    "PartialFourier": 1,
    "PatientPosition": "HFS",
    "PercentPhaseFOV": 100,
    "PhaseEncodingSteps": 255,
    "PhaseResolution": 1,
    "PixelBandwidth": 190,
    "ProcedureStepDescription": "Research_KIRWAN",
    "ProtocolName": "t1_fl3d_sag_no3Daccel_iso_1.0_1avg",
    "PulseSequenceDetails": "%SiemensSeq%_gre",
    "ReceiveCoilName": "32Ch_Head",
    "ReconMatrixPE": 256,
    "RepetitionTime": 0.02,
    "SAR": 0.182809,
    "ScanningSequence": "GR",
    "SequenceName": "_fl3d1_ns",
    "SequenceVariant": "SP",
    "SeriesDescription": "t1_fl3d_sag_no3Daccel_iso_1.0_1avg",
    "SeriesNumber": 5,
    "ShimSetting": [
      -2830,
      -22913,
      1923,
      -81,
      -87,
      -38,
      -253,
      388
    ],
    "SliceThickness": 1,
    "SoftwareVersions": "syngo_MR_B17",
    "StationName": "MININT-E41B04",
    "TxRefAmp": 384.178,
    "dataset": "ds003606",
    "modality": "T1w",
    "subject_id": "207"
  },
  "cjv": 0.4781751551975626,
  "cnr": 2.8571459033909985,
  "efc": 0.5582310019180989,
  "fber": 8075.379953447354,
  "fwhm_avg": 3.1293866666666665,
  "fwhm_x": 3.11548,
  "fwhm_y": 3.29922,
  "fwhm_z": 2.97346,
  "icvs_csf": 0.1576051671641238,
  "icvs_gm": 0.42139992809675797,
  "icvs_wm": 0.42099490473911827,
  "inu_med": 0.4405825436115265,
  "inu_range": 0.12193320393562318,
  "provenance": {
    "md5sum": "fa572ac5b04a94009f10a8396630ebdb",
    "settings": {
      "testing": false
    },
    "software": "mriqc",
    "version": "22.0.1",
    "warnings": {
      "large_rot_frame": true,
      "small_air_mask": false
    },
    "webapi_port": null,
    "webapi_url": "https://mriqc.nimh.nih.gov/api/v1"
  },
  "qi_1": 1.832818054222475e-05,
  "qi_2": 0.01762986240973218,
  "rpve_csf": 34.85718976893557,
  "rpve_gm": 13.219791180972942,
  "rpve_wm": 14.709178089945942,
  "size_x": 192,
  "size_y": 256,
  "size_z": 256,
  "snr_csf": 2.5700723926879925,
  "snr_gm": 14.916532041445919,
  "snr_total": 12.592061834886309,
  "snr_wm": 20.289581070525013,
  "snrd_csf": 38.879186960395515,
  "snrd_gm": 77.60891356643886,
  "snrd_total": 71.51244737333433,
  "snrd_wm": 98.04924159316862,
  "spacing_x": 1.0,
  "spacing_y": 1.0,
  "spacing_z": 1.0,
  "summary_bg_k": 22.181637831714816,
  "summary_bg_mad": 6.681708074281458,
  "summary_bg_mean": 7.157743657431626,
  "summary_bg_median": 4.506743609905243,
  "summary_bg_n": 3892879.0,
  "summary_bg_p05": 0.0,
  "summary_bg_p95": 23.693541772663593,
  "summary_bg_stdv": 8.88677835365238,
  "summary_csf_k": 0.6825638375655712,
  "summary_csf_mad": 117.91249542849633,
  "summary_csf_mean": 372.9141829371549,
  "summary_csf_median": 396.52716203033924,
  "summary_csf_n": 26975.0,
  "summary_csf_p05": 90.32375777587295,
  "summary_csf_p95": 593.2100689999759,
  "summary_csf_stdv": 154.2835187013741,
  "summary_gm_k": 0.24964215182720295,
  "summary_gm_mad": 51.83236778210984,
  "summary_gm_mean": 792.4107882570138,
  "summary_gm_median": 791.5299843102694,
  "summary_gm_n": 33454.0,
  "summary_gm_p05": 705.8024422600865,
  "summary_gm_p95": 880.3840797398238,
  "summary_gm_stdv": 53.06314845152331,
  "summary_wm_k": 0.3734088427214428,
  "summary_wm_mad": 47.85282106139809,
  "summary_wm_mean": 1004.0497577286034,
  "summary_wm_median": 1000.0000140890479,
  "summary_wm_n": 212465.0,
  "summary_wm_p05": 930.344315059483,
  "summary_wm_p95": 1090.9964696243405,
  "summary_wm_stdv": 49.286264574982965,
  "tpm_overlap_csf": 0.15708806289583543,
  "tpm_overlap_gm": 0.4573597025885309,
  "tpm_overlap_wm": 0.49371739162482875,
  "wm2max": 0.5875012167818553
}