{
  "aor": 0.0006340358744394618,
  "aqi": 0.025089878923766813,
  "bids_meta": {
    "AcquisitionMatrixPE": 100,
    "AcquisitionNumber": 1,
    "AcquisitionTime": "17:37:6.005000",
    "BandwidthPerPixelPhaseEncode": 13.889,
    "BaseResolution": 100,
    "ConversionSoftware": "dcm2niix",
    "ConversionSoftwareVersion": "v1.0.20180404 Clang8.0.0",
    "DerivedVendorReportedEchoSpacing": 0.000719994,
    "DeviceSerialNumber": "35002",
    "DwellTime": 2.8e-06,
    "EchoTime": 0.0436,
    "EffectiveEchoSpacing": 0.000719994,
    "FlipAngle": 55,
    "ImageComments": "Unaliased_MB8_PE3_(remote)",
    "ImageOrientationPatientDICOM": [
      1,
      0,
      0,
      0,
      0.971961,
      -0.235142
    ],
    "ImageType": [
      "ORIGINAL",
      "PRIMARY",
      "M",
      "MB",
      "ND",
      "MOSAIC"
    ],
    "InPlanePhaseEncodingDirectionDICOM": "COL",
    "InstitutionAddress": "University_Pkwy_1700_North_685_Provo_UT_US_84601",
    "InstitutionName": "Brigham_Young_University",
    "InstitutionalDepartmentName": "MRI",
    "MRAcquisitionType": "2D",
    "MagneticFieldStrength": 3,
    "Manufacturer": "Siemens",
    "ManufacturersModelName": "TrioTim",
    "Modality": "MR",
    "MultibandAccelerationFactor": 8,
    "PartialFourier": 1,
    "PatientPosition": "HFS",
    "PercentPhaseFOV": 100,
    "PhaseEncodingDirection": "j-",
    "PhaseEncodingSteps": 100,
    "PhaseResolution": 1,
    "PixelBandwidth": 1786,
    "ProcedureStepDescription": "Research_KIRWAN",
    "ProtocolName": "P1",
    "PulseSequenceDetails": "%CustomerSeq%_cmrr_mbep2d_bold",
    "ReceiveCoilName": "32Ch_Head",
    "ReconMatrixPE": 100,
    "RepetitionTime": 0.875,
    "SAR": 0.120209,
    "ScanOptions": "FS",
    "ScanningSequence": "EP",
    "SequenceName": "epfid2d1_100",
    "SequenceVariant": "SK_SS",
    "SeriesDescription": "P1",
    "SeriesNumber": 5,
    "ShimSetting": [
      -2807,
      -22870,
      2367,
      846,
      -143,
      669,
      -379,
      393
    ],
    "SliceThickness": 1.8,
    "SliceTiming": [
      0,
      0.4875,
      0.0975,
      0.585,
      0.195,
      0.6825,
      0.2925,
      0.78,
      0.39,
      0,
      0.4875,
      0.0975,
      0.585,
      0.195,
      0.6825,
      0.2925,
      0.78,
      0.39,
      0,
      0.4875,
      0.0975,
      0.585,
      0.195,
      0.6825,
      0.2925,
      0.78,
      0.39,
      0,
      0.4875,
      0.0975,
      0.585,
      0.195,
      0.6825,
      0.2925,
      0.78,
      0.39,
      0,
      0.4875,
      0.0975,
      0.585,
      0.195,
      0.6825,
      0.2925,
      0.78,
      0.39,
      0,
      0.4875,
      0.0975,
      0.585,
      0.195,
      0.6825,
      0.2925,
      0.78,
      0.39,
      0,
      0.4875,
      0.0975,
      0.585,
      0.195,
      0.6825,
      0.2925,
      0.78,
      0.39,
      0,
      0.4875,
      0.0975,
      0.585,
      0.195,
      0.6825,
      0.2925,
      0.78,
      0.39
    ],
    "SoftwareVersions": "syngo_MR_B17",
    "SpacingBetweenSlices": 1.8,
    "StationName": "MININT-E41B04",
    "TaskName": "PheromoneOlfaction",
    "TotalReadoutTime": 0.0712794,
    "TxRefAmp": 396.433,
    "dataset": "ds003606",
    "modality": "bold",
    "run_id": 1,
    "subject_id": "112",
    "task_id": "PheromoneOlfaction"
  },
  "dummy_trs": 0,
  "dvars_nstd": 72.47666363658422,
  "dvars_std": 1.0384582405842684,
  "dvars_vstd": 1.0051052841348314,
  "efc": 0.5938889622510852,
  "fber": 393.7790222167969,
  "fd_mean": 0.11896104235832519,
  "fd_num": 33,
  "fd_perc": 7.3991031390134525,
  "fwhm_avg": 2.4895536027093597,
  "fwhm_x": 2.3740500628908494,
  "fwhm_y": 2.626866562284368,
  "fwhm_z": 2.4677441829528615,
  "gcor": 0.00531325,
  "gsr_x": -0.006026884540915489,
  "gsr_y": 0.09294109046459198,
  "provenance": {
    "md5sum": "f0efcf8768ca77d82ccba542d38f2ea9",
    "settings": {
      "fd_thres": 0.2,
      "testing": false
    },
    "software": "mriqc",
    "version": "22.0.1",
    "webapi_port": null,
    "webapi_url": "https://mriqc.nimh.nih.gov/api/v1"
  },
  "size_t": 446,
  "size_x": 100,
  "size_y": 100,
  "size_z": 72,
  "snr": 3.095312106776424,
  "spacing_tr": 0.875,
  "spacing_x": 1.7999999523162842,
  "spacing_y": 1.8000000715255737,
  "spacing_z": 1.8000001907348633,
  "summary_bg_k": 60.64670036012112,
  "summary_bg_mad": 7.183639390052602,
  "summary_bg_mean": 29.64327621459961,
  "summary_bg_median": 15.50672721862793,
  "summary_bg_n": 433640.0,
  "summary_bg_p05": 10.044843673706055,
  "summary_bg_p95": 94.72657546997068,
  "summary_bg_stdv": 43.00259780883789,
  "summary_fg_k": 2.8297769657028473,
  "summary_fg_mad": 84.31218751996757,
  "summary_fg_mean": 331.9684753417969,
  "summary_fg_median": 315.7354431152344,
  "summary_fg_n": 184440.0,
  "summary_fg_p05": 197.75056838989258,
  "summary_fg_p95": 515.2447814941405,
  "summary_fg_stdv": 102.00411987304688,
  "tsnr": 18.31736490363255
}