{
  "aor": 0.0007238426966292134,
  "aqi": 0.02900511191011236,
  "bids_meta": {
    "AcquisitionMatrixPE": 100,
    "AcquisitionNumber": 1,
    "AcquisitionTime": "17:14:38.240000",
    "BandwidthPerPixelPhaseEncode": 13.889,
    "BaseResolution": 100,
    "ConversionSoftware": "dcm2niix",
    "ConversionSoftwareVersion": "v1.0.20180404 Clang8.0.0",
    "DerivedVendorReportedEchoSpacing": 0.000719994,
    "DeviceSerialNumber": "35002",
    "DwellTime": 2.8e-06,
    "EchoTime": 0.0436,
    "EffectiveEchoSpacing": 0.000719994,
    "FlipAngle": 55,
    "ImageComments": "Unaliased_MB8_PE3_(remote)",
    "ImageOrientationPatientDICOM": [
      1,
      0,
      0,
      0,
      0.971961,
      -0.235142
    ],
    "ImageType": [
      "ORIGINAL",
      "PRIMARY",
      "M",
      "MB",
      "ND",
      "MOSAIC"
    ],
    "InPlanePhaseEncodingDirectionDICOM": "COL",
    "InstitutionAddress": "University_Pkwy_1700_North_685_Provo_UT_US_84601",
    "InstitutionName": "Brigham_Young_University",
    "InstitutionalDepartmentName": "MRI",
    "MRAcquisitionType": "2D",
    "MagneticFieldStrength": 3,
    "Manufacturer": "Siemens",
    "ManufacturersModelName": "TrioTim",
    "Modality": "MR",
    "MultibandAccelerationFactor": 8,
    "PartialFourier": 1,
    "PatientPosition": "HFS",
    "PercentPhaseFOV": 100,
    "PhaseEncodingDirection": "j-",
    "PhaseEncodingSteps": 100,
    "PhaseResolution": 1,
    "PixelBandwidth": 1786,
    "ProcedureStepDescription": "Research_KIRWAN",
    "ProtocolName": "P2",
    "PulseSequenceDetails": "%CustomerSeq%_cmrr_mbep2d_bold",
    "ReceiveCoilName": "32Ch_Head",
    "ReconMatrixPE": 100,
    "RepetitionTime": 0.875,
    "SAR": 0.117934,
    "ScanOptions": "FS",
    "ScanningSequence": "EP",
    "SequenceName": "epfid2d1_100",
    "SequenceVariant": "SK_SS",
    "SeriesDescription": "P2",
    "SeriesNumber": 2,
    "ShimSetting": [
      -2807,
      -22870,
      2367,
      846,
      -143,
      669,
      -379,
      393
    ],
    "SliceThickness": 1.8,
    "SliceTiming": [
      0,
      0.49,
      0.0975,
      0.5875,
      0.1975,
      0.685,
      0.295,
      0.7825,
      0.3925,
      0,
      0.49,
      0.0975,
      0.5875,
      0.1975,
      0.685,
      0.295,
      0.7825,
      0.3925,
      0,
      0.49,
      0.0975,
      0.5875,
      0.1975,
      0.685,
      0.295,
      0.7825,
      0.3925,
      0,
      0.49,
      0.0975,
      0.5875,
      0.1975,
      0.685,
      0.295,
      0.7825,
      0.3925,
      0,
      0.49,
      0.0975,
      0.5875,
      0.1975,
      0.685,
      0.295,
      0.7825,
      0.3925,
      0,
      0.49,
      0.0975,
      0.5875,
      0.1975,
      0.685,
      0.295,
      0.7825,
      0.3925,
      0,
      0.49,
      0.0975,
      0.5875,
      0.1975,
      0.685,
      0.295,
      0.7825,
      0.3925,
      0,
      0.49,
      0.0975,
      0.5875,
      0.1975,
      0.685,
      0.295,
      0.7825,
      0.3925
    ],
    "SoftwareVersions": "syngo_MR_B17",
    "SpacingBetweenSlices": 1.8,
    "StationName": "MININT-E41B04",
    "TaskName": "PheromoneOlfaction",
    "TotalReadoutTime": 0.0712794,
    "TxRefAmp": 396.433,
    "dataset": "ds003606",
    "modality": "bold",
    "run_id": 2,
    "subject_id": "112",
    "task_id": "PheromoneOlfaction"
  },
  "dummy_trs": 1,
  "dvars_nstd": 75.41606246682433,
  "dvars_std": 1.0282815307432438,
  "dvars_vstd": 0.9903532152927933,
  "efc": 0.5931728457124791,
  "fber": 403.3525085449219,
  "fd_mean": 0.19217790900075318,
  "fd_num": 134,
  "fd_perc": 30.1123595505618,
  "fwhm_avg": 2.52928137805122,
  "fwhm_x": 2.3784611741188146,
  "fwhm_y": 2.698394337219887,
  "fwhm_z": 2.5109886228149603,
  "gcor": 0.00308265,
  "gsr_x": -0.01144447736442089,
  "gsr_y": 0.09277935326099396,
  "provenance": {
    "md5sum": "4c28d73f2221d13407b718484cd2eaa3",
    "settings": {
      "fd_thres": 0.2,
      "testing": false
    },
    "software": "mriqc",
    "version": "22.0.1",
    "webapi_port": null,
    "webapi_url": "https://mriqc.nimh.nih.gov/api/v1"
  },
  "size_t": 445,
  "size_x": 100,
  "size_y": 100,
  "size_z": 72,
  "snr": 3.0569055102062066,
  "spacing_tr": 0.875,
  "spacing_x": 1.7999999523162842,
  "spacing_y": 1.8000000715255737,
  "spacing_z": 1.8000001907348633,
  "summary_bg_k": 85.02125837138371,
  "summary_bg_mad": 7.116490931610821,
  "summary_bg_mean": 27.665395736694336,
  "summary_bg_median": 15.287640571594238,
  "summary_bg_n": 428267.0,
  "summary_bg_p05": 9.777527809143066,
  "summary_bg_p95": 83.90449600219674,
  "summary_bg_stdv": 39.311988830566406,
  "summary_fg_k": 2.610990260293124,
  "summary_fg_mad": 85.24465056687865,
  "summary_fg_mean": 330.0100402832031,
  "summary_fg_median": 315.61798095703125,
  "summary_fg_n": 188671.0,
  "summary_fg_p05": 191.8966293334961,
  "summary_fg_p95": 512.6595458984375,
  "summary_fg_stdv": 103.24726867675781,
  "tsnr": 17.16675649600802
}