{
  "aor": 0.0002602921348314607,
  "aqi": 0.02635304786516854,
  "bids_meta": {
    "AcquisitionMatrixPE": 100,
    "AcquisitionNumber": 1,
    "AcquisitionTime": "10:33:5.032500",
    "BandwidthPerPixelPhaseEncode": 13.889,
    "BaseResolution": 100,
    "ConversionSoftware": "dcm2niix",
    "ConversionSoftwareVersion": "v1.0.20180404 Clang8.0.0",
    "DerivedVendorReportedEchoSpacing": 0.000719994,
    "DeviceSerialNumber": "35002",
    "DwellTime": 2.8e-06,
    "EchoTime": 0.0436,
    "EffectiveEchoSpacing": 0.000719994,
    "FlipAngle": 55,
    "ImageComments": "Unaliased_MB8_PE3_(remote)",
    "ImageOrientationPatientDICOM": [
      1,
      0,
      0,
      0,
      0.997185,
      -0.0749787
    ],
    "ImageType": [
      "ORIGINAL",
      "PRIMARY",
      "M",
      "MB",
      "ND",
      "MOSAIC"
    ],
    "InPlanePhaseEncodingDirectionDICOM": "COL",
    "InstitutionAddress": "University_Pkwy_1700_North_685_Provo_UT_US_84601",
    "InstitutionName": "Brigham_Young_University",
    "InstitutionalDepartmentName": "MRI",
    "MRAcquisitionType": "2D",
    "MagneticFieldStrength": 3,
    "Manufacturer": "Siemens",
    "ManufacturersModelName": "TrioTim",
    "Modality": "MR",
    "MultibandAccelerationFactor": 8,
    "PartialFourier": 1,
    "PatientPosition": "HFS",
    "PercentPhaseFOV": 100,
    "PhaseEncodingDirection": "j-",
    "PhaseEncodingSteps": 100,
    "PhaseResolution": 1,
    "PixelBandwidth": 1786,
    "ProcedureStepDescription": "Research_KIRWAN",
    "ProtocolName": "L",
    "PulseSequenceDetails": "%CustomerSeq%_cmrr_mbep2d_bold",
    "ReceiveCoilName": "32Ch_Head",
    "ReconMatrixPE": 100,
    "RepetitionTime": 0.875,
    "SAR": 0.098554,
    "ScanOptions": "FS",
    "ScanningSequence": "EP",
    "SequenceName": "epfid2d1_100",
    "SequenceVariant": "SK_SS",
    "SeriesDescription": "L",
    "SeriesNumber": 2,
    "ShimSetting": [
      -2817,
      -22884,
      2480,
      1215,
      -61,
      817,
      121,
      393
    ],
    "SliceThickness": 1.8,
    "SliceTiming": [
      0,
      0.4875,
      0.0975,
      0.585,
      0.195,
      0.6825,
      0.2925,
      0.78,
      0.39,
      0,
      0.4875,
      0.0975,
      0.585,
      0.195,
      0.6825,
      0.2925,
      0.78,
      0.39,
      0,
      0.4875,
      0.0975,
      0.585,
      0.195,
      0.6825,
      0.2925,
      0.78,
      0.39,
      0,
      0.4875,
      0.0975,
      0.585,
      0.195,
      0.6825,
      0.2925,
      0.78,
      0.39,
      0,
      0.4875,
      0.0975,
      0.585,
      0.195,
      0.6825,
      0.2925,
      0.78,
      0.39,
      0,
      0.4875,
      0.0975,
      0.585,
      0.195,
      0.6825,
      0.2925,
      0.78,
      0.39,
      0,
      0.4875,
      0.0975,
      0.585,
      0.195,
      0.6825,
      0.2925,
      0.78,
      0.39,
      0,
      0.4875,
      0.0975,
      0.585,
      0.195,
      0.6825,
      0.2925,
      0.78,
      0.39
    ],
    "SoftwareVersions": "syngo_MR_B17",
    "SpacingBetweenSlices": 1.8,
    "StationName": "MININT-E41B04",
    "TaskName": "PheromoneOlfaction",
    "TotalReadoutTime": 0.0712794,
    "TxRefAmp": 387.075,
    "dataset": "ds003606",
    "modality": "bold",
    "run_id": 3,
    "subject_id": "211",
    "task_id": "PheromoneOlfaction"
  },
  "dummy_trs": 1,
  "dvars_nstd": 72.03100558452707,
  "dvars_std": 1.00986790418919,
  "dvars_vstd": 0.9797201470045044,
  "efc": 0.6259924359568333,
  "fber": 267.4685363769531,
  "fd_mean": 0.13812523268327231,
  "fd_num": 74,
  "fd_perc": 16.629213483146067,
  "fwhm_avg": 2.650751865191815,
  "fwhm_x": 2.5792889572167117,
  "fwhm_y": 2.796344518522276,
  "fwhm_z": 2.576622119836458,
  "gcor": 0.00468876,
  "gsr_x": -0.014731355011463165,
  "gsr_y": 0.08921118825674057,
  "provenance": {
    "md5sum": "27aceff489c7575b9a365ea9ed77f2c4",
    "settings": {
      "fd_thres": 0.2,
      "testing": false
    },
    "software": "mriqc",
    "version": "22.0.1",
    "webapi_port": null,
    "webapi_url": "https://mriqc.nimh.nih.gov/api/v1"
  },
  "size_t": 445,
  "size_x": 100,
  "size_y": 100,
  "size_z": 72,
  "snr": 2.8030621990516584,
  "spacing_tr": 0.875,
  "spacing_x": 1.7999999523162842,
  "spacing_y": 1.7999999523162842,
  "spacing_z": 1.8000000715255737,
  "summary_bg_k": 31.872986428429094,
  "summary_bg_mad": 11.021230841658587,
  "summary_bg_mean": 34.718406677246094,
  "summary_bg_median": 19.103370666503906,
  "summary_bg_n": 399537.0,
  "summary_bg_p05": 10.4696626663208,
  "summary_bg_p95": 114.95999908447256,
  "summary_bg_stdv": 43.83210372924805,
  "summary_fg_k": 3.367436502378631,
  "summary_fg_mad": 92.4827202080562,
  "summary_fg_mean": 344.19158935546875,
  "summary_fg_median": 323.99664306640625,
  "summary_fg_n": 211378.0,
  "summary_fg_p05": 195.3865203857422,
  "summary_fg_p95": 558.8629150390625,
  "summary_fg_stdv": 115.5864028930664,
  "tsnr": 17.45099906832911
}