{
  "aor": 0.00044524886877828063,
  "aqi": 0.019564633257918553,
  "bids_meta": {
    "AcquisitionMatrixPE": 100,
    "AcquisitionNumber": 1,
    "AcquisitionTime": "10:47:2.517500",
    "BandwidthPerPixelPhaseEncode": 13.889,
    "BaseResolution": 100,
    "ConversionSoftware": "dcm2niix",
    "ConversionSoftwareVersion": "v1.0.20180404 Clang8.0.0",
    "DerivedVendorReportedEchoSpacing": 0.000719994,
    "DeviceSerialNumber": "35002",
    "DwellTime": 2.8e-06,
    "EchoTime": 0.0436,
    "EffectiveEchoSpacing": 0.000719994,
    "FlipAngle": 55,
    "ImageComments": "Unaliased_MB8_PE3_(remote)",
    "ImageOrientationPatientDICOM": [
      1,
      0,
      0,
      0,
      0.997185,
      -0.0749787
    ],
    "ImageType": [
      "ORIGINAL",
      "PRIMARY",
      "M",
      "MB",
      "ND",
      "MOSAIC"
    ],
    "InPlanePhaseEncodingDirectionDICOM": "COL",
    "InstitutionAddress": "University_Pkwy_1700_North_685_Provo_UT_US_84601",
    "InstitutionName": "Brigham_Young_University",
    "InstitutionalDepartmentName": "MRI",
    "MRAcquisitionType": "2D",
    "MagneticFieldStrength": 3,
    "Manufacturer": "Siemens",
    "ManufacturersModelName": "TrioTim",
    "Modality": "MR",
    "MultibandAccelerationFactor": 8,
    "PartialFourier": 1,
    "PatientPosition": "HFS",
    "PercentPhaseFOV": 100,
    "PhaseEncodingDirection": "j-",
    "PhaseEncodingSteps": 100,
    "PhaseResolution": 1,
    "PixelBandwidth": 1786,
    "ProcedureStepDescription": "Research_KIRWAN",
    "ProtocolName": "P2",
    "PulseSequenceDetails": "%CustomerSeq%_cmrr_mbep2d_bold",
    "ReceiveCoilName": "32Ch_Head",
    "ReconMatrixPE": 100,
    "RepetitionTime": 0.875,
    "SAR": 0.0995684,
    "ScanOptions": "FS",
    "ScanningSequence": "EP",
    "SequenceName": "epfid2d1_100",
    "SequenceVariant": "SK_SS",
    "SeriesDescription": "P2",
    "SeriesNumber": 4,
    "ShimSetting": [
      -2817,
      -22884,
      2480,
      1215,
      -61,
      817,
      121,
      393
    ],
    "SliceThickness": 1.8,
    "SliceTiming": [
      0,
      0.4875,
      0.0975,
      0.585,
      0.195,
      0.6825,
      0.2925,
      0.78,
      0.39,
      0,
      0.4875,
      0.0975,
      0.585,
      0.195,
      0.6825,
      0.2925,
      0.78,
      0.39,
      0,
      0.4875,
      0.0975,
      0.585,
      0.195,
      0.6825,
      0.2925,
      0.78,
      0.39,
      0,
      0.4875,
      0.0975,
      0.585,
      0.195,
      0.6825,
      0.2925,
      0.78,
      0.39,
      0,
      0.4875,
      0.0975,
      0.585,
      0.195,
      0.6825,
      0.2925,
      0.78,
      0.39,
      0,
      0.4875,
      0.0975,
      0.585,
      0.195,
      0.6825,
      0.2925,
      0.78,
      0.39,
      0,
      0.4875,
      0.0975,
      0.585,
      0.195,
      0.6825,
      0.2925,
      0.78,
      0.39,
      0,
      0.4875,
      0.0975,
      0.585,
      0.195,
      0.6825,
      0.2925,
      0.78,
      0.39
    ],
    "SoftwareVersions": "syngo_MR_B17",
    "SpacingBetweenSlices": 1.8,
    "StationName": "MININT-E41B04",
    "TaskName": "PheromoneOlfaction",
    "TotalReadoutTime": 0.0712794,
    "TxRefAmp": 387.075,
    "dataset": "ds003606",
    "modality": "bold",
    "run_id": 2,
    "subject_id": "211",
    "task_id": "PheromoneOlfaction"
  },
  "dummy_trs": 4,
  "dvars_nstd": 73.13637482197281,
  "dvars_std": 1.0492825420181406,
  "dvars_vstd": 1.0081465940136063,
  "efc": 0.6258477107841122,
  "fber": 256.86492919921875,
  "fd_mean": 0.1240470240793798,
  "fd_num": 58,
  "fd_perc": 13.122171945701357,
  "fwhm_avg": 2.6175037170678768,
  "fwhm_x": 2.557372289969452,
  "fwhm_y": 2.759511184213193,
  "fwhm_z": 2.5356276770209862,
  "gcor": 0.00593688,
  "gsr_x": -0.01693081110715866,
  "gsr_y": 0.09282693266868591,
  "provenance": {
    "md5sum": "965e8065477ec0d9f02c224338981d70",
    "settings": {
      "fd_thres": 0.2,
      "testing": false
    },
    "software": "mriqc",
    "version": "22.0.1",
    "webapi_port": null,
    "webapi_url": "https://mriqc.nimh.nih.gov/api/v1"
  },
  "size_t": 442,
  "size_x": 100,
  "size_y": 100,
  "size_z": 72,
  "snr": 2.74955728945587,
  "spacing_tr": 0.875,
  "spacing_x": 1.7999999523162842,
  "spacing_y": 1.7999999523162842,
  "spacing_z": 1.8000000715255737,
  "summary_bg_k": 31.982733287782082,
  "summary_bg_mad": 11.08261899141679,
  "summary_bg_mean": 35.82870864868164,
  "summary_bg_median": 19.468326568603516,
  "summary_bg_n": 400666.0,
  "summary_bg_p05": 10.812217712402344,
  "summary_bg_p95": 119.94514274597168,
  "summary_bg_stdv": 45.879661560058594,
  "summary_fg_k": 3.63844540437698,
  "summary_fg_mad": 93.89032812794201,
  "summary_fg_mean": 347.6887512207031,
  "summary_fg_median": 326.2126770019531,
  "summary_fg_n": 210293.0,
  "summary_fg_p05": 197.11267700195313,
  "summary_fg_p95": 567.3787719726562,
  "summary_fg_stdv": 118.64160919189453,
  "tsnr": 19.548283974872902
}