{
  "aor": 0.000246876404494382,
  "aqi": 0.01563813820224719,
  "bids_meta": {
    "AcquisitionMatrixPE": 100,
    "AcquisitionNumber": 1,
    "AcquisitionTime": "10:27:2.632500",
    "BandwidthPerPixelPhaseEncode": 13.889,
    "BaseResolution": 100,
    "ConversionSoftware": "dcm2niix",
    "ConversionSoftwareVersion": "v1.0.20180404 Clang8.0.0",
    "DerivedVendorReportedEchoSpacing": 0.000719994,
    "DeviceSerialNumber": "35002",
    "DwellTime": 2.8e-06,
    "EchoTime": 0.0436,
    "EffectiveEchoSpacing": 0.000719994,
    "FlipAngle": 55,
    "ImageComments": "Unaliased_MB8_PE3_(remote)",
    "ImageOrientationPatientDICOM": [
      1,
      0,
      0,
      0,
      0.995227,
      0.0975829
    ],
    "ImageType": [
      "ORIGINAL",
      "PRIMARY",
      "M",
      "MB",
      "ND",
      "MOSAIC"
    ],
    "InPlanePhaseEncodingDirectionDICOM": "COL",
    "InstitutionAddress": "University_Pkwy_1700_North_685_Provo_UT_US_84601",
    "InstitutionName": "Brigham_Young_University",
    "InstitutionalDepartmentName": "MRI",
    "MRAcquisitionType": "2D",
    "MagneticFieldStrength": 3,
    "Manufacturer": "Siemens",
    "ManufacturersModelName": "TrioTim",
    "Modality": "MR",
    "MultibandAccelerationFactor": 8,
    "PartialFourier": 1,
    "PatientPosition": "HFS",
    "PercentPhaseFOV": 100,
    "PhaseEncodingDirection": "j-",
    "PhaseEncodingSteps": 100,
    "PhaseResolution": 1,
    "PixelBandwidth": 1786,
    "ProcedureStepDescription": "Research_KIRWAN",
    "ProtocolName": "L",
    "PulseSequenceDetails": "%CustomerSeq%_cmrr_mbep2d_bold",
    "ReceiveCoilName": "32Ch_Head",
    "ReconMatrixPE": 100,
    "RepetitionTime": 0.875,
    "SAR": 0.124754,
    "ScanOptions": "FS",
    "ScanningSequence": "EP",
    "SequenceName": "epfid2d1_100",
    "SequenceVariant": "SK_SS",
    "SeriesDescription": "L",
    "SeriesNumber": 3,
    "ShimSetting": [
      -2837,
      -22926,
      2428,
      953,
      -191,
      341,
      151,
      461
    ],
    "SliceThickness": 1.8,
    "SliceTiming": [
      0,
      0.4875,
      0.0975,
      0.585,
      0.195,
      0.6825,
      0.2925,
      0.78,
      0.39,
      0,
      0.4875,
      0.0975,
      0.585,
      0.195,
      0.6825,
      0.2925,
      0.78,
      0.39,
      0,
      0.4875,
      0.0975,
      0.585,
      0.195,
      0.6825,
      0.2925,
      0.78,
      0.39,
      0,
      0.4875,
      0.0975,
      0.585,
      0.195,
      0.6825,
      0.2925,
      0.78,
      0.39,
      0,
      0.4875,
      0.0975,
      0.585,
      0.195,
      0.6825,
      0.2925,
      0.78,
      0.39,
      0,
      0.4875,
      0.0975,
      0.585,
      0.195,
      0.6825,
      0.2925,
      0.78,
      0.39,
      0,
      0.4875,
      0.0975,
      0.585,
      0.195,
      0.6825,
      0.2925,
      0.78,
      0.39,
      0,
      0.4875,
      0.0975,
      0.585,
      0.195,
      0.6825,
      0.2925,
      0.78,
      0.39
    ],
    "SoftwareVersions": "syngo_MR_B17",
    "SpacingBetweenSlices": 1.8,
    "StationName": "MININT-E41B04",
    "TaskName": "PheromoneOlfaction",
    "TotalReadoutTime": 0.0712794,
    "TxRefAmp": 387.291,
    "dataset": "ds003606",
    "modality": "bold",
    "run_id": 3,
    "subject_id": "109",
    "task_id": "PheromoneOlfaction"
  },
  "dummy_trs": 1,
  "dvars_nstd": 64.63867092999993,
  "dvars_std": 1.031010918963964,
  "dvars_vstd": 0.9955243117342342,
  "efc": 0.5908714509331727,
  "fber": 417.21856689453125,
  "fd_mean": 0.09632608414193683,
  "fd_num": 3,
  "fd_perc": 0.6741573033707865,
  "fwhm_avg": 2.874303718987098,
  "fwhm_x": 2.7798611847522836,
  "fwhm_y": 3.086200081756382,
  "fwhm_z": 2.7568498904526275,
  "gcor": 0.00418967,
  "gsr_x": -0.02936369925737381,
  "gsr_y": 0.10493441671133041,
  "provenance": {
    "md5sum": "d2f9be77ef849c1bf1c317e988f06620",
    "settings": {
      "fd_thres": 0.2,
      "testing": false
    },
    "software": "mriqc",
    "version": "22.0.1",
    "webapi_port": null,
    "webapi_url": "https://mriqc.nimh.nih.gov/api/v1"
  },
  "size_t": 445,
  "size_x": 100,
  "size_y": 100,
  "size_z": 72,
  "snr": 2.4957887428977927,
  "spacing_tr": 0.875,
  "spacing_x": 1.7999999523162842,
  "spacing_y": 1.7999999523162842,
  "spacing_z": 1.8000000715255737,
  "summary_bg_k": 76.98478857417744,
  "summary_bg_mad": 8.642405750976524,
  "summary_bg_mean": 32.69569396972656,
  "summary_bg_median": 17.213483810424805,
  "summary_bg_n": 413731.0,
  "summary_bg_p05": 10.586517333984375,
  "summary_bg_p95": 99.96854019165039,
  "summary_bg_stdv": 50.640403747558594,
  "summary_fg_k": 3.2765270278288936,
  "summary_fg_mad": 110.05740220677845,
  "summary_fg_mean": 391.5887451171875,
  "summary_fg_median": 361.04608154296875,
  "summary_fg_n": 202076.0,
  "summary_fg_p05": 222.2471923828125,
  "summary_fg_p95": 680.3511199951172,
  "summary_fg_stdv": 144.66175842285156,
  "tsnr": 21.207127439207397
}