{
  "bids_meta": {
    "AcquisitionMatrixPE": 256,
    "AcquisitionNumber": 1,
    "AcquisitionTime": "12:50:50.757500",
    "BaseResolution": 256,
    "ConversionSoftware": "dcm2niix",
    "ConversionSoftwareVersion": "v1.0.20180404 Clang8.0.0",
    "DeviceSerialNumber": "35002",
    "DwellTime": 1.03e-05,
    "EchoTime": 0.00492,
    "FlipAngle": 25,
    "ImageOrientationPatientDICOM": [
      0,
      1,
      0,
      0,
      0,
      -1
    ],
    "ImageType": [
      "ORIGINAL",
      "PRIMARY",
      "M",
      "ND",
      "NORM"
    ],
    "InPlanePhaseEncodingDirectionDICOM": "ROW",
    "InstitutionAddress": "University_Pkwy_1700_North_685_Provo_UT_US_84601",
    "InstitutionName": "Brigham_Young_University",
    "InstitutionalDepartmentName": "MRI",
    "MRAcquisitionType": "3D",
    "MagneticFieldStrength": 3,
    "Manufacturer": "Siemens",
    "ManufacturersModelName": "TrioTim",
    "Modality": "MR",
    "ParallelReductionFactorInPlane": 2,
    "PartialFourier": 1,
    "PatientPosition": "HFS",
    "PercentPhaseFOV": 100,
    "PhaseEncodingSteps": 255,
    "PhaseResolution": 1,
    "PixelBandwidth": 190,
    "ProcedureStepDescription": "Research_KIRWAN",
    "ProtocolName": "t1_fl3d_sag_no3Daccel_iso_1.0_1avg",
    "PulseSequenceDetails": "%SiemensSeq%_gre",
    "ReceiveCoilName": "32Ch_Head",
    "ReconMatrixPE": 256,
    "RepetitionTime": 0.02,
    "SAR": 0.173896,
    "ScanningSequence": "GR",
    "SequenceName": "_fl3d1_ns",
    "SequenceVariant": "SP",
    "SeriesDescription": "t1_fl3d_sag_no3Daccel_iso_1.0_1avg",
    "SeriesNumber": 6,
    "ShimSetting": [
      -2830,
      -22913,
      1923,
      -81,
      -87,
      -38,
      -253,
      388
    ],
    "SliceThickness": 1,
    "SoftwareVersions": "syngo_MR_B17",
    "StationName": "MININT-E41B04",
    "TxRefAmp": 374.985,
    "dataset": "ds003606",
    "modality": "T1w",
    "subject_id": "103"
  },
  "cjv": 0.4678411837424502,
  "cnr": 2.958623431635842,
  "efc": 0.5410358184886171,
  "fber": 20204.591836734697,
  "fwhm_avg": 3.0888066666666667,
  "fwhm_x": 3.07708,
  "fwhm_y": 3.24578,
  "fwhm_z": 2.94356,
  "icvs_csf": 0.145168883362759,
  "icvs_gm": 0.42968212941594963,
  "icvs_wm": 0.4251489872212914,
  "inu_med": 0.3201684355735779,
  "inu_range": 0.05231437981128695,
  "provenance": {
    "md5sum": "b794b22774b63aa2e37712c9570b9f5e",
    "settings": {
      "testing": false
    },
    "software": "mriqc",
    "version": "22.0.1",
    "warnings": {
      "large_rot_frame": true,
      "small_air_mask": false
    },
    "webapi_port": null,
    "webapi_url": "https://mriqc.nimh.nih.gov/api/v1"
  },
  "qi_1": 0.0,
  "qi_2": 0.02231071542392203,
  "rpve_csf": 40.57942753876647,
  "rpve_gm": 14.474219806091119,
  "rpve_wm": 16.249370601696967,
  "size_x": 192,
  "size_y": 256,
  "size_z": 256,
  "snr_csf": 2.1617936998002283,
  "snr_gm": 15.51633372868038,
  "snr_total": 12.833546673498423,
  "snr_wm": 20.82251259201466,
  "snrd_csf": 39.00985064783312,
  "snrd_gm": 83.72400636137634,
  "snrd_total": 76.16817589981794,
  "snrd_wm": 105.7706706902444,
  "spacing_x": 1.0,
  "spacing_y": 1.0,
  "spacing_z": 1.0,
  "summary_bg_k": 13.05557414635825,
  "summary_bg_mad": 6.194360257242463,
  "summary_bg_mean": 5.589767584993502,
  "summary_bg_median": 4.178032502532005,
  "summary_bg_n": 3814928.0,
  "summary_bg_p05": 0.0,
  "summary_bg_p95": 19.888815879821777,
  "summary_bg_stdv": 7.386782018846003,
  "summary_csf_k": 0.6025702413975234,
  "summary_csf_mad": 163.92017804702783,
  "summary_csf_mean": 357.9892509778304,
  "summary_csf_median": 368.8408528268337,
  "summary_csf_n": 17629.0,
  "summary_csf_p05": 78.91992634534837,
  "summary_csf_p95": 623.0378749519585,
  "summary_csf_stdv": 170.61313089978952,
  "summary_gm_k": 0.16054074106778238,
  "summary_gm_mad": 50.42516407755228,
  "summary_gm_mean": 792.1418951508344,
  "summary_gm_median": 791.6163070499897,
  "summary_gm_n": 31572.0,
  "summary_gm_p05": 708.7652319408953,
  "summary_gm_p95": 875.9020701795816,
  "summary_gm_stdv": 51.01744936077173,
  "summary_wm_k": 0.346805949014513,
  "summary_wm_mad": 47.0976151790336,
  "summary_wm_mean": 1003.9620389795787,
  "summary_wm_median": 1000.0690526515245,
  "summary_wm_n": 195316.0,
  "summary_wm_p05": 933.2550618052483,
  "summary_wm_p95": 1088.947198614478,
  "summary_wm_stdv": 48.028137243190876,
  "tpm_overlap_csf": 0.14251065489295234,
  "tpm_overlap_gm": 0.4611563771342719,
  "tpm_overlap_wm": 0.4985491879251762,
  "wm2max": 0.5499686687047832
}