{
  "aor": 0.0007641986455981942,
  "aqi": 0.019045985778781038,
  "bids_meta": {
    "AcquisitionMatrixPE": 100,
    "AcquisitionNumber": 1,
    "AcquisitionTime": "11:22:50.502500",
    "BandwidthPerPixelPhaseEncode": 13.889,
    "BaseResolution": 100,
    "ConversionSoftware": "dcm2niix",
    "ConversionSoftwareVersion": "v1.0.20180404 Clang8.0.0",
    "DerivedVendorReportedEchoSpacing": 0.000719994,
    "DeviceSerialNumber": "35002",
    "DwellTime": 2.8e-06,
    "EchoTime": 0.0436,
    "EffectiveEchoSpacing": 0.000719994,
    "FlipAngle": 55,
    "ImageComments": "Unaliased_MB8_PE3_(remote)",
    "ImageOrientationPatientDICOM": [
      1,
      0,
      0,
      0,
      0.962692,
      -0.2706
    ],
    "ImageType": [
      "ORIGINAL",
      "PRIMARY",
      "M",
      "MB",
      "ND",
      "MOSAIC"
    ],
    "InPlanePhaseEncodingDirectionDICOM": "COL",
    "InstitutionAddress": "University_Pkwy_1700_North_685_Provo_UT_US_84601",
    "InstitutionName": "Brigham_Young_University",
    "InstitutionalDepartmentName": "MRI",
    "MRAcquisitionType": "2D",
    "MagneticFieldStrength": 3,
    "Manufacturer": "Siemens",
    "ManufacturersModelName": "TrioTim",
    "Modality": "MR",
    "MultibandAccelerationFactor": 8,
    "PartialFourier": 1,
    "PatientPosition": "HFS",
    "PercentPhaseFOV": 100,
    "PhaseEncodingDirection": "j-",
    "PhaseEncodingSteps": 100,
    "PhaseResolution": 1,
    "PixelBandwidth": 1786,
    "ProcedureStepDescription": "Research_KIRWAN",
    "ProtocolName": "L",
    "PulseSequenceDetails": "%CustomerSeq%_cmrr_mbep2d_bold",
    "ReceiveCoilName": "32Ch_Head",
    "ReconMatrixPE": 100,
    "RepetitionTime": 0.875,
    "SAR": 0.14863,
    "ScanOptions": "FS",
    "ScanningSequence": "EP",
    "SequenceName": "epfid2d1_100",
    "SequenceVariant": "SK_SS",
    "SeriesDescription": "L",
    "SeriesNumber": 3,
    "ShimSetting": [
      -2816,
      -22831,
      2307,
      357,
      -38,
      399,
      -156,
      317
    ],
    "SliceThickness": 1.8,
    "SliceTiming": [
      0,
      0.49,
      0.0975,
      0.5875,
      0.1975,
      0.685,
      0.295,
      0.7825,
      0.3925,
      0,
      0.49,
      0.0975,
      0.5875,
      0.1975,
      0.685,
      0.295,
      0.7825,
      0.3925,
      0,
      0.49,
      0.0975,
      0.5875,
      0.1975,
      0.685,
      0.295,
      0.7825,
      0.3925,
      0,
      0.49,
      0.0975,
      0.5875,
      0.1975,
      0.685,
      0.295,
      0.7825,
      0.3925,
      0,
      0.49,
      0.0975,
      0.5875,
      0.1975,
      0.685,
      0.295,
      0.7825,
      0.3925,
      0,
      0.49,
      0.0975,
      0.5875,
      0.1975,
      0.685,
      0.295,
      0.7825,
      0.3925,
      0,
      0.49,
      0.0975,
      0.5875,
      0.1975,
      0.685,
      0.295,
      0.7825,
      0.3925,
      0,
      0.49,
      0.0975,
      0.5875,
      0.1975,
      0.685,
      0.295,
      0.7825,
      0.3925
    ],
    "SoftwareVersions": "syngo_MR_B17",
    "SpacingBetweenSlices": 1.8,
    "StationName": "MININT-E41B04",
    "TaskName": "PheromoneOlfaction",
    "TotalReadoutTime": 0.0712794,
    "TxRefAmp": 424.198,
    "dataset": "ds003606",
    "modality": "bold",
    "run_id": 3,
    "subject_id": "213",
    "task_id": "PheromoneOlfaction"
  },
  "dummy_trs": 3,
  "dvars_nstd": 75.22650148201363,
  "dvars_std": 1.047763009547512,
  "dvars_vstd": 1.0044091569683258,
  "efc": 0.6821548482959415,
  "fber": 107.00836944580078,
  "fd_mean": 0.08431327179539745,
  "fd_num": 7,
  "fd_perc": 1.580135440180587,
  "fwhm_avg": 3.008524153772747,
  "fwhm_x": 2.863288964740143,
  "fwhm_y": 3.0648500811908,
  "fwhm_z": 3.097433415387297,
  "gcor": 0.00503389,
  "gsr_x": -0.045425474643707275,
  "gsr_y": 0.10594812035560608,
  "provenance": {
    "md5sum": "4e4d08627d5c3050ef223e32844c7621",
    "settings": {
      "fd_thres": 0.2,
      "testing": false
    },
    "software": "mriqc",
    "version": "22.0.1",
    "webapi_port": null,
    "webapi_url": "https://mriqc.nimh.nih.gov/api/v1"
  },
  "size_t": 443,
  "size_x": 100,
  "size_y": 100,
  "size_z": 72,
  "snr": 1.9193469471821973,
  "spacing_tr": 0.875,
  "spacing_x": 1.7999999523162842,
  "spacing_y": 1.7999999523162842,
  "spacing_z": 1.7999999523162842,
  "summary_bg_k": 78.66321925970733,
  "summary_bg_mad": 24.52150398538445,
  "summary_bg_mean": 60.52372741699219,
  "summary_bg_median": 33.661399841308594,
  "summary_bg_n": 311085.0,
  "summary_bg_p05": 12.846501350402832,
  "summary_bg_p95": 181.44921875,
  "summary_bg_stdv": 98.16165924072266,
  "summary_fg_k": 9.520588241946934,
  "summary_fg_mad": 136.92818743160703,
  "summary_fg_mean": 401.22900390625,
  "summary_fg_median": 357.4718017578125,
  "summary_fg_n": 293907.0,
  "summary_fg_p05": 201.35801391601564,
  "summary_fg_p95": 738.4266357421875,
  "summary_fg_stdv": 186.2462615966797,
  "tsnr": 17.52327517233789
}