{
  "aor": 0.00023552808988764047,
  "aqi": 0.019398567191011237,
  "bids_meta": {
    "AcquisitionMatrixPE": 100,
    "AcquisitionNumber": 1,
    "AcquisitionTime": "08:29:19.995000",
    "BandwidthPerPixelPhaseEncode": 13.889,
    "BaseResolution": 100,
    "ConversionSoftware": "dcm2niix",
    "ConversionSoftwareVersion": "v1.0.20180404 Clang8.0.0",
    "DerivedVendorReportedEchoSpacing": 0.000719994,
    "DeviceSerialNumber": "35002",
    "DwellTime": 2.8e-06,
    "EchoTime": 0.0436,
    "EffectiveEchoSpacing": 0.000719994,
    "FlipAngle": 55,
    "ImageComments": "Unaliased_MB8_PE3_(remote)",
    "ImageOrientationPatientDICOM": [
      0.99933,
      -0.00204367,
      0.0365294,
      -1.48626e-08,
      0.998439,
      0.0558589
    ],
    "ImageType": [
      "ORIGINAL",
      "PRIMARY",
      "M",
      "MB",
      "ND",
      "MOSAIC"
    ],
    "InPlanePhaseEncodingDirectionDICOM": "COL",
    "InstitutionAddress": "University_Pkwy_1700_North_685_Provo_UT_US_84601",
    "InstitutionName": "Brigham_Young_University",
    "InstitutionalDepartmentName": "MRI",
    "MRAcquisitionType": "2D",
    "MagneticFieldStrength": 3,
    "Manufacturer": "Siemens",
    "ManufacturersModelName": "TrioTim",
    "Modality": "MR",
    "MultibandAccelerationFactor": 8,
    "PartialFourier": 1,
    "PatientPosition": "HFS",
    "PercentPhaseFOV": 100,
    "PhaseEncodingDirection": "j-",
    "PhaseEncodingSteps": 100,
    "PhaseResolution": 1,
    "PixelBandwidth": 1786,
    "ProcedureStepDescription": "Research_KIRWAN",
    "ProtocolName": "P1",
    "PulseSequenceDetails": "%CustomerSeq%_cmrr_mbep2d_bold",
    "ReceiveCoilName": "32Ch_Head",
    "ReconMatrixPE": 100,
    "RepetitionTime": 0.875,
    "SAR": 0.110337,
    "ScanOptions": "FS",
    "ScanningSequence": "EP",
    "SequenceName": "epfid2d1_100",
    "SequenceVariant": "SK_SS",
    "SeriesDescription": "P1",
    "SeriesNumber": 2,
    "ShimSetting": [
      -2738,
      -22925,
      2533,
      1156,
      106,
      385,
      -59,
      398
    ],
    "SliceThickness": 1.8,
    "SliceTiming": [
      0,
      0.49,
      0.1,
      0.5875,
      0.1975,
      0.685,
      0.295,
      0.7825,
      0.3925,
      0,
      0.49,
      0.1,
      0.5875,
      0.1975,
      0.685,
      0.295,
      0.7825,
      0.3925,
      0,
      0.49,
      0.1,
      0.5875,
      0.1975,
      0.685,
      0.295,
      0.7825,
      0.3925,
      0,
      0.49,
      0.1,
      0.5875,
      0.1975,
      0.685,
      0.295,
      0.7825,
      0.3925,
      0,
      0.49,
      0.1,
      0.5875,
      0.1975,
      0.685,
      0.295,
      0.7825,
      0.3925,
      0,
      0.49,
      0.1,
      0.5875,
      0.1975,
      0.685,
      0.295,
      0.7825,
      0.3925,
      0,
      0.49,
      0.1,
      0.5875,
      0.1975,
      0.685,
      0.295,
      0.7825,
      0.3925,
      0,
      0.49,
      0.1,
      0.5875,
      0.1975,
      0.685,
      0.295,
      0.7825,
      0.3925
    ],
    "SoftwareVersions": "syngo_MR_B17",
    "SpacingBetweenSlices": 1.8,
    "StationName": "MININT-E41B04",
    "TaskName": "PheromoneOlfaction",
    "TotalReadoutTime": 0.0712794,
    "TxRefAmp": 393.567,
    "dataset": "ds003606",
    "modality": "bold",
    "run_id": 1,
    "subject_id": "105",
    "task_id": "PheromoneOlfaction"
  },
  "dummy_trs": 1,
  "dvars_nstd": 72.32029490427927,
  "dvars_std": 1.0435650442567568,
  "dvars_vstd": 0.9957232017342341,
  "efc": 0.623791777065733,
  "fber": 278.8867492675781,
  "fd_mean": 0.09296546386916035,
  "fd_num": 8,
  "fd_perc": 1.797752808988764,
  "fwhm_avg": 2.9185537186650365,
  "fwhm_x": 2.7975500741097683,
  "fwhm_y": 3.13357230523354,
  "fwhm_z": 2.824538776651802,
  "gcor": 0.00244637,
  "gsr_x": -0.037466298788785934,
  "gsr_y": 0.10984087735414505,
  "provenance": {
    "md5sum": "cccd48b319e4b749d32481952430cb1b",
    "settings": {
      "fd_thres": 0.2,
      "testing": false
    },
    "software": "mriqc",
    "version": "22.0.1",
    "webapi_port": null,
    "webapi_url": "https://mriqc.nimh.nih.gov/api/v1"
  },
  "size_t": 445,
  "size_x": 100,
  "size_y": 100,
  "size_z": 72,
  "snr": 2.4852212217750793,
  "spacing_tr": 0.875,
  "spacing_x": 1.7999999523162842,
  "spacing_y": 1.7999999523162842,
  "spacing_z": 1.8000000715255737,
  "summary_bg_k": 99.33134132507399,
  "summary_bg_mad": 11.717555166614721,
  "summary_bg_mean": 36.585601806640625,
  "summary_bg_median": 20.206741333007812,
  "summary_bg_n": 387177.0,
  "summary_bg_p05": 10.97752857208252,
  "summary_bg_p95": 113.30831756591799,
  "summary_bg_stdv": 53.82719039916992,
  "summary_fg_k": 4.584715203527355,
  "summary_fg_mad": 105.90113447322639,
  "summary_fg_mean": 383.5724792480469,
  "summary_fg_median": 353.01123046875,
  "summary_fg_n": 222647.0,
  "summary_fg_p05": 217.7878646850586,
  "summary_fg_p95": 662.7770935058592,
  "summary_fg_stdv": 142.0438690185547,
  "tsnr": 19.460143577423878
}