{
  "aor": 0.00024791011235955054,
  "aqi": 0.016835205617977526,
  "bids_meta": {
    "AcquisitionMatrixPE": 100,
    "AcquisitionNumber": 1,
    "AcquisitionTime": "08:36:21.527500",
    "BandwidthPerPixelPhaseEncode": 13.889,
    "BaseResolution": 100,
    "ConversionSoftware": "dcm2niix",
    "ConversionSoftwareVersion": "v1.0.20180404 Clang8.0.0",
    "DerivedVendorReportedEchoSpacing": 0.000719994,
    "DeviceSerialNumber": "35002",
    "DwellTime": 2.8e-06,
    "EchoTime": 0.0436,
    "EffectiveEchoSpacing": 0.000719994,
    "FlipAngle": 55,
    "ImageComments": "Unaliased_MB8_PE3_(remote)",
    "ImageOrientationPatientDICOM": [
      0.99933,
      -0.00204367,
      0.0365294,
      -1.48626e-08,
      0.998439,
      0.0558589
    ],
    "ImageType": [
      "ORIGINAL",
      "PRIMARY",
      "M",
      "MB",
      "ND",
      "MOSAIC"
    ],
    "InPlanePhaseEncodingDirectionDICOM": "COL",
    "InstitutionAddress": "University_Pkwy_1700_North_685_Provo_UT_US_84601",
    "InstitutionName": "Brigham_Young_University",
    "InstitutionalDepartmentName": "MRI",
    "MRAcquisitionType": "2D",
    "MagneticFieldStrength": 3,
    "Manufacturer": "Siemens",
    "ManufacturersModelName": "TrioTim",
    "Modality": "MR",
    "MultibandAccelerationFactor": 8,
    "PartialFourier": 1,
    "PatientPosition": "HFS",
    "PercentPhaseFOV": 100,
    "PhaseEncodingDirection": "j-",
    "PhaseEncodingSteps": 100,
    "PhaseResolution": 1,
    "PixelBandwidth": 1786,
    "ProcedureStepDescription": "Research_KIRWAN",
    "ProtocolName": "L",
    "PulseSequenceDetails": "%CustomerSeq%_cmrr_mbep2d_bold",
    "ReceiveCoilName": "32Ch_Head",
    "ReconMatrixPE": 100,
    "RepetitionTime": 0.875,
    "SAR": 0.107666,
    "ScanOptions": "FS",
    "ScanningSequence": "EP",
    "SequenceName": "epfid2d1_100",
    "SequenceVariant": "SK_SS",
    "SeriesDescription": "L",
    "SeriesNumber": 3,
    "ShimSetting": [
      -2738,
      -22925,
      2533,
      1156,
      106,
      385,
      -59,
      398
    ],
    "SliceThickness": 1.8,
    "SliceTiming": [
      0,
      0.4875,
      0.0975,
      0.585,
      0.195,
      0.6825,
      0.2925,
      0.78,
      0.39,
      0,
      0.4875,
      0.0975,
      0.585,
      0.195,
      0.6825,
      0.2925,
      0.78,
      0.39,
      0,
      0.4875,
      0.0975,
      0.585,
      0.195,
      0.6825,
      0.2925,
      0.78,
      0.39,
      0,
      0.4875,
      0.0975,
      0.585,
      0.195,
      0.6825,
      0.2925,
      0.78,
      0.39,
      0,
      0.4875,
      0.0975,
      0.585,
      0.195,
      0.6825,
      0.2925,
      0.78,
      0.39,
      0,
      0.4875,
      0.0975,
      0.585,
      0.195,
      0.6825,
      0.2925,
      0.78,
      0.39,
      0,
      0.4875,
      0.0975,
      0.585,
      0.195,
      0.6825,
      0.2925,
      0.78,
      0.39,
      0,
      0.4875,
      0.0975,
      0.585,
      0.195,
      0.6825,
      0.2925,
      0.78,
      0.39
    ],
    "SoftwareVersions": "syngo_MR_B17",
    "SpacingBetweenSlices": 1.8,
    "StationName": "MININT-E41B04",
    "TaskName": "PheromoneOlfaction",
    "TotalReadoutTime": 0.0712794,
    "TxRefAmp": 393.567,
    "dataset": "ds003606",
    "modality": "bold",
    "run_id": 3,
    "subject_id": "105",
    "task_id": "PheromoneOlfaction"
  },
  "dummy_trs": 1,
  "dvars_nstd": 71.74481871333327,
  "dvars_std": 1.048734028783784,
  "dvars_vstd": 1.0021518165540542,
  "efc": 0.6233647695396146,
  "fber": 268.8498229980469,
  "fd_mean": 0.09605786358500437,
  "fd_num": 10,
  "fd_perc": 2.247191011235955,
  "fwhm_avg": 2.891127792702195,
  "fwhm_x": 2.783083407059866,
  "fwhm_y": 3.0970000820424843,
  "fwhm_z": 2.793299889004235,
  "gcor": 0.00435192,
  "gsr_x": -0.034900881350040436,
  "gsr_y": 0.11342975497245789,
  "provenance": {
    "md5sum": "6680b301528800c62f0198e71c766f4d",
    "settings": {
      "fd_thres": 0.2,
      "testing": false
    },
    "software": "mriqc",
    "version": "22.0.1",
    "webapi_port": null,
    "webapi_url": "https://mriqc.nimh.nih.gov/api/v1"
  },
  "size_t": 445,
  "size_x": 100,
  "size_y": 100,
  "size_z": 72,
  "snr": 2.455810095335447,
  "spacing_tr": 0.875,
  "spacing_x": 1.7999999523162842,
  "spacing_y": 1.7999999523162842,
  "spacing_z": 1.8000000715255737,
  "summary_bg_k": 91.14105839280303,
  "summary_bg_mad": 12.124023133998216,
  "summary_bg_mean": 37.7913703918457,
  "summary_bg_median": 20.519102096557617,
  "summary_bg_n": 389629.0,
  "summary_bg_p05": 11.008989334106445,
  "summary_bg_p95": 119.77887725830072,
  "summary_bg_stdv": 56.44487762451172,
  "summary_fg_k": 4.686097419060724,
  "summary_fg_mad": 105.89778631147806,
  "summary_fg_mean": 383.05926513671875,
  "summary_fg_median": 351.4876403808594,
  "summary_fg_n": 221124.0,
  "summary_fg_p05": 217.33551177978515,
  "summary_fg_p95": 664.3906616210937,
  "summary_fg_stdv": 143.12460327148438,
  "tsnr": 20.468685537576675
}