{
  "aor": 0.0006308783783783783,
  "aqi": 0.022849072072072072,
  "bids_meta": {
    "AcquisitionMatrixPE": 100,
    "AcquisitionNumber": 1,
    "AcquisitionTime": "17:30:6.955000",
    "BandwidthPerPixelPhaseEncode": 13.889,
    "BaseResolution": 100,
    "ConversionSoftware": "dcm2niix",
    "ConversionSoftwareVersion": "v1.0.20180404 Clang8.0.0",
    "DerivedVendorReportedEchoSpacing": 0.000719994,
    "DeviceSerialNumber": "35002",
    "DwellTime": 2.8e-06,
    "EchoTime": 0.0436,
    "EffectiveEchoSpacing": 0.000719994,
    "FlipAngle": 55,
    "ImageComments": "Unaliased_MB8_PE3_(remote)",
    "ImageOrientationPatientDICOM": [
      1,
      0,
      0,
      0,
      0.971961,
      -0.235142
    ],
    "ImageType": [
      "ORIGINAL",
      "PRIMARY",
      "M",
      "MB",
      "ND",
      "MOSAIC"
    ],
    "InPlanePhaseEncodingDirectionDICOM": "COL",
    "InstitutionAddress": "University_Pkwy_1700_North_685_Provo_UT_US_84601",
    "InstitutionName": "Brigham_Young_University",
    "InstitutionalDepartmentName": "MRI",
    "MRAcquisitionType": "2D",
    "MagneticFieldStrength": 3,
    "Manufacturer": "Siemens",
    "ManufacturersModelName": "TrioTim",
    "Modality": "MR",
    "MultibandAccelerationFactor": 8,
    "PartialFourier": 1,
    "PatientPosition": "HFS",
    "PercentPhaseFOV": 100,
    "PhaseEncodingDirection": "j-",
    "PhaseEncodingSteps": 100,
    "PhaseResolution": 1,
    "PixelBandwidth": 1786,
    "ProcedureStepDescription": "Research_KIRWAN",
    "ProtocolName": "L",
    "PulseSequenceDetails": "%CustomerSeq%_cmrr_mbep2d_bold",
    "ReceiveCoilName": "32Ch_Head",
    "ReconMatrixPE": 100,
    "RepetitionTime": 0.875,
    "SAR": 0.119009,
    "ScanOptions": "FS",
    "ScanningSequence": "EP",
    "SequenceName": "epfid2d1_100",
    "SequenceVariant": "SK_SS",
    "SeriesDescription": "L",
    "SeriesNumber": 4,
    "ShimSetting": [
      -2807,
      -22870,
      2367,
      846,
      -143,
      669,
      -379,
      393
    ],
    "SliceThickness": 1.8,
    "SliceTiming": [
      0,
      0.4875,
      0.0975,
      0.585,
      0.195,
      0.6825,
      0.2925,
      0.78,
      0.39,
      0,
      0.4875,
      0.0975,
      0.585,
      0.195,
      0.6825,
      0.2925,
      0.78,
      0.39,
      0,
      0.4875,
      0.0975,
      0.585,
      0.195,
      0.6825,
      0.2925,
      0.78,
      0.39,
      0,
      0.4875,
      0.0975,
      0.585,
      0.195,
      0.6825,
      0.2925,
      0.78,
      0.39,
      0,
      0.4875,
      0.0975,
      0.585,
      0.195,
      0.6825,
      0.2925,
      0.78,
      0.39,
      0,
      0.4875,
      0.0975,
      0.585,
      0.195,
      0.6825,
      0.2925,
      0.78,
      0.39,
      0,
      0.4875,
      0.0975,
      0.585,
      0.195,
      0.6825,
      0.2925,
      0.78,
      0.39,
      0,
      0.4875,
      0.0975,
      0.585,
      0.195,
      0.6825,
      0.2925,
      0.78,
      0.39
    ],
    "SoftwareVersions": "syngo_MR_B17",
    "SpacingBetweenSlices": 1.8,
    "StationName": "MININT-E41B04",
    "TaskName": "PheromoneOlfaction",
    "TotalReadoutTime": 0.0712794,
    "TxRefAmp": 396.433,
    "dataset": "ds003606",
    "modality": "bold",
    "run_id": 3,
    "subject_id": "112",
    "task_id": "PheromoneOlfaction"
  },
  "dummy_trs": 2,
  "dvars_nstd": 73.49548060860043,
  "dvars_std": 1.0385688428442437,
  "dvars_vstd": 1.0071253844243797,
  "efc": 0.5940056981215348,
  "fber": 393.8553466796875,
  "fd_mean": 0.14965940954326545,
  "fd_num": 80,
  "fd_perc": 18.01801801801802,
  "fwhm_avg": 2.470129529521923,
  "fwhm_x": 2.3512056178412335,
  "fwhm_y": 2.619483229244422,
  "fwhm_z": 2.4396997414801134,
  "gcor": 0.00456585,
  "gsr_x": -0.005751624237746,
  "gsr_y": 0.091651052236557,
  "provenance": {
    "md5sum": "0f08406afd3194f2f01a85ea56225c7c",
    "settings": {
      "fd_thres": 0.2,
      "testing": false
    },
    "software": "mriqc",
    "version": "22.0.1",
    "webapi_port": null,
    "webapi_url": "https://mriqc.nimh.nih.gov/api/v1"
  },
  "size_t": 444,
  "size_x": 100,
  "size_y": 100,
  "size_z": 72,
  "snr": 3.092358147968986,
  "spacing_tr": 0.875,
  "spacing_x": 1.7999999523162842,
  "spacing_y": 1.8000000715255737,
  "spacing_z": 1.8000001907348633,
  "summary_bg_k": 63.226755314444745,
  "summary_bg_mad": 7.458091092959656,
  "summary_bg_mean": 29.49408531188965,
  "summary_bg_median": 15.510135650634766,
  "summary_bg_n": 432764.0,
  "summary_bg_p05": 9.711711883544922,
  "summary_bg_p95": 93.8442592620849,
  "summary_bg_stdv": 42.67925262451172,
  "summary_fg_k": 2.8283561962765473,
  "summary_fg_mad": 84.52167385638361,
  "summary_fg_mean": 330.5652770996094,
  "summary_fg_median": 315.02252197265625,
  "summary_fg_n": 185068.0,
  "summary_fg_p05": 195.73423767089844,
  "summary_fg_p95": 513.1319915771484,
  "summary_fg_stdv": 101.87101745605469,
  "tsnr": 18.89142686134437
}