{
  "bids_meta": {
    "AcquisitionMatrixPE": 256,
    "AcquisitionNumber": 1,
    "AcquisitionTime": "14:46:59.615000",
    "BaseResolution": 256,
    "ConversionSoftware": "dcm2niix",
    "ConversionSoftwareVersion": "v1.0.20180404 Clang8.0.0",
    "DeviceSerialNumber": "35002",
    "DwellTime": 1.03e-05,
    "EchoTime": 0.00492,
    "FlipAngle": 25,
    "ImageOrientationPatientDICOM": [
      0,
      1,
      0,
      0,
      0,
      -1
    ],
    "ImageType": [
      "ORIGINAL",
      "PRIMARY",
      "M",
      "ND",
      "NORM"
    ],
    "InPlanePhaseEncodingDirectionDICOM": "ROW",
    "InstitutionAddress": "University_Pkwy_1700_North_685_Provo_UT_US_84601",
    "InstitutionName": "Brigham_Young_University",
    "InstitutionalDepartmentName": "MRI",
    "MRAcquisitionType": "3D",
    "MagneticFieldStrength": 3,
    "Manufacturer": "Siemens",
    "ManufacturersModelName": "TrioTim",
    "Modality": "MR",
    "ParallelReductionFactorInPlane": 2,
    "PartialFourier": 1,
    "PatientPosition": "HFS",
    "PercentPhaseFOV": 100,
    "PhaseEncodingSteps": 255,
    "PhaseResolution": 1,
    "PixelBandwidth": 190,
    "ProcedureStepDescription": "Research_KIRWAN",
    "ProtocolName": "t1_fl3d_sag_no3Daccel_iso_1.0_1avg",
    "PulseSequenceDetails": "%SiemensSeq%_gre",
    "ReceiveCoilName": "32Ch_Head",
    "ReconMatrixPE": 256,
    "RepetitionTime": 0.02,
    "SAR": 0.166351,
    "ScanningSequence": "GR",
    "SequenceName": "_fl3d1_ns",
    "SequenceVariant": "SP",
    "SeriesDescription": "t1_fl3d_sag_no3Daccel_iso_1.0_1avg",
    "SeriesNumber": 5,
    "ShimSetting": [
      -2830,
      -22913,
      1923,
      -81,
      -87,
      -38,
      -253,
      388
    ],
    "SliceThickness": 1,
    "SoftwareVersions": "syngo_MR_B17",
    "StationName": "MININT-E41B04",
    "TxRefAmp": 369.506,
    "dataset": "ds003606",
    "modality": "T1w",
    "subject_id": "107"
  },
  "cjv": 0.4665084566849523,
  "cnr": 2.9230443951034606,
  "efc": 0.554948400804166,
  "fber": 5855.211664932362,
  "fwhm_avg": 3.233026666666666,
  "fwhm_x": 3.14465,
  "fwhm_y": 3.41843,
  "fwhm_z": 3.136,
  "icvs_csf": 0.13651578791288,
  "icvs_gm": 0.41319311408358594,
  "icvs_wm": 0.45029109800353406,
  "inu_med": 0.4237305521965027,
  "inu_range": 0.07997287809848785,
  "provenance": {
    "md5sum": "a701158cbc39960dc24e22f377271d3c",
    "settings": {
      "testing": false
    },
    "software": "mriqc",
    "version": "22.0.1",
    "warnings": {
      "large_rot_frame": true,
      "small_air_mask": false
    },
    "webapi_port": null,
    "webapi_url": "https://mriqc.nimh.nih.gov/api/v1"
  },
  "qi_1": 0.0,
  "qi_2": 0.008771923684857809,
  "rpve_csf": 48.75696366916545,
  "rpve_gm": 16.420323642528714,
  "rpve_wm": 17.00378017776095,
  "size_x": 192,
  "size_y": 256,
  "size_z": 256,
  "snr_csf": 1.7235028952125306,
  "snr_gm": 12.844005985864563,
  "snr_total": 11.075938254185877,
  "snr_wm": 18.66030588148054,
  "snrd_csf": 25.972556501367258,
  "snrd_gm": 69.56966766735928,
  "snrd_total": 62.19500223933571,
  "snrd_wm": 91.04278254928057,
  "spacing_x": 1.0,
  "spacing_y": 1.0,
  "spacing_z": 1.0,
  "summary_bg_k": 34.68645068610608,
  "summary_bg_mad": 7.19615434641871,
  "summary_bg_mean": 6.838988311219279,
  "summary_bg_median": 4.853732347488403,
  "summary_bg_n": 3014939.0,
  "summary_bg_p05": 0.0,
  "summary_bg_p95": 23.088024139404297,
  "summary_bg_stdv": 9.97287359971745,
  "summary_csf_k": 0.03344357342743365,
  "summary_csf_mad": 199.30430179709657,
  "summary_csf_mean": 292.46541037154066,
  "summary_csf_median": 285.2879573702812,
  "summary_csf_n": 16718.0,
  "summary_csf_p05": 63.24773999154568,
  "summary_csf_p95": 566.8749438256025,
  "summary_csf_stdv": 165.52303200422017,
  "summary_gm_k": 0.08440063658679442,
  "summary_gm_mad": 59.02791470643455,
  "summary_gm_mean": 765.0302672392288,
  "summary_gm_median": 764.1676853299141,
  "summary_gm_n": 27080.0,
  "summary_gm_p05": 667.0913986057043,
  "summary_gm_p95": 863.210061609745,
  "summary_gm_stdv": 59.49495637054207,
  "summary_wm_k": 0.5061234748034296,
  "summary_wm_mad": 51.005175063467746,
  "summary_wm_mean": 1005.2918329667008,
  "summary_wm_median": 1000.032841026783,
  "summary_wm_n": 182622.0,
  "summary_wm_p05": 926.2118354350329,
  "summary_wm_p95": 1101.4692879915237,
  "summary_wm_stdv": 53.59130281084184,
  "tpm_overlap_csf": 0.12604651941874123,
  "tpm_overlap_gm": 0.443530494512949,
  "tpm_overlap_wm": 0.48641808924059515,
  "wm2max": 0.5515700745242746
}