{
  "bids_meta": {
    "AcquisitionMatrixPE": 256,
    "AcquisitionNumber": 1,
    "AcquisitionTime": "10:45:7.272500",
    "BaseResolution": 256,
    "ConversionSoftware": "dcm2niix",
    "ConversionSoftwareVersion": "v1.0.20180404 Clang8.0.0",
    "DeviceSerialNumber": "35002",
    "DwellTime": 1.03e-05,
    "EchoTime": 0.00492,
    "FlipAngle": 25,
    "ImageOrientationPatientDICOM": [
      0,
      1,
      0,
      0,
      0,
      -1
    ],
    "ImageType": [
      "ORIGINAL",
      "PRIMARY",
      "M",
      "ND",
      "NORM"
    ],
    "InPlanePhaseEncodingDirectionDICOM": "ROW",
    "InstitutionAddress": "University_Pkwy_1700_North_685_Provo_UT_US_84601",
    "InstitutionName": "Brigham_Young_University",
    "InstitutionalDepartmentName": "MRI",
    "MRAcquisitionType": "3D",
    "MagneticFieldStrength": 3,
    "Manufacturer": "Siemens",
    "ManufacturersModelName": "TrioTim",
    "Modality": "MR",
    "ParallelReductionFactorInPlane": 2,
    "PartialFourier": 1,
    "PatientPosition": "HFS",
    "PercentPhaseFOV": 100,
    "PhaseEncodingSteps": 255,
    "PhaseResolution": 1,
    "PixelBandwidth": 190,
    "ProcedureStepDescription": "Research_KIRWAN",
    "ProtocolName": "t1_fl3d_sag_no3Daccel_iso_1.0_1avg",
    "PulseSequenceDetails": "%SiemensSeq%_gre",
    "ReceiveCoilName": "32Ch_Head",
    "ReconMatrixPE": 256,
    "RepetitionTime": 0.02,
    "SAR": 0.170184,
    "ScanningSequence": "GR",
    "SequenceName": "_fl3d1_ns",
    "SequenceVariant": "SP",
    "SeriesDescription": "t1_fl3d_sag_no3Daccel_iso_1.0_1avg",
    "SeriesNumber": 5,
    "ShimSetting": [
      -2830,
      -22913,
      1923,
      -81,
      -87,
      -38,
      -253,
      388
    ],
    "SliceThickness": 1,
    "SoftwareVersions": "syngo_MR_B17",
    "StationName": "MININT-E41B04",
    "TxRefAmp": 402.025,
    "dataset": "ds003606",
    "modality": "T1w",
    "subject_id": "208"
  },
  "cjv": 0.47143729605516055,
  "cnr": 2.9002538890479377,
  "efc": 0.5243770600555258,
  "fber": 22682.627153428144,
  "fwhm_avg": 3.350906666666667,
  "fwhm_x": 3.27356,
  "fwhm_y": 3.56107,
  "fwhm_z": 3.21809,
  "icvs_csf": 0.15840052665516074,
  "icvs_gm": 0.41383516456673686,
  "icvs_wm": 0.4277643087781024,
  "inu_med": 0.28398647904396057,
  "inu_range": 0.08224944770336148,
  "provenance": {
    "md5sum": "dd63155a5b2ecdf6762f9633dc1095f9",
    "settings": {
      "testing": false
    },
    "software": "mriqc",
    "version": "22.0.1",
    "warnings": {
      "large_rot_frame": true,
      "small_air_mask": false
    },
    "webapi_port": null,
    "webapi_url": "https://mriqc.nimh.nih.gov/api/v1"
  },
  "qi_1": 0.0,
  "qi_2": 0.015859507295842623,
  "rpve_csf": 31.55783244325431,
  "rpve_gm": 12.528737512839392,
  "rpve_wm": 13.91569369415614,
  "size_x": 192,
  "size_y": 256,
  "size_z": 256,
  "snr_csf": 2.512795345534935,
  "snr_gm": 15.924670366030577,
  "snr_total": 13.419407255823357,
  "snr_wm": 21.820756055904557,
  "snrd_csf": 66.47323103861828,
  "snrd_gm": 141.75901083632218,
  "snrd_total": 128.32845219569484,
  "snrd_wm": 176.75311471214408,
  "spacing_x": 1.0,
  "spacing_y": 1.0,
  "spacing_z": 1.0,
  "summary_bg_k": 9.524806805809323,
  "summary_bg_mad": 3.706610883278469,
  "summary_bg_mean": 3.496332186816873,
  "summary_bg_median": 2.5000710487365723,
  "summary_bg_n": 3823566.0,
  "summary_bg_p05": 0.0,
  "summary_bg_p95": 13.06855320930481,
  "summary_bg_stdv": 4.838652100751734,
  "summary_csf_k": 1.135129431472981,
  "summary_csf_mad": 112.04073806273554,
  "summary_csf_mean": 362.60122046354996,
  "summary_csf_median": 376.09023344516754,
  "summary_csf_n": 30429.0,
  "summary_csf_p05": 81.3091288805008,
  "summary_csf_p95": 590.869064450264,
  "summary_csf_stdv": 149.6676019649767,
  "summary_gm_k": 0.28499781999828144,
  "summary_gm_mad": 49.15471478165879,
  "summary_gm_mean": 802.8859767015405,
  "summary_gm_median": 802.039838373661,
  "summary_gm_n": 32997.0,
  "summary_gm_p05": 720.5886600017548,
  "summary_gm_p95": 886.0251796722412,
  "summary_gm_stdv": 50.36384845797566,
  "summary_wm_k": 0.4699176695203202,
  "summary_wm_mad": 44.184486551808114,
  "summary_wm_mean": 1003.617902729383,
  "summary_wm_median": 1000.0284194946289,
  "summary_wm_n": 252008.0,
  "summary_wm_p05": 935.2254415154457,
  "summary_wm_p95": 1084.0933085083961,
  "summary_wm_stdv": 45.829137762698,
  "tpm_overlap_csf": 0.16404966720201267,
  "tpm_overlap_gm": 0.4638313307256599,
  "tpm_overlap_wm": 0.5111374638177133,
  "wm2max": 0.6898640712020362
}