{
  "bids_meta": {
    "AcquisitionMatrixPE": 256,
    "AcquisitionNumber": 1,
    "AcquisitionTime": "12:38:13.555000",
    "BaseResolution": 256,
    "ConversionSoftware": "dcm2niix",
    "ConversionSoftwareVersion": "v1.0.20180404 Clang8.0.0",
    "DeviceSerialNumber": "35002",
    "DwellTime": 1.03e-05,
    "EchoTime": 0.00492,
    "FlipAngle": 25,
    "ImageOrientationPatientDICOM": [
      0,
      1,
      0,
      0,
      0,
      -1
    ],
    "ImageType": [
      "ORIGINAL",
      "PRIMARY",
      "M",
      "ND",
      "NORM"
    ],
    "InPlanePhaseEncodingDirectionDICOM": "ROW",
    "InstitutionAddress": "University_Pkwy_1700_North_685_Provo_UT_US_84601",
    "InstitutionName": "Brigham_Young_University",
    "InstitutionalDepartmentName": "MRI",
    "MRAcquisitionType": "3D",
    "MagneticFieldStrength": 3,
    "Manufacturer": "Siemens",
    "ManufacturersModelName": "TrioTim",
    "Modality": "MR",
    "ParallelReductionFactorInPlane": 2,
    "PartialFourier": 1,
    "PatientPosition": "HFS",
    "PercentPhaseFOV": 100,
    "PhaseEncodingSteps": 255,
    "PhaseResolution": 1,
    "PixelBandwidth": 190,
    "ProcedureStepDescription": "Research_KIRWAN",
    "ProtocolName": "t1_fl3d_sag_no3Daccel_iso_1.0_1avg",
    "PulseSequenceDetails": "%SiemensSeq%_gre",
    "ReceiveCoilName": "32Ch_Head",
    "ReconMatrixPE": 256,
    "RepetitionTime": 0.02,
    "SAR": 0.210555,
    "ScanningSequence": "GR",
    "SequenceName": "_fl3d1_ns",
    "SequenceVariant": "SP",
    "SeriesDescription": "t1_fl3d_sag_no3Daccel_iso_1.0_1avg",
    "SeriesNumber": 5,
    "ShimSetting": [
      -2830,
      -22913,
      1923,
      -81,
      -87,
      -38,
      -253,
      388
    ],
    "SliceThickness": 1,
    "SoftwareVersions": "syngo_MR_B17",
    "StationName": "MININT-E41B04",
    "TxRefAmp": 375.677,
    "dataset": "ds003606",
    "modality": "T1w",
    "subject_id": "204"
  },
  "cjv": 0.45018795099661196,
  "cnr": 3.069374864510519,
  "efc": 0.5927465415005648,
  "fber": 17623.754885438702,
  "fwhm_avg": 3.3172533333333334,
  "fwhm_x": 3.28441,
  "fwhm_y": 3.49452,
  "fwhm_z": 3.17283,
  "icvs_csf": 0.16329462172314982,
  "icvs_gm": 0.42423342045799267,
  "icvs_wm": 0.41247195781885754,
  "inu_med": 0.3979804664850235,
  "inu_range": 0.14209209382534027,
  "provenance": {
    "md5sum": "36484bca22a62753edaf053a6a4bc3d2",
    "settings": {
      "testing": false
    },
    "software": "mriqc",
    "version": "22.0.1",
    "warnings": {
      "large_rot_frame": true,
      "small_air_mask": false
    },
    "webapi_port": null,
    "webapi_url": "https://mriqc.nimh.nih.gov/api/v1"
  },
  "qi_1": 0.0,
  "qi_2": 0.016532253865144505,
  "rpve_csf": 28.170566204307395,
  "rpve_gm": 11.194808411024896,
  "rpve_wm": 12.940876193721232,
  "size_x": 192,
  "size_y": 256,
  "size_z": 256,
  "snr_csf": 2.354113371586447,
  "snr_gm": 15.566476344613012,
  "snr_total": 13.46360425614042,
  "snr_wm": 22.4702230522218,
  "snrd_csf": 44.94207872607311,
  "snrd_gm": 97.06691882941912,
  "snrd_total": 88.20471405010191,
  "snrd_wm": 122.60514459481348,
  "spacing_x": 1.0,
  "spacing_y": 1.0,
  "spacing_z": 1.0,
  "summary_bg_k": 11.329607922024229,
  "summary_bg_mad": 5.343466025478622,
  "summary_bg_mean": 4.34473838924027,
  "summary_bg_median": 3.6041130647063255,
  "summary_bg_n": 3184553.0,
  "summary_bg_p05": 0.0,
  "summary_bg_p95": 16.713190976530313,
  "summary_bg_stdv": 6.181613057893435,
  "summary_csf_k": 2.6103849966206045,
  "summary_csf_mad": 116.4037402805245,
  "summary_csf_mean": 354.49215558242594,
  "summary_csf_median": 366.5594993457198,
  "summary_csf_n": 35257.0,
  "summary_csf_p05": 77.76403953731061,
  "summary_csf_p95": 589.4562251769005,
  "summary_csf_stdv": 155.70800681898277,
  "summary_gm_k": 0.08234417650953185,
  "summary_gm_mad": 51.07724877295742,
  "summary_gm_mean": 791.8693695843202,
  "summary_gm_median": 791.7035032138228,
  "summary_gm_n": 34233.0,
  "summary_gm_p05": 708.1022138893604,
  "summary_gm_p95": 874.5274348184466,
  "summary_gm_stdv": 50.85877639536901,
  "summary_wm_k": 0.42262730216421796,
  "summary_wm_mad": 42.69534128201056,
  "summary_wm_mean": 1003.2803388680918,
  "summary_wm_median": 1000.000037688762,
  "summary_wm_n": 241334.0,
  "summary_wm_p05": 936.1153668947518,
  "summary_wm_p95": 1081.4459260627627,
  "summary_wm_stdv": 44.503250526041356,
  "tpm_overlap_csf": 0.14350777998655545,
  "tpm_overlap_gm": 0.44871896816533385,
  "tpm_overlap_wm": 0.4836207996198371,
  "wm2max": 0.5744996143071739
}