{
  "aor": 0.0014640765765765768,
  "aqi": 0.09814108130630632,
  "bids_meta": {
    "AcquisitionMatrixPE": 100,
    "AcquisitionNumber": 1,
    "AcquisitionTime": "15:42:45.852500",
    "BandwidthPerPixelPhaseEncode": 13.889,
    "BaseResolution": 100,
    "ConversionSoftware": "dcm2niix",
    "ConversionSoftwareVersion": "v1.0.20180404 Clang8.0.0",
    "DerivedVendorReportedEchoSpacing": 0.000719994,
    "DeviceSerialNumber": "35002",
    "DwellTime": 2.8e-06,
    "EchoTime": 0.0436,
    "EffectiveEchoSpacing": 0.000719994,
    "FlipAngle": 55,
    "ImageComments": "Unaliased_MB8_PE3_(remote)",
    "ImageOrientationPatientDICOM": [
      1,
      2e-16,
      0,
      -2e-16,
      0.990024,
      -0.140901
    ],
    "ImageType": [
      "ORIGINAL",
      "PRIMARY",
      "M",
      "MB",
      "ND",
      "MOSAIC"
    ],
    "InPlanePhaseEncodingDirectionDICOM": "COL",
    "InstitutionAddress": "University_Pkwy_1700_North_685_Provo_UT_US_84601",
    "InstitutionName": "Brigham_Young_University",
    "InstitutionalDepartmentName": "MRI",
    "MRAcquisitionType": "2D",
    "MagneticFieldStrength": 3,
    "Manufacturer": "Siemens",
    "ManufacturersModelName": "TrioTim",
    "Modality": "MR",
    "MultibandAccelerationFactor": 8,
    "PartialFourier": 1,
    "PatientPosition": "HFS",
    "PercentPhaseFOV": 100,
    "PhaseEncodingDirection": "j-",
    "PhaseEncodingSteps": 100,
    "PhaseResolution": 1,
    "PixelBandwidth": 1786,
    "ProcedureStepDescription": "Research_KIRWAN",
    "ProtocolName": "L",
    "PulseSequenceDetails": "%CustomerSeq%_cmrr_mbep2d_bold",
    "ReceiveCoilName": "32Ch_Head",
    "ReconMatrixPE": 100,
    "RepetitionTime": 0.875,
    "SAR": 0.138455,
    "ScanOptions": "FS",
    "ScanningSequence": "EP",
    "SequenceName": "epfid2d1_100",
    "SequenceVariant": "SK_SS",
    "SeriesDescription": "L",
    "SeriesNumber": 4,
    "ShimSetting": [
      -6933,
      -22835,
      2474,
      2605,
      1047,
      840,
      -3869,
      519
    ],
    "SliceThickness": 1.8,
    "SliceTiming": [
      0,
      0.4875,
      0.0975,
      0.585,
      0.195,
      0.6825,
      0.2925,
      0.78,
      0.39,
      0,
      0.4875,
      0.0975,
      0.585,
      0.195,
      0.6825,
      0.2925,
      0.78,
      0.39,
      0,
      0.4875,
      0.0975,
      0.585,
      0.195,
      0.6825,
      0.2925,
      0.78,
      0.39,
      0,
      0.4875,
      0.0975,
      0.585,
      0.195,
      0.6825,
      0.2925,
      0.78,
      0.39,
      0,
      0.4875,
      0.0975,
      0.585,
      0.195,
      0.6825,
      0.2925,
      0.78,
      0.39,
      0,
      0.4875,
      0.0975,
      0.585,
      0.195,
      0.6825,
      0.2925,
      0.78,
      0.39,
      0,
      0.4875,
      0.0975,
      0.585,
      0.195,
      0.6825,
      0.2925,
      0.78,
      0.39,
      0,
      0.4875,
      0.0975,
      0.585,
      0.195,
      0.6825,
      0.2925,
      0.78,
      0.39
    ],
    "SoftwareVersions": "syngo_MR_B17",
    "SpacingBetweenSlices": 1.8,
    "StationName": "MININT-E41B04",
    "TaskName": "PheromoneOlfaction",
    "TotalReadoutTime": 0.0712794,
    "TxRefAmp": 380.81,
    "dataset": "ds003606",
    "modality": "bold",
    "run_id": 3,
    "subject_id": "110",
    "task_id": "PheromoneOlfaction"
  },
  "dummy_trs": 2,
  "dvars_nstd": 382.28038758559785,
  "dvars_std": 1.1932748415124153,
  "dvars_vstd": 1.011745324740406,
  "efc": 0.6341079256171444,
  "fber": 2.19921612739563,
  "fd_mean": 0.258703552572532,
  "fd_num": 255,
  "fd_perc": 57.432432432432435,
  "fwhm_avg": 2.939301788469331,
  "fwhm_x": 2.4196111752089173,
  "fwhm_y": 3.6841276313836984,
  "fwhm_z": 2.7141665588153776,
  "gcor": 0.000140935,
  "gsr_x": 0.34215936064720154,
  "gsr_y": 0.21020923554897308,
  "provenance": {
    "md5sum": "6c763a7682a0e6b8a70cfa9759b8942d",
    "settings": {
      "fd_thres": 0.2,
      "testing": false
    },
    "software": "mriqc",
    "version": "22.0.1",
    "webapi_port": null,
    "webapi_url": "https://mriqc.nimh.nih.gov/api/v1"
  },
  "size_t": 444,
  "size_x": 100,
  "size_y": 100,
  "size_z": 72,
  "snr": 0.5050541557019446,
  "spacing_tr": 0.875,
  "spacing_x": 1.7999999523162842,
  "spacing_y": 1.8000000715255737,
  "spacing_z": 1.8000000715255737,
  "summary_bg_k": 38.21127605339307,
  "summary_bg_mad": 3.4861178892906732,
  "summary_bg_mean": 15.573334693908691,
  "summary_bg_median": 14.493243217468262,
  "summary_bg_n": 58429.0,
  "summary_bg_p05": 10.57207202911377,
  "summary_bg_p95": 24.147748184204097,
  "summary_bg_stdv": 5.124805927276611,
  "summary_fg_k": 50.46421779945651,
  "summary_fg_mad": 10.662047175452368,
  "summary_fg_mean": 35.43244171142578,
  "summary_fg_median": 21.923423767089844,
  "summary_fg_n": 576563.0,
  "summary_fg_p05": 12.6126127243042,
  "summary_fg_p95": 102.43671722412114,
  "summary_fg_stdv": 43.40802764892578,
  "tsnr": 5.376401426154189
}