{
  "bids_meta": {
    "AcquisitionMatrixPE": 256,
    "AcquisitionNumber": 1,
    "AcquisitionTime": "16:46:37.752500",
    "BaseResolution": 256,
    "ConversionSoftware": "dcm2niix",
    "ConversionSoftwareVersion": "v1.0.20180404 Clang8.0.0",
    "DeviceSerialNumber": "35002",
    "DwellTime": 1.03e-05,
    "EchoTime": 0.00492,
    "FlipAngle": 25,
    "ImageOrientationPatientDICOM": [
      0,
      1,
      0,
      0,
      0,
      -1
    ],
    "ImageType": [
      "ORIGINAL",
      "PRIMARY",
      "M",
      "ND",
      "NORM"
    ],
    "InPlanePhaseEncodingDirectionDICOM": "ROW",
    "InstitutionAddress": "University_Pkwy_1700_North_685_Provo_UT_US_84601",
    "InstitutionName": "Brigham_Young_University",
    "InstitutionalDepartmentName": "MRI",
    "MRAcquisitionType": "3D",
    "MagneticFieldStrength": 3,
    "Manufacturer": "Siemens",
    "ManufacturersModelName": "TrioTim",
    "Modality": "MR",
    "ParallelReductionFactorInPlane": 2,
    "PartialFourier": 1,
    "PatientPosition": "HFS",
    "PercentPhaseFOV": 100,
    "PhaseEncodingSteps": 255,
    "PhaseResolution": 1,
    "PixelBandwidth": 190,
    "ProcedureStepDescription": "Research_KIRWAN",
    "ProtocolName": "t1_fl3d_sag_no3Daccel_iso_1.0_1avg",
    "PulseSequenceDetails": "%SiemensSeq%_gre",
    "ReceiveCoilName": "32Ch_Head",
    "ReconMatrixPE": 256,
    "RepetitionTime": 0.02,
    "SAR": 0.167661,
    "ScanningSequence": "GR",
    "SequenceName": "_fl3d1_ns",
    "SequenceVariant": "SP",
    "SeriesDescription": "t1_fl3d_sag_no3Daccel_iso_1.0_1avg",
    "SeriesNumber": 5,
    "ShimSetting": [
      -2830,
      -22913,
      1923,
      -81,
      -87,
      -38,
      -253,
      388
    ],
    "SliceThickness": 1,
    "SoftwareVersions": "syngo_MR_B17",
    "StationName": "MININT-E41B04",
    "TxRefAmp": 397.228,
    "dataset": "ds003606",
    "modality": "T1w",
    "subject_id": "212"
  },
  "cjv": 0.43357724665684794,
  "cnr": 3.1471033181193704,
  "efc": 0.5404583815039191,
  "fber": 18565.64683612764,
  "fwhm_avg": 3.1678433333333333,
  "fwhm_x": 3.12026,
  "fwhm_y": 3.38468,
  "fwhm_z": 2.99859,
  "icvs_csf": 0.1604640131272834,
  "icvs_gm": 0.4302166422964218,
  "icvs_wm": 0.4093193445762948,
  "inu_med": 0.387212336063385,
  "inu_range": 0.12386937141418458,
  "provenance": {
    "md5sum": "6e5280ef91a290d1765ea1f6f6d04cd4",
    "settings": {
      "testing": false
    },
    "software": "mriqc",
    "version": "22.0.1",
    "warnings": {
      "large_rot_frame": true,
      "small_air_mask": false
    },
    "webapi_port": null,
    "webapi_url": "https://mriqc.nimh.nih.gov/api/v1"
  },
  "qi_1": 0.0,
  "qi_2": 0.025309392263426014,
  "rpve_csf": 31.903624682397496,
  "rpve_gm": 12.503362091798147,
  "rpve_wm": 14.618092195066511,
  "size_x": 192,
  "size_y": 256,
  "size_z": 256,
  "snr_csf": 3.182631041207464,
  "snr_gm": 16.800414956202708,
  "snr_total": 14.776983407260381,
  "snr_wm": 24.34790422437097,
  "snrd_csf": 61.9489538694239,
  "snrd_gm": 121.63325845659845,
  "snrd_total": 111.79467125699635,
  "snrd_wm": 151.80180144496669,
  "spacing_x": 1.0,
  "spacing_y": 1.0,
  "spacing_z": 1.0,
  "summary_bg_k": 16.233072819993147,
  "summary_bg_mad": 4.315877965689134,
  "summary_bg_mean": 3.640944978632435,
  "summary_bg_median": 2.9110154509544373,
  "summary_bg_n": 3583940.0,
  "summary_bg_p05": 0.0,
  "summary_bg_p95": 11.677141524851322,
  "summary_bg_stdv": 5.136960572337625,
  "summary_csf_k": 4.288299028969811,
  "summary_csf_mad": 89.45637965246569,
  "summary_csf_mean": 408.52645226644023,
  "summary_csf_median": 408.10451839119196,
  "summary_csf_n": 32698.0,
  "summary_csf_p05": 140.3473324291408,
  "summary_csf_p95": 601.696969795972,
  "summary_csf_stdv": 128.22670065981495,
  "summary_gm_k": 0.3288795943620024,
  "summary_gm_mad": 46.738996605701644,
  "summary_gm_mean": 801.7250505115657,
  "summary_gm_median": 801.2900825962424,
  "summary_gm_n": 34639.0,
  "summary_gm_p05": 724.17794489488,
  "summary_gm_p95": 879.5567025616765,
  "summary_gm_stdv": 47.69397174428936,
  "summary_wm_k": 0.480056869271575,
  "summary_wm_mad": 39.43143050470527,
  "summary_wm_mean": 1003.1280110310199,
  "summary_wm_median": 1000.0330465659499,
  "summary_wm_n": 219443.0,
  "summary_wm_p05": 941.051903963089,
  "summary_wm_p95": 1075.1570930331945,
  "summary_wm_stdv": 41.07256044612945,
  "tpm_overlap_csf": 0.16737479728328283,
  "tpm_overlap_gm": 0.45558306846109753,
  "tpm_overlap_wm": 0.4984430406517739,
  "wm2max": 0.6311009978706525
}