{
  "aor": 0.000923873873873874,
  "aqi": 0.018638100900900897,
  "bids_meta": {
    "AcquisitionMatrixPE": 100,
    "AcquisitionNumber": 1,
    "AcquisitionTime": "16:32:18.067500",
    "BandwidthPerPixelPhaseEncode": 13.889,
    "BaseResolution": 100,
    "ConversionSoftware": "dcm2niix",
    "ConversionSoftwareVersion": "v1.0.20180404 Clang8.0.0",
    "DerivedVendorReportedEchoSpacing": 0.000719994,
    "DeviceSerialNumber": "35002",
    "DwellTime": 2.8e-06,
    "EchoTime": 0.0436,
    "EffectiveEchoSpacing": 0.000719994,
    "FlipAngle": 55,
    "ImageComments": "Unaliased_MB8_PE3_(remote)",
    "ImageOrientationPatientDICOM": [
      1,
      0,
      0,
      0,
      0.989526,
      -0.144356
    ],
    "ImageType": [
      "ORIGINAL",
      "PRIMARY",
      "M",
      "MB",
      "ND",
      "MOSAIC"
    ],
    "InPlanePhaseEncodingDirectionDICOM": "COL",
    "InstitutionAddress": "University_Pkwy_1700_North_685_Provo_UT_US_84601",
    "InstitutionName": "Brigham_Young_University",
    "InstitutionalDepartmentName": "MRI",
    "MRAcquisitionType": "2D",
    "MagneticFieldStrength": 3,
    "Manufacturer": "Siemens",
    "ManufacturersModelName": "TrioTim",
    "Modality": "MR",
    "MultibandAccelerationFactor": 8,
    "PartialFourier": 1,
    "PatientPosition": "HFS",
    "PercentPhaseFOV": 100,
    "PhaseEncodingDirection": "j-",
    "PhaseEncodingSteps": 100,
    "PhaseResolution": 1,
    "PixelBandwidth": 1786,
    "ProcedureStepDescription": "Research_KIRWAN",
    "ProtocolName": "P1",
    "PulseSequenceDetails": "%CustomerSeq%_cmrr_mbep2d_bold",
    "ReceiveCoilName": "32Ch_Head",
    "ReconMatrixPE": 100,
    "RepetitionTime": 0.875,
    "SAR": 0.10922,
    "ScanOptions": "FS",
    "ScanningSequence": "EP",
    "SequenceName": "epfid2d1_100",
    "SequenceVariant": "SK_SS",
    "SeriesDescription": "P1",
    "SeriesNumber": 3,
    "ShimSetting": [
      -2780,
      -22820,
      2324,
      757,
      40,
      542,
      -371,
      406
    ],
    "SliceThickness": 1.8,
    "SliceTiming": [
      0,
      0.4875,
      0.0975,
      0.585,
      0.195,
      0.6825,
      0.2925,
      0.78,
      0.39,
      0,
      0.4875,
      0.0975,
      0.585,
      0.195,
      0.6825,
      0.2925,
      0.78,
      0.39,
      0,
      0.4875,
      0.0975,
      0.585,
      0.195,
      0.6825,
      0.2925,
      0.78,
      0.39,
      0,
      0.4875,
      0.0975,
      0.585,
      0.195,
      0.6825,
      0.2925,
      0.78,
      0.39,
      0,
      0.4875,
      0.0975,
      0.585,
      0.195,
      0.6825,
      0.2925,
      0.78,
      0.39,
      0,
      0.4875,
      0.0975,
      0.585,
      0.195,
      0.6825,
      0.2925,
      0.78,
      0.39,
      0,
      0.4875,
      0.0975,
      0.585,
      0.195,
      0.6825,
      0.2925,
      0.78,
      0.39,
      0,
      0.4875,
      0.0975,
      0.585,
      0.195,
      0.6825,
      0.2925,
      0.78,
      0.39
    ],
    "SoftwareVersions": "syngo_MR_B17",
    "SpacingBetweenSlices": 1.8,
    "StationName": "MININT-E41B04",
    "TaskName": "PheromoneOlfaction",
    "TotalReadoutTime": 0.0712794,
    "TxRefAmp": 397.228,
    "dataset": "ds003606",
    "modality": "bold",
    "run_id": 1,
    "subject_id": "212",
    "task_id": "PheromoneOlfaction"
  },
  "dummy_trs": 2,
  "dvars_nstd": 67.95201433765234,
  "dvars_std": 1.0429017741986453,
  "dvars_vstd": 1.0013172524830702,
  "efc": 0.6363176298315398,
  "fber": 200.8520050048828,
  "fd_mean": 0.0973410796980988,
  "fd_num": 7,
  "fd_perc": 1.5765765765765767,
  "fwhm_avg": 2.968333411967315,
  "fwhm_x": 2.8428667419769167,
  "fwhm_y": 3.1623445282179654,
  "fwhm_z": 2.899788965707063,
  "gcor": 0.0057892,
  "gsr_x": -0.03715391457080841,
  "gsr_y": 0.13750018179416656,
  "provenance": {
    "md5sum": "a0d1cdf2a8d7d7359e527508cd67d05e",
    "settings": {
      "fd_thres": 0.2,
      "testing": false
    },
    "software": "mriqc",
    "version": "22.0.1",
    "webapi_port": null,
    "webapi_url": "https://mriqc.nimh.nih.gov/api/v1"
  },
  "size_t": 444,
  "size_x": 100,
  "size_y": 100,
  "size_z": 72,
  "snr": 2.298686302530246,
  "spacing_tr": 0.875,
  "spacing_x": 1.7999999523162842,
  "spacing_y": 1.7999999523162842,
  "spacing_z": 1.7999999523162842,
  "summary_bg_k": 44.324482648626784,
  "summary_bg_mad": 16.24852009285219,
  "summary_bg_mean": 47.357200622558594,
  "summary_bg_median": 24.966217041015625,
  "summary_bg_n": 378794.0,
  "summary_bg_p05": 12.056306838989258,
  "summary_bg_p95": 157.8611518859863,
  "summary_bg_stdv": 71.9052963256836,
  "summary_fg_k": 3.7099826826468227,
  "summary_fg_mad": 121.41642552414893,
  "summary_fg_mean": 406.7430419921875,
  "summary_fg_median": 370.59234619140625,
  "summary_fg_n": 230639.0,
  "summary_fg_p05": 223.3689193725586,
  "summary_fg_p95": 725.650708007812,
  "summary_fg_stdv": 161.21884155273438,
  "tsnr": 19.259757780237123
}