{
  "aor": 0.0005096598639455783,
  "aqi": 0.01538105850340136,
  "bids_meta": {
    "AcquisitionMatrixPE": 100,
    "AcquisitionNumber": 1,
    "AcquisitionTime": "16:39:30.890000",
    "BandwidthPerPixelPhaseEncode": 13.889,
    "BaseResolution": 100,
    "ConversionSoftware": "dcm2niix",
    "ConversionSoftwareVersion": "v1.0.20180404 Clang8.0.0",
    "DerivedVendorReportedEchoSpacing": 0.000719994,
    "DeviceSerialNumber": "35002",
    "DwellTime": 2.8e-06,
    "EchoTime": 0.0436,
    "EffectiveEchoSpacing": 0.000719994,
    "FlipAngle": 55,
    "ImageComments": "Unaliased_MB8_PE3_(remote)",
    "ImageOrientationPatientDICOM": [
      1,
      0,
      0,
      0,
      0.989526,
      -0.144356
    ],
    "ImageType": [
      "ORIGINAL",
      "PRIMARY",
      "M",
      "MB",
      "ND",
      "MOSAIC"
    ],
    "InPlanePhaseEncodingDirectionDICOM": "COL",
    "InstitutionAddress": "University_Pkwy_1700_North_685_Provo_UT_US_84601",
    "InstitutionName": "Brigham_Young_University",
    "InstitutionalDepartmentName": "MRI",
    "MRAcquisitionType": "2D",
    "MagneticFieldStrength": 3,
    "Manufacturer": "Siemens",
    "ManufacturersModelName": "TrioTim",
    "Modality": "MR",
    "MultibandAccelerationFactor": 8,
    "PartialFourier": 1,
    "PatientPosition": "HFS",
    "PercentPhaseFOV": 100,
    "PhaseEncodingDirection": "j-",
    "PhaseEncodingSteps": 100,
    "PhaseResolution": 1,
    "PixelBandwidth": 1786,
    "ProcedureStepDescription": "Research_KIRWAN",
    "ProtocolName": "P2",
    "PulseSequenceDetails": "%CustomerSeq%_cmrr_mbep2d_bold",
    "ReceiveCoilName": "32Ch_Head",
    "ReconMatrixPE": 100,
    "RepetitionTime": 0.875,
    "SAR": 0.111421,
    "ScanOptions": "FS",
    "ScanningSequence": "EP",
    "SequenceName": "epfid2d1_100",
    "SequenceVariant": "SK_SS",
    "SeriesDescription": "P2",
    "SeriesNumber": 4,
    "ShimSetting": [
      -2780,
      -22820,
      2324,
      757,
      40,
      542,
      -371,
      406
    ],
    "SliceThickness": 1.8,
    "SliceTiming": [
      0,
      0.4875,
      0.0975,
      0.585,
      0.195,
      0.6825,
      0.2925,
      0.78,
      0.39,
      0,
      0.4875,
      0.0975,
      0.585,
      0.195,
      0.6825,
      0.2925,
      0.78,
      0.39,
      0,
      0.4875,
      0.0975,
      0.585,
      0.195,
      0.6825,
      0.2925,
      0.78,
      0.39,
      0,
      0.4875,
      0.0975,
      0.585,
      0.195,
      0.6825,
      0.2925,
      0.78,
      0.39,
      0,
      0.4875,
      0.0975,
      0.585,
      0.195,
      0.6825,
      0.2925,
      0.78,
      0.39,
      0,
      0.4875,
      0.0975,
      0.585,
      0.195,
      0.6825,
      0.2925,
      0.78,
      0.39,
      0,
      0.4875,
      0.0975,
      0.585,
      0.195,
      0.6825,
      0.2925,
      0.78,
      0.39,
      0,
      0.4875,
      0.0975,
      0.585,
      0.195,
      0.6825,
      0.2925,
      0.78,
      0.39
    ],
    "SoftwareVersions": "syngo_MR_B17",
    "SpacingBetweenSlices": 1.8,
    "StationName": "MININT-E41B04",
    "TaskName": "PheromoneOlfaction",
    "TotalReadoutTime": 0.0712794,
    "TxRefAmp": 397.228,
    "dataset": "ds003606",
    "modality": "bold",
    "run_id": 2,
    "subject_id": "212",
    "task_id": "PheromoneOlfaction"
  },
  "dummy_trs": 5,
  "dvars_nstd": 68.46733266659093,
  "dvars_std": 1.0541686351363642,
  "dvars_vstd": 1.0065296156136363,
  "efc": 0.635579582650605,
  "fber": 206.6332244873047,
  "fd_mean": 0.09481786456862205,
  "fd_num": 3,
  "fd_perc": 0.6802721088435374,
  "fwhm_avg": 2.9547667449412542,
  "fwhm_x": 2.822222296985581,
  "fwhm_y": 3.1398556387333247,
  "fwhm_z": 2.9022222991048574,
  "gcor": 0.00660624,
  "gsr_x": -0.040233638137578964,
  "gsr_y": 0.1366368979215622,
  "provenance": {
    "md5sum": "dd8cc599e1250c6518e7d1bc6b3d0d92",
    "settings": {
      "fd_thres": 0.2,
      "testing": false
    },
    "software": "mriqc",
    "version": "22.0.1",
    "webapi_port": null,
    "webapi_url": "https://mriqc.nimh.nih.gov/api/v1"
  },
  "size_t": 441,
  "size_x": 100,
  "size_y": 100,
  "size_z": 72,
  "snr": 2.2847058549335073,
  "spacing_tr": 0.875,
  "spacing_x": 1.7999999523162842,
  "spacing_y": 1.7999999523162842,
  "spacing_z": 1.7999999523162842,
  "summary_bg_k": 46.76717810588901,
  "summary_bg_mad": 15.784166254701463,
  "summary_bg_mean": 46.66741943359375,
  "summary_bg_median": 24.521541595458984,
  "summary_bg_n": 377435.0,
  "summary_bg_p05": 12.022675514221191,
  "summary_bg_p95": 153.99774169921875,
  "summary_bg_stdv": 71.39302062988281,
  "summary_fg_k": 3.6727409619114226,
  "summary_fg_mad": 122.22559477694905,
  "summary_fg_mean": 406.921875,
  "summary_fg_median": 370.89569091796875,
  "summary_fg_n": 230674.0,
  "summary_fg_p05": 221.6167755126953,
  "summary_fg_p95": 727.659194946289,
  "summary_fg_stdv": 162.338134765625,
  "tsnr": 20.956674462533556
}