{
  "aor": 0.0005147747747747748,
  "aqi": 0.0187322463963964,
  "bids_meta": {
    "AcquisitionMatrixPE": 100,
    "AcquisitionNumber": 1,
    "AcquisitionTime": "10:38:8.277500",
    "BandwidthPerPixelPhaseEncode": 13.889,
    "BaseResolution": 100,
    "ConversionSoftware": "dcm2niix",
    "ConversionSoftwareVersion": "v1.0.20180404 Clang8.0.0",
    "DerivedVendorReportedEchoSpacing": 0.000719994,
    "DeviceSerialNumber": "35002",
    "DwellTime": 2.8e-06,
    "EchoTime": 0.0436,
    "EffectiveEchoSpacing": 0.000719994,
    "FlipAngle": 55,
    "ImageComments": "Unaliased_MB8_PE3_(remote)",
    "ImageOrientationPatientDICOM": [
      0.999614,
      -0.00290372,
      -0.0276164,
      -2.07789e-08,
      0.994518,
      -0.104569
    ],
    "ImageType": [
      "ORIGINAL",
      "PRIMARY",
      "M",
      "MB",
      "ND",
      "MOSAIC"
    ],
    "InPlanePhaseEncodingDirectionDICOM": "COL",
    "InstitutionAddress": "University_Pkwy_1700_North_685_Provo_UT_US_84601",
    "InstitutionName": "Brigham_Young_University",
    "InstitutionalDepartmentName": "MRI",
    "MRAcquisitionType": "2D",
    "MagneticFieldStrength": 3,
    "Manufacturer": "Siemens",
    "ManufacturersModelName": "TrioTim",
    "Modality": "MR",
    "MultibandAccelerationFactor": 8,
    "PartialFourier": 1,
    "PatientPosition": "HFS",
    "PercentPhaseFOV": 100,
    "PhaseEncodingDirection": "j-",
    "PhaseEncodingSteps": 100,
    "PhaseResolution": 1,
    "PixelBandwidth": 1786,
    "ProcedureStepDescription": "Research_KIRWAN",
    "ProtocolName": "P1",
    "PulseSequenceDetails": "%CustomerSeq%_cmrr_mbep2d_bold",
    "ReceiveCoilName": "32Ch_Head",
    "ReconMatrixPE": 100,
    "RepetitionTime": 0.875,
    "SAR": 0.114249,
    "ScanOptions": "FS",
    "ScanningSequence": "EP",
    "SequenceName": "epfid2d1_100",
    "SequenceVariant": "SK_SS",
    "SeriesDescription": "P1",
    "SeriesNumber": 4,
    "ShimSetting": [
      -2853,
      -22871,
      2399,
      1074,
      -194,
      400,
      -326,
      486
    ],
    "SliceThickness": 1.8,
    "SliceTiming": [
      0,
      0.49,
      0.1,
      0.5875,
      0.1975,
      0.685,
      0.295,
      0.7825,
      0.3925,
      0,
      0.49,
      0.1,
      0.5875,
      0.1975,
      0.685,
      0.295,
      0.7825,
      0.3925,
      0,
      0.49,
      0.1,
      0.5875,
      0.1975,
      0.685,
      0.295,
      0.7825,
      0.3925,
      0,
      0.49,
      0.1,
      0.5875,
      0.1975,
      0.685,
      0.295,
      0.7825,
      0.3925,
      0,
      0.49,
      0.1,
      0.5875,
      0.1975,
      0.685,
      0.295,
      0.7825,
      0.3925,
      0,
      0.49,
      0.1,
      0.5875,
      0.1975,
      0.685,
      0.295,
      0.7825,
      0.3925,
      0,
      0.49,
      0.1,
      0.5875,
      0.1975,
      0.685,
      0.295,
      0.7825,
      0.3925,
      0,
      0.49,
      0.1,
      0.5875,
      0.1975,
      0.685,
      0.295,
      0.7825,
      0.3925
    ],
    "SoftwareVersions": "syngo_MR_B17",
    "SpacingBetweenSlices": 1.8,
    "StationName": "MININT-E41B04",
    "TaskName": "PheromoneOlfaction",
    "TotalReadoutTime": 0.0712794,
    "TxRefAmp": 402.025,
    "dataset": "ds003606",
    "modality": "bold",
    "run_id": 1,
    "subject_id": "208",
    "task_id": "PheromoneOlfaction"
  },
  "dummy_trs": 2,
  "dvars_nstd": 72.359699895237,
  "dvars_std": 1.03374436006772,
  "dvars_vstd": 0.9968995915801346,
  "efc": 0.6530019419823986,
  "fber": 198.1546173095703,
  "fd_mean": 0.08131635331130191,
  "fd_num": 12,
  "fd_perc": 2.7027027027027026,
  "fwhm_avg": 2.898742606667067,
  "fwhm_x": 2.732377850161072,
  "fwhm_y": 3.1229111938400056,
  "fwhm_z": 2.8409387760001246,
  "gcor": 0.0038452,
  "gsr_x": -0.0349556989967823,
  "gsr_y": 0.10389319062232971,
  "provenance": {
    "md5sum": "13dd3f42b95c8b69653dea9610d91ea9",
    "settings": {
      "fd_thres": 0.2,
      "testing": false
    },
    "software": "mriqc",
    "version": "22.0.1",
    "webapi_port": null,
    "webapi_url": "https://mriqc.nimh.nih.gov/api/v1"
  },
  "size_t": 444,
  "size_x": 100,
  "size_y": 100,
  "size_z": 72,
  "snr": 2.4573881896669865,
  "spacing_tr": 0.875,
  "spacing_x": 1.7999999523162842,
  "spacing_y": 1.7999999523162842,
  "spacing_z": 1.8000000715255737,
  "summary_bg_k": 28.027716501663072,
  "summary_bg_mad": 14.562227194605551,
  "summary_bg_mean": 44.47291946411133,
  "summary_bg_median": 22.99549674987793,
  "summary_bg_n": 370446.0,
  "summary_bg_p05": 11.42792797088623,
  "summary_bg_p95": 155.4217414855957,
  "summary_bg_stdv": 56.824928283691406,
  "summary_fg_k": 2.8271003270360078,
  "summary_fg_mad": 109.17495798166175,
  "summary_fg_mean": 364.8772888183594,
  "summary_fg_median": 338.84686279296875,
  "summary_fg_n": 235621.0,
  "summary_fg_p05": 192.9279327392578,
  "summary_fg_p95": 624.2747802734375,
  "summary_fg_stdv": 137.88873291015625,
  "tsnr": 18.306487106485292
}