{
  "aor": 0.0006665022421524663,
  "aqi": 0.01857063004484305,
  "bids_meta": {
    "AcquisitionMatrixPE": 100,
    "AcquisitionNumber": 1,
    "AcquisitionTime": "10:30:53.765000",
    "BandwidthPerPixelPhaseEncode": 13.889,
    "BaseResolution": 100,
    "ConversionSoftware": "dcm2niix",
    "ConversionSoftwareVersion": "v1.0.20180404 Clang8.0.0",
    "DerivedVendorReportedEchoSpacing": 0.000719994,
    "DeviceSerialNumber": "35002",
    "DwellTime": 2.8e-06,
    "EchoTime": 0.0436,
    "EffectiveEchoSpacing": 0.000719994,
    "FlipAngle": 55,
    "ImageComments": "Unaliased_MB8_PE3_(remote)",
    "ImageOrientationPatientDICOM": [
      0.999614,
      -0.00290372,
      -0.0276164,
      -2.07789e-08,
      0.994518,
      -0.104569
    ],
    "ImageType": [
      "ORIGINAL",
      "PRIMARY",
      "M",
      "MB",
      "ND",
      "MOSAIC"
    ],
    "InPlanePhaseEncodingDirectionDICOM": "COL",
    "InstitutionAddress": "University_Pkwy_1700_North_685_Provo_UT_US_84601",
    "InstitutionName": "Brigham_Young_University",
    "InstitutionalDepartmentName": "MRI",
    "MRAcquisitionType": "2D",
    "MagneticFieldStrength": 3,
    "Manufacturer": "Siemens",
    "ManufacturersModelName": "TrioTim",
    "Modality": "MR",
    "MultibandAccelerationFactor": 8,
    "PartialFourier": 1,
    "PatientPosition": "HFS",
    "PercentPhaseFOV": 100,
    "PhaseEncodingDirection": "j-",
    "PhaseEncodingSteps": 100,
    "PhaseResolution": 1,
    "PixelBandwidth": 1786,
    "ProcedureStepDescription": "Research_KIRWAN",
    "ProtocolName": "P2",
    "PulseSequenceDetails": "%CustomerSeq%_cmrr_mbep2d_bold",
    "ReceiveCoilName": "32Ch_Head",
    "ReconMatrixPE": 100,
    "RepetitionTime": 0.875,
    "SAR": 0.112455,
    "ScanOptions": "FS",
    "ScanningSequence": "EP",
    "SequenceName": "epfid2d1_100",
    "SequenceVariant": "SK_SS",
    "SeriesDescription": "P2",
    "SeriesNumber": 3,
    "ShimSetting": [
      -2853,
      -22871,
      2399,
      1074,
      -194,
      400,
      -326,
      486
    ],
    "SliceThickness": 1.8,
    "SliceTiming": [
      0,
      0.4875,
      0.0975,
      0.585,
      0.195,
      0.6825,
      0.2925,
      0.78,
      0.39,
      0,
      0.4875,
      0.0975,
      0.585,
      0.195,
      0.6825,
      0.2925,
      0.78,
      0.39,
      0,
      0.4875,
      0.0975,
      0.585,
      0.195,
      0.6825,
      0.2925,
      0.78,
      0.39,
      0,
      0.4875,
      0.0975,
      0.585,
      0.195,
      0.6825,
      0.2925,
      0.78,
      0.39,
      0,
      0.4875,
      0.0975,
      0.585,
      0.195,
      0.6825,
      0.2925,
      0.78,
      0.39,
      0,
      0.4875,
      0.0975,
      0.585,
      0.195,
      0.6825,
      0.2925,
      0.78,
      0.39,
      0,
      0.4875,
      0.0975,
      0.585,
      0.195,
      0.6825,
      0.2925,
      0.78,
      0.39,
      0,
      0.4875,
      0.0975,
      0.585,
      0.195,
      0.6825,
      0.2925,
      0.78,
      0.39
    ],
    "SoftwareVersions": "syngo_MR_B17",
    "SpacingBetweenSlices": 1.8,
    "StationName": "MININT-E41B04",
    "TaskName": "PheromoneOlfaction",
    "TotalReadoutTime": 0.0712794,
    "TxRefAmp": 402.025,
    "dataset": "ds003606",
    "modality": "bold",
    "run_id": 2,
    "subject_id": "208",
    "task_id": "PheromoneOlfaction"
  },
  "dummy_trs": 0,
  "dvars_nstd": 72.03913598222476,
  "dvars_std": 1.0415765909213488,
  "dvars_vstd": 1.0070172313033703,
  "efc": 0.6517547113665421,
  "fber": 203.28973388671875,
  "fd_mean": 0.07536324959379999,
  "fd_num": 8,
  "fd_perc": 1.7937219730941705,
  "fwhm_avg": 2.890244457967073,
  "fwhm_x": 2.7150222941457507,
  "fwhm_y": 3.0999723043434435,
  "fwhm_z": 2.8557387754120254,
  "gcor": 0.00443111,
  "gsr_x": -0.03383488208055496,
  "gsr_y": 0.10136204957962036,
  "provenance": {
    "md5sum": "febab4a707d46fee3bac9bf446c51645",
    "settings": {
      "fd_thres": 0.2,
      "testing": false
    },
    "software": "mriqc",
    "version": "22.0.1",
    "webapi_port": null,
    "webapi_url": "https://mriqc.nimh.nih.gov/api/v1"
  },
  "size_t": 446,
  "size_x": 100,
  "size_y": 100,
  "size_z": 72,
  "snr": 2.4739748481535195,
  "spacing_tr": 0.875,
  "spacing_x": 1.7999999523162842,
  "spacing_y": 1.7999999523162842,
  "spacing_z": 1.8000000715255737,
  "summary_bg_k": 30.288864387193648,
  "summary_bg_mad": 14.014913034486176,
  "summary_bg_mean": 43.49289321899414,
  "summary_bg_median": 22.632287979125977,
  "summary_bg_n": 370615.0,
  "summary_bg_p05": 11.419282913208008,
  "summary_bg_p95": 152.3354370117187,
  "summary_bg_stdv": 55.705810546875,
  "summary_fg_k": 2.677080275186161,
  "summary_fg_mad": 110.0533074954511,
  "summary_fg_mean": 364.687744140625,
  "summary_fg_median": 339.42938232421875,
  "summary_fg_n": 235648.0,
  "summary_fg_p05": 192.24316635131837,
  "summary_fg_p95": 621.9984802246094,
  "summary_fg_stdv": 137.19972229003906,
  "tsnr": 18.433698406443
}