{
  "bids_meta": {
    "AcquisitionMatrixPE": 256,
    "AcquisitionNumber": 1,
    "AcquisitionTime": "15:49:50.667500",
    "BaseResolution": 256,
    "ConversionSoftware": "dcm2niix",
    "ConversionSoftwareVersion": "v1.0.20180404 Clang8.0.0",
    "DeviceSerialNumber": "35002",
    "DwellTime": 1.03e-05,
    "EchoTime": 0.00492,
    "FlipAngle": 25,
    "ImageOrientationPatientDICOM": [
      -0.0279217,
      0.99961,
      0,
      0,
      0,
      -1
    ],
    "ImageType": [
      "ORIGINAL",
      "PRIMARY",
      "M",
      "ND",
      "NORM"
    ],
    "InPlanePhaseEncodingDirectionDICOM": "ROW",
    "InstitutionAddress": "University_Pkwy_1700_North_685_Provo_UT_US_84601",
    "InstitutionName": "Brigham_Young_University",
    "InstitutionalDepartmentName": "MRI",
    "MRAcquisitionType": "3D",
    "MagneticFieldStrength": 3,
    "Manufacturer": "Siemens",
    "ManufacturersModelName": "TrioTim",
    "Modality": "MR",
    "ParallelReductionFactorInPlane": 2,
    "PartialFourier": 1,
    "PatientPosition": "HFS",
    "PercentPhaseFOV": 100,
    "PhaseEncodingSteps": 255,
    "PhaseResolution": 1,
    "PixelBandwidth": 190,
    "ProcedureStepDescription": "Research_KIRWAN",
    "ProtocolName": "t1_fl3d_sag_no3Daccel_iso_1.0_1avg",
    "PulseSequenceDetails": "%SiemensSeq%_gre",
    "ReceiveCoilName": "32Ch_Head",
    "ReconMatrixPE": 256,
    "RepetitionTime": 0.02,
    "SAR": 0.206023,
    "ScanningSequence": "GR",
    "SequenceName": "_fl3d1_ns",
    "SequenceVariant": "SP",
    "SeriesDescription": "t1_fl3d_sag_no3Daccel_iso_1.0_1avg",
    "SeriesNumber": 5,
    "ShimSetting": [
      -2830,
      -22913,
      1923,
      -81,
      -87,
      -38,
      -253,
      388
    ],
    "SliceThickness": 1,
    "SoftwareVersions": "syngo_MR_B17",
    "StationName": "MININT-E41B04",
    "TxRefAmp": 380.81,
    "dataset": "ds003606",
    "modality": "T1w",
    "subject_id": "110"
  },
  "cjv": 0.49041036176743713,
  "cnr": 2.7822469338892892,
  "efc": 0.5630861700561881,
  "fber": 37757.533069168465,
  "fwhm_avg": 3.056195818656199,
  "fwhm_x": 3.0486974559685955,
  "fwhm_y": 3.2267,
  "fwhm_z": 2.89319,
  "icvs_csf": 0.17074290546261311,
  "icvs_gm": 0.41986955823015953,
  "icvs_wm": 0.40938753630722735,
  "inu_med": 0.3985840380191803,
  "inu_range": 0.08322768807411196,
  "provenance": {
    "md5sum": "92001732bf908046a1041c08a58883e1",
    "settings": {
      "testing": false
    },
    "software": "mriqc",
    "version": "22.0.1",
    "warnings": {
      "large_rot_frame": true,
      "small_air_mask": false
    },
    "webapi_port": null,
    "webapi_url": "https://mriqc.nimh.nih.gov/api/v1"
  },
  "qi_1": 0.0,
  "qi_2": 0.033127119115224105,
  "rpve_csf": 35.09283798816933,
  "rpve_gm": 14.445965808268623,
  "rpve_wm": 16.574061801505792,
  "size_x": 192,
  "size_y": 256,
  "size_z": 256,
  "snr_csf": 2.8372866542707063,
  "snr_gm": 16.57974843950769,
  "snr_total": 13.288658685216207,
  "snr_wm": 20.44894096187023,
  "snrd_csf": 40.43446624174033,
  "snrd_gm": 85.28927114051788,
  "snrd_total": 77.12660065804917,
  "snrd_wm": 105.6560645918893,
  "spacing_x": 1.0000008344650269,
  "spacing_y": 1.0,
  "spacing_z": 1.0,
  "summary_bg_k": 12.409705488399988,
  "summary_bg_mad": 0.0,
  "summary_bg_mean": 3.6025760052671245,
  "summary_bg_median": 0.0,
  "summary_bg_n": 3285996.0,
  "summary_bg_p05": 0.0,
  "summary_bg_p95": 16.232030868530273,
  "summary_bg_stdv": 6.200846573351599,
  "summary_csf_k": 2.672691863647783,
  "summary_csf_mad": 100.97310343836622,
  "summary_csf_mean": 381.4938503775999,
  "summary_csf_median": 382.71102237701416,
  "summary_csf_n": 25309.0,
  "summary_csf_p05": 116.49942464828491,
  "summary_csf_p95": 589.4995458602905,
  "summary_csf_stdv": 134.88360823780047,
  "summary_gm_k": 0.34321228517809566,
  "summary_gm_mad": 47.058596475432566,
  "summary_gm_mean": 805.7202344361847,
  "summary_gm_median": 807.2604188919067,
  "summary_gm_n": 18808.0,
  "summary_gm_p05": 723.9092549562454,
  "summary_gm_p95": 882.4955673933028,
  "summary_gm_stdv": 48.68825127184932,
  "summary_wm_k": 0.48734558000720263,
  "summary_wm_mad": 47.47834609711631,
  "summary_wm_mean": 1004.285659215649,
  "summary_wm_median": 1000.0315141677856,
  "summary_wm_n": 166436.0,
  "summary_wm_p05": 932.3036799430847,
  "summary_wm_p95": 1090.9434700012207,
  "summary_wm_stdv": 48.903682189485096,
  "tpm_overlap_csf": 0.15396472584692894,
  "tpm_overlap_gm": 0.45440357631614003,
  "tpm_overlap_wm": 0.4854863467426016,
  "wm2max": 0.574194193903276
}