{
  "bids_meta": {
    "AcquisitionMatrixPE": 256,
    "AcquisitionNumber": 1,
    "AcquisitionTime": "16:40:37.717500",
    "BaseResolution": 256,
    "ConversionSoftware": "dcm2niix",
    "ConversionSoftwareVersion": "v1.0.20180404 Clang8.0.0",
    "DeviceSerialNumber": "35002",
    "DwellTime": 1.03e-05,
    "EchoTime": 0.00492,
    "FlipAngle": 25,
    "ImageOrientationPatientDICOM": [
      0,
      1,
      0,
      0,
      0,
      -1
    ],
    "ImageType": [
      "ORIGINAL",
      "PRIMARY",
      "M",
      "ND",
      "NORM"
    ],
    "InPlanePhaseEncodingDirectionDICOM": "ROW",
    "InstitutionAddress": "University_Pkwy_1700_North_685_Provo_UT_US_84601",
    "InstitutionName": "Brigham_Young_University",
    "InstitutionalDepartmentName": "MRI",
    "MRAcquisitionType": "3D",
    "MagneticFieldStrength": 3,
    "Manufacturer": "Siemens",
    "ManufacturersModelName": "TrioTim",
    "Modality": "MR",
    "ParallelReductionFactorInPlane": 2,
    "PartialFourier": 1,
    "PatientPosition": "HFS",
    "PercentPhaseFOV": 100,
    "PhaseEncodingSteps": 255,
    "PhaseResolution": 1,
    "PixelBandwidth": 190,
    "ProcedureStepDescription": "Research_KIRWAN",
    "ProtocolName": "t1_fl3d_sag_no3Daccel_iso_1.0_1avg",
    "PulseSequenceDetails": "%SiemensSeq%_gre",
    "ReceiveCoilName": "32Ch_Head",
    "ReconMatrixPE": 256,
    "RepetitionTime": 0.02,
    "SAR": 0.173136,
    "ScanningSequence": "GR",
    "SequenceName": "_fl3d1_ns",
    "SequenceVariant": "SP",
    "SeriesDescription": "t1_fl3d_sag_no3Daccel_iso_1.0_1avg",
    "SeriesNumber": 5,
    "ShimSetting": [
      -2830,
      -22913,
      1923,
      -81,
      -87,
      -38,
      -253,
      388
    ],
    "SliceThickness": 1,
    "SoftwareVersions": "syngo_MR_B17",
    "StationName": "MININT-E41B04",
    "TxRefAmp": 392.892,
    "dataset": "ds003606",
    "modality": "T1w",
    "subject_id": "205"
  },
  "cjv": 0.38858850968988584,
  "cnr": 3.377531305747371,
  "efc": 0.5334885519834004,
  "fber": 20586.700650163304,
  "fwhm_avg": 3.3218866666666664,
  "fwhm_x": 3.22761,
  "fwhm_y": 3.57753,
  "fwhm_z": 3.16052,
  "icvs_csf": 0.16651399740180964,
  "icvs_gm": 0.43019219246446244,
  "icvs_wm": 0.4032938101337279,
  "inu_med": 0.32841500639915466,
  "inu_range": 0.12052269279956818,
  "provenance": {
    "md5sum": "43fba58ab235ffd860f334cf05fafd74",
    "settings": {
      "testing": false
    },
    "software": "mriqc",
    "version": "22.0.1",
    "warnings": {
      "large_rot_frame": true,
      "small_air_mask": false
    },
    "webapi_port": null,
    "webapi_url": "https://mriqc.nimh.nih.gov/api/v1"
  },
  "qi_1": 0.0,
  "qi_2": 0.01863361092332006,
  "rpve_csf": 29.867985073023284,
  "rpve_gm": 12.457298269057523,
  "rpve_wm": 15.205259633530163,
  "size_x": 192,
  "size_y": 256,
  "size_z": 256,
  "snr_csf": 2.386657629964419,
  "snr_gm": 15.870841913549773,
  "snr_total": 15.56558174053495,
  "snr_wm": 28.43924567809066,
  "snrd_csf": 79.1149330007161,
  "snrd_gm": 168.32151342925397,
  "snrd_total": 153.22783247359868,
  "snrd_wm": 212.24705099082598,
  "spacing_x": 1.0,
  "spacing_y": 1.0,
  "spacing_z": 1.0,
  "summary_bg_k": 6.056662738641117,
  "summary_bg_mad": 3.086755818162057,
  "summary_bg_mean": 3.302038102625307,
  "summary_bg_median": 2.0819851607084274,
  "summary_bg_n": 3593673.0,
  "summary_bg_p05": 0.0,
  "summary_bg_p95": 13.082744590938091,
  "summary_bg_stdv": 4.615894937071577,
  "summary_csf_k": 1.5206206270468368,
  "summary_csf_mad": 126.97411770926082,
  "summary_csf_mean": 353.2896584165101,
  "summary_csf_median": 372.759748570621,
  "summary_csf_n": 27411.0,
  "summary_csf_p05": 75.58450181409717,
  "summary_csf_p95": 581.9429873526096,
  "summary_csf_stdv": 156.18199459076942,
  "summary_gm_k": 0.48913581821171315,
  "summary_gm_mad": 48.178418513205074,
  "summary_gm_mean": 793.3348389985041,
  "summary_gm_median": 793.0675366222858,
  "summary_gm_n": 29511.0,
  "summary_gm_p05": 712.7704332619905,
  "summary_gm_p95": 874.3071602918208,
  "summary_gm_stdv": 49.96925204195155,
  "summary_wm_k": 1.0184188548216397,
  "summary_wm_mad": 32.244084424855,
  "summary_wm_mean": 1001.6999095742299,
  "summary_wm_median": 1000.0281155705452,
  "summary_wm_n": 239441.0,
  "summary_wm_p05": 947.6408673375845,
  "summary_wm_p95": 1062.0093765035272,
  "summary_wm_stdv": 35.16359184178266,
  "tpm_overlap_csf": 0.1526662262862695,
  "tpm_overlap_gm": 0.45817482534967774,
  "tpm_overlap_wm": 0.5116952444147166,
  "wm2max": 0.7247141480914631
}