{
  "aor": 0.0026000675675675678,
  "aqi": 0.11310240923423423,
  "bids_meta": {
    "AcquisitionMatrixPE": 100,
    "AcquisitionNumber": 1,
    "AcquisitionTime": "12:54:14.197500",
    "BandwidthPerPixelPhaseEncode": 13.889,
    "BaseResolution": 100,
    "ConversionSoftware": "dcm2niix",
    "ConversionSoftwareVersion": "v1.0.20180404 Clang8.0.0",
    "DerivedVendorReportedEchoSpacing": 0.000719994,
    "DeviceSerialNumber": "35002",
    "DwellTime": 2.8e-06,
    "EchoTime": 0.0436,
    "EffectiveEchoSpacing": 0.000719994,
    "FlipAngle": 55,
    "ImageComments": "Unaliased_MB8_PE3_(remote)",
    "ImageOrientationPatientDICOM": [
      1,
      0,
      0,
      0,
      0.987136,
      -0.159881
    ],
    "ImageType": [
      "ORIGINAL",
      "PRIMARY",
      "M",
      "MB",
      "ND",
      "MOSAIC"
    ],
    "InPlanePhaseEncodingDirectionDICOM": "COL",
    "InstitutionAddress": "University_Pkwy_1700_North_685_Provo_UT_US_84601",
    "InstitutionName": "Brigham_Young_University",
    "InstitutionalDepartmentName": "MRI",
    "MRAcquisitionType": "2D",
    "MagneticFieldStrength": 3,
    "Manufacturer": "Siemens",
    "ManufacturersModelName": "TrioTim",
    "Modality": "MR",
    "MultibandAccelerationFactor": 8,
    "PartialFourier": 1,
    "PatientPosition": "HFS",
    "PercentPhaseFOV": 100,
    "PhaseEncodingDirection": "j-",
    "PhaseEncodingSteps": 100,
    "PhaseResolution": 1,
    "PixelBandwidth": 1786,
    "ProcedureStepDescription": "Research_KIRWAN",
    "ProtocolName": "P2",
    "PulseSequenceDetails": "%CustomerSeq%_cmrr_mbep2d_bold",
    "ReceiveCoilName": "32Ch_Head",
    "ReconMatrixPE": 100,
    "RepetitionTime": 0.875,
    "SAR": 0.0959201,
    "ScanOptions": "FS",
    "ScanningSequence": "EP",
    "SequenceName": "epfid2d1_100",
    "SequenceVariant": "SK_SS",
    "SeriesDescription": "P2",
    "SeriesNumber": 3,
    "ShimSetting": [
      -9277,
      -23827,
      1930,
      -973,
      -102,
      -522,
      -4999,
      -153
    ],
    "SliceThickness": 1.8,
    "SliceTiming": [
      0,
      0.4875,
      0.0975,
      0.585,
      0.195,
      0.6825,
      0.2925,
      0.78,
      0.39,
      0,
      0.4875,
      0.0975,
      0.585,
      0.195,
      0.6825,
      0.2925,
      0.78,
      0.39,
      0,
      0.4875,
      0.0975,
      0.585,
      0.195,
      0.6825,
      0.2925,
      0.78,
      0.39,
      0,
      0.4875,
      0.0975,
      0.585,
      0.195,
      0.6825,
      0.2925,
      0.78,
      0.39,
      0,
      0.4875,
      0.0975,
      0.585,
      0.195,
      0.6825,
      0.2925,
      0.78,
      0.39,
      0,
      0.4875,
      0.0975,
      0.585,
      0.195,
      0.6825,
      0.2925,
      0.78,
      0.39,
      0,
      0.4875,
      0.0975,
      0.585,
      0.195,
      0.6825,
      0.2925,
      0.78,
      0.39,
      0,
      0.4875,
      0.0975,
      0.585,
      0.195,
      0.6825,
      0.2925,
      0.78,
      0.39
    ],
    "SoftwareVersions": "syngo_MR_B17",
    "SpacingBetweenSlices": 1.8,
    "StationName": "MININT-E41B04",
    "TaskName": "PheromoneOlfaction",
    "TotalReadoutTime": 0.0712794,
    "TxRefAmp": 384.875,
    "dataset": "ds003606",
    "modality": "bold",
    "run_id": 2,
    "subject_id": "111",
    "task_id": "PheromoneOlfaction"
  },
  "dummy_trs": 2,
  "dvars_nstd": 293.6980561197516,
  "dvars_std": 1.0833112686907451,
  "dvars_vstd": 1.0287868329571108,
  "efc": 0.8581681356277215,
  "fber": 276.4895324707031,
  "fd_mean": 0.16067621189840492,
  "fd_num": 107,
  "fd_perc": 24.0990990990991,
  "fwhm_avg": 2.9215204477642316,
  "fwhm_x": 2.3742722851189586,
  "fwhm_y": 4.344372337308786,
  "fwhm_z": 2.045916720864951,
  "gcor": 2.54633e-05,
  "gsr_x": -0.20121008157730103,
  "gsr_y": 0.3243502974510193,
  "provenance": {
    "md5sum": "24dbd5d7c077b569c5d458bab0d33e6b",
    "settings": {
      "fd_thres": 0.2,
      "testing": false
    },
    "software": "mriqc",
    "version": "22.0.1",
    "webapi_port": null,
    "webapi_url": "https://mriqc.nimh.nih.gov/api/v1"
  },
  "size_t": 444,
  "size_x": 100,
  "size_y": 100,
  "size_z": 72,
  "snr": 1.4232797283542562,
  "spacing_tr": 0.875,
  "spacing_x": 1.7999999523162842,
  "spacing_y": 1.7999999523162842,
  "spacing_z": 1.7999999523162842,
  "summary_bg_k": 0.0,
  "summary_bg_mad": 0.0,
  "summary_bg_mean": 0.0,
  "summary_bg_median": 0.0,
  "summary_bg_n": 4.0,
  "summary_bg_p05": 0.0,
  "summary_bg_p95": 0.0,
  "summary_bg_stdv": 0.0,
  "summary_fg_k": 77.28684220741788,
  "summary_fg_mad": 6.511428050930967,
  "summary_fg_mean": 20.027681350708008,
  "summary_fg_median": 16.754505157470703,
  "summary_fg_n": 657974.0,
  "summary_fg_p05": 10.673423767089844,
  "summary_fg_p95": 39.781532287597656,
  "summary_fg_stdv": 11.771749496459961,
  "tsnr": 5.743043671303894
}