{
  "bids_meta": {
    "AcquisitionMatrixPE": 256,
    "AcquisitionNumber": 1,
    "AcquisitionTime": "11:36:52.175000",
    "BaseResolution": 256,
    "ConversionSoftware": "dcm2niix",
    "ConversionSoftwareVersion": "v1.0.20180404 Clang8.0.0",
    "DeviceSerialNumber": "35002",
    "DwellTime": 1.03e-05,
    "EchoTime": 0.00492,
    "FlipAngle": 25,
    "ImageOrientationPatientDICOM": [
      0,
      1,
      0,
      0,
      0,
      -1
    ],
    "ImageType": [
      "ORIGINAL",
      "PRIMARY",
      "M",
      "ND",
      "NORM"
    ],
    "InPlanePhaseEncodingDirectionDICOM": "ROW",
    "InstitutionAddress": "University_Pkwy_1700_North_685_Provo_UT_US_84601",
    "InstitutionName": "Brigham_Young_University",
    "InstitutionalDepartmentName": "MRI",
    "MRAcquisitionType": "3D",
    "MagneticFieldStrength": 3,
    "Manufacturer": "Siemens",
    "ManufacturersModelName": "TrioTim",
    "Modality": "MR",
    "ParallelReductionFactorInPlane": 2,
    "PartialFourier": 1,
    "PatientPosition": "HFS",
    "PercentPhaseFOV": 100,
    "PhaseEncodingSteps": 255,
    "PhaseResolution": 1,
    "PixelBandwidth": 190,
    "ProcedureStepDescription": "Research_KIRWAN",
    "ProtocolName": "t1_fl3d_sag_no3Daccel_iso_1.0_1avg",
    "PulseSequenceDetails": "%SiemensSeq%_gre",
    "ReceiveCoilName": "32Ch_Head",
    "ReconMatrixPE": 256,
    "RepetitionTime": 0.02,
    "SAR": 0.224786,
    "ScanningSequence": "GR",
    "SequenceName": "_fl3d1_ns",
    "SequenceVariant": "SP",
    "SeriesDescription": "t1_fl3d_sag_no3Daccel_iso_1.0_1avg",
    "SeriesNumber": 5,
    "ShimSetting": [
      -2830,
      -22913,
      1923,
      -81,
      -87,
      -38,
      -253,
      388
    ],
    "SliceThickness": 1,
    "SoftwareVersions": "syngo_MR_B17",
    "StationName": "MININT-E41B04",
    "TxRefAmp": 424.198,
    "dataset": "ds003606",
    "modality": "T1w",
    "subject_id": "213"
  },
  "cjv": 0.43138075826329064,
  "cnr": 3.1083878702484227,
  "efc": 0.5684996769630254,
  "fber": 16357.374987470344,
  "fwhm_avg": 3.57694,
  "fwhm_x": 3.54379,
  "fwhm_y": 3.82216,
  "fwhm_z": 3.36487,
  "icvs_csf": 0.20714672825623026,
  "icvs_gm": 0.41284154339223145,
  "icvs_wm": 0.3800117283515383,
  "inu_med": 0.39260442554950714,
  "inu_range": 0.12480135858058927,
  "provenance": {
    "md5sum": "2a17103ff7bdb4c032b6e23605dede1c",
    "settings": {
      "testing": false
    },
    "software": "mriqc",
    "version": "22.0.1",
    "warnings": {
      "large_rot_frame": true,
      "small_air_mask": false
    },
    "webapi_port": null,
    "webapi_url": "https://mriqc.nimh.nih.gov/api/v1"
  },
  "qi_1": 0.0003982558785473403,
  "qi_2": 0.011728604065506522,
  "rpve_csf": 21.941156759165526,
  "rpve_gm": 10.90668327961403,
  "rpve_wm": 13.20552590692507,
  "size_x": 192,
  "size_y": 256,
  "size_z": 256,
  "snr_csf": 4.268728289794155,
  "snr_gm": 17.260824608101892,
  "snr_total": 14.904732936552454,
  "snr_wm": 23.18464591176131,
  "snrd_csf": 49.183658372400664,
  "snrd_gm": 99.68033988266298,
  "snrd_total": 91.05871573170396,
  "snrd_wm": 124.3121489400482,
  "spacing_x": 1.0,
  "spacing_y": 1.0,
  "spacing_z": 1.0,
  "summary_bg_k": 5.791133738716242,
  "summary_bg_mad": 5.2702701166772465,
  "summary_bg_mean": 5.098142483729914,
  "summary_bg_median": 3.5547431744635105,
  "summary_bg_n": 3828377.0,
  "summary_bg_p05": 0.0,
  "summary_bg_p95": 18.95863026380539,
  "summary_bg_stdv": 6.7129531244705065,
  "summary_csf_k": 6.174622285872051,
  "summary_csf_mad": 62.28957347425203,
  "summary_csf_mean": 398.70142162520546,
  "summary_csf_median": 395.65984266623855,
  "summary_csf_n": 86161.0,
  "summary_csf_p05": 277.67622397094965,
  "summary_csf_p95": 548.8862008340657,
  "summary_csf_stdv": 92.68745156631917,
  "summary_gm_k": 0.3743586206041756,
  "summary_gm_mad": 44.9729716623125,
  "summary_gm_mean": 801.4136010753448,
  "summary_gm_median": 801.8823507651687,
  "summary_gm_n": 37437.0,
  "summary_gm_p05": 724.4228042587638,
  "summary_gm_p95": 875.7939250364899,
  "summary_gm_stdv": 46.456160649485874,
  "summary_wm_k": 0.8635090348256984,
  "summary_wm_mad": 40.50579032531941,
  "summary_wm_mean": 1002.8279636501701,
  "summary_wm_median": 1000.0338917188346,
  "summary_wm_n": 272036.0,
  "summary_wm_p05": 937.4365571513772,
  "summary_wm_p95": 1077.2226006500423,
  "summary_wm_stdv": 43.13337617787457,
  "tpm_overlap_csf": 0.15823312271904202,
  "tpm_overlap_gm": 0.4345963648470937,
  "tpm_overlap_wm": 0.4766508740180881,
  "wm2max": 0.577056567660329
}