{
  "aor": 0.00029281531531531534,
  "aqi": 0.01857618288288288,
  "bids_meta": {
    "AcquisitionMatrixPE": 100,
    "AcquisitionNumber": 1,
    "AcquisitionTime": "13:35:33.165000",
    "BandwidthPerPixelPhaseEncode": 13.889,
    "BaseResolution": 100,
    "ConversionSoftware": "dcm2niix",
    "ConversionSoftwareVersion": "v1.0.20180404 Clang8.0.0",
    "DerivedVendorReportedEchoSpacing": 0.000719994,
    "DeviceSerialNumber": "35002",
    "DwellTime": 2.8e-06,
    "EchoTime": 0.0436,
    "EffectiveEchoSpacing": 0.000719994,
    "FlipAngle": 55,
    "ImageComments": "Unaliased_MB8_PE3_(remote)",
    "ImageOrientationPatientDICOM": [
      0.999705,
      0.00266558,
      -0.0241379,
      6.30709e-08,
      0.993957,
      0.109767
    ],
    "ImageType": [
      "ORIGINAL",
      "PRIMARY",
      "M",
      "MB",
      "ND",
      "MOSAIC"
    ],
    "InPlanePhaseEncodingDirectionDICOM": "COL",
    "InstitutionAddress": "University_Pkwy_1700_North_685_Provo_UT_US_84601",
    "InstitutionName": "Brigham_Young_University",
    "InstitutionalDepartmentName": "MRI",
    "MRAcquisitionType": "2D",
    "MagneticFieldStrength": 3,
    "Manufacturer": "Siemens",
    "ManufacturersModelName": "TrioTim",
    "Modality": "MR",
    "MultibandAccelerationFactor": 8,
    "PartialFourier": 1,
    "PatientPosition": "HFS",
    "PercentPhaseFOV": 100,
    "PhaseEncodingDirection": "j-",
    "PhaseEncodingSteps": 100,
    "PhaseResolution": 1,
    "PixelBandwidth": 1786,
    "ProcedureStepDescription": "Research_KIRWAN",
    "ProtocolName": "run2_P2",
    "PulseSequenceDetails": "%CustomerSeq%_cmrr_mbep2d_bold",
    "ReceiveCoilName": "32Ch_Head",
    "ReconMatrixPE": 100,
    "RepetitionTime": 0.875,
    "SAR": 0.10472,
    "ScanOptions": "FS",
    "ScanningSequence": "EP",
    "SequenceName": "epfid2d1_100",
    "SequenceVariant": "SK_SS",
    "SeriesDescription": "run2_P2",
    "SeriesNumber": 3,
    "ShimSetting": [
      -2835,
      -22979,
      2488,
      1007,
      62,
      58,
      -163,
      502
    ],
    "SliceThickness": 1.8,
    "SliceTiming": [
      0,
      0.4875,
      0.0975,
      0.585,
      0.195,
      0.6825,
      0.2925,
      0.78,
      0.39,
      0,
      0.4875,
      0.0975,
      0.585,
      0.195,
      0.6825,
      0.2925,
      0.78,
      0.39,
      0,
      0.4875,
      0.0975,
      0.585,
      0.195,
      0.6825,
      0.2925,
      0.78,
      0.39,
      0,
      0.4875,
      0.0975,
      0.585,
      0.195,
      0.6825,
      0.2925,
      0.78,
      0.39,
      0,
      0.4875,
      0.0975,
      0.585,
      0.195,
      0.6825,
      0.2925,
      0.78,
      0.39,
      0,
      0.4875,
      0.0975,
      0.585,
      0.195,
      0.6825,
      0.2925,
      0.78,
      0.39,
      0,
      0.4875,
      0.0975,
      0.585,
      0.195,
      0.6825,
      0.2925,
      0.78,
      0.39,
      0,
      0.4875,
      0.0975,
      0.585,
      0.195,
      0.6825,
      0.2925,
      0.78,
      0.39
    ],
    "SoftwareVersions": "syngo_MR_B17",
    "SpacingBetweenSlices": 1.8,
    "StationName": "MININT-E41B04",
    "TaskName": "PheromoneOlfaction",
    "TotalReadoutTime": 0.0712794,
    "TxRefAmp": 391.214,
    "dataset": "ds003606",
    "modality": "bold",
    "run_id": 2,
    "subject_id": "101",
    "task_id": "PheromoneOlfaction"
  },
  "dummy_trs": 2,
  "dvars_nstd": 78.68019872126412,
  "dvars_std": 1.0486659772686229,
  "dvars_vstd": 1.0022145128442441,
  "efc": 0.5847188817611311,
  "fber": 363.3509216308594,
  "fd_mean": 0.1469450304982702,
  "fd_num": 119,
  "fd_perc": 26.8018018018018,
  "fwhm_avg": 2.9849019309247495,
  "fwhm_x": 2.867811187082163,
  "fwhm_y": 3.2264611965831436,
  "fwhm_z": 2.8604334091089414,
  "gcor": 0.00259827,
  "gsr_x": -0.01948149874806404,
  "gsr_y": 0.1028270423412323,
  "provenance": {
    "md5sum": "85c37836880d23e6e00779e1fe7958b8",
    "settings": {
      "fd_thres": 0.2,
      "testing": false
    },
    "software": "mriqc",
    "version": "22.0.1",
    "webapi_port": null,
    "webapi_url": "https://mriqc.nimh.nih.gov/api/v1"
  },
  "size_t": 444,
  "size_x": 100,
  "size_y": 100,
  "size_z": 72,
  "snr": 2.47365096363062,
  "spacing_tr": 0.875,
  "spacing_x": 1.7999999523162842,
  "spacing_y": 1.7999999523162842,
  "spacing_z": 1.7999999523162842,
  "summary_bg_k": 66.67942033688527,
  "summary_bg_mad": 8.62179928589197,
  "summary_bg_mean": 31.3814754486084,
  "summary_bg_median": 16.54279327392578,
  "summary_bg_n": 428259.0,
  "summary_bg_p05": 9.882883071899414,
  "summary_bg_p95": 98.88333892822256,
  "summary_bg_stdv": 46.9486198425293,
  "summary_fg_k": 1.7730733277360944,
  "summary_fg_mad": 102.50659616013488,
  "summary_fg_mean": 355.40631103515625,
  "summary_fg_median": 323.369384765625,
  "summary_fg_n": 188716.0,
  "summary_fg_p05": 201.1120491027832,
  "summary_fg_p95": 617.4904479980469,
  "summary_fg_stdv": 130.72520446777344,
  "tsnr": 19.678071851376444
}